{
  "bids_meta": {
    "AcquisitionMatrixPE": 128,
    "AcquisitionNumber": 1,
    "AcquisitionTime": "11:15:38.000000",
    "ConversionSoftware": "dcm2niix",
    "ConversionSoftwareVersion": "v1.0.20180622 GCC4.4.7",
    "DeviceSerialNumber": "000000847570EMR3",
    "EchoTime": 0.008,
    "FlipAngle": 30,
    "ImageOrientationPatientDICOM": [
      1,
      0,
      0,
      0,
      0.999943,
      -0.010712
    ],
    "ImageType": [
      "ORIGINAL",
      "PRIMARY",
      "OTHER"
    ],
    "InPlanePhaseEncodingDirectionDICOM": "ROW",
    "InstitutionName": "Evanston_Hospital",
    "MRAcquisitionType": "3D",
    "MagneticFieldStrength": 1.5,
    "Manufacturer": "GE",
    "ManufacturersModelName": "SIGNA_EXCITE",
    "Modality": "MR",
    "PatientPosition": "HFS",
    "PercentPhaseFOV": 100,
    "PixelBandwidth": 114.922,
    "ProtocolName": "Head_Obl_3D_ZOOM_SPGR",
    "ReconMatrixPE": 256,
    "RepetitionTime": 0.033333,
    "SAR": 0.002942,
    "ScanOptions": "FC_VB_GEMS",
    "ScanningSequence": "GR",
    "SequenceVariant": "SS_SP",
    "SeriesDescription": "Head_Obl_3D_ZOOM_SPGR",
    "SeriesNumber": 2,
    "ShiftedAcquisitionDate": "1803-08-17",
    "SliceThickness": 1.2,
    "SoftwareVersions": "11",
    "SpacingBetweenSlices": 1.2,
    "StationName": "lxmr3",
    "dataset": "ds002236",
    "modality": "T1w",
    "subject_id": "28"
  },
  "cjv": 0.4348052731210573,
  "cnr": 3.0463868071304563,
  "efc": 0.6510515670898979,
  "fber": 822.7839335180055,
  "fwhm_avg": 3.5320163308239145,
  "fwhm_x": 4.071916944275361,
  "fwhm_y": 3.6309226666666663,
  "fwhm_z": 2.8932093815297173,
  "icvs_csf": 0.16160968660218092,
  "icvs_gm": 0.4763798690948882,
  "icvs_wm": 0.36201044430293083,
  "inu_med": 0.9527343511581421,
  "inu_range": 0.12875127792358398,
  "provenance": {
    "md5sum": "d8e26b0ab7ffe944c2dc03585d55dcd2",
    "settings": {
      "testing": false
    },
    "software": "mriqc",
    "version": "21.0.0rc2",
    "warnings": {
      "large_rot_frame": true,
      "small_air_mask": false
    },
    "webapi_port": null,
    "webapi_url": "https://mriqc.nimh.nih.gov/api/v1"
  },
  "qi_1": 0.019519640769771498,
  "qi_2": 0.11146088740145978,
  "rpve_csf": 23.34330514885982,
  "rpve_gm": 9.217159419351932,
  "rpve_wm": 13.666658742583907,
  "size_x": 256,
  "size_y": 256,
  "size_z": 124,
  "snr_csf": 1.560172535449905,
  "snr_gm": 15.432801988089023,
  "snr_total": 14.324284981119897,
  "snr_wm": 25.979880419820763,
  "snrd_csf": 234.64995108899637,
  "snrd_gm": 450.70196372003096,
  "snrd_total": 417.3707225199978,
  "snrd_wm": 566.760252750966,
  "spacing_x": 0.9374970197677612,
  "spacing_y": 0.9375,
  "spacing_z": 1.1999719142913818,
  "summary_bg_k": 33.69819588903147,
  "summary_bg_mad": 0.1559320747962394,
  "summary_bg_mean": 27.697270504661386,
  "summary_bg_median": 25.978122785687447,
  "summary_bg_n": 1247835.0,
  "summary_bg_p05": 0.0,
  "summary_bg_p95": 52.061420157551765,
  "summary_bg_stdv": 19.53773457846085,
  "summary_csf_k": 35.32154470306934,
  "summary_csf_mad": 164.118508723042,
  "summary_csf_mean": 454.1692536398988,
  "summary_csf_median": 414.0197584852576,
  "summary_csf_n": 14266.0,
  "summary_csf_p05": 229.2805978655815,
  "summary_csf_p95": 677.7450333237648,
  "summary_csf_stdv": 265.3586306050687,
  "summary_gm_k": -0.22845579561224527,
  "summary_gm_mad": 51.925380907147726,
  "summary_gm_mean": 795.6056414582474,
  "summary_gm_median": 795.2250460833311,
  "summary_gm_n": 38736.0,
  "summary_gm_p05": 712.2422975897789,
  "summary_gm_p95": 881.9940796792507,
  "summary_gm_stdv": 51.527569779872856,
  "summary_wm_k": 0.4758643246950496,
  "summary_wm_mad": 37.11183380150498,
  "summary_wm_mean": 1001.7154582407989,
  "summary_wm_median": 999.9999653697014,
  "summary_wm_n": 177275.0,
  "summary_wm_p05": 941.6280700415373,
  "summary_wm_p95": 1067.6272242814302,
  "summary_wm_stdv": 38.491214306215035,
  "tpm_overlap_csf": 0.1717076152563095,
  "tpm_overlap_gm": 0.4778098464012146,
  "tpm_overlap_wm": 0.5096994042396545,
  "wm2max": 0.6209914440598263
}