{
  "bids_meta": {
    "AcquisitionMatrixPE": 128,
    "AcquisitionNumber": 1,
    "AcquisitionTime": "08:51:51.000000",
    "ConversionSoftware": "dcm2niix",
    "ConversionSoftwareVersion": "v1.0.20180622 GCC4.4.7",
    "DeviceSerialNumber": "000000847570EMR3",
    "EchoTime": 0.008,
    "FlipAngle": 30,
    "ImageOrientationPatientDICOM": [
      1,
      0,
      0,
      0,
      0.999978,
      -0.00662256
    ],
    "ImageType": [
      "ORIGINAL",
      "PRIMARY",
      "OTHER"
    ],
    "InPlanePhaseEncodingDirectionDICOM": "ROW",
    "InstitutionName": "Evanston_Hospital",
    "MRAcquisitionType": "3D",
    "MagneticFieldStrength": 1.5,
    "Manufacturer": "GE",
    "ManufacturersModelName": "SIGNA_EXCITE",
    "Modality": "MR",
    "PatientPosition": "HFS",
    "PercentPhaseFOV": 100,
    "PixelBandwidth": 114.922,
    "ProtocolName": "Head_Obl_3D_ZOOM_SPGR",
    "ReconMatrixPE": 256,
    "RepetitionTime": 0.033333,
    "SAR": 0.002942,
    "ScanOptions": "FC_VB_GEMS",
    "ScanningSequence": "GR",
    "SequenceVariant": "SS_SP",
    "SeriesDescription": "Head_Obl_3D_ZOOM_SPGR",
    "SeriesNumber": 2,
    "ShiftedAcquisitionDate": "1803-10-03",
    "SliceThickness": 1.2,
    "SoftwareVersions": "11",
    "SpacingBetweenSlices": 1.2,
    "StationName": "lxmr3",
    "dataset": "ds002236",
    "modality": "T1w",
    "subject_id": "30"
  },
  "cjv": 0.600724573811457,
  "cnr": 2.2820035180247547,
  "efc": 0.663764360172137,
  "fber": 661.7054677685951,
  "fwhm_avg": 3.291399138752,
  "fwhm_x": 3.8606302239360812,
  "fwhm_y": 3.371402666666667,
  "fwhm_z": 2.6421645256532518,
  "icvs_csf": 0.13787937503704278,
  "icvs_gm": 0.48980498250061166,
  "icvs_wm": 0.37231564246234555,
  "inu_med": 1.260937213897705,
  "inu_range": 0.2748361825942993,
  "provenance": {
    "md5sum": "6648ac943427d089b7ad2a121f8db546",
    "settings": {
      "testing": false
    },
    "software": "mriqc",
    "version": "21.0.0rc2",
    "warnings": {
      "large_rot_frame": true,
      "small_air_mask": false
    },
    "webapi_port": null,
    "webapi_url": "https://mriqc.nimh.nih.gov/api/v1"
  },
  "qi_1": 0.02192443941352512,
  "qi_2": 0.05661410422240982,
  "rpve_csf": 29.008627693458052,
  "rpve_gm": 9.477305472939133,
  "rpve_wm": 13.424130983124638,
  "size_x": 256,
  "size_y": 256,
  "size_z": 124,
  "snr_csf": 1.0523362293291725,
  "snr_gm": 13.634751503569953,
  "snr_total": 11.318595255016456,
  "snr_wm": 19.268698032150247,
  "snrd_csf": 269.0607418132969,
  "snrd_gm": 457.86223975697493,
  "snrd_total": 430.03407328389227,
  "snrd_wm": 563.1792382814051,
  "spacing_x": 0.9374920129776001,
  "spacing_y": 0.9375,
  "spacing_z": 1.2000274658203125,
  "summary_bg_k": 30.12241821127359,
  "summary_bg_mad": 0.16328218148691678,
  "summary_bg_mean": 31.466104044896596,
  "summary_bg_median": 30.17621123790741,
  "summary_bg_n": 1171683.0,
  "summary_bg_p05": 0.0,
  "summary_bg_p95": 60.682818949222565,
  "summary_bg_stdv": 21.605291425146028,
  "summary_csf_k": 24.458816443421977,
  "summary_csf_mad": 181.5697858134515,
  "summary_csf_mean": 564.1463508565989,
  "summary_csf_median": 477.7533005475998,
  "summary_csf_n": 10842.0,
  "summary_csf_p05": 241.0903066456318,
  "summary_csf_p95": 1280.0054974526154,
  "summary_csf_stdv": 453.97208059420785,
  "summary_gm_k": -0.26984450123445924,
  "summary_gm_mad": 61.88394678354147,
  "summary_gm_mean": 816.8073142257449,
  "summary_gm_median": 812.9955888986588,
  "summary_gm_n": 36957.0,
  "summary_gm_p05": 724.8898626565933,
  "summary_gm_p95": 919.9339141249657,
  "summary_gm_stdv": 59.625919064359046,
  "summary_wm_k": 0.4365393708728105,
  "summary_wm_mad": 50.45419407945729,
  "summary_wm_mean": 1005.3134529800575,
  "summary_wm_median": 999.9999928474426,
  "summary_wm_n": 158132.0,
  "summary_wm_p05": 929.6255440115929,
  "summary_wm_p95": 1098.898670554161,
  "summary_wm_stdv": 51.897477933308615,
  "tpm_overlap_csf": 0.17569395899772644,
  "tpm_overlap_gm": 0.4956355392932892,
  "tpm_overlap_wm": 0.5153339505195618,
  "wm2max": 0.5812116175496799
}