{
  "bids_meta": {
    "AcquisitionMatrixPE": 128,
    "AcquisitionNumber": 1,
    "AcquisitionTime": "11:34:38.000000",
    "ConversionSoftware": "dcm2niix",
    "ConversionSoftwareVersion": "v1.0.20180622 GCC4.4.7",
    "DeviceSerialNumber": "00000847570ERMR1",
    "EchoTime": 0.008,
    "FlipAngle": 30,
    "ImageOrientationPatientDICOM": [
      1,
      0,
      0,
      0,
      1,
      0
    ],
    "ImageType": [
      "ORIGINAL",
      "PRIMARY",
      "OTHER"
    ],
    "InPlanePhaseEncodingDirectionDICOM": "ROW",
    "InstitutionName": "Evanston_Hospital",
    "MRAcquisitionType": "3D",
    "MagneticFieldStrength": 1.5,
    "Manufacturer": "GE",
    "ManufacturersModelName": "SIGNA_EXCITE",
    "Modality": "MR",
    "PatientPosition": "HFS",
    "PercentPhaseFOV": 100,
    "PixelBandwidth": 114.922,
    "ProtocolName": "Head_Ax_3D_ZOOM_SPGR",
    "ReconMatrixPE": 256,
    "RepetitionTime": 0.033333,
    "SAR": 0.002885,
    "ScanOptions": "FC_VB_GEMS",
    "ScanningSequence": "GR",
    "SequenceVariant": "SS_SP",
    "SeriesDescription": "Head_Ax_3D_ZOOM_SPGR",
    "SeriesNumber": 2,
    "ShiftedAcquisitionDate": "1804-08-09",
    "SliceThickness": 1.2,
    "SoftwareVersions": "11",
    "SpacingBetweenSlices": 1.2,
    "StationName": "12342345",
    "dataset": "ds002236",
    "modality": "T1w",
    "subject_id": "41"
  },
  "cjv": 0.4044120644993244,
  "cnr": 3.3316195346162063,
  "efc": 0.637462484459933,
  "fber": 835.2321457406674,
  "fwhm_avg": 3.297848507486009,
  "fwhm_x": 3.8310293333333334,
  "fwhm_y": 3.366709333333333,
  "fwhm_z": 2.695806855791361,
  "icvs_csf": 0.13882598191508808,
  "icvs_gm": 0.49787012381092793,
  "icvs_wm": 0.36330389427398396,
  "inu_med": 1.084733247756958,
  "inu_range": 0.13705489635467538,
  "provenance": {
    "md5sum": "dbbda012e2cedccae660f5bbc9946a3c",
    "settings": {
      "testing": false
    },
    "software": "mriqc",
    "version": "21.0.0rc2",
    "warnings": {
      "large_rot_frame": true,
      "small_air_mask": false
    },
    "webapi_port": null,
    "webapi_url": "https://mriqc.nimh.nih.gov/api/v1"
  },
  "qi_1": 0.00028188344919481657,
  "qi_2": 0.006343736314549075,
  "rpve_csf": 30.77308457673511,
  "rpve_gm": 10.311219507167282,
  "rpve_wm": 15.406052812727063,
  "size_x": 256,
  "size_y": 256,
  "size_z": 124,
  "snr_csf": 1.164211826065196,
  "snr_gm": 16.91088882816952,
  "snr_total": 15.283854527067765,
  "snr_wm": 27.776462926968577,
  "snrd_csf": 29.858205591162786,
  "snrd_gm": 49.528212630426985,
  "snrd_total": 47.20780943753377,
  "snrd_wm": 62.23701009101154,
  "spacing_x": 0.9375,
  "spacing_y": 0.9375,
  "spacing_z": 1.1999969482421875,
  "summary_bg_k": 19.838276180726336,
  "summary_bg_mad": 10.526475908246486,
  "summary_bg_mean": 25.554511445291894,
  "summary_bg_median": 25.900000385940075,
  "summary_bg_n": 1458403.0,
  "summary_bg_p05": 6.500000096857548,
  "summary_bg_p95": 52.40000078082085,
  "summary_bg_stdv": 15.687100827462487,
  "summary_csf_k": 42.05095595008202,
  "summary_csf_mad": 163.30863680188034,
  "summary_csf_mean": 539.3309057639294,
  "summary_csf_median": 479.7500071488321,
  "summary_csf_n": 8800.0,
  "summary_csf_p05": 241.79000360295177,
  "summary_csf_p95": 911.1550135772653,
  "summary_csf_stdv": 412.05795810598494,
  "summary_gm_k": -0.07638732247048807,
  "summary_gm_mad": 47.73979214725871,
  "summary_gm_mean": 796.985592392579,
  "summary_gm_median": 795.8000118583441,
  "summary_gm_n": 48164.0,
  "summary_gm_p05": 722.1000107601285,
  "summary_gm_p95": 876.6000130623579,
  "summary_gm_stdv": 47.05794938068005,
  "summary_wm_k": 0.4023100003607847,
  "summary_wm_mad": 34.84115265405527,
  "summary_wm_mean": 1000.8831951123142,
  "summary_wm_median": 1000.0000149011612,
  "summary_wm_n": 146167.0,
  "summary_wm_p05": 943.1300140537322,
  "summary_wm_p95": 1061.3000158146024,
  "summary_wm_stdv": 36.00158151092677,
  "tpm_overlap_csf": 0.15668797492980957,
  "tpm_overlap_gm": 0.4804486334323883,
  "tpm_overlap_wm": 0.5130904912948608,
  "wm2max": 0.5641457241434478
}