{
  "bids_meta": {
    "AcquisitionMatrixPE": 128,
    "AcquisitionNumber": 1,
    "AcquisitionTime": "11:50:0.000000",
    "ConversionSoftware": "dcm2niix",
    "ConversionSoftwareVersion": "v1.0.20180622 GCC4.4.7",
    "DeviceSerialNumber": "00000847570ERMR1",
    "EchoTime": 0.008,
    "FlipAngle": 30,
    "ImageOrientationPatientDICOM": [
      1,
      0,
      0,
      0,
      1,
      -0.000366211
    ],
    "ImageType": [
      "ORIGINAL",
      "PRIMARY",
      "OTHER"
    ],
    "InPlanePhaseEncodingDirectionDICOM": "ROW",
    "InstitutionName": "Evanston_Hospital",
    "MRAcquisitionType": "3D",
    "MagneticFieldStrength": 1.5,
    "Manufacturer": "GE",
    "ManufacturersModelName": "SIGNA_EXCITE",
    "Modality": "MR",
    "PatientPosition": "HFS",
    "PercentPhaseFOV": 100,
    "PixelBandwidth": 114.922,
    "ProtocolName": "Head_Obl_3D_ZOOM_SPGR",
    "ReconMatrixPE": 256,
    "RepetitionTime": 0.033333,
    "SAR": 0.00315204,
    "ScanOptions": "FC",
    "ScanningSequence": "GR",
    "SequenceVariant": "SS_SP",
    "SeriesDescription": "Head_Obl_3D_ZOOM_SPGR",
    "SeriesNumber": 2,
    "ShiftedAcquisitionDate": "1805-03-10",
    "SliceThickness": 1.2,
    "SoftwareVersions": "12_LX_MR_Software_release:12.0_M4_0520.a",
    "SpacingBetweenSlices": 1.2,
    "StationName": "12342345",
    "dataset": "ds002236",
    "modality": "T1w",
    "subject_id": "86"
  },
  "cjv": 0.7285104674577414,
  "cnr": 1.8452897614100618,
  "efc": 0.6737290749350828,
  "fber": 731.8681216159933,
  "fwhm_avg": 3.2619025796834236,
  "fwhm_x": 3.7682239999999996,
  "fwhm_y": 3.4150186666666666,
  "fwhm_z": 2.6024650723836045,
  "icvs_csf": 0.13915010451951376,
  "icvs_gm": 0.5142101796618049,
  "icvs_wm": 0.34663971581868125,
  "inu_med": 0.9868532419204712,
  "inu_range": 0.23658725321292862,
  "provenance": {
    "md5sum": "22689ec4e6d46d477a00f17a170a3cce",
    "settings": {
      "testing": false
    },
    "software": "mriqc",
    "version": "21.0.0rc2",
    "warnings": {
      "large_rot_frame": true,
      "small_air_mask": false
    },
    "webapi_port": null,
    "webapi_url": "https://mriqc.nimh.nih.gov/api/v1"
  },
  "qi_1": 0.0018909432950221356,
  "qi_2": 0.011305666081090047,
  "rpve_csf": 31.205611539145153,
  "rpve_gm": 9.757601368874937,
  "rpve_wm": 14.785648243459848,
  "size_x": 256,
  "size_y": 256,
  "size_z": 124,
  "snr_csf": 1.7222269516535127,
  "snr_gm": 12.871632231523492,
  "snr_total": 11.313919243728833,
  "snr_wm": 19.347898548009496,
  "snrd_csf": 20.178415102794244,
  "snrd_gm": 37.263650804065215,
  "snrd_total": 33.96300205243977,
  "snrd_wm": 44.44694025045985,
  "spacing_x": 0.9375,
  "spacing_y": 0.9375,
  "spacing_z": 1.2000045776367188,
  "summary_bg_k": 248.06482736892178,
  "summary_bg_mad": 14.739740389072567,
  "summary_bg_mean": 30.66381434147675,
  "summary_bg_median": 29.704169929027557,
  "summary_bg_n": 883001.0,
  "summary_bg_p05": 9.820562303066254,
  "summary_bg_p95": 59.52958136796951,
  "summary_bg_stdv": 27.5130767859792,
  "summary_csf_k": 31.103101580829815,
  "summary_csf_mad": 183.43786667132383,
  "summary_csf_mean": 496.86521610812,
  "summary_csf_median": 453.98883387446404,
  "summary_csf_n": 14168.0,
  "summary_csf_p05": 249.19373740255833,
  "summary_csf_p95": 782.4078359305857,
  "summary_csf_stdv": 263.59639275676807,
  "summary_gm_k": -0.45603946461067846,
  "summary_gm_mad": 70.46314917702983,
  "summary_gm_mean": 839.7642628398535,
  "summary_gm_median": 838.3850410580635,
  "summary_gm_n": 39407.0,
  "summary_gm_p05": 737.2696217894554,
  "summary_gm_p95": 949.1997811198235,
  "summary_gm_stdv": 65.13349576778474,
  "summary_wm_k": 0.8036463615241844,
  "summary_wm_mad": 47.27502100397665,
  "summary_wm_mean": 1006.2402080511785,
  "summary_wm_median": 999.9999737739563,
  "summary_wm_n": 121062.0,
  "summary_wm_p05": 932.4684527516365,
  "summary_wm_p95": 1102.6915326714516,
  "summary_wm_stdv": 51.68498486639353,
  "tpm_overlap_csf": 0.16185954213142395,
  "tpm_overlap_gm": 0.4752246141433716,
  "tpm_overlap_wm": 0.4587874114513397,
  "wm2max": 0.5195414807070622
}