{
  "bids_meta": {
    "AcquisitionMatrixPE": 128,
    "AcquisitionNumber": 1,
    "AcquisitionTime": "10:17:15.000000",
    "ConversionSoftware": "dcm2niix",
    "ConversionSoftwareVersion": "v1.0.20180622 GCC4.4.7",
    "DeviceSerialNumber": "000000847570EMR3",
    "EchoTime": 0.008,
    "FlipAngle": 30,
    "ImageOrientationPatientDICOM": [
      1,
      0,
      0,
      0,
      1,
      0.000610351
    ],
    "ImageType": [
      "ORIGINAL",
      "PRIMARY",
      "OTHER"
    ],
    "InPlanePhaseEncodingDirectionDICOM": "ROW",
    "InstitutionName": "Evanston_Hospital",
    "MRAcquisitionType": "3D",
    "MagneticFieldStrength": 1.5,
    "Manufacturer": "GE",
    "ManufacturersModelName": "SIGNA_EXCITE",
    "Modality": "MR",
    "PatientPosition": "HFS",
    "PercentPhaseFOV": 100,
    "PixelBandwidth": 114.922,
    "ProtocolName": "Head_Obl_3D_ZOOM_SPGR",
    "ReconMatrixPE": 256,
    "RepetitionTime": 0.033333,
    "SAR": 0.002794,
    "ScanOptions": "FC_VB_GEMS",
    "ScanningSequence": "GR",
    "SequenceVariant": "SS_SP",
    "SeriesDescription": "Head_Obl_3D_ZOOM_SPGR",
    "SeriesNumber": 2,
    "ShiftedAcquisitionDate": "1803-09-04",
    "SliceThickness": 1.2,
    "SoftwareVersions": "11",
    "SpacingBetweenSlices": 1.2,
    "StationName": "lxmr3",
    "dataset": "ds002236",
    "modality": "T1w",
    "subject_id": "11"
  },
  "cjv": 0.6516842063514874,
  "cnr": 2.108613503221934,
  "efc": 0.6818179319324513,
  "fber": 816.5306250000001,
  "fwhm_avg": 3.3282112189178537,
  "fwhm_x": 3.848256,
  "fwhm_y": 3.4593386666666666,
  "fwhm_z": 2.6770389900868943,
  "icvs_csf": 0.1456332862626171,
  "icvs_gm": 0.4944046561663402,
  "icvs_wm": 0.35996205757104266,
  "inu_med": 1.1325327157974243,
  "inu_range": 0.25013797879219046,
  "provenance": {
    "md5sum": "0f0b0bb452131701592fee42bb0f4a14",
    "settings": {
      "testing": false
    },
    "software": "mriqc",
    "version": "21.0.0rc2",
    "warnings": {
      "large_rot_frame": true,
      "small_air_mask": false
    },
    "webapi_port": null,
    "webapi_url": "https://mriqc.nimh.nih.gov/api/v1"
  },
  "qi_1": 0.02112566323916127,
  "qi_2": 0.10446405805546442,
  "rpve_csf": 29.77809520296564,
  "rpve_gm": 10.1765727415218,
  "rpve_wm": 14.937716834320954,
  "size_x": 256,
  "size_y": 256,
  "size_z": 124,
  "snr_csf": 1.1267613257901634,
  "snr_gm": 13.322447869210874,
  "snr_total": 11.270083299998154,
  "snr_wm": 19.361040704993425,
  "snrd_csf": 247.25710607178308,
  "snrd_gm": 471.924462968306,
  "snrd_total": 430.49128440675213,
  "snrd_wm": 572.2922841801673,
  "spacing_x": 0.9375,
  "spacing_y": 0.9375,
  "spacing_z": 1.2000049352645874,
  "summary_bg_k": 7.408385911457003,
  "summary_bg_mad": 0.14487026331160843,
  "summary_bg_mean": 32.51840275162658,
  "summary_bg_median": 27.35978215932846,
  "summary_bg_n": 991756.0,
  "summary_bg_p05": 0.0,
  "summary_bg_p95": 55.01270484179258,
  "summary_bg_stdv": 20.46609638769431,
  "summary_csf_k": 22.89038703977713,
  "summary_csf_mad": 171.81613228756763,
  "summary_csf_mean": 507.39250431585174,
  "summary_csf_median": 432.0891311019659,
  "summary_csf_n": 13501.0,
  "summary_csf_p05": 234.41470500081778,
  "summary_csf_p95": 987.5904224440455,
  "summary_csf_stdv": 383.46464224518144,
  "summary_gm_k": -0.31463538172135586,
  "summary_gm_mad": 65.77109954347023,
  "summary_gm_mean": 826.305825450237,
  "summary_gm_median": 824.7020050883293,
  "summary_gm_n": 42617.0,
  "summary_gm_p05": 728.649627007544,
  "summary_gm_p95": 929.7440258786082,
  "summary_gm_stdv": 61.902462474460386,
  "summary_wm_k": 0.655595532963428,
  "summary_wm_mad": 48.53153820938883,
  "summary_wm_mean": 1005.5630966451483,
  "summary_wm_median": 1000.0977514311671,
  "summary_wm_n": 140247.0,
  "summary_wm_p05": 930.5257339403033,
  "summary_wm_p95": 1099.4723887741566,
  "summary_wm_stdv": 51.654980802748405,
  "tpm_overlap_csf": 0.18359851837158203,
  "tpm_overlap_gm": 0.4918624460697174,
  "tpm_overlap_wm": 0.5115886330604553,
  "wm2max": 0.5399630704299657
}