{
  "bids_meta": {
    "AcquisitionMatrixPE": 128,
    "AcquisitionNumber": 1,
    "AcquisitionTime": "11:23:19.000000",
    "ConversionSoftware": "dcm2niix",
    "ConversionSoftwareVersion": "v1.0.20180622 GCC4.4.7",
    "DeviceSerialNumber": "00000847570ERMR1",
    "EchoTime": 0.008,
    "FlipAngle": 30,
    "ImageOrientationPatientDICOM": [
      1,
      0,
      0,
      0,
      1,
      0.000152588
    ],
    "ImageType": [
      "ORIGINAL",
      "PRIMARY",
      "OTHER"
    ],
    "InPlanePhaseEncodingDirectionDICOM": "ROW",
    "InstitutionName": "Evanston_Hospital",
    "MRAcquisitionType": "3D",
    "MagneticFieldStrength": 1.5,
    "Manufacturer": "GE",
    "ManufacturersModelName": "SIGNA_EXCITE",
    "Modality": "MR",
    "PatientPosition": "HFS",
    "PercentPhaseFOV": 100,
    "PixelBandwidth": 114.922,
    "ProtocolName": "Head_Obl_3D_ZOOM_SPGR",
    "ReconMatrixPE": 256,
    "RepetitionTime": 0.033333,
    "SAR": 0.002772,
    "ScanOptions": "FC_VB_GEMS",
    "ScanningSequence": "GR",
    "SequenceVariant": "SS_SP",
    "SeriesDescription": "Head_Obl_3D_ZOOM_SPGR",
    "SeriesNumber": 2,
    "ShiftedAcquisitionDate": "1804-07-22",
    "SliceThickness": 1.2,
    "SoftwareVersions": "11",
    "SpacingBetweenSlices": 1.2,
    "StationName": "12342345",
    "dataset": "ds002236",
    "modality": "T1w",
    "subject_id": "36"
  },
  "cjv": 0.8176557247232841,
  "cnr": 1.6996787794578976,
  "efc": 0.6818751688645245,
  "fber": 408.8580286281179,
  "fwhm_avg": 3.4930238310452157,
  "fwhm_x": 4.140768,
  "fwhm_y": 3.5229546666666667,
  "fwhm_z": 2.81534882646898,
  "icvs_csf": 0.177593747279506,
  "icvs_gm": 0.47496726852590365,
  "icvs_wm": 0.34743898419459035,
  "inu_med": 1.3622028827667236,
  "inu_range": 0.32839997410774213,
  "provenance": {
    "md5sum": "d20bfa9be0d6d03b20843e0c76a8893d",
    "settings": {
      "testing": false
    },
    "software": "mriqc",
    "version": "21.0.0rc2",
    "warnings": {
      "large_rot_frame": true,
      "small_air_mask": false
    },
    "webapi_port": null,
    "webapi_url": "https://mriqc.nimh.nih.gov/api/v1"
  },
  "qi_1": 0.000801249556859939,
  "qi_2": 0.008605226967916444,
  "rpve_csf": 19.037822701428865,
  "rpve_gm": 8.009979083100616,
  "rpve_wm": 11.974415983805113,
  "size_x": 256,
  "size_y": 256,
  "size_z": 124,
  "snr_csf": 1.56432454818016,
  "snr_gm": 13.66931524012272,
  "snr_total": 11.755929524826746,
  "snr_wm": 20.034148786177358,
  "snrd_csf": 19.201584117337823,
  "snrd_gm": 38.08826327097377,
  "snrd_total": 33.8802187156995,
  "snrd_wm": 44.3508087587869,
  "spacing_x": 0.9375,
  "spacing_y": 0.9375,
  "spacing_z": 1.1999969482421875,
  "summary_bg_k": 19.9345114321509,
  "summary_bg_mad": 14.77338110565609,
  "summary_bg_mean": 36.0042190171906,
  "summary_bg_median": 29.206275902688503,
  "summary_bg_n": 1355840.0,
  "summary_bg_p05": 9.620890885591507,
  "summary_bg_p95": 76.8525926694274,
  "summary_bg_stdv": 21.52665750641482,
  "summary_csf_k": 38.450810540170956,
  "summary_csf_mad": 148.83756941502946,
  "summary_csf_mean": 481.63681924478146,
  "summary_csf_median": 432.99735705927014,
  "summary_csf_n": 22588.0,
  "summary_csf_p05": 251.74664483964443,
  "summary_csf_p95": 742.6010617900637,
  "summary_csf_stdv": 276.7889647836464,
  "summary_gm_k": -0.3292952140838503,
  "summary_gm_mad": 65.88588355166164,
  "summary_gm_mean": 859.3064408335568,
  "summary_gm_median": 858.8935803696513,
  "summary_gm_n": 44271.0,
  "summary_gm_p05": 758.6759669780731,
  "summary_gm_p95": 964.3797768652439,
  "summary_gm_stdv": 62.8329850338968,
  "summary_wm_k": 0.4395597504694191,
  "summary_wm_mad": 49.584221641972164,
  "summary_wm_mean": 1004.2143427255897,
  "summary_wm_median": 1000.1145144402981,
  "summary_wm_n": 181288.0,
  "summary_wm_p05": 930.248521104455,
  "summary_wm_p95": 1091.7420466840267,
  "summary_wm_stdv": 49.92035183287837,
  "tpm_overlap_csf": 0.19472777843475342,
  "tpm_overlap_gm": 0.4973578155040741,
  "tpm_overlap_wm": 0.508944034576416,
  "wm2max": 0.49933153220579257
}