{
  "bids_meta": {
    "AcquisitionMatrixPE": 128,
    "AcquisitionNumber": 1,
    "AcquisitionTime": "13:51:58.000000",
    "ConversionSoftware": "dcm2niix",
    "ConversionSoftwareVersion": "v1.0.20180622 GCC4.4.7",
    "DeviceSerialNumber": "00000847570ERMR1",
    "EchoTime": 0.008,
    "FlipAngle": 30,
    "ImageOrientationPatientDICOM": [
      1,
      0,
      0,
      0,
      1,
      0
    ],
    "ImageType": [
      "ORIGINAL",
      "PRIMARY",
      "OTHER"
    ],
    "InPlanePhaseEncodingDirectionDICOM": "ROW",
    "InstitutionName": "Evanston_Hospital",
    "MRAcquisitionType": "3D",
    "MagneticFieldStrength": 1.5,
    "Manufacturer": "GE",
    "ManufacturersModelName": "SIGNA_EXCITE",
    "Modality": "MR",
    "PatientPosition": "HFS",
    "PercentPhaseFOV": 100,
    "PixelBandwidth": 114.922,
    "ProcedureStepDescription": "fmri",
    "ProtocolName": "Head_Ax_3D_ZOOM_SPGR",
    "ReconMatrixPE": 256,
    "RepetitionTime": 0.033333,
    "SAR": 0.00289758,
    "ScanOptions": "FC",
    "ScanningSequence": "GR",
    "SequenceVariant": "SS_SP",
    "SeriesDescription": "Head_Ax_3D_ZOOM_SPGR",
    "SeriesNumber": 2,
    "ShiftedAcquisitionDate ": "1806-07-13",
    "SliceThickness": 1.2,
    "SoftwareVersions": "12_LX_MR_Software_release:12.0_M4_0520.a",
    "SpacingBetweenSlices": 1.2,
    "StationName": "EHRMR1",
    "dataset": "ds002236",
    "modality": "T1w",
    "subject_id": "66"
  },
  "cjv": 0.3832184722652056,
  "cnr": 3.3968523611452452,
  "efc": 0.6740368426651264,
  "fber": 602.2324852874603,
  "fwhm_avg": 3.650351279373062,
  "fwhm_x": 4.339082666666667,
  "fwhm_y": 3.7359146666666665,
  "fwhm_z": 2.8760565047858524,
  "icvs_csf": 0.1852150322629128,
  "icvs_gm": 0.47068406007024216,
  "icvs_wm": 0.34410090766684504,
  "inu_med": 1.055541753768921,
  "inu_range": 0.14299558997154238,
  "provenance": {
    "md5sum": "08646ccfbe00d13c0353b4ea92bc44ad",
    "settings": {
      "testing": false
    },
    "software": "mriqc",
    "version": "21.0.0rc2",
    "warnings": {
      "large_rot_frame": true,
      "small_air_mask": false
    },
    "webapi_port": null,
    "webapi_url": "https://mriqc.nimh.nih.gov/api/v1"
  },
  "qi_1": 0.003629874552448643,
  "qi_2": 0.0087806465914072,
  "rpve_csf": 17.745024310396555,
  "rpve_gm": 7.6921601808124755,
  "rpve_wm": 11.51386143155945,
  "size_x": 256,
  "size_y": 256,
  "size_z": 124,
  "snr_csf": 1.9063119983252867,
  "snr_gm": 15.59123231472398,
  "snr_total": 13.912948179823971,
  "snr_wm": 24.24130022642265,
  "snrd_csf": 17.048844151614713,
  "snrd_gm": 33.3817263441065,
  "snrd_total": 31.29163947906274,
  "snrd_wm": 43.44434794146702,
  "spacing_x": 0.9375,
  "spacing_y": 0.9375,
  "spacing_z": 1.2000007629394531,
  "summary_bg_k": 25.64127047264553,
  "summary_bg_mad": 15.07989819772356,
  "summary_bg_mean": 32.55994863629924,
  "summary_bg_median": 30.256210640072823,
  "summary_bg_n": 1381168.0,
  "summary_bg_p05": 10.042486935853958,
  "summary_bg_p95": 70.42615838348866,
  "summary_bg_stdv": 22.7819080506672,
  "summary_csf_k": 83.36490398612935,
  "summary_csf_mad": 93.72443057066161,
  "summary_csf_mean": 425.9896517905277,
  "summary_csf_median": 392.42948949337006,
  "summary_csf_n": 34340.0,
  "summary_csf_p05": 265.6109044700861,
  "summary_csf_p95": 611.0467050969601,
  "summary_csf_stdv": 205.8549575900724,
  "summary_gm_k": 0.027851047943704188,
  "summary_gm_mad": 49.24827512674276,
  "summary_gm_mean": 770.7670358159,
  "summary_gm_median": 768.3790004253387,
  "summary_gm_n": 41068.0,
  "summary_gm_p05": 693.4465979039669,
  "summary_gm_p95": 855.1563875377178,
  "summary_gm_stdv": 49.28216255765037,
  "summary_wm_k": 0.7575178117560588,
  "summary_wm_mad": 39.51315097378198,
  "summary_wm_mean": 1001.4449289579629,
  "summary_wm_median": 999.9999491125345,
  "summary_wm_n": 189058.0,
  "summary_wm_p05": 936.5262816846371,
  "summary_wm_p95": 1070.4261074960232,
  "summary_wm_stdv": 41.25180147425189,
  "tpm_overlap_csf": 0.17128188908100128,
  "tpm_overlap_gm": 0.4757654666900635,
  "tpm_overlap_wm": 0.48770102858543396,
  "wm2max": 0.42417662590185107
}