{
  "bids_meta": {
    "AcquisitionMatrixPE": 128,
    "AcquisitionNumber": 1,
    "AcquisitionTime": "11:41:43.000000",
    "ConversionSoftware": "dcm2niix",
    "ConversionSoftwareVersion": "v1.0.20180622 GCC4.4.7",
    "DeviceSerialNumber": "00000847570ERMR1",
    "EchoTime": 0.008,
    "FlipAngle": 30,
    "ImageOrientationPatientDICOM": [
      1,
      0,
      0,
      0,
      1,
      0
    ],
    "ImageType": [
      "ORIGINAL",
      "PRIMARY",
      "OTHER"
    ],
    "InPlanePhaseEncodingDirectionDICOM": "ROW",
    "InstitutionName": "Evanston_Hospital",
    "MRAcquisitionType": "3D",
    "MagneticFieldStrength": 1.5,
    "Manufacturer": "GE",
    "ManufacturersModelName": "SIGNA_EXCITE",
    "Modality": "MR",
    "PatientPosition": "HFS",
    "PercentPhaseFOV": 100,
    "PixelBandwidth": 114.922,
    "ProtocolName": "Head_Ax_3D_ZOOM_SPGR",
    "ReconMatrixPE": 256,
    "RepetitionTime": 0.033333,
    "SAR": 0.003193,
    "ScanOptions": "FC_VB_GEMS",
    "ScanningSequence": "GR",
    "SequenceVariant": "SS_SP",
    "SeriesDescription": "Head_Ax_3D_ZOOM_SPGR",
    "SeriesNumber": 2,
    "ShiftedAcquisitionDate": "1805-02-15",
    "SliceThickness": 1.2,
    "SoftwareVersions": "11",
    "SpacingBetweenSlices": 1.2,
    "StationName": "12342345",
    "dataset": "ds002236",
    "modality": "T1w",
    "subject_id": "81"
  },
  "cjv": 0.4210941212323603,
  "cnr": 3.174617182988771,
  "efc": 0.6576446247731218,
  "fber": 714.7642153040766,
  "fwhm_avg": 3.3083697746129936,
  "fwhm_x": 3.9334933333333333,
  "fwhm_y": 3.355242666666667,
  "fwhm_z": 2.6363733238389817,
  "icvs_csf": 0.14691782358332262,
  "icvs_gm": 0.5244763664014037,
  "icvs_wm": 0.3286058100152736,
  "inu_med": 1.3423999547958374,
  "inu_range": 0.2236347794532776,
  "provenance": {
    "md5sum": "3f4bb327e431fe2a0b72db7e5e7a12e9",
    "settings": {
      "testing": false
    },
    "software": "mriqc",
    "version": "21.0.0rc2",
    "warnings": {
      "large_rot_frame": true,
      "small_air_mask": false
    },
    "webapi_port": null,
    "webapi_url": "https://mriqc.nimh.nih.gov/api/v1"
  },
  "qi_1": 0.00032374821768285536,
  "qi_2": 0.008249628176168092,
  "rpve_csf": 24.06277617489013,
  "rpve_gm": 7.858860841181623,
  "rpve_wm": 12.684883739285546,
  "size_x": 256,
  "size_y": 256,
  "size_z": 124,
  "snr_csf": 1.173380433474592,
  "snr_gm": 15.815046936655897,
  "snr_total": 13.260849611246952,
  "snr_wm": 22.794121463610367,
  "snrd_csf": 21.831570558577308,
  "snrd_gm": 47.11495001450667,
  "snrd_total": 43.016327205034834,
  "snrd_wm": 60.10246104202054,
  "spacing_x": 0.9375,
  "spacing_y": 0.9375,
  "spacing_z": 1.2000007629394531,
  "summary_bg_k": 10.497268563803962,
  "summary_bg_mad": 10.900325367727403,
  "summary_bg_mean": 25.880065328789108,
  "summary_bg_median": 21.73681417107582,
  "summary_bg_n": 1162395.0,
  "summary_bg_p05": 7.24560472369194,
  "summary_bg_p95": 51.145445108413696,
  "summary_bg_stdv": 15.86490999226028,
  "summary_csf_k": 30.825397669566286,
  "summary_csf_mad": 129.38212284302526,
  "summary_csf_mean": 441.3348559631679,
  "summary_csf_median": 363.2392132803798,
  "summary_csf_n": 22791.0,
  "summary_csf_p05": 231.59296863153577,
  "summary_csf_p95": 762.4400676526129,
  "summary_csf_stdv": 309.5596567939392,
  "summary_gm_k": 0.23885145021846288,
  "summary_gm_mad": 48.97247628978978,
  "summary_gm_mean": 786.4754872428025,
  "summary_gm_median": 783.9104992970824,
  "summary_gm_n": 76065.0,
  "summary_gm_p05": 709.429944857955,
  "summary_gm_p95": 871.8167330771685,
  "summary_gm_stdv": 49.56705784820591,
  "summary_wm_k": 0.40084574110542714,
  "summary_wm_mad": 42.02154417123898,
  "summary_wm_mean": 999.5874260188908,
  "summary_wm_median": 1000.0000048801303,
  "summary_wm_n": 165951.0,
  "summary_wm_p05": 926.2653215155005,
  "summary_wm_p95": 1070.4315449148417,
  "summary_wm_stdv": 43.87082842979785,
  "tpm_overlap_csf": 0.17708873748779297,
  "tpm_overlap_gm": 0.4957336187362671,
  "tpm_overlap_wm": 0.5085428953170776,
  "wm2max": 0.4933023755649705
}