{
  "bids_meta": {
    "AcquisitionMatrixPE": 128,
    "AcquisitionNumber": 1,
    "AcquisitionTime": "10:27:0.000000",
    "ConversionSoftware": "dcm2niix",
    "ConversionSoftwareVersion": "v1.0.20180622 GCC4.4.7",
    "DeviceSerialNumber": "00000847570ERMR1",
    "EchoTime": 0.008,
    "FlipAngle": 30,
    "ImageOrientationPatientDICOM": [
      1,
      0,
      0,
      0,
      1,
      0
    ],
    "ImageType": [
      "ORIGINAL",
      "PRIMARY",
      "OTHER"
    ],
    "InPlanePhaseEncodingDirectionDICOM": "ROW",
    "InstitutionName": "Evanston_Hospital",
    "MRAcquisitionType": "3D",
    "MagneticFieldStrength": 1.5,
    "Manufacturer": "GE",
    "ManufacturersModelName": "SIGNA_EXCITE",
    "Modality": "MR",
    "PatientPosition": "HFS",
    "PercentPhaseFOV": 100,
    "PixelBandwidth": 114.922,
    "ProtocolName": "Head_Ax_3D_ZOOM_SPGR",
    "ReconMatrixPE": 256,
    "RepetitionTime": 0.033333,
    "SAR": 0.003193,
    "ScanOptions": "FC_VB_GEMS",
    "ScanningSequence": "GR",
    "SequenceVariant": "SS_SP",
    "SeriesDescription": "Head_Ax_3D_ZOOM_SPGR",
    "SeriesNumber": 2,
    "ShiftedAcquisitionDate": "1804-12-21",
    "SliceThickness": 1.2,
    "SoftwareVersions": "11",
    "SpacingBetweenSlices": 1.2,
    "StationName": "12342345",
    "dataset": "ds002236",
    "modality": "T1w",
    "subject_id": "44"
  },
  "cjv": 0.39393956711091344,
  "cnr": 3.3821246411953076,
  "efc": 0.6375539891118596,
  "fber": 609.5232464391293,
  "fwhm_avg": 3.2360450003443817,
  "fwhm_x": 3.767648,
  "fwhm_y": 3.320672,
  "fwhm_z": 2.6198150010331465,
  "icvs_csf": 0.13357898711589106,
  "icvs_gm": 0.5319276892945605,
  "icvs_wm": 0.3344933235895485,
  "inu_med": 0.9031692743301392,
  "inu_range": 0.14941443204879756,
  "provenance": {
    "md5sum": "f284201c08cffe51736e030535793c5a",
    "settings": {
      "testing": false
    },
    "software": "mriqc",
    "version": "21.0.0rc2",
    "warnings": {
      "large_rot_frame": true,
      "small_air_mask": false
    },
    "webapi_port": null,
    "webapi_url": "https://mriqc.nimh.nih.gov/api/v1"
  },
  "qi_1": 0.002795120135239874,
  "qi_2": 0.005312300660124456,
  "rpve_csf": 29.65232197801391,
  "rpve_gm": 8.630856741573034,
  "rpve_wm": 13.640958448885103,
  "size_x": 256,
  "size_y": 256,
  "size_z": 124,
  "snr_csf": 1.0859227483690657,
  "snr_gm": 16.29508110403976,
  "snr_total": 12.975215672026494,
  "snr_wm": 21.544643163670653,
  "snrd_csf": 20.319480354246203,
  "snrd_gm": 44.081370042445734,
  "snrd_total": 40.62233071171003,
  "snrd_wm": 57.46614173843815,
  "spacing_x": 0.9375,
  "spacing_y": 0.9375,
  "spacing_z": 1.2000007629394531,
  "summary_bg_k": 7.993142806707061,
  "summary_bg_mad": 11.40038930434249,
  "summary_bg_mean": 29.426308051455894,
  "summary_bg_median": 22.820290565490723,
  "summary_bg_n": 1295382.0,
  "summary_bg_p05": 7.689445734024048,
  "summary_bg_p95": 61.14349591732025,
  "summary_bg_stdv": 19.294518886089303,
  "summary_csf_k": 36.390941291837,
  "summary_csf_mad": 118.96857870821921,
  "summary_csf_mean": 429.477330700624,
  "summary_csf_median": 353.5904804468155,
  "summary_csf_n": 17879.0,
  "summary_csf_p05": 223.49001955986023,
  "summary_csf_p95": 702.3936608076089,
  "summary_csf_stdv": 325.60381703907314,
  "summary_gm_k": -0.03830807628780075,
  "summary_gm_mad": 47.07257519212383,
  "summary_gm_mean": 768.9774636892229,
  "summary_gm_median": 767.0842236280441,
  "summary_gm_n": 71227.0,
  "summary_gm_p05": 694.6546057462692,
  "summary_gm_p95": 849.9318002462387,
  "summary_gm_stdv": 47.074257190014556,
  "summary_wm_k": 0.4351991746968893,
  "summary_wm_mad": 44.682170983148794,
  "summary_wm_mean": 1000.4291053514872,
  "summary_wm_median": 1000.0000153779984,
  "summary_wm_n": 133685.0,
  "summary_wm_p05": 924.8418844938278,
  "summary_wm_p95": 1076.7704493999481,
  "summary_wm_stdv": 46.415077178989115,
  "tpm_overlap_csf": 0.17203959822654724,
  "tpm_overlap_gm": 0.4886604845523834,
  "tpm_overlap_wm": 0.46408188343048096,
  "wm2max": 0.5576250470537013
}