{
  "bids_meta": {
    "AcquisitionMatrixPE": 128,
    "AcquisitionNumber": 1,
    "AcquisitionTime": "11:46:29.000000",
    "ConversionSoftware": "dcm2niix",
    "ConversionSoftwareVersion": "v1.0.20180622 GCC4.4.7",
    "DeviceSerialNumber": "00000847570ERMR1",
    "EchoTime": 0.008,
    "FlipAngle": 30,
    "ImageOrientationPatientDICOM": [
      0.999283,
      0,
      0.0378729,
      -0.00012207,
      0.999995,
      0.00311287
    ],
    "ImageType": [
      "ORIGINAL",
      "PRIMARY",
      "OTHER"
    ],
    "InPlanePhaseEncodingDirectionDICOM": "ROW",
    "InstitutionName": "Evanston_Hospital",
    "MRAcquisitionType": "3D",
    "MagneticFieldStrength": 1.5,
    "Manufacturer": "GE",
    "ManufacturersModelName": "SIGNA_EXCITE",
    "Modality": "MR",
    "PatientPosition": "HFS",
    "PercentPhaseFOV": 100,
    "PixelBandwidth": 114.922,
    "ProcedureStepDescription": "fMRI",
    "ProtocolName": "Head_Obl_3D_ZOOM_SPGR",
    "ReconMatrixPE": 256,
    "RepetitionTime": 0.033333,
    "SAR": 0.0030807,
    "ScanOptions": "FC",
    "ScanningSequence": "GR",
    "SequenceVariant": "SS_SP",
    "SeriesDescription": "Head_Obl_3D_ZOOM_SPGR",
    "SeriesNumber": 3,
    "ShiftedAcquisitionDate": "1805-05-22",
    "SliceThickness": 1.2,
    "SoftwareVersions": "12_LX_MR_Software_release:12.0_M4_0520.a",
    "SpacingBetweenSlices": 1.2,
    "StationName": "12342345",
    "dataset": "ds002236",
    "modality": "T1w",
    "subject_id": "58"
  },
  "cjv": 0.43676198842052255,
  "cnr": 3.094220092247399,
  "efc": 0.6416460294893945,
  "fber": 728.2704528853178,
  "fwhm_avg": 3.4786034945765874,
  "fwhm_x": 4.08699683974873,
  "fwhm_y": 3.572540095065819,
  "fwhm_z": 2.776273548915213,
  "icvs_csf": 0.1547632748621836,
  "icvs_gm": 0.49104037958778907,
  "icvs_wm": 0.3541963455500273,
  "inu_med": 1.0980830192565918,
  "inu_range": 0.1864547967910768,
  "provenance": {
    "md5sum": "531ca6526cd04269b5d56579eb37f9d0",
    "settings": {
      "testing": false
    },
    "software": "mriqc",
    "version": "21.0.0rc2",
    "warnings": {
      "large_rot_frame": true,
      "small_air_mask": false
    },
    "webapi_port": null,
    "webapi_url": "https://mriqc.nimh.nih.gov/api/v1"
  },
  "qi_1": 0.00030146368842467135,
  "qi_2": 0.017540666619126257,
  "rpve_csf": 22.83447469493615,
  "rpve_gm": 8.293617892233707,
  "rpve_wm": 12.317712350845662,
  "size_x": 256,
  "size_y": 256,
  "size_z": 124,
  "snr_csf": 1.8298487450123133,
  "snr_gm": 15.971636947956428,
  "snr_total": 13.146519043704634,
  "snr_wm": 21.63807143814516,
  "snrd_csf": 22.315079968132185,
  "snrd_gm": 37.70334892127016,
  "snrd_total": 36.03335051851725,
  "snrd_wm": 48.081622666149414,
  "spacing_x": 0.9375050067901611,
  "spacing_y": 0.9375150203704834,
  "spacing_z": 1.199986219406128,
  "summary_bg_k": 4.4287429751712475,
  "summary_bg_mad": 13.625504449617123,
  "summary_bg_mean": 29.907473557734857,
  "summary_bg_median": 27.446596533060074,
  "summary_bg_n": 1638021.0,
  "summary_bg_p05": 9.066070348024368,
  "summary_bg_p95": 64.083456158638,
  "summary_bg_stdv": 17.88803089243967,
  "summary_csf_k": 25.806622242759783,
  "summary_csf_mad": 156.6933011705969,
  "summary_csf_mean": 496.35015415779134,
  "summary_csf_median": 464.10828617215157,
  "summary_csf_n": 15512.0,
  "summary_csf_p05": 251.24192211031914,
  "summary_csf_p95": 748.7642661884415,
  "summary_csf_stdv": 253.62387330792856,
  "summary_gm_k": -0.11782806602289497,
  "summary_gm_mad": 49.53054995874332,
  "summary_gm_mean": 786.5318907428292,
  "summary_gm_median": 784.1529887318611,
  "summary_gm_n": 40137.0,
  "summary_gm_p05": 708.8921855688095,
  "summary_gm_p95": 870.5911388993263,
  "summary_gm_stdv": 49.095983258995105,
  "summary_wm_k": 0.40214414791741415,
  "summary_wm_mad": 44.743210557526496,
  "summary_wm_mean": 1001.8049677400369,
  "summary_wm_median": 999.9999786615372,
  "summary_wm_n": 169310.0,
  "summary_wm_p05": 929.210114300251,
  "summary_wm_p95": 1080.3526843488216,
  "summary_wm_stdv": 46.214702098244075,
  "tpm_overlap_csf": 0.17381158471107483,
  "tpm_overlap_gm": 0.48325321078300476,
  "tpm_overlap_wm": 0.4849645793437958,
  "wm2max": 0.5946149244358093
}