{
  "bids_meta": {
    "AcquisitionMatrixPE": 128,
    "AcquisitionNumber": 1,
    "AcquisitionTime": "14:26:56.000000",
    "ConversionSoftware": "dcm2niix",
    "ConversionSoftwareVersion": "v1.0.20180622 GCC4.4.7",
    "DeviceSerialNumber": "00000847570ERMR1",
    "EchoTime": 0.008,
    "FlipAngle": 30,
    "ImageOrientationPatientDICOM": [
      1,
      0,
      0,
      0,
      0.999988,
      -0.00485238
    ],
    "ImageType": [
      "ORIGINAL",
      "PRIMARY",
      "OTHER"
    ],
    "InPlanePhaseEncodingDirectionDICOM": "ROW",
    "InstitutionName": "Evanston_Hospital",
    "MRAcquisitionType": "3D",
    "MagneticFieldStrength": 1.5,
    "Manufacturer": "GE",
    "ManufacturersModelName": "SIGNA_EXCITE",
    "Modality": "MR",
    "PatientPosition": "HFS",
    "PercentPhaseFOV": 100,
    "PixelBandwidth": 114.922,
    "ProcedureStepDescription": "fMRI",
    "ProtocolName": "Head_Obl_3D_ZOOM_SPGR",
    "ReconMatrixPE": 256,
    "RepetitionTime": 0.033333,
    "SAR": 0.00270263,
    "ScanOptions": "FC",
    "ScanningSequence": "GR",
    "SequenceVariant": "SS_SP",
    "SeriesDescription": "Head_Obl_3D_ZOOM_SPGR",
    "SeriesNumber": 3,
    "ShiftedAcquisitionDate": "1805-04-05",
    "SliceThickness": 1.2,
    "SoftwareVersions": "12_LX_MR_Software_release:12.0_M4_0520.a",
    "SpacingBetweenSlices": 1.2,
    "StationName": "12342345",
    "dataset": "ds002236",
    "modality": "T1w",
    "subject_id": "87"
  },
  "cjv": 0.487555008286072,
  "cnr": 2.7786754825837496,
  "efc": 0.6692288540782089,
  "fber": 612.970534959546,
  "fwhm_avg": 3.282414437265069,
  "fwhm_x": 3.80362459516461,
  "fwhm_y": 3.3863786666666664,
  "fwhm_z": 2.6572400499639297,
  "icvs_csf": 0.1600419971469432,
  "icvs_gm": 0.4864419052207416,
  "icvs_wm": 0.35351609763231523,
  "inu_med": 0.8416522741317749,
  "inu_range": 0.10887261629104616,
  "provenance": {
    "md5sum": "308d0edc0253b96876411aa6911508bf",
    "settings": {
      "testing": false
    },
    "software": "mriqc",
    "version": "21.0.0rc2",
    "warnings": {
      "large_rot_frame": true,
      "small_air_mask": false
    },
    "webapi_port": null,
    "webapi_url": "https://mriqc.nimh.nih.gov/api/v1"
  },
  "qi_1": 0.001432653134070698,
  "qi_2": 0.01599651674955673,
  "rpve_csf": 23.21133459474871,
  "rpve_gm": 8.833592948217625,
  "rpve_wm": 13.273464374275104,
  "size_x": 256,
  "size_y": 256,
  "size_z": 124,
  "snr_csf": 1.468280278150288,
  "snr_gm": 15.876460694470916,
  "snr_total": 14.191810591141019,
  "snr_wm": 25.23069080080185,
  "snrd_csf": 20.012379746998196,
  "snrd_gm": 35.11986072872377,
  "snrd_total": 32.76151601041951,
  "snrd_wm": 43.15230755553658,
  "spacing_x": 0.9375110268592834,
  "spacing_y": 0.9375,
  "spacing_z": 1.2000157833099365,
  "summary_bg_k": 6.112963223879314,
  "summary_bg_mad": 15.181954255807995,
  "summary_bg_mean": 29.784303593646648,
  "summary_bg_median": 30.94777476787567,
  "summary_bg_n": 1648574.0,
  "summary_bg_p05": 10.240072533488274,
  "summary_bg_p95": 62.00932811945677,
  "summary_bg_stdv": 16.999600158912376,
  "summary_csf_k": 49.85471302011995,
  "summary_csf_mad": 151.98823093870004,
  "summary_csf_mean": 509.9964995198633,
  "summary_csf_median": 463.76150718331337,
  "summary_csf_n": 14601.0,
  "summary_csf_p05": 258.0498278439045,
  "summary_csf_p95": 754.0106742158532,
  "summary_csf_stdv": 315.84271249625226,
  "summary_gm_k": -0.17083885631729956,
  "summary_gm_mad": 52.63077475346771,
  "summary_gm_mean": 814.9591774381792,
  "summary_gm_median": 813.8582092449069,
  "summary_gm_n": 43005.0,
  "summary_gm_p05": 733.1891933977604,
  "summary_gm_p95": 901.2401615306735,
  "summary_gm_stdv": 51.261346120174835,
  "summary_wm_k": 0.3374876861576648,
  "summary_wm_mad": 38.123574020140076,
  "summary_wm_mean": 1001.6411526976227,
  "summary_wm_median": 999.9999721869826,
  "summary_wm_n": 165640.0,
  "summary_wm_p05": 939.2365195591003,
  "summary_wm_p95": 1069.8600225821137,
  "summary_wm_stdv": 39.63414880246512,
  "tpm_overlap_csf": 0.15626266598701477,
  "tpm_overlap_gm": 0.45403191447257996,
  "tpm_overlap_wm": 0.4677027761936188,
  "wm2max": 0.5764790764790765
}