{
  "bids_meta": {
    "AcquisitionMatrixPE": 128,
    "AcquisitionNumber": 1,
    "AcquisitionTime": "13:54:47.000000",
    "ConversionSoftware": "dcm2niix",
    "ConversionSoftwareVersion": "v1.0.20180622 GCC4.4.7",
    "DeviceSerialNumber": "00000847570ERMR1",
    "EchoTime": 0.008,
    "FlipAngle": 30,
    "ImageOrientationPatientDICOM": [
      1,
      0,
      0,
      0,
      0.999999,
      0.00109866
    ],
    "ImageType": [
      "ORIGINAL",
      "PRIMARY",
      "OTHER"
    ],
    "InPlanePhaseEncodingDirectionDICOM": "ROW",
    "InstitutionName": "Evanston_Hospital",
    "MRAcquisitionType": "3D",
    "MagneticFieldStrength": 1.5,
    "Manufacturer": "GE",
    "ManufacturersModelName": "SIGNA_EXCITE",
    "Modality": "MR",
    "PatientPosition": "HFS",
    "PercentPhaseFOV": 100,
    "PixelBandwidth": 114.922,
    "ProtocolName": "Head_Obl_3D_ZOOM_SPGR",
    "ReconMatrixPE": 256,
    "RepetitionTime": 0.033333,
    "SAR": 0.002821,
    "ScanOptions": "FC_VB_GEMS",
    "ScanningSequence": "GR",
    "SequenceVariant": "SS_SP",
    "SeriesDescription": "Head_Obl_3D_ZOOM_SPGR",
    "SeriesNumber": 2,
    "ShiftedAcquisitionDate": "1804-07-31",
    "SliceThickness": 1.2,
    "SoftwareVersions": "11",
    "SpacingBetweenSlices": 1.2,
    "StationName": "12342345",
    "dataset": "ds002236",
    "modality": "T1w",
    "subject_id": "31"
  },
  "cjv": 0.41269146684977853,
  "cnr": 3.1953744895588234,
  "efc": 0.646727130044882,
  "fber": 712.4125190032389,
  "fwhm_avg": 3.6090027605512813,
  "fwhm_x": 4.173371489291171,
  "fwhm_y": 3.754976,
  "fwhm_z": 2.8986607923626737,
  "icvs_csf": 0.1652799306466648,
  "icvs_gm": 0.4663607101211229,
  "icvs_wm": 0.3683593592322123,
  "inu_med": 0.940975546836853,
  "inu_range": 0.12738693654537214,
  "provenance": {
    "md5sum": "f78afd88e58282f26abb952a3848bec1",
    "settings": {
      "testing": false
    },
    "software": "mriqc",
    "version": "21.0.0rc2",
    "warnings": {
      "large_rot_frame": true,
      "small_air_mask": false
    },
    "webapi_port": null,
    "webapi_url": "https://mriqc.nimh.nih.gov/api/v1"
  },
  "qi_1": 0.0011054877419291406,
  "qi_2": 0.004788551851283047,
  "rpve_csf": 20.793925191411343,
  "rpve_gm": 8.446238234380779,
  "rpve_wm": 12.030536023847878,
  "size_x": 256,
  "size_y": 256,
  "size_z": 124,
  "snr_csf": 1.4722274789602354,
  "snr_gm": 15.8726048464862,
  "snr_total": 15.527498820049372,
  "snr_wm": 29.23766413470168,
  "snrd_csf": 24.786861722028018,
  "snrd_gm": 49.71181181019546,
  "snrd_total": 45.60368291754736,
  "snrd_wm": 62.312375220418616,
  "spacing_x": 0.9375010132789612,
  "spacing_y": 0.9375,
  "spacing_z": 1.2000024318695068,
  "summary_bg_k": 40.14715446232795,
  "summary_bg_mad": 10.514909040241792,
  "summary_bg_mean": 26.40486725108703,
  "summary_bg_median": 20.722517117857933,
  "summary_bg_n": 1436815.0,
  "summary_bg_p05": 6.759751573204994,
  "summary_bg_p95": 54.63209058344364,
  "summary_bg_stdv": 17.57686469392307,
  "summary_csf_k": 88.81042989464704,
  "summary_csf_mad": 109.58506765376991,
  "summary_csf_mean": 449.99888149183215,
  "summary_csf_median": 397.828002423048,
  "summary_csf_n": 27032.0,
  "summary_csf_p05": 274.0469777137041,
  "summary_csf_p95": 652.5930658131838,
  "summary_csf_stdv": 270.2168310102919,
  "summary_gm_k": 0.02717046902764686,
  "summary_gm_mad": 49.78152248739473,
  "summary_gm_mean": 798.8233555554236,
  "summary_gm_median": 797.8723168373108,
  "summary_gm_n": 47211.0,
  "summary_gm_p05": 717.3093759566545,
  "summary_gm_p95": 883.3111440986395,
  "summary_gm_stdv": 50.26672524398112,
  "summary_wm_k": 0.314244752536494,
  "summary_wm_mad": 33.680568019524486,
  "summary_wm_mean": 1001.5367972287206,
  "summary_wm_median": 1000.1107860356569,
  "summary_wm_n": 206585.0,
  "summary_wm_p05": 948.138269841671,
  "summary_wm_p95": 1059.7295785993338,
  "summary_wm_stdv": 34.2061650631771,
  "tpm_overlap_csf": 0.1701689213514328,
  "tpm_overlap_gm": 0.46735769510269165,
  "tpm_overlap_wm": 0.4996505379676819,
  "wm2max": 0.566379807583975
}