{
  "bids_meta": {
    "AcquisitionMatrixPE": 128,
    "AcquisitionNumber": 1,
    "AcquisitionTime": "09:18:33.000000",
    "ConversionSoftware": "dcm2niix",
    "ConversionSoftwareVersion": "v1.0.20180622 GCC4.4.7",
    "DeviceSerialNumber": "00000847570ERMR1",
    "EchoTime": 0.008,
    "FlipAngle": 30,
    "ImageOrientationPatientDICOM": [
      1,
      0,
      0,
      0,
      0.999998,
      0.00213629
    ],
    "ImageType": [
      "ORIGINAL",
      "PRIMARY",
      "OTHER"
    ],
    "InPlanePhaseEncodingDirectionDICOM": "ROW",
    "InstitutionName": "Evanston_Hospital",
    "MRAcquisitionType": "3D",
    "MagneticFieldStrength": 1.5,
    "Manufacturer": "GE",
    "ManufacturersModelName": "SIGNA_EXCITE",
    "Modality": "MR",
    "PatientPosition": "HFS",
    "PercentPhaseFOV": 100,
    "PixelBandwidth": 114.922,
    "ProcedureStepDescription": "Lexical",
    "ProtocolName": "Head_Obl_3D_ZOOM_SPGR",
    "ReconMatrixPE": 256,
    "RepetitionTime": 0.033333,
    "SAR": 0.00289758,
    "ScanOptions": "FC",
    "ScanningSequence": "GR",
    "SequenceVariant": "SS_SP",
    "SeriesDescription": "Head_Obl_3D_ZOOM_SPGR",
    "SeriesNumber": 2,
    "ShiftedAcquisitionDate": "1805-09-01",
    "SliceThickness": 1.2,
    "SoftwareVersions": "12_LX_MR_Software_release:12.0_M4_0520.a",
    "SpacingBetweenSlices": 1.2,
    "StationName": "EHRMR1",
    "dataset": "ds002236",
    "modality": "T1w",
    "subject_id": "63"
  },
  "cjv": 0.5406304268117561,
  "cnr": 2.493678332771871,
  "efc": 0.6780898344122351,
  "fber": 738.220461747397,
  "fwhm_avg": 3.467344908659618,
  "fwhm_x": 4.073239195034495,
  "fwhm_y": 3.53152,
  "fwhm_z": 2.797275530944359,
  "icvs_csf": 0.15106949434279365,
  "icvs_gm": 0.48961286712893587,
  "icvs_wm": 0.3593176385282705,
  "inu_med": 1.0797728300094604,
  "inu_range": 0.17196090221405025,
  "provenance": {
    "md5sum": "884598b84ac047b10f5dfc4a07db94da",
    "settings": {
      "testing": false
    },
    "software": "mriqc",
    "version": "21.0.0rc2",
    "warnings": {
      "large_rot_frame": true,
      "small_air_mask": false
    },
    "webapi_port": null,
    "webapi_url": "https://mriqc.nimh.nih.gov/api/v1"
  },
  "qi_1": 0.0022971464270181486,
  "qi_2": 0.009544843137519177,
  "rpve_csf": 23.787778066405327,
  "rpve_gm": 8.436897146112194,
  "rpve_wm": 12.389546860496313,
  "size_x": 256,
  "size_y": 256,
  "size_z": 124,
  "snr_csf": 1.267213834616684,
  "snr_gm": 14.215865854256903,
  "snr_total": 12.602685404644776,
  "snr_wm": 22.324976525060745,
  "snrd_csf": 20.716780581326844,
  "snrd_gm": 38.14294477805446,
  "snrd_total": 35.286376364185706,
  "snrd_wm": 46.99940373317581,
  "spacing_x": 0.9375020265579224,
  "spacing_y": 0.9375,
  "spacing_z": 1.1999032497406006,
  "summary_bg_k": 39.0387342658488,
  "summary_bg_mad": 13.94064352433819,
  "summary_bg_mean": 31.617310665839536,
  "summary_bg_median": 28.20846350491047,
  "summary_bg_n": 1178111.0,
  "summary_bg_p05": 9.40282116830349,
  "summary_bg_p95": 65.81974817812443,
  "summary_bg_stdv": 21.093045552248423,
  "summary_csf_k": 20.37158412310401,
  "summary_csf_mad": 166.1012845453061,
  "summary_csf_mean": 505.4388356352902,
  "summary_csf_median": 440.83226477354765,
  "summary_csf_n": 17115.0,
  "summary_csf_p05": 234.07022908329964,
  "summary_csf_p95": 1007.7023452073329,
  "summary_csf_stdv": 347.86503588277526,
  "summary_gm_k": -0.10438691328766136,
  "summary_gm_mad": 58.43205902754518,
  "summary_gm_mean": 815.0704987464034,
  "summary_gm_median": 811.6435208469629,
  "summary_gm_n": 47226.0,
  "summary_gm_p05": 727.1181603446603,
  "summary_gm_p95": 915.5747037604451,
  "summary_gm_stdv": 57.09359781087918,
  "summary_wm_k": 0.3508051397633367,
  "summary_wm_mad": 43.453282474798826,
  "summary_wm_mean": 1003.0460970775816,
  "summary_wm_median": 1000.1000642627478,
  "summary_wm_n": 163293.0,
  "summary_wm_p05": 934.3803460970521,
  "summary_wm_p95": 1081.1243743300438,
  "summary_wm_stdv": 44.797225244488,
  "tpm_overlap_csf": 0.17703653872013092,
  "tpm_overlap_gm": 0.4832803010940552,
  "tpm_overlap_wm": 0.4845900237560272,
  "wm2max": 0.4419336511191826
}