{
  "bids_meta": {
    "AcquisitionMatrixPE": 128,
    "AcquisitionNumber": 1,
    "AcquisitionTime": "09:13:27.000000",
    "ConversionSoftware": "dcm2niix",
    "ConversionSoftwareVersion": "v1.0.20180622 GCC4.4.7",
    "DeviceSerialNumber": "00000847570ERMR1",
    "EchoTime": 0.008,
    "FlipAngle": 30,
    "ImageOrientationPatientDICOM": [
      1,
      0,
      0,
      0,
      1,
      -0.000885041
    ],
    "ImageType": [
      "ORIGINAL",
      "PRIMARY",
      "OTHER"
    ],
    "InPlanePhaseEncodingDirectionDICOM": "ROW",
    "InstitutionName": "Evanston_Hospital",
    "MRAcquisitionType": "3D",
    "MagneticFieldStrength": 1.5,
    "Manufacturer": "GE",
    "ManufacturersModelName": "SIGNA_EXCITE",
    "Modality": "MR",
    "PatientPosition": "HFS",
    "PercentPhaseFOV": 100,
    "PixelBandwidth": 114.922,
    "ProcedureStepDescription": "fMRI",
    "ProtocolName": "Head_Obl_3D_ZOOM_SPGR",
    "ReconMatrixPE": 256,
    "RepetitionTime": 0.033333,
    "SAR": 0.00283892,
    "ScanOptions": "FC",
    "ScanningSequence": "GR",
    "SequenceVariant": "SS_SP",
    "SeriesDescription": "Head_Obl_3D_ZOOM_SPGR",
    "SeriesNumber": 3,
    "ShiftedAcquisitionDate": "1805-05-19",
    "SliceThickness": 1.3,
    "SoftwareVersions": "12_LX_MR_Software_release:12.0_M4_0520.a",
    "SpacingBetweenSlices": 1.3,
    "StationName": "12342345",
    "dataset": "ds002236",
    "modality": "T1w",
    "subject_id": "57"
  },
  "cjv": 0.4299462623478653,
  "cnr": 3.207453571317848,
  "efc": 0.6380286383911847,
  "fber": 807.2556601416076,
  "fwhm_avg": 3.359104766601751,
  "fwhm_x": 3.8966933333333333,
  "fwhm_y": 3.540853333333333,
  "fwhm_z": 2.6397676331385855,
  "icvs_csf": 0.1358266423757653,
  "icvs_gm": 0.49329771777115455,
  "icvs_wm": 0.3708756398530802,
  "inu_med": 0.9007164239883423,
  "inu_range": 0.11616382002830505,
  "provenance": {
    "md5sum": "237cce78f9591f29b653dd24ad7b9b4f",
    "settings": {
      "testing": false
    },
    "software": "mriqc",
    "version": "21.0.0rc2",
    "warnings": {
      "large_rot_frame": true,
      "small_air_mask": false
    },
    "webapi_port": null,
    "webapi_url": "https://mriqc.nimh.nih.gov/api/v1"
  },
  "qi_1": 0.0,
  "qi_2": 0.028494888876753763,
  "rpve_csf": 25.35826486833331,
  "rpve_gm": 8.313162691948108,
  "rpve_wm": 12.133740188910167,
  "size_x": 256,
  "size_y": 256,
  "size_z": 124,
  "snr_csf": 0.9762190313292939,
  "snr_gm": 17.115101447217558,
  "snr_total": 15.966281313202677,
  "snr_wm": 29.807523461061177,
  "snrd_csf": 23.828937611734844,
  "snrd_gm": 40.77868787722481,
  "snrd_total": 38.3456049617409,
  "snrd_wm": 50.429189396263034,
  "spacing_x": 0.9375,
  "spacing_y": 0.9375,
  "spacing_z": 1.300000786781311,
  "summary_bg_k": 4.439956904131234,
  "summary_bg_mad": 12.991214026991399,
  "summary_bg_mean": 24.42416771865409,
  "summary_bg_median": 26.395500391721725,
  "summary_bg_n": 1614327.0,
  "summary_bg_p05": 8.762440703809261,
  "summary_bg_p95": 52.89917906373739,
  "summary_bg_stdv": 14.212450659485624,
  "summary_csf_k": 27.358618015564165,
  "summary_csf_mad": 158.30034869926556,
  "summary_csf_mean": 570.3066263270204,
  "summary_csf_median": 472.52272832393646,
  "summary_csf_n": 14101.0,
  "summary_csf_p05": 250.43271888047457,
  "summary_csf_p95": 1325.6166467219591,
  "summary_csf_stdv": 484.01635076366944,
  "summary_gm_k": -0.21621542198960597,
  "summary_gm_mad": 49.07791965752306,
  "summary_gm_mean": 809.2155131228143,
  "summary_gm_median": 808.6326451972127,
  "summary_gm_n": 62879.0,
  "summary_gm_p05": 732.6914924308658,
  "summary_gm_p95": 887.60278981179,
  "summary_gm_stdv": 47.24635828751606,
  "summary_wm_k": 0.20799222970635167,
  "summary_wm_mad": 33.19976918008913,
  "summary_wm_mean": 1001.4551598829405,
  "summary_wm_median": 1000.0000230371952,
  "summary_wm_n": 200009.0,
  "summary_wm_p05": 949.0480530187488,
  "summary_wm_p95": 1058.6326509565115,
  "summary_wm_stdv": 33.54849403885723,
  "tpm_overlap_csf": 0.16031642258167267,
  "tpm_overlap_gm": 0.4823852777481079,
  "tpm_overlap_wm": 0.5193454027175903,
  "wm2max": 0.5400382671209328
}