{
  "bids_meta": {
    "AcquisitionMatrixPE": 128,
    "AcquisitionNumber": 1,
    "AcquisitionTime": "12:42:39.000000",
    "ConversionSoftware": "dcm2niix",
    "ConversionSoftwareVersion": "v1.0.20180622 GCC4.4.7",
    "DeviceSerialNumber": "00000847570ERMR1",
    "EchoTime": 0.008,
    "FlipAngle": 30,
    "ImageOrientationPatientDICOM": [
      0.999563,
      -0.0279241,
      -0.00967428,
      0.0279246,
      0.999609,
      -0.00167852
    ],
    "ImageType": [
      "ORIGINAL",
      "PRIMARY",
      "OTHER"
    ],
    "InPlanePhaseEncodingDirectionDICOM": "ROW",
    "InstitutionName": "Evanston_Hospital",
    "MRAcquisitionType": "3D",
    "MagneticFieldStrength": 1.5,
    "Manufacturer": "GE",
    "ManufacturersModelName": "SIGNA_EXCITE",
    "Modality": "MR",
    "PatientPosition": "HFS",
    "PercentPhaseFOV": 100,
    "PixelBandwidth": 114.922,
    "ProcedureStepDescription": "fMRI",
    "ProtocolName": "Head_Obl_3D_ZOOM_SPGR",
    "ReconMatrixPE": 256,
    "RepetitionTime": 0.033333,
    "SAR": 0.00319266,
    "ScanOptions": "FC",
    "ScanningSequence": "GR",
    "SequenceVariant": "SS_SP",
    "SeriesDescription": "Head_Obl_3D_ZOOM_SPGR",
    "SeriesNumber": 3,
    "ShiftedAcquisitionDate": "1806-02-17",
    "SliceThickness": 1.2,
    "SoftwareVersions": "12_LX_MR_Software_release:12.0_M4_0520.a",
    "SpacingBetweenSlices": 1.2,
    "StationName": "EHRMR1",
    "dataset": "ds002236",
    "modality": "T1w",
    "subject_id": "64"
  },
  "cjv": 0.40169436161871847,
  "cnr": 3.408015132774197,
  "efc": 0.6210125685672554,
  "fber": 801.1823271396769,
  "fwhm_avg": 3.286011942359396,
  "fwhm_x": 3.924287624623646,
  "fwhm_y": 3.288949758358414,
  "fwhm_z": 2.644798444096128,
  "icvs_csf": 0.13964533537083954,
  "icvs_gm": 0.5083298452638717,
  "icvs_wm": 0.3520248193652888,
  "inu_med": 0.7459789514541626,
  "inu_range": 0.09699786603450777,
  "provenance": {
    "md5sum": "c0cf2fc826833274f1a478c62e6a6dd8",
    "settings": {
      "testing": false
    },
    "software": "mriqc",
    "version": "21.0.0rc2",
    "warnings": {
      "large_rot_frame": true,
      "small_air_mask": false
    },
    "webapi_port": null,
    "webapi_url": "https://mriqc.nimh.nih.gov/api/v1"
  },
  "qi_1": 0.0003227357665458559,
  "qi_2": 0.016485178407492605,
  "rpve_csf": 26.96520185697049,
  "rpve_gm": 8.751005459224533,
  "rpve_wm": 13.44993940305743,
  "size_x": 256,
  "size_y": 256,
  "size_z": 124,
  "snr_csf": 1.1905163954158786,
  "snr_gm": 15.945467613110885,
  "snr_total": 13.984298503629459,
  "snr_wm": 24.81691150236161,
  "snrd_csf": 22.18749409744561,
  "snrd_gm": 38.77988098770929,
  "snrd_total": 36.93974005601838,
  "snrd_wm": 49.85184508290023,
  "spacing_x": 0.9374949932098389,
  "spacing_y": 0.9375090003013611,
  "spacing_z": 1.2000612020492554,
  "summary_bg_k": 9.165075123149387,
  "summary_bg_mad": 13.141667870075679,
  "summary_bg_mean": 25.69319129662379,
  "summary_bg_median": 26.591760836541653,
  "summary_bg_n": 1384304.0,
  "summary_bg_p05": 8.863920278847218,
  "summary_bg_p95": 53.05867772549391,
  "summary_bg_stdv": 15.600414758434644,
  "summary_csf_k": 43.34779605940254,
  "summary_csf_mad": 154.18323008131043,
  "summary_csf_mean": 511.0342943863227,
  "summary_csf_median": 445.06867315620184,
  "summary_csf_n": 12129.0,
  "summary_csf_p05": 245.04370032846927,
  "summary_csf_p95": 857.7028887286783,
  "summary_csf_stdv": 373.8296483753318,
  "summary_gm_k": -0.2074373209160072,
  "summary_gm_mad": 50.16045060268323,
  "summary_gm_mean": 779.7051186282281,
  "summary_gm_median": 777.9026374295354,
  "summary_gm_n": 63484.0,
  "summary_gm_p05": 702.7465809807181,
  "summary_gm_p95": 862.5468338951468,
  "summary_gm_stdv": 48.784803902798544,
  "summary_wm_k": 0.30328361354262423,
  "summary_wm_mad": 39.05481578290096,
  "summary_wm_mean": 1000.4761678275681,
  "summary_wm_median": 1000.0000201910734,
  "summary_wm_n": 164949.0,
  "summary_wm_p05": 934.9563234969974,
  "summary_wm_p95": 1067.1660639941692,
  "summary_wm_stdv": 40.29498146259247,
  "tpm_overlap_csf": 0.16183868050575256,
  "tpm_overlap_gm": 0.47861960530281067,
  "tpm_overlap_wm": 0.490296334028244,
  "wm2max": 0.5783907789345936
}