{
  "bids_meta": {
    "AcquisitionMatrixPE": 128,
    "AcquisitionNumber": 1,
    "AcquisitionTime": "12:49:42.000000",
    "ConversionSoftware": "dcm2niix",
    "ConversionSoftwareVersion": "v1.0.20180622 GCC4.4.7",
    "DeviceSerialNumber": "00000847570ERMR1",
    "EchoTime": 0.008,
    "FlipAngle": 30,
    "ImageOrientationPatientDICOM": [
      1,
      0,
      0,
      0,
      0.999998,
      -0.00207525
    ],
    "ImageType": [
      "ORIGINAL",
      "PRIMARY",
      "OTHER"
    ],
    "InPlanePhaseEncodingDirectionDICOM": "ROW",
    "InstitutionName": "Evanston_Hospital",
    "MRAcquisitionType": "3D",
    "MagneticFieldStrength": 1.5,
    "Manufacturer": "GE",
    "ManufacturersModelName": "SIGNA_EXCITE",
    "Modality": "MR",
    "PatientPosition": "HFS",
    "PercentPhaseFOV": 100,
    "PixelBandwidth": 114.922,
    "ProtocolName": "Head_Obl_3D_ZOOM_SPGR",
    "ReconMatrixPE": 256,
    "RepetitionTime": 0.033333,
    "SAR": 0.002854,
    "ScanOptions": "FC_VB_GEMS",
    "ScanningSequence": "GR",
    "SequenceVariant": "SS_SP",
    "SeriesDescription": "Head_Obl_3D_ZOOM_SPGR",
    "SeriesNumber": 2,
    "ShiftedAcquisitionDate": "1805-06-07",
    "SliceThickness": 1.2,
    "SoftwareVersions": "11",
    "SpacingBetweenSlices": 1.2,
    "StationName": "12342345",
    "dataset": "ds002236",
    "modality": "T1w",
    "subject_id": "50"
  },
  "cjv": 0.44834421476329267,
  "cnr": 2.9313204769175494,
  "efc": 0.6915325067325355,
  "fber": 558.5344444444444,
  "fwhm_avg": 3.3169196278018127,
  "fwhm_x": 3.8138797556818838,
  "fwhm_y": 3.4037013333333332,
  "fwhm_z": 2.7331777943902207,
  "icvs_csf": 0.14028715081140494,
  "icvs_gm": 0.5047749810619182,
  "icvs_wm": 0.3549378681266769,
  "inu_med": 1.0725229978561401,
  "inu_range": 0.17868191003799416,
  "provenance": {
    "md5sum": "776f612bfbdb161c56769fad7fd1e167",
    "settings": {
      "testing": false
    },
    "software": "mriqc",
    "version": "21.0.0rc2",
    "warnings": {
      "large_rot_frame": true,
      "small_air_mask": false
    },
    "webapi_port": null,
    "webapi_url": "https://mriqc.nimh.nih.gov/api/v1"
  },
  "qi_1": 0.0,
  "qi_2": 0.0061153578889302325,
  "rpve_csf": 22.239791539609957,
  "rpve_gm": 7.011480759334792,
  "rpve_wm": 10.230812519961674,
  "size_x": 256,
  "size_y": 256,
  "size_z": 124,
  "snr_csf": 1.0898096884623398,
  "snr_gm": 16.149730765002705,
  "snr_total": 12.222019827678608,
  "snr_wm": 19.42651902957078,
  "snrd_csf": 9.797836793869102,
  "snrd_gm": 21.38646166230431,
  "snrd_total": 19.504860587049013,
  "snrd_wm": 27.33028330497363,
  "spacing_x": 0.9375020265579224,
  "spacing_y": 0.9375,
  "spacing_z": 1.2000024318695068,
  "summary_bg_k": 6.592178831814158,
  "summary_bg_mad": 23.9710788154005,
  "summary_bg_mean": 34.50538043706561,
  "summary_bg_median": 32.70119122415781,
  "summary_bg_n": 1212452.0,
  "summary_bg_p05": 8.144906364381313,
  "summary_bg_p95": 74.51981494575739,
  "summary_bg_stdv": 22.51575144184022,
  "summary_csf_k": 46.87880303964575,
  "summary_csf_mad": 121.47749715473637,
  "summary_csf_mean": 433.97234003413524,
  "summary_csf_median": 358.49744579941034,
  "summary_csf_n": 23788.0,
  "summary_csf_p05": 223.68101060390472,
  "summary_csf_p95": 711.0381690338254,
  "summary_csf_stdv": 328.9472595603281,
  "summary_gm_k": 0.05707281189334079,
  "summary_gm_mad": 48.48285865671229,
  "summary_gm_mean": 785.0059874378021,
  "summary_gm_median": 782.5188398137689,
  "summary_gm_n": 76786.0,
  "summary_gm_p05": 709.5793798342347,
  "summary_gm_p95": 868.2227052897215,
  "summary_gm_stdv": 48.45367119310564,
  "summary_wm_k": 0.6016810587733428,
  "summary_wm_mad": 49.02355968262358,
  "summary_wm_mean": 1002.869311733218,
  "summary_wm_median": 999.9999963194132,
  "summary_wm_n": 190385.0,
  "summary_wm_p05": 923.7782606408,
  "summary_wm_p95": 1091.1743212938309,
  "summary_wm_stdv": 51.475890690270916,
  "tpm_overlap_csf": 0.18402709066867828,
  "tpm_overlap_gm": 0.49435293674468994,
  "tpm_overlap_wm": 0.4924837648868561,
  "wm2max": 0.4881319724661761
}