{
  "bids_meta": {
    "AcquisitionMatrixPE": 128,
    "AcquisitionNumber": 1,
    "AcquisitionTime": "10:31:43.000000",
    "ConversionSoftware": "dcm2niix",
    "ConversionSoftwareVersion": "v1.0.20180622 GCC4.4.7",
    "DeviceSerialNumber": "00000847570ERMR1",
    "EchoTime": 0.008,
    "FlipAngle": 30,
    "ImageOrientationPatientDICOM": [
      1,
      0,
      0,
      0,
      1,
      0
    ],
    "ImageType": [
      "ORIGINAL",
      "PRIMARY",
      "OTHER"
    ],
    "InPlanePhaseEncodingDirectionDICOM": "ROW",
    "InstitutionName": "Evanston_Hospital",
    "MRAcquisitionType": "3D",
    "MagneticFieldStrength": 1.5,
    "Manufacturer": "GE",
    "ManufacturersModelName": "SIGNA_EXCITE",
    "Modality": "MR",
    "PatientPosition": "HFS",
    "PercentPhaseFOV": 100,
    "PixelBandwidth": 114.922,
    "ProtocolName": "Head_Ax_3D_ZOOM_SPGR",
    "ReconMatrixPE": 256,
    "RepetitionTime": 0.033333,
    "SAR": 0.003101,
    "ScanOptions": "FC_VB_GEMS",
    "ScanningSequence": "GR",
    "SequenceVariant": "SS_SP",
    "SeriesDescription": "Head_Ax_3D_ZOOM_SPGR",
    "SeriesNumber": 2,
    "ShiftedAcquisitionDate": "1804-08-01",
    "SliceThickness": 1.2,
    "SoftwareVersions": "11",
    "SpacingBetweenSlices": 1.2,
    "StationName": "12342345",
    "dataset": "ds002236",
    "modality": "T1w",
    "subject_id": "42"
  },
  "cjv": 0.3775894105632442,
  "cnr": 3.4704879518610827,
  "efc": 0.6532878837989354,
  "fber": 706.209533887629,
  "fwhm_avg": 3.297156521183511,
  "fwhm_x": 3.792981333333333,
  "fwhm_y": 3.4104106666666665,
  "fwhm_z": 2.688077563550533,
  "icvs_csf": 0.12930939796382016,
  "icvs_gm": 0.5128488791869774,
  "icvs_wm": 0.3578417228492024,
  "inu_med": 1.2160687446594238,
  "inu_range": 0.18328271508216853,
  "provenance": {
    "md5sum": "67f71d1126dec124be738b35e3639a60",
    "settings": {
      "testing": false
    },
    "software": "mriqc",
    "version": "21.0.0rc2",
    "warnings": {
      "large_rot_frame": true,
      "small_air_mask": false
    },
    "webapi_port": null,
    "webapi_url": "https://mriqc.nimh.nih.gov/api/v1"
  },
  "qi_1": 0.0008234157481006543,
  "qi_2": 0.004418098883741049,
  "rpve_csf": 33.214127104879005,
  "rpve_gm": 9.715356445045344,
  "rpve_wm": 14.249435857983341,
  "size_x": 256,
  "size_y": 256,
  "size_z": 124,
  "snr_csf": 0.9400456374750896,
  "snr_gm": 17.947237933866283,
  "snr_total": 13.267155303310227,
  "snr_wm": 20.91418233858931,
  "snrd_csf": 26.264407239719937,
  "snrd_gm": 46.579967666153145,
  "snrd_total": 44.52889513442879,
  "snrd_wm": 60.74231049741328,
  "spacing_x": 0.9375,
  "spacing_y": 0.9375,
  "spacing_z": 1.1999988555908203,
  "summary_bg_k": 15.048844257753213,
  "summary_bg_mad": 10.786483770126285,
  "summary_bg_mean": 28.973494259630282,
  "summary_bg_median": 21.553291752934456,
  "summary_bg_n": 1296126.0,
  "summary_bg_p05": 7.093488425016403,
  "summary_bg_p95": 64.38704878091812,
  "summary_bg_stdv": 20.041879873980708,
  "summary_csf_k": 14.718217397413877,
  "summary_csf_mad": 171.6399229921345,
  "summary_csf_mean": 546.364091736669,
  "summary_csf_median": 432.42996744811535,
  "summary_csf_n": 9404.0,
  "summary_csf_p05": 228.9923571050167,
  "summary_csf_p95": 1535.080913361163,
  "summary_csf_stdv": 459.98508773256543,
  "summary_gm_k": 0.23502203661236454,
  "summary_gm_mad": 41.662793562112775,
  "summary_gm_mean": 768.7065930345137,
  "summary_gm_median": 766.9152293354273,
  "summary_gm_n": 43152.0,
  "summary_gm_p05": 701.1640481650829,
  "summary_gm_p95": 840.8921288140116,
  "summary_gm_stdv": 42.73116263921384,
  "summary_wm_k": 0.24706457185379316,
  "summary_wm_mad": 46.38188021154303,
  "summary_wm_mean": 1001.6949836568939,
  "summary_wm_median": 1000.0909257680178,
  "summary_wm_n": 132017.0,
  "summary_wm_p05": 926.154950261116,
  "summary_wm_p95": 1083.2120593637228,
  "summary_wm_stdv": 47.818610445036065,
  "tpm_overlap_csf": 0.17585471272468567,
  "tpm_overlap_gm": 0.4934130311012268,
  "tpm_overlap_wm": 0.49713781476020813,
  "wm2max": 0.5112835970672057
}