{
  "bids_meta": {
    "AcquisitionMatrixPE": 128,
    "AcquisitionNumber": 1,
    "AcquisitionTime": "15:06:55.000000",
    "ConversionSoftware": "dcm2niix",
    "ConversionSoftwareVersion": "v1.0.20180622 GCC4.4.7",
    "DeviceSerialNumber": "000000847570EMR3",
    "EchoTime": 0.008,
    "FlipAngle": 30,
    "ImageOrientationPatientDICOM": [
      1,
      0,
      0,
      0,
      0.999997,
      -0.00244146
    ],
    "ImageType": [
      "ORIGINAL",
      "PRIMARY",
      "OTHER"
    ],
    "InPlanePhaseEncodingDirectionDICOM": "ROW",
    "InstitutionName": "Evanston_Hospital",
    "MRAcquisitionType": "3D",
    "MagneticFieldStrength": 1.5,
    "Manufacturer": "GE",
    "ManufacturersModelName": "SIGNA_EXCITE",
    "Modality": "MR",
    "PatientPosition": "HFS",
    "PercentPhaseFOV": 100,
    "PixelBandwidth": 114.922,
    "ProtocolName": "Head_Obl_3D_ZOOM_SPGR",
    "ReconMatrixPE": 256,
    "RepetitionTime": 0.033333,
    "SAR": 0.003014,
    "ScanOptions": "FC_VB_GEMS",
    "ScanningSequence": "GR",
    "SequenceVariant": "SS_SP",
    "SeriesDescription": "Head_Obl_3D_ZOOM_SPGR",
    "SeriesNumber": 2,
    "ShiftedAcquisitionDate": "1804-01-05",
    "SliceThickness": 1.2,
    "SoftwareVersions": "11",
    "SpacingBetweenSlices": 1.2,
    "StationName": "lxmr3",
    "dataset": "ds002236",
    "modality": "T1w",
    "subject_id": "19"
  },
  "cjv": 0.4434011951667175,
  "cnr": 2.9940106861839957,
  "efc": 0.657587106697213,
  "fber": 822.2660903617668,
  "fwhm_avg": 3.302200262901066,
  "fwhm_x": 3.883219655577165,
  "fwhm_y": 3.3640213333333335,
  "fwhm_z": 2.6593597997926994,
  "icvs_csf": 0.148331256843025,
  "icvs_gm": 0.5120163212306719,
  "icvs_wm": 0.3396524219263031,
  "inu_med": 0.9931437969207764,
  "inu_range": 0.1907586872577668,
  "provenance": {
    "md5sum": "cc17cdba8f2acd3e072f9170a9ea96c3",
    "settings": {
      "testing": false
    },
    "software": "mriqc",
    "version": "21.0.0rc2",
    "warnings": {
      "large_rot_frame": true,
      "small_air_mask": false
    },
    "webapi_port": null,
    "webapi_url": "https://mriqc.nimh.nih.gov/api/v1"
  },
  "qi_1": 0.01139907107017522,
  "qi_2": 0.10145924115940666,
  "rpve_csf": 27.574112285544448,
  "rpve_gm": 9.218945858102138,
  "rpve_wm": 14.466083078211879,
  "size_x": 256,
  "size_y": 256,
  "size_z": 124,
  "snr_csf": 1.004201320487585,
  "snr_gm": 14.837320112002965,
  "snr_total": 12.551796180126464,
  "snr_wm": 21.813867107888843,
  "snrd_csf": 252.14664475421824,
  "snrd_gm": 449.6830346036118,
  "snrd_total": 425.1706851099472,
  "snrd_wm": 573.6823759720115,
  "spacing_x": 0.9375029802322388,
  "spacing_y": 0.9375,
  "spacing_z": 1.1999090909957886,
  "summary_bg_k": 11.870194726313217,
  "summary_bg_mad": 0.14198450852242694,
  "summary_bg_mean": 28.39034599932906,
  "summary_bg_median": 26.24018421769142,
  "summary_bg_n": 1010644.0,
  "summary_bg_p05": 0.0,
  "summary_bg_p95": 52.76766972243786,
  "summary_bg_stdv": 17.870927665020165,
  "summary_csf_k": 21.614493566340578,
  "summary_csf_mad": 148.87075718576466,
  "summary_csf_mean": 548.2241593957556,
  "summary_csf_median": 439.5230856463313,
  "summary_csf_n": 14294.0,
  "summary_csf_p05": 268.5596664294601,
  "summary_csf_p95": 1387.646063056587,
  "summary_csf_stdv": 437.66892357119616,
  "summary_gm_k": 0.02595484331686082,
  "summary_gm_mad": 52.392283644775546,
  "summary_gm_mean": 787.283218549923,
  "summary_gm_median": 783.8536781817675,
  "summary_gm_n": 46625.0,
  "summary_gm_p05": 705.7077281028032,
  "summary_gm_p95": 880.2911435365677,
  "summary_gm_stdv": 52.829302480642646,
  "summary_wm_k": 0.3933916405402056,
  "summary_wm_mad": 43.44725960786265,
  "summary_wm_mean": 1001.558239788384,
  "summary_wm_median": 1000.0000131428242,
  "summary_wm_n": 139722.0,
  "summary_wm_p05": 928.1746913790703,
  "summary_wm_p95": 1078.9120999872684,
  "summary_wm_stdv": 45.84223556767765,
  "tpm_overlap_csf": 0.18226054310798645,
  "tpm_overlap_gm": 0.5050767660140991,
  "tpm_overlap_wm": 0.5149912238121033,
  "wm2max": 0.4504880441736996
}