{
  "bids_meta": {
    "AcquisitionMatrixPE": 128,
    "AcquisitionNumber": 1,
    "AcquisitionTime": "11:35:21.000000",
    "ConversionSoftware": "dcm2niix",
    "ConversionSoftwareVersion": "v1.0.20180622 GCC4.4.7",
    "DeviceSerialNumber": "00000847570ERMR1",
    "EchoTime": 0.008,
    "FlipAngle": 30,
    "ImageOrientationPatientDICOM": [
      1,
      0,
      0,
      0,
      1,
      0.000518799
    ],
    "ImageType": [
      "ORIGINAL",
      "PRIMARY",
      "OTHER"
    ],
    "InPlanePhaseEncodingDirectionDICOM": "ROW",
    "InstitutionName": "Evanston_Hospital",
    "MRAcquisitionType": "3D",
    "MagneticFieldStrength": 1.5,
    "Manufacturer": "GE",
    "ManufacturersModelName": "SIGNA_EXCITE",
    "Modality": "MR",
    "PatientPosition": "HFS",
    "PercentPhaseFOV": 100,
    "PixelBandwidth": 114.922,
    "ProcedureStepDescription": "Lexical",
    "ProtocolName": "Head_Obl_3D_ZOOM_SPGR",
    "ReconMatrixPE": 256,
    "RepetitionTime": 0.033333,
    "SAR": 0.00306143,
    "ScanOptions": "FC",
    "ScanningSequence": "GR",
    "SequenceVariant": "SS_SP",
    "SeriesDescription": "Head_Obl_3D_ZOOM_SPGR",
    "SeriesNumber": 2,
    "ShiftedAcquisitionDate": "1805-04-15",
    "SliceThickness": 1.2,
    "SoftwareVersions": "12_LX_MR_Software_release:12.0_M4_0520.a",
    "SpacingBetweenSlices": 1.2,
    "StationName": "12342345",
    "dataset": "ds002236",
    "modality": "T1w",
    "subject_id": "60"
  },
  "cjv": 0.5741406065650076,
  "cnr": 2.432172413700078,
  "efc": 0.6457194792919011,
  "fber": 802.3923365264473,
  "fwhm_avg": 3.3267574003765685,
  "fwhm_x": 3.895402666666667,
  "fwhm_y": 3.3757973333333333,
  "fwhm_z": 2.7090722011297057,
  "icvs_csf": 0.13443285559412904,
  "icvs_gm": 0.522028396478607,
  "icvs_wm": 0.343538747927264,
  "inu_med": 0.8459237813949585,
  "inu_range": 0.17711362242698658,
  "provenance": {
    "md5sum": "c68baa69037d80aac6ea6e1b2b363b95",
    "settings": {
      "testing": false
    },
    "software": "mriqc",
    "version": "21.0.0rc2",
    "warnings": {
      "large_rot_frame": true,
      "small_air_mask": false
    },
    "webapi_port": null,
    "webapi_url": "https://mriqc.nimh.nih.gov/api/v1"
  },
  "qi_1": 0.001835924946624539,
  "qi_2": 0.009142059364125875,
  "rpve_csf": 30.75852177490629,
  "rpve_gm": 9.403704901833924,
  "rpve_wm": 14.630909424889332,
  "size_x": 256,
  "size_y": 256,
  "size_z": 124,
  "snr_csf": 1.0662006929049013,
  "snr_gm": 13.95948544709673,
  "snr_total": 11.854525767906814,
  "snr_wm": 20.537891163718815,
  "snrd_csf": 18.07947193747488,
  "snrd_gm": 38.48691164752477,
  "snrd_total": 34.67163113136018,
  "snrd_wm": 47.448509809080875,
  "spacing_x": 0.9375,
  "spacing_y": 0.9375,
  "spacing_z": 1.2000012397766113,
  "summary_bg_k": 8.331846800404874,
  "summary_bg_mad": 13.808880307295404,
  "summary_bg_mean": 29.003326564494124,
  "summary_bg_median": 27.828259952366352,
  "summary_bg_n": 1106687.0,
  "summary_bg_p05": 9.200363494455814,
  "summary_bg_p95": 55.88368937373161,
  "summary_bg_stdv": 16.833010751652587,
  "summary_csf_k": 28.87424817546423,
  "summary_csf_mad": 154.2552970912511,
  "summary_csf_mean": 461.4035566961441,
  "summary_csf_median": 381.07678424566984,
  "summary_csf_n": 10655.0,
  "summary_csf_p05": 222.36483472958207,
  "summary_csf_p95": 789.1640183553095,
  "summary_csf_stdv": 357.39884979307107,
  "summary_gm_k": -0.33535455473992837,
  "summary_gm_mad": 60.624352568613965,
  "summary_gm_mean": 813.6807597436188,
  "summary_gm_median": 811.222173795104,
  "summary_gm_n": 50213.0,
  "summary_gm_p05": 722.2853266820312,
  "summary_gm_p95": 913.5620195791125,
  "summary_gm_stdv": 58.11203421637111,
  "summary_wm_k": 0.24938975418508935,
  "summary_wm_mad": 47.825878137462134,
  "summary_wm_mean": 1001.6198541725847,
  "summary_wm_median": 1000.1135872676969,
  "summary_wm_n": 139053.0,
  "summary_wm_p05": 924.4661540910602,
  "summary_wm_p95": 1083.8255365937948,
  "summary_wm_stdv": 48.69584628378412,
  "tpm_overlap_csf": 0.1863190084695816,
  "tpm_overlap_gm": 0.506033718585968,
  "tpm_overlap_wm": 0.5072120428085327,
  "wm2max": 0.5181311019977632
}