{
  "bids_meta": {
    "AcquisitionMatrixPE": 128,
    "AcquisitionNumber": 1,
    "AcquisitionTime": "09:31:31.000000",
    "ConversionSoftware": "dcm2niix",
    "ConversionSoftwareVersion": "v1.0.20180622 GCC4.4.7",
    "DeviceSerialNumber": "00000847570ERMR1",
    "EchoTime": 0.008,
    "FlipAngle": 30,
    "ImageOrientationPatientDICOM": [
      1,
      0,
      0,
      0,
      0.999999,
      -0.00109866
    ],
    "ImageType": [
      "ORIGINAL",
      "PRIMARY",
      "OTHER"
    ],
    "InPlanePhaseEncodingDirectionDICOM": "ROW",
    "InstitutionName": "Evanston_Hospital",
    "MRAcquisitionType": "3D",
    "MagneticFieldStrength": 1.5,
    "Manufacturer": "GE",
    "ManufacturersModelName": "SIGNA_EXCITE",
    "Modality": "MR",
    "PatientPosition": "HFS",
    "PercentPhaseFOV": 100,
    "PixelBandwidth": 114.922,
    "ProtocolName": "Head_Obl_3D_ZOOM_SPGR",
    "ReconMatrixPE": 256,
    "ReferringPhysicianName": "RB",
    "RepetitionTime": 0.033333,
    "SAR": 0.00304905,
    "ScanOptions": "FC",
    "ScanningSequence": "GR",
    "SequenceVariant": "SS_SP",
    "SeriesDescription": "Head_Obl_3D_ZOOM_SPGR",
    "SeriesNumber": 3,
    "ShiftedAcquisitionDate": "1805-01-05",
    "SliceThickness": 1.2,
    "SoftwareVersions": "12_LX_MR_Software_release:12.0_M4_0520.a",
    "SpacingBetweenSlices": 1.2,
    "StationName": "12342345",
    "dataset": "ds002236",
    "modality": "T1w",
    "subject_id": "54"
  },
  "cjv": 0.35884248979138483,
  "cnr": 3.7585428645593733,
  "efc": 0.6190216669394775,
  "fber": 897.0515990325181,
  "fwhm_avg": 3.259720368492143,
  "fwhm_x": 3.808582550232992,
  "fwhm_y": 3.3525226666666668,
  "fwhm_z": 2.6180558885767704,
  "icvs_csf": 0.12876663118812234,
  "icvs_gm": 0.5209496498219975,
  "icvs_wm": 0.35028371898988014,
  "inu_med": 1.0830941200256348,
  "inu_range": 0.12409513592720045,
  "provenance": {
    "md5sum": "6b5603cb8def371ed8d2ff6a9be22e13",
    "settings": {
      "testing": false
    },
    "software": "mriqc",
    "version": "21.0.0rc2",
    "warnings": {
      "large_rot_frame": true,
      "small_air_mask": false
    },
    "webapi_port": null,
    "webapi_url": "https://mriqc.nimh.nih.gov/api/v1"
  },
  "qi_1": 0.0015136427230292176,
  "qi_2": 0.013088595953233266,
  "rpve_csf": 31.947427226704637,
  "rpve_gm": 9.21259191250586,
  "rpve_wm": 14.054564689807963,
  "size_x": 256,
  "size_y": 256,
  "size_z": 124,
  "snr_csf": 1.1608650646631578,
  "snr_gm": 15.837097681694232,
  "snr_total": 13.706942210114555,
  "snr_wm": 24.122863883986277,
  "snrd_csf": 16.693349151077985,
  "snrd_gm": 40.76232184864532,
  "snrd_total": 37.13451884685876,
  "snrd_wm": 53.947885540852994,
  "spacing_x": 0.9375010132789612,
  "spacing_y": 0.9375,
  "spacing_z": 1.2000011205673218,
  "summary_bg_k": 16.17114838790206,
  "summary_bg_mad": 12.145102809271803,
  "summary_bg_mean": 24.049692609985033,
  "summary_bg_median": 24.575242079794407,
  "summary_bg_n": 1597644.0,
  "summary_bg_p05": 8.191747359931469,
  "summary_bg_p95": 49.25161684304476,
  "summary_bg_stdv": 15.300767530096227,
  "summary_csf_k": 81.01226491670023,
  "summary_csf_mad": 67.32285384398814,
  "summary_csf_mean": 369.0312488023033,
  "summary_csf_median": 309.4660113751888,
  "summary_csf_n": 18449.0,
  "summary_csf_p05": 224.61568995565176,
  "summary_csf_p95": 584.2030592516063,
  "summary_csf_stdv": 266.57501686810554,
  "summary_gm_k": -0.06283762941216642,
  "summary_gm_mad": 47.53083445110076,
  "summary_gm_mean": 759.1299996798696,
  "summary_gm_median": 755.663410782814,
  "summary_gm_n": 60555.0,
  "summary_gm_p05": 686.1549174435437,
  "summary_gm_p95": 843.8511107563972,
  "summary_gm_stdv": 47.71437206898091,
  "summary_wm_k": 0.3227424587057883,
  "summary_wm_mad": 40.183796949195596,
  "summary_wm_mean": 999.8667609329386,
  "summary_wm_median": 1000.1011066958308,
  "summary_wm_n": 137180.0,
  "summary_wm_p05": 931.3308819457889,
  "summary_wm_p95": 1067.1520758271217,
  "summary_wm_stdv": 41.45848794256915,
  "tpm_overlap_csf": 0.17157621681690216,
  "tpm_overlap_gm": 0.4847789406776428,
  "tpm_overlap_wm": 0.4878964126110077,
  "wm2max": 0.6181397674709339
}