{
  "bids_meta": {
    "AcquisitionMatrixPE": 128,
    "AcquisitionNumber": 1,
    "AcquisitionTime": "09:28:2.000000",
    "ConversionSoftware": "dcm2niix",
    "ConversionSoftwareVersion": "v1.0.20180622 GCC4.4.7",
    "DeviceSerialNumber": "000000847570EMR3",
    "EchoTime": 0.008,
    "FlipAngle": 30,
    "ImageOrientationPatientDICOM": [
      1,
      0,
      0,
      0,
      0.99998,
      0.00625636
    ],
    "ImageType": [
      "ORIGINAL",
      "PRIMARY",
      "OTHER"
    ],
    "InPlanePhaseEncodingDirectionDICOM": "ROW",
    "InstitutionName": "Evanston_Hospital",
    "MRAcquisitionType": "3D",
    "MagneticFieldStrength": 1.5,
    "Manufacturer": "GE",
    "ManufacturersModelName": "SIGNA_EXCITE",
    "Modality": "MR",
    "PatientPosition": "HFS",
    "PercentPhaseFOV": 100,
    "PixelBandwidth": 114.922,
    "ProtocolName": "Head_Obl_3D_ZOOM_SPGR",
    "ReconMatrixPE": 256,
    "RepetitionTime": 0.033333,
    "SAR": 0.003137,
    "ScanOptions": "FC_VB_GEMS",
    "ScanningSequence": "GR",
    "SequenceVariant": "SS_SP",
    "SeriesDescription": "Head_Obl_3D_ZOOM_SPGR",
    "SeriesNumber": 2,
    "ShiftedAcquisitionDate": "1803-06-06",
    "SliceThickness": 1.2,
    "SoftwareVersions": "11",
    "SpacingBetweenSlices": 1.2,
    "StationName": "lxmr3",
    "dataset": "ds002236",
    "modality": "T1w",
    "subject_id": "72"
  },
  "cjv": 0.4535018550723018,
  "cnr": 2.921935823694441,
  "efc": 0.6700413987124269,
  "fber": 885.263524926954,
  "fwhm_avg": 3.5341937401560073,
  "fwhm_x": 4.014485545998365,
  "fwhm_y": 3.681802666666667,
  "fwhm_z": 2.906293007802989,
  "icvs_csf": 0.15104424717985868,
  "icvs_gm": 0.4857037121828215,
  "icvs_wm": 0.36325204063731986,
  "inu_med": 1.0853544473648071,
  "inu_range": 0.16988792419433607,
  "provenance": {
    "md5sum": "3409fbe56f132b17616bd4221cbe137e",
    "settings": {
      "testing": false
    },
    "software": "mriqc",
    "version": "21.0.0rc2",
    "warnings": {
      "large_rot_frame": true,
      "small_air_mask": false
    },
    "webapi_port": null,
    "webapi_url": "https://mriqc.nimh.nih.gov/api/v1"
  },
  "qi_1": 0.03388337648886587,
  "qi_2": 0.10956723612260695,
  "rpve_csf": 26.19025155700237,
  "rpve_gm": 9.54876093861218,
  "rpve_wm": 13.97811302465683,
  "size_x": 256,
  "size_y": 256,
  "size_z": 124,
  "snr_csf": 1.5829135740535885,
  "snr_gm": 15.809990577061447,
  "snr_total": 13.42277797911215,
  "snr_wm": 22.875429786221417,
  "snrd_csf": 263.1129036320944,
  "snrd_gm": 463.7426864581491,
  "snrd_total": 436.1761179608506,
  "snrd_wm": 581.6727637923082,
  "spacing_x": 0.9374899864196777,
  "spacing_y": 0.9375,
  "spacing_z": 1.2000235319137573,
  "summary_bg_k": 17.995775617866048,
  "summary_bg_mad": 0.12629714724912788,
  "summary_bg_mean": 28.601841495848085,
  "summary_bg_median": 25.21509486436844,
  "summary_bg_n": 925039.0,
  "summary_bg_p05": 0.0,
  "summary_bg_p95": 50.60056199133396,
  "summary_bg_stdv": 18.99049395726895,
  "summary_csf_k": 26.18356349021625,
  "summary_csf_mad": 155.34549111642733,
  "summary_csf_mean": 496.0764731889829,
  "summary_csf_median": 452.33835719525814,
  "summary_csf_n": 12806.0,
  "summary_csf_p05": 246.91200156882405,
  "summary_csf_p95": 750.6601890027523,
  "summary_csf_stdv": 285.7519848691072,
  "summary_gm_k": -0.16973499480740406,
  "summary_gm_mad": 50.39256175240203,
  "summary_gm_mean": 798.4707518272768,
  "summary_gm_median": 797.2570028230548,
  "summary_gm_n": 39714.0,
  "summary_gm_p05": 715.7338751703501,
  "summary_gm_p95": 880.8245976269245,
  "summary_gm_stdv": 50.4267830770288,
  "summary_wm_k": 0.564466191821567,
  "summary_wm_mad": 41.55176144496308,
  "summary_wm_mean": 1002.2579261465877,
  "summary_wm_median": 999.9999953135848,
  "summary_wm_n": 159397.0,
  "summary_wm_p05": 934.491860345006,
  "summary_wm_p95": 1077.349002532661,
  "summary_wm_stdv": 43.71488832481352,
  "tpm_overlap_csf": 0.1831446886062622,
  "tpm_overlap_gm": 0.49321240186691284,
  "tpm_overlap_wm": 0.512977123260498,
  "wm2max": 0.5783175408158591
}