{
  "bids_meta": {
    "AcquisitionMatrixPE": 128,
    "AcquisitionNumber": 1,
    "AcquisitionTime": "09:05:15.000000",
    "ConversionSoftware": "dcm2niix",
    "ConversionSoftwareVersion": "v1.0.20180622 GCC4.4.7",
    "DeviceSerialNumber": "000000847570EMR3",
    "EchoTime": 0.008,
    "FlipAngle": 30,
    "ImageOrientationPatientDICOM": [
      1,
      0,
      0,
      0,
      0.999997,
      0.00253301
    ],
    "ImageType": [
      "ORIGINAL",
      "PRIMARY",
      "OTHER"
    ],
    "InPlanePhaseEncodingDirectionDICOM": "ROW",
    "InstitutionName": "Evanston_Hospital",
    "MRAcquisitionType": "3D",
    "MagneticFieldStrength": 1.5,
    "Manufacturer": "GE",
    "ManufacturersModelName": "SIGNA_EXCITE",
    "Modality": "MR",
    "PatientPosition": "HFS",
    "PercentPhaseFOV": 100,
    "PixelBandwidth": 114.922,
    "ProtocolName": "Head_Obl_3D_ZOOM_SPGR",
    "ReconMatrixPE": 256,
    "RepetitionTime": 0.033333,
    "SAR": 0.002956,
    "ScanOptions": "FC_VB_GEMS",
    "ScanningSequence": "GR",
    "SequenceVariant": "SS_SP",
    "SeriesDescription": "Head_Obl_3D_ZOOM_SPGR",
    "SeriesNumber": 2,
    "ShiftedAcquisitionDate": "1804-10-24",
    "SliceThickness": 1.2,
    "SoftwareVersions": "11",
    "SpacingBetweenSlices": 1.2,
    "StationName": "lxmr3",
    "dataset": "ds002236",
    "modality": "T1w",
    "subject_id": "12"
  },
  "cjv": 0.5606329888884366,
  "cnr": 2.072655253693862,
  "efc": 0.6966677452291067,
  "fber": 207.05024234898252,
  "fwhm_avg": 3.748749420706444,
  "fwhm_x": 4.309863632645821,
  "fwhm_y": 3.868288,
  "fwhm_z": 3.0680966294735104,
  "icvs_csf": 0.16685240618918257,
  "icvs_gm": 0.4700319566472602,
  "icvs_wm": 0.3631156371635572,
  "inu_med": 1.296013355255127,
  "inu_range": 0.3212775647640229,
  "provenance": {
    "md5sum": "1bcb0c8a685f2323fe6af4174602ff32",
    "settings": {
      "testing": false
    },
    "software": "mriqc",
    "version": "21.0.0rc2",
    "warnings": {
      "large_rot_frame": true,
      "small_air_mask": false
    },
    "webapi_port": null,
    "webapi_url": "https://mriqc.nimh.nih.gov/api/v1"
  },
  "qi_1": 0.0,
  "qi_2": 0.02621344746082904,
  "rpve_csf": 22.634232890716277,
  "rpve_gm": 8.678179816785999,
  "rpve_wm": 11.909924611736336,
  "size_x": 256,
  "size_y": 256,
  "size_z": 124,
  "snr_csf": 1.8954913317173152,
  "snr_gm": 15.084275075921568,
  "snr_total": 10.530532090407082,
  "snr_wm": 14.611829863582361,
  "snrd_csf": 7.667301382780875,
  "snrd_gm": 13.320012621347367,
  "snrd_total": 12.615541365591952,
  "snrd_wm": 16.859310092647615,
  "spacing_x": 0.9375029802322388,
  "spacing_y": 0.9375,
  "spacing_z": 1.2000045776367188,
  "summary_bg_k": 3.4369326776172207,
  "summary_bg_mad": 38.86227948219712,
  "summary_bg_mean": 59.79808691792356,
  "summary_bg_median": 52.67565359175205,
  "summary_bg_n": 1213946.0,
  "summary_bg_p05": 0.0,
  "summary_bg_p95": 159.95309755206108,
  "summary_bg_stdv": 53.220281563313605,
  "summary_csf_k": 37.242495672701004,
  "summary_csf_mad": 126.2713681578098,
  "summary_csf_mean": 487.649474439753,
  "summary_csf_median": 454.81951455771923,
  "summary_csf_n": 20564.0,
  "summary_csf_p05": 274.86390530392526,
  "summary_csf_p95": 692.4754820384084,
  "summary_csf_stdv": 239.94225042266123,
  "summary_gm_k": -0.005447811017832205,
  "summary_gm_mad": 52.023307038468346,
  "summary_gm_mean": 791.9814090155231,
  "summary_gm_median": 790.1348038762808,
  "summary_gm_n": 38857.0,
  "summary_gm_p05": 708.4833535552025,
  "summary_gm_p95": 880.9982126951218,
  "summary_gm_stdv": 52.380683368665544,
  "summary_wm_k": 0.6225505273635794,
  "summary_wm_mad": 65.68097714403282,
  "summary_wm_mean": 1006.4897313677714,
  "summary_wm_median": 1000.0837125480175,
  "summary_wm_n": 161609.0,
  "summary_wm_p05": 906.0379907935858,
  "summary_wm_p95": 1128.8836413621902,
  "summary_wm_stdv": 68.44321537644483,
  "tpm_overlap_csf": 0.16370053589344025,
  "tpm_overlap_gm": 0.47959497570991516,
  "tpm_overlap_wm": 0.49413299560546875,
  "wm2max": 0.5543134201428068
}