{
  "bids_meta": {
    "AcquisitionMatrixPE": 128,
    "AcquisitionNumber": 1,
    "AcquisitionTime": "09:54:21.000000",
    "ConversionSoftware": "dcm2niix",
    "ConversionSoftwareVersion": "v1.0.20180622 GCC4.4.7",
    "DeviceSerialNumber": "00000847570ERMR1",
    "EchoTime": 0.008,
    "FlipAngle": 30,
    "ImageOrientationPatientDICOM": [
      1,
      0,
      0,
      0,
      0.999993,
      0.0038148
    ],
    "ImageType": [
      "ORIGINAL",
      "PRIMARY",
      "OTHER"
    ],
    "InPlanePhaseEncodingDirectionDICOM": "ROW",
    "InstitutionName": "Evanston_Hospital",
    "MRAcquisitionType": "3D",
    "MagneticFieldStrength": 1.5,
    "Manufacturer": "GE",
    "ManufacturersModelName": "SIGNA_EXCITE",
    "Modality": "MR",
    "PatientPosition": "HFS",
    "PercentPhaseFOV": 100,
    "PixelBandwidth": 114.922,
    "ProtocolName": "Head_Obl_3D_ZOOM_SPGR",
    "ReconMatrixPE": 256,
    "RepetitionTime": 0.033333,
    "SAR": 0.003049,
    "ScanOptions": "FC_VB_GEMS",
    "ScanningSequence": "GR",
    "SequenceVariant": "SS_SP",
    "SeriesDescription": "Head_Obl_3D_ZOOM_SPGR",
    "SeriesNumber": 2,
    "ShiftedAcquisitionDate": "1804-05-19",
    "SliceThickness": 1.2,
    "SoftwareVersions": "11",
    "SpacingBetweenSlices": 1.2,
    "StationName": "12342345",
    "dataset": "ds002236",
    "modality": "T1w",
    "subject_id": "35"
  },
  "cjv": 0.36173211009737255,
  "cnr": 3.7125626708627157,
  "efc": 0.6505638063226176,
  "fber": 750.1761791185166,
  "fwhm_avg": 3.3403655254024542,
  "fwhm_x": 3.876781828606037,
  "fwhm_y": 3.4687146666666666,
  "fwhm_z": 2.6756000809346587,
  "icvs_csf": 0.12373257203890459,
  "icvs_gm": 0.5204717879107353,
  "icvs_wm": 0.35579564005036,
  "inu_med": 1.0182583332061768,
  "inu_range": 0.1429981261491775,
  "provenance": {
    "md5sum": "7656fd385bffb1e5d346f99249554748",
    "settings": {
      "testing": false
    },
    "software": "mriqc",
    "version": "21.0.0rc2",
    "warnings": {
      "large_rot_frame": true,
      "small_air_mask": false
    },
    "webapi_port": null,
    "webapi_url": "https://mriqc.nimh.nih.gov/api/v1"
  },
  "qi_1": 0.002151831599693275,
  "qi_2": 0.007266687479725778,
  "rpve_csf": 26.116003314334172,
  "rpve_gm": 7.204895243454808,
  "rpve_wm": 10.724752297799036,
  "size_x": 256,
  "size_y": 256,
  "size_z": 124,
  "snr_csf": 1.0612548675750686,
  "snr_gm": 17.866387344916394,
  "snr_total": 14.185592338931139,
  "snr_wm": 23.629134804301955,
  "snrd_csf": 21.659499790525967,
  "snrd_gm": 49.66472594108563,
  "snrd_total": 45.34731394270654,
  "snrd_wm": 64.71771609650803,
  "spacing_x": 0.9375069737434387,
  "spacing_y": 0.9375,
  "spacing_z": 1.200007438659668,
  "summary_bg_k": 71.36499553735742,
  "summary_bg_mad": 10.124116680924443,
  "summary_bg_mean": 26.046096598426406,
  "summary_bg_median": 20.597783267498016,
  "summary_bg_n": 1328471.0,
  "summary_bg_p05": 6.828612931072712,
  "summary_bg_p95": 54.740847922861576,
  "summary_bg_stdv": 17.00740584533212,
  "summary_csf_k": 40.86472563800305,
  "summary_csf_mad": 88.1296058618177,
  "summary_csf_mean": 416.4112934756859,
  "summary_csf_median": 334.71397809684277,
  "summary_csf_n": 25582.0,
  "summary_csf_p05": 238.66561916470528,
  "summary_csf_p95": 665.9576774910092,
  "summary_csf_stdv": 315.3883636034473,
  "summary_gm_k": 0.03525936175414346,
  "summary_gm_mad": 42.82003448653289,
  "summary_gm_mean": 769.2047627063433,
  "summary_gm_median": 767.4913156628609,
  "summary_gm_n": 91280.0,
  "summary_gm_p05": 702.0037982091308,
  "summary_gm_p95": 843.0538358017802,
  "summary_gm_stdv": 42.957039763274246,
  "summary_wm_k": 0.2479448972005276,
  "summary_wm_mad": 41.32631235328174,
  "summary_wm_mean": 1000.9119564352661,
  "summary_wm_median": 1000.1119332164526,
  "summary_wm_n": 186573.0,
  "summary_wm_p05": 932.273581802845,
  "summary_wm_p95": 1071.1966743841767,
  "summary_wm_stdv": 42.32525910405471,
  "tpm_overlap_csf": 0.18857763707637787,
  "tpm_overlap_gm": 0.4965789318084717,
  "tpm_overlap_wm": 0.5049370527267456,
  "wm2max": 0.4721643049334332
}