{
  "bids_meta": {
    "AcquisitionMatrixPE": 128,
    "AcquisitionNumber": 1,
    "AcquisitionTime": "10:33:33.000000",
    "ConversionSoftware": "dcm2niix",
    "ConversionSoftwareVersion": "v1.0.20180622 GCC4.4.7",
    "DeviceSerialNumber": "00000847570ERMR1",
    "EchoTime": 0.008,
    "FlipAngle": 30,
    "ImageOrientationPatientDICOM": [
      1,
      0,
      0,
      0,
      0.999959,
      0.00906391
    ],
    "ImageType": [
      "ORIGINAL",
      "PRIMARY",
      "OTHER"
    ],
    "InPlanePhaseEncodingDirectionDICOM": "ROW",
    "InstitutionName": "Evanston_Hospital",
    "MRAcquisitionType": "3D",
    "MagneticFieldStrength": 1.5,
    "Manufacturer": "GE",
    "ManufacturersModelName": "SIGNA_EXCITE",
    "Modality": "MR",
    "PatientPosition": "HFS",
    "PercentPhaseFOV": 100,
    "PixelBandwidth": 114.922,
    "ProtocolName": "Head_Obl_3D_ZOOM_SPGR",
    "ReconMatrixPE": 256,
    "RepetitionTime": 0.033333,
    "SAR": 0.002942,
    "ScanOptions": "FC_VB_GEMS",
    "ScanningSequence": "GR",
    "SequenceVariant": "SS_SP",
    "SeriesDescription": "Head_Obl_3D_ZOOM_SPGR",
    "SeriesNumber": 3,
    "ShiftedAcquisitionDate": "1804-02-13",
    "SliceThickness": 1.2,
    "SoftwareVersions": "11",
    "SpacingBetweenSlices": 1.2,
    "StationName": "12342345",
    "dataset": "ds002236",
    "modality": "T1w",
    "subject_id": "38"
  },
  "cjv": 0.3582712630180531,
  "cnr": 3.786060520290178,
  "efc": 0.6673416381654625,
  "fber": 742.7934501580007,
  "fwhm_avg": 3.6025981403427862,
  "fwhm_x": 4.167784816588771,
  "fwhm_y": 3.7472746666666668,
  "fwhm_z": 2.8927349377729215,
  "icvs_csf": 0.14744976521152303,
  "icvs_gm": 0.4955068771040258,
  "icvs_wm": 0.35704335768445117,
  "inu_med": 1.1686204671859741,
  "inu_range": 0.15105849504470803,
  "provenance": {
    "md5sum": "f4fc73e740d1c8bd7caeecce9fccb628",
    "settings": {
      "testing": false
    },
    "software": "mriqc",
    "version": "21.0.0rc2",
    "warnings": {
      "large_rot_frame": true,
      "small_air_mask": false
    },
    "webapi_port": null,
    "webapi_url": "https://mriqc.nimh.nih.gov/api/v1"
  },
  "qi_1": 0.0023325747864538135,
  "qi_2": 0.004996413712667823,
  "rpve_csf": 21.195852304129275,
  "rpve_gm": 7.353924910259775,
  "rpve_wm": 10.96580552717418,
  "size_x": 256,
  "size_y": 256,
  "size_z": 124,
  "snr_csf": 1.1926096462766576,
  "snr_gm": 16.271257222078933,
  "snr_total": 14.790028851973497,
  "snr_wm": 26.906219687564903,
  "snrd_csf": 21.834900689610002,
  "snrd_gm": 48.62478019194585,
  "snrd_total": 44.69300548600961,
  "snrd_wm": 63.61933557647296,
  "spacing_x": 0.9375100135803223,
  "spacing_y": 0.9375,
  "spacing_z": 1.200051188468933,
  "summary_bg_k": 13.025932400908722,
  "summary_bg_mad": 10.298709103998267,
  "summary_bg_mean": 26.221569970562037,
  "summary_bg_median": 20.653884559869766,
  "summary_bg_n": 1545927.0,
  "summary_bg_p05": 6.853755414485931,
  "summary_bg_p95": 54.73742499947548,
  "summary_bg_stdv": 16.961500113402032,
  "summary_csf_k": 75.34080558630664,
  "summary_csf_mad": 94.06154314985083,
  "summary_csf_mean": 404.08958222494476,
  "summary_csf_median": 343.2434806227684,
  "summary_csf_n": 27165.0,
  "summary_csf_p05": 234.13910388946533,
  "summary_csf_p95": 618.8755902647972,
  "summary_csf_stdv": 287.803443384807,
  "summary_gm_k": -0.18288989884188656,
  "summary_gm_mad": 48.47259084948518,
  "summary_gm_mean": 766.3518671862466,
  "summary_gm_median": 764.3789653480053,
  "summary_gm_n": 69693.0,
  "summary_gm_p05": 692.2292968630791,
  "summary_gm_p95": 846.2535570561886,
  "summary_gm_stdv": 46.97691585814031,
  "summary_wm_k": 0.48662006328329843,
  "summary_wm_mad": 35.97682380330061,
  "summary_wm_mean": 1001.3059867058523,
  "summary_wm_median": 1000.0925806164742,
  "summary_wm_n": 211249.0,
  "summary_wm_p05": 942.8544610738754,
  "summary_wm_p95": 1064.2770738899708,
  "summary_wm_stdv": 37.16948070492573,
  "tpm_overlap_csf": 0.17893938720226288,
  "tpm_overlap_gm": 0.4746127128601074,
  "tpm_overlap_wm": 0.5011038184165955,
  "wm2max": 0.5508881809231205
}