{
  "bids_meta": {
    "AcquisitionMatrixPE": 128,
    "AcquisitionNumber": 1,
    "AcquisitionTime": "13:51:49.000000",
    "ConversionSoftware": "dcm2niix",
    "ConversionSoftwareVersion": "v1.0.20180622 GCC4.4.7",
    "DeviceSerialNumber": "000000847570EMR3",
    "EchoTime": 0.008,
    "FlipAngle": 30,
    "ImageOrientationPatientDICOM": [
      1,
      0,
      0,
      0,
      0.99998,
      0.00634791
    ],
    "ImageType": [
      "ORIGINAL",
      "PRIMARY",
      "OTHER"
    ],
    "InPlanePhaseEncodingDirectionDICOM": "ROW",
    "InstitutionName": "Evanston_Hospital",
    "MRAcquisitionType": "3D",
    "MagneticFieldStrength": 1.5,
    "Manufacturer": "GE",
    "ManufacturersModelName": "SIGNA_EXCITE",
    "Modality": "MR",
    "PatientPosition": "HFS",
    "PercentPhaseFOV": 100,
    "PixelBandwidth": 114.922,
    "ProtocolName": "Head_Obl_3D_ZOOM_SPGR",
    "ReconMatrixPE": 256,
    "RepetitionTime": 0.033333,
    "SAR": 0.002942,
    "ScanOptions": "FC_VB_GEMS",
    "ScanningSequence": "GR",
    "SequenceVariant": "SS_SP",
    "SeriesDescription": "Head_Obl_3D_ZOOM_SPGR",
    "SeriesNumber": 2,
    "ShiftedAcquisitionDate": "1804-02-22",
    "SliceThickness": 1.2,
    "SoftwareVersions": "11",
    "SpacingBetweenSlices": 1.2,
    "StationName": "lxmr3",
    "dataset": "ds002236",
    "modality": "T1w",
    "subject_id": "29"
  },
  "cjv": 0.5333665041597963,
  "cnr": 2.569702677435711,
  "efc": 0.6407290618587401,
  "fber": 740.1190006574623,
  "fwhm_avg": 3.319479769825231,
  "fwhm_x": 3.873972045152257,
  "fwhm_y": 3.3612373333333334,
  "fwhm_z": 2.723229930990102,
  "icvs_csf": 0.13847284897863338,
  "icvs_gm": 0.5073585486255552,
  "icvs_wm": 0.35416860239581144,
  "inu_med": 0.8219616413116455,
  "inu_range": 0.1611430048942566,
  "provenance": {
    "md5sum": "225fd782f20bedeb9a3d12a610730b99",
    "settings": {
      "testing": false
    },
    "software": "mriqc",
    "version": "21.0.0rc2",
    "warnings": {
      "large_rot_frame": true,
      "small_air_mask": false
    },
    "webapi_port": null,
    "webapi_url": "https://mriqc.nimh.nih.gov/api/v1"
  },
  "qi_1": 0.01411168296726092,
  "qi_2": 0.117025223862812,
  "rpve_csf": 30.158894752370603,
  "rpve_gm": 9.501932376912762,
  "rpve_wm": 14.101832743926066,
  "size_x": 256,
  "size_y": 256,
  "size_z": 124,
  "snr_csf": 1.291365316828978,
  "snr_gm": 15.282044128909018,
  "snr_total": 12.425022097080287,
  "snr_wm": 20.70165684550287,
  "snrd_csf": 259.3672802162657,
  "snrd_gm": 466.72367725894156,
  "snrd_total": 434.2873507269026,
  "snrd_wm": 576.7710947055006,
  "spacing_x": 0.9374899864196777,
  "spacing_y": 0.9375,
  "spacing_z": 1.2000235319137573,
  "summary_bg_k": 5.234086549531842,
  "summary_bg_mad": 0.1358689746174628,
  "summary_bg_mean": 29.958803453661947,
  "summary_bg_median": 28.592375993728638,
  "summary_bg_n": 1425625.0,
  "summary_bg_p05": 0.0,
  "summary_bg_p95": 57.368036448955536,
  "summary_bg_stdv": 19.386524514747922,
  "summary_csf_k": 27.88690591311356,
  "summary_csf_mad": 185.4611503528367,
  "summary_csf_mean": 515.8004441060101,
  "summary_csf_median": 449.68842628598213,
  "summary_csf_n": 13545.0,
  "summary_csf_p05": 245.6195068538189,
  "summary_csf_p95": 992.173775428532,
  "summary_csf_stdv": 348.21426619194915,
  "summary_gm_k": -0.2505955227044523,
  "summary_gm_mad": 54.347589846985116,
  "summary_gm_mean": 811.2390678542041,
  "summary_gm_median": 809.2008975148201,
  "summary_gm_n": 51103.0,
  "summary_gm_p05": 727.4560276865959,
  "summary_gm_p95": 901.0264127254486,
  "summary_gm_stdv": 52.95057214192651,
  "summary_wm_k": 0.20260683499148824,
  "summary_wm_mad": 47.41827214149452,
  "summary_wm_mean": 1002.9288773334519,
  "summary_wm_median": 1000.0000219345093,
  "summary_wm_n": 143018.0,
  "summary_wm_p05": 928.3357974886894,
  "summary_wm_p95": 1087.060141146183,
  "summary_wm_stdv": 48.305144526734985,
  "tpm_overlap_csf": 0.16638222336769104,
  "tpm_overlap_gm": 0.4957819879055023,
  "tpm_overlap_wm": 0.5027568936347961,
  "wm2max": 0.5742855639176886
}