{
  "bids_meta": {
    "AcquisitionMatrixPE": 128,
    "AcquisitionNumber": 1,
    "AcquisitionTime": "11:39:19.000000",
    "ConversionSoftware": "dcm2niix",
    "ConversionSoftwareVersion": "v1.0.20180622 GCC4.4.7",
    "DeviceSerialNumber": "00000847570ERMR1",
    "EchoTime": 0.008,
    "FlipAngle": 30,
    "ImageOrientationPatientDICOM": [
      1,
      0,
      0,
      0,
      0.999999,
      0.00164801
    ],
    "ImageType": [
      "ORIGINAL",
      "PRIMARY",
      "OTHER"
    ],
    "InPlanePhaseEncodingDirectionDICOM": "ROW",
    "InstitutionName": "Evanston_Hospital",
    "MRAcquisitionType": "3D",
    "MagneticFieldStrength": 1.5,
    "Manufacturer": "GE",
    "ManufacturersModelName": "SIGNA_EXCITE",
    "Modality": "MR",
    "PatientPosition": "HFS",
    "PercentPhaseFOV": 100,
    "PixelBandwidth": 114.922,
    "ProcedureStepDescription": "fMRI",
    "ProtocolName": "Head_Obl_3D_ZOOM_SPGR",
    "ReconMatrixPE": 256,
    "RepetitionTime": 0.033333,
    "SAR": 0.00315204,
    "ScanOptions": "FC",
    "ScanningSequence": "GR",
    "SequenceVariant": "SS_SP",
    "SeriesDescription": "Head_Obl_3D_ZOOM_SPGR",
    "SeriesNumber": 3,
    "ShiftedAcquisitionDate": "1805-12-20",
    "SliceThickness": 1.2,
    "SoftwareVersions": "12_LX_MR_Software_release:12.0_M4_0520.a",
    "SpacingBetweenSlices": 1.2,
    "StationName": "12342345",
    "dataset": "ds002236",
    "modality": "T1w",
    "subject_id": "23"
  },
  "cjv": 0.3318615430957307,
  "cnr": 4.007429350142024,
  "efc": 0.6074534750119228,
  "fber": 975.7160086388895,
  "fwhm_avg": 3.286616733627899,
  "fwhm_x": 3.783089244453611,
  "fwhm_y": 3.423541333333333,
  "fwhm_z": 2.6532196230967533,
  "icvs_csf": 0.12333980739712792,
  "icvs_gm": 0.5195741050815593,
  "icvs_wm": 0.3570860875213127,
  "inu_med": 1.06672203540802,
  "inu_range": 0.1319659411907197,
  "provenance": {
    "md5sum": "b4a56053f84c0b6a8ed88f5088cf2140",
    "settings": {
      "testing": false
    },
    "software": "mriqc",
    "version": "21.0.0rc2",
    "warnings": {
      "large_rot_frame": true,
      "small_air_mask": false
    },
    "webapi_port": null,
    "webapi_url": "https://mriqc.nimh.nih.gov/api/v1"
  },
  "qi_1": 0.0010349032515526329,
  "qi_2": 0.009095571401836741,
  "rpve_csf": 31.816892780889802,
  "rpve_gm": 8.907165624787623,
  "rpve_wm": 13.52008081066136,
  "size_x": 256,
  "size_y": 256,
  "size_z": 124,
  "snr_csf": 1.2262053688450079,
  "snr_gm": 16.726730457980686,
  "snr_total": 14.962789191322466,
  "snr_wm": 26.935431747141703,
  "snrd_csf": 24.51799555030947,
  "snrd_gm": 41.93337537401194,
  "snrd_total": 40.5990626910019,
  "snrd_wm": 55.34581714868428,
  "spacing_x": 0.9375010132789612,
  "spacing_y": 0.9375,
  "spacing_z": 1.2000024318695068,
  "summary_bg_k": 29.857456430031988,
  "summary_bg_mad": 11.837143209859029,
  "summary_bg_mean": 25.177978533513073,
  "summary_bg_median": 23.834683068096638,
  "summary_bg_n": 1618078.0,
  "summary_bg_p05": 7.984031766653061,
  "summary_bg_p95": 48.139015063643456,
  "summary_bg_stdv": 15.061740115866765,
  "summary_csf_k": 28.244498469245976,
  "summary_csf_mad": 156.66807189519304,
  "summary_csf_mean": 510.3001763232118,
  "summary_csf_median": 442.99635081738234,
  "summary_csf_n": 9268.0,
  "summary_csf_p05": 255.88234750963747,
  "summary_csf_p95": 984.9888249296682,
  "summary_csf_stdv": 361.25469858924475,
  "summary_gm_k": 0.18636665113765316,
  "summary_gm_mad": 44.737438307849565,
  "summary_gm_mean": 760.8352519902332,
  "summary_gm_median": 757.661132209003,
  "summary_gm_n": 68896.0,
  "summary_gm_p05": 691.323221206665,
  "summary_gm_p95": 840.2019312083721,
  "summary_gm_stdv": 45.29609869104893,
  "summary_wm_k": 0.3835590348768938,
  "summary_wm_mad": 35.68550526501619,
  "summary_wm_mean": 1000.076613258067,
  "summary_wm_median": 999.9999787732959,
  "summary_wm_n": 160001.0,
  "summary_wm_p05": 939.063030436635,
  "summary_wm_p95": 1060.7021026462317,
  "summary_wm_stdv": 37.125703540806505,
  "tpm_overlap_csf": 0.166886106133461,
  "tpm_overlap_gm": 0.4879107177257538,
  "tpm_overlap_wm": 0.5124490857124329,
  "wm2max": 0.5859029561166955
}