{
  "bids_meta": {
    "AcquisitionMatrixPE": 128,
    "AcquisitionNumber": 1,
    "AcquisitionTime": "10:31:51.000000",
    "ConversionSoftware": "dcm2niix",
    "ConversionSoftwareVersion": "v1.0.20180622 GCC4.4.7",
    "DeviceSerialNumber": "00000847570ERMR1",
    "EchoTime": 0.008,
    "FlipAngle": 30,
    "ImageOrientationPatientDICOM": [
      0.999225,
      0,
      0.0393684,
      0.00109867,
      0.999607,
      -0.0280161
    ],
    "ImageType": [
      "ORIGINAL",
      "PRIMARY",
      "OTHER"
    ],
    "InPlanePhaseEncodingDirectionDICOM": "ROW",
    "InstitutionName": "Evanston_Hospital",
    "MRAcquisitionType": "3D",
    "MagneticFieldStrength": 1.5,
    "Manufacturer": "GE",
    "ManufacturersModelName": "SIGNA_EXCITE",
    "Modality": "MR",
    "PatientPosition": "HFS",
    "PercentPhaseFOV": 100,
    "PixelBandwidth": 114.922,
    "ProtocolName": "Head_Obl_3D_ZOOM_SPGR",
    "ReconMatrixPE": 256,
    "RepetitionTime": 0.033333,
    "SAR": 0.002942,
    "ScanOptions": "FC_VB_GEMS",
    "ScanningSequence": "GR",
    "SequenceVariant": "SS_SP",
    "SeriesDescription": "Head_Obl_3D_ZOOM_SPGR",
    "SeriesNumber": 3,
    "ShiftedAcquisitionDate": "1804-10-12",
    "SliceThickness": 1.2,
    "SoftwareVersions": "11",
    "SpacingBetweenSlices": 1.2,
    "StationName": "12342345",
    "dataset": "ds002236",
    "modality": "T1w",
    "subject_id": "51"
  },
  "cjv": 0.4944467329013207,
  "cnr": 2.740925018606478,
  "efc": 0.6403643596596106,
  "fber": 1207.322304572193,
  "fwhm_avg": 3.5624911569141045,
  "fwhm_x": 4.164397238262298,
  "fwhm_y": 3.6455427460828167,
  "fwhm_z": 2.8775334863971986,
  "icvs_csf": 0.1692833994205821,
  "icvs_gm": 0.48709550931334417,
  "icvs_wm": 0.3436210912660737,
  "inu_med": 0.8910312056541443,
  "inu_range": 0.14367270469665516,
  "provenance": {
    "md5sum": "fbd4aec76dfba698099f370caebca982",
    "settings": {
      "testing": false
    },
    "software": "mriqc",
    "version": "21.0.0rc2",
    "warnings": {
      "large_rot_frame": true,
      "small_air_mask": false
    },
    "webapi_port": null,
    "webapi_url": "https://mriqc.nimh.nih.gov/api/v1"
  },
  "qi_1": 0.002219857582600359,
  "qi_2": 0.006283899151076519,
  "rpve_csf": 22.931382174904165,
  "rpve_gm": 9.114927786283964,
  "rpve_wm": 14.02733131305382,
  "size_x": 256,
  "size_y": 256,
  "size_z": 124,
  "snr_csf": 1.6955977946511107,
  "snr_gm": 14.13278720008577,
  "snr_total": 13.304179852291805,
  "snr_wm": 24.084154562138536,
  "snrd_csf": 24.782258776490036,
  "snrd_gm": 50.006400324626256,
  "snrd_total": 45.708272068938165,
  "snrd_wm": 62.33615710569819,
  "spacing_x": 0.9374970197677612,
  "spacing_y": 0.9375119805335999,
  "spacing_z": 1.199975609779358,
  "summary_bg_k": 78.86363585094624,
  "summary_bg_mad": 10.510767757935726,
  "summary_bg_mean": 24.70004340983679,
  "summary_bg_median": 21.169751398265362,
  "summary_bg_n": 1220852.0,
  "summary_bg_p05": 6.990941159427166,
  "summary_bg_p95": 49.33044395595789,
  "summary_bg_stdv": 16.179459803972268,
  "summary_csf_k": 55.50017203879703,
  "summary_csf_mad": 133.86630602815362,
  "summary_csf_mean": 433.7016180589135,
  "summary_csf_median": 397.5974704474211,
  "summary_csf_n": 18543.0,
  "summary_csf_p05": 231.48876994103193,
  "summary_csf_p95": 654.1945501863956,
  "summary_csf_stdv": 234.4817565807749,
  "summary_gm_k": -0.003950980869308562,
  "summary_gm_mad": 56.64135958443141,
  "summary_gm_mean": 807.558072514331,
  "summary_gm_median": 802.2843460142612,
  "summary_gm_n": 44349.0,
  "summary_gm_p05": 722.9223942607641,
  "summary_gm_p95": 909.2162065654993,
  "summary_gm_stdv": 56.7669554123838,
  "summary_wm_k": 0.18728673641791094,
  "summary_wm_mad": 41.167173718581594,
  "summary_wm_mean": 1002.4483332513571,
  "summary_wm_median": 1000.0984416380525,
  "summary_wm_n": 150483.0,
  "summary_wm_p05": 938.2630747631192,
  "summary_wm_p95": 1074.2418035119772,
  "summary_wm_stdv": 41.5250249325004,
  "tpm_overlap_csf": 0.19142521917819977,
  "tpm_overlap_gm": 0.5038832426071167,
  "tpm_overlap_wm": 0.5224630236625671,
  "wm2max": 0.5627146814404432
}