{
  "bids_meta": {
    "AcquisitionMatrixPE": 128,
    "AcquisitionNumber": 1,
    "AcquisitionTime": "14:23:3.000000",
    "ConversionSoftware": "dcm2niix",
    "ConversionSoftwareVersion": "v1.0.20180622 GCC4.4.7",
    "DeviceSerialNumber": "00000847570ERMR1",
    "EchoTime": 0.008,
    "FlipAngle": 30,
    "ImageOrientationPatientDICOM": [
      1,
      0,
      0,
      0,
      1,
      0
    ],
    "ImageType": [
      "ORIGINAL",
      "PRIMARY",
      "OTHER"
    ],
    "InPlanePhaseEncodingDirectionDICOM": "ROW",
    "InstitutionName": "Evanston_Hospital",
    "MRAcquisitionType": "3D",
    "MagneticFieldStrength": 1.5,
    "Manufacturer": "GE",
    "ManufacturersModelName": "SIGNA_EXCITE",
    "Modality": "MR",
    "PatientPosition": "HFS",
    "PercentPhaseFOV": 100,
    "PixelBandwidth": 114.922,
    "ProtocolName": "Head_Ax_3D_ZOOM_SPGR",
    "ReconMatrixPE": 256,
    "RepetitionTime": 0.033333,
    "SAR": 0.003074,
    "ScanOptions": "FC_VB_GEMS",
    "ScanningSequence": "GR",
    "SequenceVariant": "SS_SP",
    "SeriesDescription": "Head_Ax_3D_ZOOM_SPGR",
    "SeriesNumber": 2,
    "ShiftedAcquisitionDate": "1804-07-01",
    "SliceThickness": 1.2,
    "SoftwareVersions": "11",
    "SpacingBetweenSlices": 1.2,
    "StationName": "12342345",
    "dataset": "ds002236",
    "modality": "T1w",
    "subject_id": "78"
  },
  "cjv": 0.3867366546463528,
  "cnr": 3.351232072025525,
  "efc": 0.6433846928781837,
  "fber": 811.9093982635197,
  "fwhm_avg": 3.222936548357063,
  "fwhm_x": 3.792874666666667,
  "fwhm_y": 3.262986666666667,
  "fwhm_z": 2.6129483117378536,
  "icvs_csf": 0.12953183974576904,
  "icvs_gm": 0.5247904199981912,
  "icvs_wm": 0.3456777402560398,
  "inu_med": 1.037943959236145,
  "inu_range": 0.163558930158615,
  "provenance": {
    "md5sum": "8a8e048900ad0d7723d100d4843e4d16",
    "settings": {
      "testing": false
    },
    "software": "mriqc",
    "version": "21.0.0rc2",
    "warnings": {
      "large_rot_frame": true,
      "small_air_mask": false
    },
    "webapi_port": null,
    "webapi_url": "https://mriqc.nimh.nih.gov/api/v1"
  },
  "qi_1": 4.049458348789971e-05,
  "qi_2": 0.00899531887645319,
  "rpve_csf": 31.66551936367806,
  "rpve_gm": 9.075447905612085,
  "rpve_wm": 14.158858378933992,
  "size_x": 256,
  "size_y": 256,
  "size_z": 124,
  "snr_csf": 1.3025819399639278,
  "snr_gm": 14.560804612807882,
  "snr_total": 13.32870720067698,
  "snr_wm": 24.12273504925913,
  "snrd_csf": 31.471872958355846,
  "snrd_gm": 51.74938236834175,
  "snrd_total": 50.1618775961314,
  "snrd_wm": 67.26437746169658,
  "spacing_x": 0.9375,
  "spacing_y": 0.9375,
  "spacing_z": 1.1999969482421875,
  "summary_bg_k": 6.539531931684701,
  "summary_bg_mad": 9.739722551073529,
  "summary_bg_mean": 24.29759621803441,
  "summary_bg_median": 19.708029091358185,
  "summary_bg_n": 1223817.0,
  "summary_bg_p05": 6.569343030452728,
  "summary_bg_p95": 52.450468957424164,
  "summary_bg_stdv": 15.069342629499822,
  "summary_csf_k": 29.75583351738741,
  "summary_csf_mad": 150.5792026150098,
  "summary_csf_mean": 529.2140931251213,
  "summary_csf_median": 467.883209168911,
  "summary_csf_n": 11043.0,
  "summary_csf_p05": 265.9332623898983,
  "summary_csf_p95": 924.6819554150103,
  "summary_csf_stdv": 359.1804935482251,
  "summary_gm_k": 0.5822899976866904,
  "summary_gm_mad": 49.62620537927941,
  "summary_gm_mean": 775.1252325672934,
  "summary_gm_median": 769.3430615663528,
  "summary_gm_n": 67487.0,
  "summary_gm_p05": 698.7486928105354,
  "summary_gm_p95": 871.5015594542024,
  "summary_gm_stdv": 52.83618467988093,
  "summary_wm_k": 0.41680764569320283,
  "summary_wm_mad": 39.57728528690196,
  "summary_wm_mean": 1000.1328670186105,
  "summary_wm_median": 999.999994635582,
  "summary_wm_n": 143167.0,
  "summary_wm_p05": 931.8039574623108,
  "summary_wm_p95": 1068.7174082398415,
  "summary_wm_stdv": 41.45452413097263,
  "tpm_overlap_csf": 0.1451818346977234,
  "tpm_overlap_gm": 0.47826069593429565,
  "tpm_overlap_wm": 0.46799197793006897,
  "wm2max": 0.595393307257714
}