{
  "bids_meta": {
    "AcquisitionMatrixPE": 128,
    "AcquisitionNumber": 1,
    "AcquisitionTime": "11:31:44.000000",
    "ConversionSoftware": "dcm2niix",
    "ConversionSoftwareVersion": "v1.0.20180622 GCC4.4.7",
    "DeviceSerialNumber": "00000847570ERMR1",
    "EchoTime": 0.008,
    "FlipAngle": 30,
    "ImageOrientationPatientDICOM": [
      1,
      0,
      0,
      0,
      0.999995,
      -0.00320442
    ],
    "ImageType": [
      "ORIGINAL",
      "PRIMARY",
      "OTHER"
    ],
    "InPlanePhaseEncodingDirectionDICOM": "ROW",
    "InstitutionName": "Evanston_Hospital",
    "MRAcquisitionType": "3D",
    "MagneticFieldStrength": 1.5,
    "Manufacturer": "GE",
    "ManufacturersModelName": "SIGNA_EXCITE",
    "Modality": "MR",
    "PatientPosition": "HFS",
    "PercentPhaseFOV": 100,
    "PixelBandwidth": 114.922,
    "ProtocolName": "Head_Obl_3D_ZOOM_SPGR",
    "ReconMatrixPE": 256,
    "RepetitionTime": 0.033333,
    "SAR": 0.002877,
    "ScanOptions": "FC_VB_GEMS",
    "ScanningSequence": "GR",
    "SequenceVariant": "SS_SP",
    "SeriesDescription": "Head_Obl_3D_ZOOM_SPGR",
    "SeriesNumber": 3,
    "ShiftedAcquisitionDate": "1804-09-25",
    "SliceThickness": 1.2,
    "SoftwareVersions": "11",
    "SpacingBetweenSlices": 1.2,
    "StationName": "12342345",
    "dataset": "ds002236",
    "modality": "T1w",
    "subject_id": "52"
  },
  "cjv": 0.40891125703944825,
  "cnr": 3.2544692108010884,
  "efc": 0.6168609274061012,
  "fber": 724.236721988355,
  "fwhm_avg": 3.495129067338875,
  "fwhm_x": 4.1267192942746025,
  "fwhm_y": 3.552586666666667,
  "fwhm_z": 2.806081241075355,
  "icvs_csf": 0.1680007005533596,
  "icvs_gm": 0.46284411205788706,
  "icvs_wm": 0.36915518738875336,
  "inu_med": 1.0891817808151245,
  "inu_range": 0.12164522409439082,
  "provenance": {
    "md5sum": "9e3db05be15f4fd5ad0d6d46cacb1399",
    "settings": {
      "testing": false
    },
    "software": "mriqc",
    "version": "21.0.0rc2",
    "warnings": {
      "large_rot_frame": true,
      "small_air_mask": false
    },
    "webapi_port": null,
    "webapi_url": "https://mriqc.nimh.nih.gov/api/v1"
  },
  "qi_1": 0.004909012617243205,
  "qi_2": 0.005643482323410307,
  "rpve_csf": 25.316375043963223,
  "rpve_gm": 10.464816761741167,
  "rpve_wm": 14.98973093945161,
  "size_x": 256,
  "size_y": 256,
  "size_z": 124,
  "snr_csf": 2.2635863402189287,
  "snr_gm": 16.153728893516725,
  "snr_total": 16.379200799138516,
  "snr_wm": 30.7202871636799,
  "snrd_csf": 27.189386849213914,
  "snrd_gm": 50.29305760982236,
  "snrd_total": 46.806715844808764,
  "snrd_wm": 62.937703075390026,
  "spacing_x": 0.9375050067901611,
  "spacing_y": 0.9375,
  "spacing_z": 1.2000044584274292,
  "summary_bg_k": 195.78531948241502,
  "summary_bg_mad": 10.409283033855289,
  "summary_bg_mean": 25.405683411776653,
  "summary_bg_median": 20.630805388092995,
  "summary_bg_n": 1568159.0,
  "summary_bg_p05": 6.91294002532959,
  "summary_bg_p95": 54.43940269947052,
  "summary_bg_stdv": 17.44503062311186,
  "summary_csf_k": 24.069192033523287,
  "summary_csf_mad": 139.5644640616136,
  "summary_csf_mean": 464.3801388754044,
  "summary_csf_median": 432.0047442391515,
  "summary_csf_n": 13098.0,
  "summary_csf_p05": 267.76841129362583,
  "summary_csf_p95": 692.7305978819727,
  "summary_csf_stdv": 190.8424012817413,
  "summary_gm_k": -0.11949683992842619,
  "summary_gm_mad": 50.605129826127246,
  "summary_gm_mean": 800.3292915266973,
  "summary_gm_median": 799.0926610529423,
  "summary_gm_n": 26709.0,
  "summary_gm_p05": 721.8621592074633,
  "summary_gm_p95": 883.5601469874382,
  "summary_gm_stdv": 49.46707394563405,
  "summary_wm_k": 0.49282573393576756,
  "summary_wm_mad": 31.548134733376795,
  "summary_wm_mean": 1000.4814419688429,
  "summary_wm_median": 999.9999805390835,
  "summary_wm_n": 153331.0,
  "summary_wm_p05": 948.1529303491116,
  "summary_wm_p95": 1054.2233538627625,
  "summary_wm_stdv": 32.5516722642138,
  "tpm_overlap_csf": 0.17027299106121063,
  "tpm_overlap_gm": 0.47207626700401306,
  "tpm_overlap_wm": 0.5007680654525757,
  "wm2max": 0.637228648693237
}