{
  "bids_meta": {
    "AcquisitionMatrixPE": 128,
    "AcquisitionNumber": 1,
    "AcquisitionTime": "10:37:0.000000",
    "ConversionSoftware": "dcm2niix",
    "ConversionSoftwareVersion": "v1.0.20180622 GCC4.4.7",
    "DeviceSerialNumber": "00000847570ERMR1",
    "EchoTime": 0.008,
    "FlipAngle": 30,
    "ImageOrientationPatientDICOM": [
      0.998751,
      0,
      -0.0499589,
      -3.05176e-05,
      1,
      -0.000671387
    ],
    "ImageType": [
      "ORIGINAL",
      "PRIMARY",
      "OTHER"
    ],
    "InPlanePhaseEncodingDirectionDICOM": "ROW",
    "InstitutionName": "Evanston_Hospital",
    "MRAcquisitionType": "3D",
    "MagneticFieldStrength": 1.5,
    "Manufacturer": "GE",
    "ManufacturersModelName": "SIGNA_EXCITE",
    "Modality": "MR",
    "PatientPosition": "HFS",
    "PercentPhaseFOV": 100,
    "PixelBandwidth": 114.922,
    "ProtocolName": "Head_Obl_3D_ZOOM_SPGR",
    "ReconMatrixPE": 256,
    "RepetitionTime": 0.033333,
    "SAR": 0.00315204,
    "ScanOptions": "FC",
    "ScanningSequence": "GR",
    "SequenceVariant": "SS_SP",
    "SeriesDescription": "Head_Obl_3D_ZOOM_SPGR",
    "SeriesNumber": 3,
    "ShiftedAcquisitionDate": "1805-06-09",
    "SliceThickness": 1.2,
    "SoftwareVersions": "12_LX_MR_Software_release:12.0_M4_0520.a",
    "SpacingBetweenSlices": 1.2,
    "StationName": "12342345",
    "dataset": "ds002236",
    "modality": "T1w",
    "subject_id": "56"
  },
  "cjv": 0.45894565490046024,
  "cnr": 2.93770148509532,
  "efc": 0.6465459666515535,
  "fber": 774.1643764172335,
  "fwhm_avg": 3.158587509168349,
  "fwhm_x": 3.7423253333333335,
  "fwhm_y": 3.237009663986751,
  "fwhm_z": 2.4964275301849637,
  "icvs_csf": 0.14525600092373814,
  "icvs_gm": 0.5289961131209597,
  "icvs_wm": 0.3257478859553022,
  "inu_med": 1.1022812128067017,
  "inu_range": 0.17048949003219604,
  "provenance": {
    "md5sum": "6cb87fe1a2d56b0c08f7f58cc6bea791",
    "settings": {
      "testing": false
    },
    "software": "mriqc",
    "version": "21.0.0rc2",
    "warnings": {
      "large_rot_frame": true,
      "small_air_mask": false
    },
    "webapi_port": null,
    "webapi_url": "https://mriqc.nimh.nih.gov/api/v1"
  },
  "qi_1": 0.004030071455317684,
  "qi_2": 0.014108528935003398,
  "rpve_csf": 29.61963860679877,
  "rpve_gm": 9.48812573876981,
  "rpve_wm": 15.55736844952643,
  "size_x": 256,
  "size_y": 256,
  "size_z": 124,
  "snr_csf": 1.365689170653524,
  "snr_gm": 16.424893578952528,
  "snr_total": 13.186471378924365,
  "snr_wm": 21.76883138716704,
  "snrd_csf": 22.548646576002312,
  "snrd_gm": 38.652117296993886,
  "snrd_total": 36.58789349230386,
  "snrd_wm": 48.56291660391539,
  "spacing_x": 0.9375,
  "spacing_y": 0.9374979734420776,
  "spacing_z": 1.2000027894973755,
  "summary_bg_k": 17.490038142941057,
  "summary_bg_mad": 13.490465710948392,
  "summary_bg_mean": 29.515407138792103,
  "summary_bg_median": 27.297542542219162,
  "summary_bg_n": 1242150.0,
  "summary_bg_p05": 9.099180847406387,
  "summary_bg_p95": 63.30430103838444,
  "summary_bg_stdv": 19.175541015003404,
  "summary_csf_k": 29.962615199222085,
  "summary_csf_mad": 164.0055188573869,
  "summary_csf_mean": 521.676605301334,
  "summary_csf_median": 464.31819981336594,
  "summary_csf_n": 13922.0,
  "summary_csf_p05": 251.1373913884163,
  "summary_csf_p95": 908.9821689963335,
  "summary_csf_stdv": 339.9759870625615,
  "summary_gm_k": -0.15564539417316414,
  "summary_gm_mad": 49.143839375597715,
  "summary_gm_mean": 798.2355659847287,
  "summary_gm_median": 795.9183475524187,
  "summary_gm_n": 59313.0,
  "summary_gm_p05": 722.0849943906069,
  "summary_gm_p95": 881.7106241136789,
  "summary_gm_stdv": 48.45764352882312,
  "summary_wm_k": 0.22777158719486046,
  "summary_wm_mad": 44.5185368461297,
  "summary_wm_mean": 1002.2609300434966,
  "summary_wm_median": 999.999975129962,
  "summary_wm_n": 125158.0,
  "summary_wm_p05": 930.0662709027529,
  "summary_wm_p95": 1081.8926027566195,
  "summary_wm_stdv": 45.937053872409855,
  "tpm_overlap_csf": 0.18432071805000305,
  "tpm_overlap_gm": 0.5013538002967834,
  "tpm_overlap_wm": 0.4962596595287323,
  "wm2max": 0.5091071311164537
}