{
  "bids_meta": {
    "AcquisitionMatrixPE": 128,
    "AcquisitionNumber": 1,
    "AcquisitionTime": "14:07:25.000000",
    "ConversionSoftware": "dcm2niix",
    "ConversionSoftwareVersion": "v1.0.20180622 GCC4.4.7",
    "DeviceSerialNumber": "00000847570ERMR1",
    "EchoTime": 0.008,
    "FlipAngle": 30,
    "ImageOrientationPatientDICOM": [
      1,
      0,
      0,
      0,
      0.999992,
      -0.00405893
    ],
    "ImageType": [
      "ORIGINAL",
      "PRIMARY",
      "OTHER"
    ],
    "InPlanePhaseEncodingDirectionDICOM": "ROW",
    "InstitutionName": "Evanston_Hospital",
    "MRAcquisitionType": "3D",
    "MagneticFieldStrength": 1.5,
    "Manufacturer": "GE",
    "ManufacturersModelName": "SIGNA_EXCITE",
    "Modality": "MR",
    "PatientPosition": "HFS",
    "PercentPhaseFOV": 100,
    "PixelBandwidth": 114.922,
    "ProcedureStepDescription": "Lexical",
    "ProtocolName": "Head_Obl_3D_ZOOM_SPGR",
    "ReconMatrixPE": 256,
    "RepetitionTime": 0.033333,
    "SAR": 0.00310088,
    "ScanOptions": "FC",
    "ScanningSequence": "GR",
    "SequenceVariant": "SS_SP",
    "SeriesDescription": "Head_Obl_3D_ZOOM_SPGR",
    "SeriesNumber": 2,
    "ShiftedAcquisitionDate": "1805-05-03",
    "SliceThickness": 1.2,
    "SoftwareVersions": "12_LX_MR_Software_release:12.0_M4_0520.a",
    "SpacingBetweenSlices": 1.2,
    "StationName": "12342345",
    "dataset": "ds002236",
    "modality": "T1w",
    "subject_id": "59"
  },
  "cjv": 0.5008357429338975,
  "cnr": 2.7102385285847426,
  "efc": 0.6493408575519779,
  "fber": 878.6005010982218,
  "fwhm_avg": 3.3803247151768,
  "fwhm_x": 3.949555685130958,
  "fwhm_y": 3.503552,
  "fwhm_z": 2.6878664603994427,
  "icvs_csf": 0.14938741700273644,
  "icvs_gm": 0.510210243137602,
  "icvs_wm": 0.34040233985966156,
  "inu_med": 1.1279970407485962,
  "inu_range": 0.2183287620544434,
  "provenance": {
    "md5sum": "4d7416bffa5c277772cd1a53100dfa2d",
    "settings": {
      "testing": false
    },
    "software": "mriqc",
    "version": "21.0.0rc2",
    "warnings": {
      "large_rot_frame": true,
      "small_air_mask": false
    },
    "webapi_port": null,
    "webapi_url": "https://mriqc.nimh.nih.gov/api/v1"
  },
  "qi_1": 3.547102250823068e-05,
  "qi_2": 0.01750053817559228,
  "rpve_csf": 30.454614725930508,
  "rpve_gm": 10.484407873879587,
  "rpve_wm": 16.420524158119946,
  "size_x": 256,
  "size_y": 256,
  "size_z": 124,
  "snr_csf": 1.7978925427445063,
  "snr_gm": 14.998232811758202,
  "snr_total": 12.381448337624656,
  "snr_wm": 20.348219658371264,
  "snrd_csf": 22.59788494198574,
  "snrd_gm": 40.54274429853719,
  "snrd_total": 37.96214891212349,
  "snrd_wm": 50.74581749584753,
  "spacing_x": 0.9375079870223999,
  "spacing_y": 0.9375,
  "spacing_z": 1.2000112533569336,
  "summary_bg_k": 6.40428390647422,
  "summary_bg_mad": 12.910154642678172,
  "summary_bg_mean": 26.333964417639006,
  "summary_bg_median": 26.123300939798355,
  "summary_bg_n": 941739.0,
  "summary_bg_p05": 8.707766979932785,
  "summary_bg_p95": 52.507834888994694,
  "summary_bg_stdv": 15.841545073987374,
  "summary_csf_k": 28.591929814554664,
  "summary_csf_mad": 162.28064385846463,
  "summary_csf_mean": 474.6814147781177,
  "summary_csf_median": 445.3152033537626,
  "summary_csf_n": 10369.0,
  "summary_csf_p05": 230.44234535694122,
  "summary_csf_p95": 729.5715486466886,
  "summary_csf_stdv": 247.6753859628661,
  "summary_gm_k": -0.04749366460981452,
  "summary_gm_mad": 53.57714176711442,
  "summary_gm_mean": 802.6337595847596,
  "summary_gm_median": 798.937620408833,
  "summary_gm_n": 40328.0,
  "summary_gm_p05": 721.0031059384346,
  "summary_gm_p95": 895.5633567016573,
  "summary_gm_stdv": 53.26812331022724,
  "summary_wm_k": 0.6903876061916292,
  "summary_wm_mad": 47.12206444577533,
  "summary_wm_mean": 1002.797498563241,
  "summary_wm_median": 999.999959975481,
  "summary_wm_n": 122323.0,
  "summary_wm_p05": 927.6384163722396,
  "summary_wm_p95": 1088.6450278311968,
  "summary_wm_stdv": 49.144145739411776,
  "tpm_overlap_csf": 0.18382957577705383,
  "tpm_overlap_gm": 0.49713847041130066,
  "tpm_overlap_wm": 0.5111389756202698,
  "wm2max": 0.4900780949942389
}