{
  "bids_meta": {
    "AcquisitionMatrixPE": 128,
    "AcquisitionNumber": 1,
    "AcquisitionTime": "12:36:33.000000",
    "ConversionSoftware": "dcm2niix",
    "ConversionSoftwareVersion": "v1.0.20180622 GCC4.4.7",
    "DeviceSerialNumber": "000000847570EMR3",
    "EchoTime": 0.008,
    "FlipAngle": 30,
    "ImageOrientationPatientDICOM": [
      1,
      0,
      0,
      0,
      0.999999,
      -0.00106815
    ],
    "ImageType": [
      "ORIGINAL",
      "PRIMARY",
      "OTHER"
    ],
    "InPlanePhaseEncodingDirectionDICOM": "ROW",
    "InstitutionName": "Evanston_Hospital",
    "MRAcquisitionType": "3D",
    "MagneticFieldStrength": 1.5,
    "Manufacturer": "GE",
    "ManufacturersModelName": "SIGNA_EXCITE",
    "Modality": "MR",
    "PatientPosition": "HFS",
    "PercentPhaseFOV": 100,
    "PixelBandwidth": 114.922,
    "ProtocolName": "Head_Obl_3D_ZOOM_SPGR",
    "ReconMatrixPE": 256,
    "RepetitionTime": 0.033333,
    "SAR": 0.002919,
    "ScanOptions": "FC_VB_GEMS",
    "ScanningSequence": "GR",
    "SequenceVariant": "SS_SP",
    "SeriesDescription": "Head_Obl_3D_ZOOM_SPGR",
    "SeriesNumber": 2,
    "ShiftedAcquisitionDate": "1803-04-24",
    "SliceThickness": 1.2,
    "SoftwareVersions": "11",
    "SpacingBetweenSlices": 1.2,
    "StationName": "lxmr3",
    "dataset": "ds002236",
    "modality": "T1w",
    "subject_id": "13"
  },
  "cjv": 0.5297009816589013,
  "cnr": 2.6003089748492085,
  "efc": 0.6568329382652844,
  "fber": 869.6934852260591,
  "fwhm_avg": 3.2655414419382907,
  "fwhm_x": 3.860902493683981,
  "fwhm_y": 3.338016,
  "fwhm_z": 2.5977058321308895,
  "icvs_csf": 0.14514646234927694,
  "icvs_gm": 0.5123460711964544,
  "icvs_wm": 0.34250746645426866,
  "inu_med": 1.0064738988876343,
  "inu_range": 0.1924453228712082,
  "provenance": {
    "md5sum": "c2bb8286b860a709da527b5d159ce0f8",
    "settings": {
      "testing": false
    },
    "software": "mriqc",
    "version": "21.0.0rc2",
    "warnings": {
      "large_rot_frame": true,
      "small_air_mask": false
    },
    "webapi_port": null,
    "webapi_url": "https://mriqc.nimh.nih.gov/api/v1"
  },
  "qi_1": 0.0224176129078366,
  "qi_2": 0.10894386377099632,
  "rpve_csf": 25.519669303797468,
  "rpve_gm": 8.551925330887789,
  "rpve_wm": 13.406023528078352,
  "size_x": 256,
  "size_y": 256,
  "size_z": 124,
  "snr_csf": 1.3187665004158449,
  "snr_gm": 15.052555188792578,
  "snr_total": 12.252360228997105,
  "snr_wm": 20.38575899778289,
  "snrd_csf": 230.90209319242598,
  "snrd_gm": 446.365371906301,
  "snrd_total": 410.5228378525724,
  "snrd_wm": 554.3010484589902,
  "spacing_x": 0.9375010132789612,
  "spacing_y": 0.9375,
  "spacing_z": 1.1999973058700562,
  "summary_bg_k": 18.185452407887784,
  "summary_bg_mad": 0.18191438392632356,
  "summary_bg_mean": 29.10947040870714,
  "summary_bg_median": 26.012270122766495,
  "summary_bg_n": 1172989.0,
  "summary_bg_p05": 0.0,
  "summary_bg_p95": 52.26993902027607,
  "summary_bg_stdv": 18.426771901654508,
  "summary_csf_k": 45.42089611557402,
  "summary_csf_mad": 170.27186335503885,
  "summary_csf_mean": 476.74500165317056,
  "summary_csf_median": 416.56442012637854,
  "summary_csf_n": 14453.0,
  "summary_csf_p05": 237.9877317458391,
  "summary_csf_p95": 762.871171043813,
  "summary_csf_stdv": 315.8633531742532,
  "summary_gm_k": -0.2684789784344832,
  "summary_gm_mad": 55.84771586538133,
  "summary_gm_mean": 806.8455917923119,
  "summary_gm_median": 805.2760793194175,
  "summary_gm_n": 50558.0,
  "summary_gm_p05": 722.0858946815133,
  "summary_gm_p95": 897.5460186228156,
  "summary_gm_stdv": 53.49710433187798,
  "summary_wm_k": 0.352498455986507,
  "summary_wm_mad": 47.29773982084412,
  "summary_wm_mean": 1001.3336986595853,
  "summary_wm_median": 1000.0000070780516,
  "summary_wm_n": 156640.0,
  "summary_wm_p05": 922.8220924213529,
  "summary_wm_p95": 1084.0490874275565,
  "summary_wm_stdv": 49.05369553073817,
  "tpm_overlap_csf": 0.18340103328227997,
  "tpm_overlap_gm": 0.4993152320384979,
  "tpm_overlap_wm": 0.5073884725570679,
  "wm2max": 0.45735723222217456
}