{
  "bids_meta": {
    "AcquisitionMatrixPE": 128,
    "AcquisitionNumber": 1,
    "AcquisitionTime": "13:14:42.000000",
    "ConversionSoftware": "dcm2niix",
    "ConversionSoftwareVersion": "v1.0.20180622 GCC4.4.7",
    "DeviceSerialNumber": "00000847570ERMR1",
    "EchoTime": 0.008,
    "FlipAngle": 30,
    "ImageOrientationPatientDICOM": [
      1,
      0,
      0,
      0,
      0.999997,
      -0.00247198
    ],
    "ImageType": [
      "ORIGINAL",
      "PRIMARY",
      "OTHER"
    ],
    "InPlanePhaseEncodingDirectionDICOM": "ROW",
    "InstitutionName": "Evanston_Hospital",
    "MRAcquisitionType": "3D",
    "MagneticFieldStrength": 1.5,
    "Manufacturer": "GE",
    "ManufacturersModelName": "SIGNA_EXCITE",
    "Modality": "MR",
    "PatientPosition": "HFS",
    "PercentPhaseFOV": 100,
    "PixelBandwidth": 114.922,
    "ProcedureStepDescription": "NU_fMRI_Lexical",
    "ProtocolName": "Head_Obl_3D_ZOOM_SPGR",
    "ReconMatrixPE": 256,
    "RepetitionTime": 0.033333,
    "SAR": 0.00278791,
    "ScanOptions": "FC",
    "ScanningSequence": "GR",
    "SequenceVariant": "SS_SP",
    "SeriesDescription": "Head_Obl_3D_ZOOM_SPGR",
    "SeriesNumber": 2,
    "ShiftedAcquisitionDate": "1806-05-23",
    "SliceThickness": 1.2,
    "SoftwareVersions": "12_LX_MR_Software_release:12.0_M4_0520.a",
    "SpacingBetweenSlices": 1.2,
    "StationName": "EHRMR1",
    "dataset": "ds002236",
    "modality": "T1w",
    "subject_id": "90"
  },
  "cjv": 0.5620035612431051,
  "cnr": 2.356194110807711,
  "efc": 0.6686832461031099,
  "fber": 556.8393675550428,
  "fwhm_avg": 3.4395280836898183,
  "fwhm_x": 4.042813814907663,
  "fwhm_y": 3.522197333333333,
  "fwhm_z": 2.7535731028284585,
  "icvs_csf": 0.15673785371357174,
  "icvs_gm": 0.47800661685303625,
  "icvs_wm": 0.365255529433392,
  "inu_med": 0.965298056602478,
  "inu_range": 0.16179571151733407,
  "provenance": {
    "md5sum": "9a430748c3dc5bb6a8512838d00d0816",
    "settings": {
      "testing": false
    },
    "software": "mriqc",
    "version": "21.0.0rc2",
    "warnings": {
      "large_rot_frame": true,
      "small_air_mask": false
    },
    "webapi_port": null,
    "webapi_url": "https://mriqc.nimh.nih.gov/api/v1"
  },
  "qi_1": 0.0038611050500938003,
  "qi_2": 0.009240852203084557,
  "rpve_csf": 21.204593473873892,
  "rpve_gm": 8.077655667992163,
  "rpve_wm": 11.846525752334857,
  "size_x": 256,
  "size_y": 256,
  "size_z": 124,
  "snr_csf": 1.152650732382268,
  "snr_gm": 14.648978398788167,
  "snr_total": 13.636681431794571,
  "snr_wm": 25.108415164213277,
  "snrd_csf": 20.09935349887776,
  "snrd_gm": 34.235393784206565,
  "snrd_total": 31.895519298156312,
  "snrd_wm": 41.35181061138461,
  "spacing_x": 0.9375029802322388,
  "spacing_y": 0.9375,
  "spacing_z": 1.2000044584274292,
  "summary_bg_k": 174.45976929385785,
  "summary_bg_mad": 15.842991133814806,
  "summary_bg_mean": 31.63550441613118,
  "summary_bg_median": 31.85426377505064,
  "summary_bg_n": 1453633.0,
  "summary_bg_p05": 10.584164321422577,
  "summary_bg_p95": 63.9120691716671,
  "summary_bg_stdv": 23.547690456934518,
  "summary_csf_k": 27.893770510202632,
  "summary_csf_mad": 192.8318349430031,
  "summary_csf_mean": 560.5476308430866,
  "summary_csf_median": 486.05739229917526,
  "summary_csf_n": 20592.0,
  "summary_csf_p05": 258.39608857780695,
  "summary_csf_p95": 1228.2973580416296,
  "summary_csf_stdv": 421.6763815856707,
  "summary_gm_k": -0.2590303333327477,
  "summary_gm_mad": 58.54362438019186,
  "summary_gm_mean": 828.9696730713804,
  "summary_gm_median": 827.9055457189679,
  "summary_gm_n": 47306.0,
  "summary_gm_p05": 738.0419197976589,
  "summary_gm_p95": 923.8754202872515,
  "summary_gm_stdv": 56.515667686899484,
  "summary_wm_k": 0.6713039363351436,
  "summary_wm_mad": 38.17406435100139,
  "summary_wm_mean": 1002.811487799604,
  "summary_wm_median": 999.9999867528677,
  "summary_wm_n": 199623.0,
  "summary_wm_p05": 942.7030202820897,
  "summary_wm_p95": 1072.2572624087334,
  "summary_wm_stdv": 39.82718445143637,
  "tpm_overlap_csf": 0.17948225140571594,
  "tpm_overlap_gm": 0.4847628176212311,
  "tpm_overlap_wm": 0.5076627731323242,
  "wm2max": 0.47477603723293355
}