{
  "bids_meta": {
    "AcquisitionMatrixPE": 128,
    "AcquisitionNumber": 1,
    "AcquisitionTime": "11:40:26.000000",
    "ConversionSoftware": "dcm2niix",
    "ConversionSoftwareVersion": "v1.0.20180622 GCC4.4.7",
    "DeviceSerialNumber": "00000847570ERMR1",
    "EchoTime": 0.008,
    "FlipAngle": 30,
    "ImageOrientationPatientDICOM": [
      1,
      0,
      0,
      0,
      0.999999,
      0.00167853
    ],
    "ImageType": [
      "ORIGINAL",
      "PRIMARY",
      "OTHER"
    ],
    "InPlanePhaseEncodingDirectionDICOM": "ROW",
    "InstitutionName": "Evanston_Hospital",
    "MRAcquisitionType": "3D",
    "MagneticFieldStrength": 1.5,
    "Manufacturer": "GE",
    "ManufacturersModelName": "SIGNA_EXCITE",
    "Modality": "MR",
    "PatientPosition": "HFS",
    "PercentPhaseFOV": 100,
    "PixelBandwidth": 114.922,
    "ProcedureStepDescription": "fMRI",
    "ProtocolName": "Head_Obl_3D_ZOOM_SPGR",
    "ReconMatrixPE": 256,
    "RepetitionTime": 0.033333,
    "SAR": 0.00282116,
    "ScanOptions": "FC",
    "ScanningSequence": "GR",
    "SequenceVariant": "SS_SP",
    "SeriesDescription": "Head_Obl_3D_ZOOM_SPGR",
    "SeriesNumber": 3,
    "ShiftedAcquisitionDate": "1805-08-24",
    "SliceThickness": 1.2,
    "SoftwareVersions": "12_LX_MR_Software_release:12.0_M4_0520.a",
    "SpacingBetweenSlices": 1.2,
    "StationName": "EHRMR1",
    "dataset": "ds002236",
    "modality": "T1w",
    "subject_id": "89"
  },
  "cjv": 0.4644768351431958,
  "cnr": 2.8676709597212784,
  "efc": 0.6637830437159408,
  "fber": 680.2419278884544,
  "fwhm_avg": 3.109220467496924,
  "fwhm_x": 3.5525721602702633,
  "fwhm_y": 3.2507946666666667,
  "fwhm_z": 2.524294575553842,
  "icvs_csf": 0.14222167727072146,
  "icvs_gm": 0.4984074398581229,
  "icvs_wm": 0.3593708828711556,
  "inu_med": 0.8558740019798279,
  "inu_range": 0.12099698185920715,
  "provenance": {
    "md5sum": "8ac2566e1eddb07bdbed77d2e24ddf52",
    "settings": {
      "testing": false
    },
    "software": "mriqc",
    "version": "21.0.0rc2",
    "warnings": {
      "large_rot_frame": true,
      "small_air_mask": false
    },
    "webapi_port": null,
    "webapi_url": "https://mriqc.nimh.nih.gov/api/v1"
  },
  "qi_1": 0.004289760676509626,
  "qi_2": 0.011396919187213798,
  "rpve_csf": 25.5867189631218,
  "rpve_gm": 8.357915227405831,
  "rpve_wm": 12.32241464439381,
  "size_x": 256,
  "size_y": 256,
  "size_z": 124,
  "snr_csf": 1.2190793571830347,
  "snr_gm": 15.15395352827657,
  "snr_total": 13.345184163342543,
  "snr_wm": 23.662519604568022,
  "snrd_csf": 20.583377214383635,
  "snrd_gm": 35.29090784363426,
  "snrd_total": 33.39996805505825,
  "snrd_wm": 44.32561910715687,
  "spacing_x": 0.9375010132789612,
  "spacing_y": 0.9375,
  "spacing_z": 1.1999986171722412,
  "summary_bg_k": 61.440170594077586,
  "summary_bg_mad": 14.78008402376241,
  "summary_bg_mean": 31.60115228110452,
  "summary_bg_median": 29.63761270046234,
  "summary_bg_n": 1420203.0,
  "summary_bg_p05": 9.834298759698868,
  "summary_bg_p95": 68.97480773925781,
  "summary_bg_stdv": 22.48756153457215,
  "summary_csf_k": 28.445115910591063,
  "summary_csf_mad": 173.36639098142933,
  "summary_csf_mean": 527.2811368597465,
  "summary_csf_median": 464.3675044476986,
  "summary_csf_n": 16972.0,
  "summary_csf_p05": 239.86932406276466,
  "summary_csf_p95": 1035.282226553559,
  "summary_csf_stdv": 380.9053291813371,
  "summary_gm_k": -0.181903683922938,
  "summary_gm_mad": 54.127064465400174,
  "summary_gm_mean": 797.6446170255812,
  "summary_gm_median": 796.1740502715111,
  "summary_gm_n": 54392.0,
  "summary_gm_p05": 713.997033238411,
  "summary_gm_p95": 886.5687690079212,
  "summary_gm_stdv": 52.538549092140364,
  "summary_wm_k": 0.45625512853147177,
  "summary_wm_mad": 40.54536563275364,
  "summary_wm_mean": 1002.6959224720025,
  "summary_wm_median": 999.9999957978725,
  "summary_wm_n": 163860.0,
  "summary_wm_p05": 938.0304419696331,
  "summary_wm_p95": 1075.845341026783,
  "summary_wm_stdv": 42.260797291208696,
  "tpm_overlap_csf": 0.18412725627422333,
  "tpm_overlap_gm": 0.5022926330566406,
  "tpm_overlap_wm": 0.5214293003082275,
  "wm2max": 0.5480127413884912
}