{
  "bids_meta": {
    "AcquisitionMatrixPE": 128,
    "AcquisitionNumber": 1,
    "AcquisitionTime": "11:55:5.000000",
    "ConversionSoftware": "dcm2niix",
    "ConversionSoftwareVersion": "v1.0.20180622 GCC4.4.7",
    "DeviceSerialNumber": "000000847570EMR3",
    "EchoTime": 0.008,
    "FlipAngle": 30,
    "ImageOrientationPatientDICOM": [
      1,
      0,
      0,
      0,
      0.999963,
      0.00854512
    ],
    "ImageType": [
      "ORIGINAL",
      "PRIMARY",
      "OTHER"
    ],
    "InPlanePhaseEncodingDirectionDICOM": "ROW",
    "InstitutionName": "Evanston_Hospital",
    "MRAcquisitionType": "3D",
    "MagneticFieldStrength": 1.5,
    "Manufacturer": "GE",
    "ManufacturersModelName": "SIGNA_EXCITE",
    "Modality": "MR",
    "PatientPosition": "HFS",
    "PercentPhaseFOV": 100,
    "PixelBandwidth": 114.922,
    "ProtocolName": "Head_Obl_3D_ZOOM_SPGR",
    "ReconMatrixPE": 256,
    "RepetitionTime": 0.033333,
    "SAR": 0.003087,
    "ScanOptions": "FC_VB_GEMS",
    "ScanningSequence": "GR",
    "SequenceVariant": "SS_SP",
    "SeriesDescription": "Head_Obl_3D_ZOOM_SPGR",
    "SeriesNumber": 2,
    "ShiftedAcquisitionDate": "1803-09-12",
    "SliceThickness": 1.2,
    "SoftwareVersions": "11",
    "SpacingBetweenSlices": 1.2,
    "StationName": "lxmr3",
    "dataset": "ds002236",
    "modality": "T1w",
    "subject_id": "15"
  },
  "cjv": 0.5500994506901997,
  "cnr": 2.302274712308491,
  "efc": 0.6796331932152402,
  "fber": 225.69150938878064,
  "fwhm_avg": 3.3279140217562353,
  "fwhm_x": 3.689480308345086,
  "fwhm_y": 3.5613866666666665,
  "fwhm_z": 2.7328750902569534,
  "icvs_csf": 0.1476986476607842,
  "icvs_gm": 0.49513450947814514,
  "icvs_wm": 0.3571668428610707,
  "inu_med": 1.2385706901550293,
  "inu_range": 0.29620751142501844,
  "provenance": {
    "md5sum": "471004a193c58d083cdb57d63d0b1ec6",
    "settings": {
      "testing": false
    },
    "software": "mriqc",
    "version": "21.0.0rc2",
    "warnings": {
      "large_rot_frame": true,
      "small_air_mask": false
    },
    "webapi_port": null,
    "webapi_url": "https://mriqc.nimh.nih.gov/api/v1"
  },
  "qi_1": 0.15834173279533,
  "qi_2": 0.009527881301905357,
  "rpve_csf": 26.260882934829297,
  "rpve_gm": 8.530400255388713,
  "rpve_wm": 11.950668310484858,
  "size_x": 256,
  "size_y": 256,
  "size_z": 124,
  "snr_csf": 1.4812947719311935,
  "snr_gm": 14.744205042926462,
  "snr_total": 10.537206312757045,
  "snr_wm": 15.386119123413481,
  "snrd_csf": 251.53830582423547,
  "snrd_gm": 450.84802984718925,
  "snrd_total": 424.44010709383906,
  "snrd_wm": 570.9339856100925,
  "spacing_x": 0.9375060200691223,
  "spacing_y": 0.9375,
  "spacing_z": 1.200051188468933,
  "summary_bg_k": 23.910467945850854,
  "summary_bg_mad": 0.1475960353008232,
  "summary_bg_mean": 37.26495993911134,
  "summary_bg_median": 26.381283439695835,
  "summary_bg_n": 926370.0,
  "summary_bg_p05": 0.0,
  "summary_bg_p95": 104.62916564196348,
  "summary_bg_stdv": 35.41340042843349,
  "summary_csf_k": 18.46170926659053,
  "summary_csf_mad": 167.07871196053185,
  "summary_csf_mean": 492.27522389103734,
  "summary_csf_median": 440.61720944941044,
  "summary_csf_n": 16749.0,
  "summary_csf_p05": 236.2767476066947,
  "summary_csf_p95": 859.05423040688,
  "summary_csf_stdv": 297.4452243160491,
  "summary_gm_k": -0.03777056215456964,
  "summary_gm_mad": 53.724956849499634,
  "summary_gm_mean": 791.6579480466434,
  "summary_gm_median": 789.7461189702153,
  "summary_gm_n": 49079.0,
  "summary_gm_p05": 707.1079929955304,
  "summary_gm_p95": 883.1259071454406,
  "summary_gm_stdv": 53.56260788341517,
  "summary_wm_k": 0.5808427405939285,
  "summary_wm_mad": 61.99033482634574,
  "summary_wm_mean": 1005.299101191255,
  "summary_wm_median": 1000.0995223969221,
  "summary_wm_n": 133790.0,
  "summary_wm_p05": 908.8103264942765,
  "summary_wm_p95": 1120.557458102703,
  "summary_wm_stdv": 64.99987272918223,
  "tpm_overlap_csf": 0.1654054969549179,
  "tpm_overlap_gm": 0.4812306761741638,
  "tpm_overlap_wm": 0.4696657061576843,
  "wm2max": 0.535872406251667
}