{
  "bids_meta": {
    "AcquisitionMatrixPE": 128,
    "AcquisitionNumber": 1,
    "AcquisitionTime": "09:10:41.000000",
    "ConversionSoftware": "dcm2niix",
    "ConversionSoftwareVersion": "v1.0.20180622 GCC4.4.7",
    "DeviceSerialNumber": "00000847570ERMR1",
    "EchoTime": 0.008,
    "FlipAngle": 30,
    "ImageOrientationPatientDICOM": [
      1,
      0,
      0,
      0,
      0.999854,
      0.01706
    ],
    "ImageType": [
      "ORIGINAL",
      "PRIMARY",
      "OTHER"
    ],
    "InPlanePhaseEncodingDirectionDICOM": "ROW",
    "InstitutionName": "Evanston_Hospital",
    "MRAcquisitionType": "3D",
    "MagneticFieldStrength": 1.5,
    "Manufacturer": "GE",
    "ManufacturersModelName": "SIGNA_EXCITE",
    "Modality": "MR",
    "PatientPosition": "HFS",
    "PercentPhaseFOV": 100,
    "PixelBandwidth": 114.922,
    "ProtocolName": "Head_Obl_3D_ZOOM_SPGR",
    "ReconMatrixPE": 256,
    "RepetitionTime": 0.033333,
    "SAR": 0.00299213,
    "ScanOptions": "FC",
    "ScanningSequence": "GR",
    "SequenceVariant": "SS_SP",
    "SeriesDescription": "Head_Obl_3D_ZOOM_SPGR",
    "SeriesNumber": 3,
    "ShiftedAcquisitionDate": "1805-04-01",
    "SliceThickness": 1.2,
    "SoftwareVersions": "12_LX_MR_Software_release:12.0_M4_0520.a",
    "SpacingBetweenSlices": 1.2,
    "StationName": "12342345",
    "dataset": "ds002236",
    "modality": "T1w",
    "subject_id": "55"
  },
  "cjv": 0.4689686594920889,
  "cnr": 2.909571915833512,
  "efc": 0.6461540153365002,
  "fber": 756.3650671381804,
  "fwhm_avg": 3.4013422759967678,
  "fwhm_x": 4.017128548718783,
  "fwhm_y": 3.5134293333333333,
  "fwhm_z": 2.673468945938186,
  "icvs_csf": 0.1292824795135333,
  "icvs_gm": 0.5210294319913177,
  "icvs_wm": 0.349688088495149,
  "inu_med": 1.1619460582733154,
  "inu_range": 0.19163402915000916,
  "provenance": {
    "md5sum": "981d497ef71ee1f0c70f11eef5b60da9",
    "settings": {
      "testing": false
    },
    "software": "mriqc",
    "version": "21.0.0rc2",
    "warnings": {
      "large_rot_frame": true,
      "small_air_mask": false
    },
    "webapi_port": null,
    "webapi_url": "https://mriqc.nimh.nih.gov/api/v1"
  },
  "qi_1": 0.0019959928739774007,
  "qi_2": 0.01815264166265445,
  "rpve_csf": 29.093580256703227,
  "rpve_gm": 8.597065962038327,
  "rpve_wm": 13.268494378091884,
  "size_x": 256,
  "size_y": 256,
  "size_z": 124,
  "snr_csf": 2.0834764326051225,
  "snr_gm": 16.34155950227375,
  "snr_total": 13.443523679917154,
  "snr_wm": 21.905535104872587,
  "snrd_csf": 21.25732308350414,
  "snrd_gm": 37.388806015912564,
  "snrd_total": 35.14901271713098,
  "snrd_wm": 46.80090905197624,
  "spacing_x": 0.9374930262565613,
  "spacing_y": 0.9375,
  "spacing_z": 1.1999690532684326,
  "summary_bg_k": 22.47993612363425,
  "summary_bg_mad": 13.998368407096947,
  "summary_bg_mean": 28.733608499830027,
  "summary_bg_median": 28.20724608004093,
  "summary_bg_n": 1407012.0,
  "summary_bg_p05": 9.441756010055542,
  "summary_bg_p95": 56.65053606033325,
  "summary_bg_stdv": 17.426895001903475,
  "summary_csf_k": 22.24426646967245,
  "summary_csf_mad": 185.5658711965789,
  "summary_csf_mean": 474.0449708967108,
  "summary_csf_median": 454.2074750587344,
  "summary_csf_n": 13140.0,
  "summary_csf_p05": 239.10656985715033,
  "summary_csf_p95": 714.7527321562169,
  "summary_csf_stdv": 217.99631818850057,
  "summary_gm_k": -0.08691754459738954,
  "summary_gm_mad": 49.34424863501674,
  "summary_gm_mean": 801.7888433519577,
  "summary_gm_median": 798.8905804008245,
  "summary_gm_n": 65880.0,
  "summary_gm_p05": 725.9530152231455,
  "summary_gm_p95": 887.1769001923496,
  "summary_gm_stdv": 48.88667553676544,
  "summary_wm_k": 0.1481654717281402,
  "summary_wm_mad": 44.96975850779894,
  "summary_wm_mean": 1001.1968052193621,
  "summary_wm_median": 999.9999834150076,
  "summary_wm_n": 160580.0,
  "summary_wm_p05": 927.7705499380827,
  "summary_wm_p95": 1078.1305143982172,
  "summary_wm_stdv": 45.650419627274246,
  "tpm_overlap_csf": 0.17413336038589478,
  "tpm_overlap_gm": 0.4995236396789551,
  "tpm_overlap_wm": 0.5077186226844788,
  "wm2max": 0.5562154582929885
}