{
  "bids_meta": {
    "AcquisitionMatrixPE": 128,
    "AcquisitionNumber": 1,
    "AcquisitionTime": "14:03:50.000000",
    "ConversionSoftware": "dcm2niix",
    "ConversionSoftwareVersion": "v1.0.20180622 GCC4.4.7",
    "DeviceSerialNumber": "000000847570EMR3",
    "EchoTime": 0.008,
    "FlipAngle": 30,
    "ImageOrientationPatientDICOM": [
      1,
      0,
      0,
      0,
      0.999931,
      0.011719
    ],
    "ImageType": [
      "ORIGINAL",
      "PRIMARY",
      "OTHER"
    ],
    "InPlanePhaseEncodingDirectionDICOM": "ROW",
    "InstitutionName": "Evanston_Hospital",
    "MRAcquisitionType": "3D",
    "MagneticFieldStrength": 1.5,
    "Manufacturer": "GE",
    "ManufacturersModelName": "SIGNA_EXCITE",
    "Modality": "MR",
    "PatientPosition": "HFS",
    "PercentPhaseFOV": 100,
    "PixelBandwidth": 114.922,
    "ProtocolName": "Head_Obl_3D_ZOOM_SPGR",
    "ReconMatrixPE": 256,
    "RepetitionTime": 0.033333,
    "SAR": 0.003101,
    "ScanOptions": "FC_VB_GEMS",
    "ScanningSequence": "GR",
    "SequenceVariant": "SS_SP",
    "SeriesDescription": "Head_Obl_3D_ZOOM_SPGR",
    "SeriesNumber": 2,
    "ShiftedAcquisitionDate": "1803-09-05",
    "SliceThickness": 1.2,
    "SoftwareVersions": "11",
    "SpacingBetweenSlices": 1.2,
    "StationName": "lxmr3",
    "dataset": "ds002236",
    "modality": "T1w",
    "subject_id": "70"
  },
  "cjv": 0.6222424395084553,
  "cnr": 2.1487500872578313,
  "efc": 0.6805722536039807,
  "fber": 848.4797929282007,
  "fwhm_avg": 3.3520291004682448,
  "fwhm_x": 3.877357824321401,
  "fwhm_y": 3.447808,
  "fwhm_z": 2.730921477083333,
  "icvs_csf": 0.14214273186627532,
  "icvs_gm": 0.4697004192660979,
  "icvs_wm": 0.38815684886762675,
  "inu_med": 1.1559317111968994,
  "inu_range": 0.2599135935306549,
  "provenance": {
    "md5sum": "af252a6a082617ac1c0f82e9cff2f373",
    "settings": {
      "testing": false
    },
    "software": "mriqc",
    "version": "21.0.0rc2",
    "warnings": {
      "large_rot_frame": true,
      "small_air_mask": false
    },
    "webapi_port": null,
    "webapi_url": "https://mriqc.nimh.nih.gov/api/v1"
  },
  "qi_1": 0.09768190640223133,
  "qi_2": 0.03157880685120765,
  "rpve_csf": 24.248825782535828,
  "rpve_gm": 8.20055693943026,
  "rpve_wm": 10.962215898612161,
  "size_x": 256,
  "size_y": 256,
  "size_z": 124,
  "snr_csf": 1.5930479090423855,
  "snr_gm": 12.982853513831692,
  "snr_total": 11.28444404071334,
  "snr_wm": 19.277430699265945,
  "snrd_csf": 300.47791178135265,
  "snrd_gm": 465.98817551100177,
  "snrd_total": 445.7591432773779,
  "snrd_wm": 570.8113425397794,
  "spacing_x": 0.9375069737434387,
  "spacing_y": 0.9375,
  "spacing_z": 1.1999832391738892,
  "summary_bg_k": 14.325084226211931,
  "summary_bg_mad": 0.14772840248248456,
  "summary_bg_mean": 35.62064536741061,
  "summary_bg_median": 27.002790480852127,
  "summary_bg_n": 824618.0,
  "summary_bg_p05": 0.0,
  "summary_bg_p95": 80.9087301492691,
  "summary_bg_stdv": 25.675849902659973,
  "summary_csf_k": 15.765554176199569,
  "summary_csf_mad": 164.5694403654878,
  "summary_csf_mean": 572.1761477377833,
  "summary_csf_median": 526.4049524366856,
  "summary_csf_n": 14067.0,
  "summary_csf_p05": 250.79713520407677,
  "summary_csf_p95": 1179.2945625722364,
  "summary_csf_stdv": 330.4271255642525,
  "summary_gm_k": -0.1855759786527753,
  "summary_gm_mad": 64.63117608608698,
  "summary_gm_mean": 820.7502876475697,
  "summary_gm_median": 816.3611159026623,
  "summary_gm_n": 38430.0,
  "summary_gm_p05": 724.8356059536338,
  "summary_gm_p95": 930.1514728367329,
  "summary_gm_stdv": 62.87912696232633,
  "summary_wm_k": 0.5707865107844143,
  "summary_wm_mad": 49.63674323411481,
  "summary_wm_mean": 1004.6680860002272,
  "summary_wm_median": 1000.0000194311142,
  "summary_wm_n": 200767.0,
  "summary_wm_p05": 928.5572121441364,
  "summary_wm_p95": 1096.950997799635,
  "summary_wm_stdv": 51.874004610838284,
  "tpm_overlap_csf": 0.1528453677892685,
  "tpm_overlap_gm": 0.4658777415752411,
  "tpm_overlap_wm": 0.49594831466674805,
  "wm2max": 0.5349944245648527
}