{
  "bids_meta": {
    "AcquisitionMatrixPE": 128,
    "AcquisitionNumber": 1,
    "AcquisitionTime": "09:21:51.000000",
    "ConversionSoftware": "dcm2niix",
    "ConversionSoftwareVersion": "v1.0.20180622 GCC4.4.7",
    "DeviceSerialNumber": "000000847570EMR3",
    "EchoTime": 0.008,
    "FlipAngle": 30,
    "ImageOrientationPatientDICOM": [
      1,
      0,
      0,
      0,
      0.999996,
      0.0029908
    ],
    "ImageType": [
      "ORIGINAL",
      "PRIMARY",
      "OTHER"
    ],
    "InPlanePhaseEncodingDirectionDICOM": "ROW",
    "InstitutionName": "Evanston_Hospital",
    "MRAcquisitionType": "3D",
    "MagneticFieldStrength": 1.5,
    "Manufacturer": "GE",
    "ManufacturersModelName": "SIGNA_EXCITE",
    "Modality": "MR",
    "PatientPosition": "HFS",
    "PercentPhaseFOV": 100,
    "PixelBandwidth": 114.922,
    "ProtocolName": "Head_Obl_3D_ZOOM_SPGR",
    "ReconMatrixPE": 256,
    "RepetitionTime": 0.033333,
    "SAR": 0.003193,
    "ScanOptions": "FC_VB_GEMS",
    "ScanningSequence": "GR",
    "SequenceVariant": "SS_SP",
    "SeriesDescription": "Head_Obl_3D_ZOOM_SPGR",
    "SeriesNumber": 2,
    "ShiftedAcquisitionDate": "1803-12-30",
    "SliceThickness": 1.2,
    "SoftwareVersions": "11",
    "SpacingBetweenSlices": 1.2,
    "StationName": "lxmr3",
    "dataset": "ds002236",
    "modality": "T1w",
    "subject_id": "25"
  },
  "cjv": 0.544236639918723,
  "cnr": 2.5038622566992306,
  "efc": 0.6364970650615914,
  "fber": 1099.302942757323,
  "fwhm_avg": 3.2656009948594495,
  "fwhm_x": 3.7657012924050273,
  "fwhm_y": 3.3465599999999998,
  "fwhm_z": 2.684541692173323,
  "icvs_csf": 0.14691246590388587,
  "icvs_gm": 0.4969538307685305,
  "icvs_wm": 0.35613370332758365,
  "inu_med": 1.0817985534667969,
  "inu_range": 0.20093350410461408,
  "provenance": {
    "md5sum": "317566e614d7ebfad1a96b4cfea7fbbe",
    "settings": {
      "testing": false
    },
    "software": "mriqc",
    "version": "21.0.0rc2",
    "warnings": {
      "large_rot_frame": true,
      "small_air_mask": false
    },
    "webapi_port": null,
    "webapi_url": "https://mriqc.nimh.nih.gov/api/v1"
  },
  "qi_1": 0.012845376421739654,
  "qi_2": 0.13495035691247317,
  "rpve_csf": 28.101539050802604,
  "rpve_gm": 9.607622479876287,
  "rpve_wm": 14.20905963039435,
  "size_x": 256,
  "size_y": 256,
  "size_z": 124,
  "snr_csf": 1.4356482034189466,
  "snr_gm": 14.814651315479766,
  "snr_total": 12.65335735848175,
  "snr_wm": 21.70977255654654,
  "snrd_csf": 243.09138780306435,
  "snrd_gm": 467.6400418601728,
  "snrd_total": 428.1152236380811,
  "snrd_wm": 573.6142412510062,
  "spacing_x": 0.9375039935112,
  "spacing_y": 0.9375,
  "spacing_z": 1.200007438659668,
  "summary_bg_k": 33.456861931339404,
  "summary_bg_mad": 0.14222967998174216,
  "summary_bg_mean": 26.507203520551215,
  "summary_bg_median": 23.407520562410355,
  "summary_bg_n": 1044890.0,
  "summary_bg_p05": 0.0,
  "summary_bg_p95": 47.00690604746342,
  "summary_bg_stdv": 17.157305051569132,
  "summary_csf_k": 22.705734287527378,
  "summary_csf_mad": 152.75467630039108,
  "summary_csf_mean": 490.7818648627121,
  "summary_csf_median": 423.8296141177416,
  "summary_csf_n": 13096.0,
  "summary_csf_p05": 249.9999942034483,
  "summary_csf_p95": 850.1534722298384,
  "summary_csf_stdv": 295.20702297104515,
  "summary_gm_k": -0.2507762238213691,
  "summary_gm_mad": 57.03410167267861,
  "summary_gm_mean": 817.565328478802,
  "summary_gm_median": 815.3299887701869,
  "summary_gm_n": 42144.0,
  "summary_gm_p05": 730.52569296211,
  "summary_gm_p95": 910.2071930170059,
  "summary_gm_stdv": 55.034728675426614,
  "summary_wm_k": 0.5519907495798071,
  "summary_wm_mad": 43.5222820744131,
  "summary_wm_mean": 1003.3982503181294,
  "summary_wm_median": 1000.0959092751145,
  "summary_wm_n": 142121.0,
  "summary_wm_p05": 933.9025109633803,
  "summary_wm_p95": 1084.6124076992273,
  "summary_wm_stdv": 46.06646100034843,
  "tpm_overlap_csf": 0.18798303604125977,
  "tpm_overlap_gm": 0.4994421601295471,
  "tpm_overlap_wm": 0.5115719437599182,
  "wm2max": 0.5635744404800519
}