{
  "bids_meta": {
    "AcquisitionMatrixPE": 128,
    "AcquisitionNumber": 1,
    "AcquisitionTime": "14:45:13.000000",
    "ConversionSoftware": "dcm2niix",
    "ConversionSoftwareVersion": "v1.0.20180622 GCC4.4.7",
    "DeviceSerialNumber": "00000847570ERMR1",
    "EchoTime": 0.008,
    "FlipAngle": 30,
    "ImageOrientationPatientDICOM": [
      1,
      0,
      0,
      0,
      1,
      0
    ],
    "ImageType": [
      "ORIGINAL",
      "PRIMARY",
      "OTHER"
    ],
    "InPlanePhaseEncodingDirectionDICOM": "ROW",
    "InstitutionName": "Evanston_Hospital",
    "MRAcquisitionType": "3D",
    "MagneticFieldStrength": 1.5,
    "Manufacturer": "GE",
    "ManufacturersModelName": "SIGNA_EXCITE",
    "Modality": "MR",
    "PatientPosition": "HFS",
    "PercentPhaseFOV": 100,
    "PixelBandwidth": 114.922,
    "ProtocolName": "Head_Ax_3D_ZOOM_SPGR",
    "ReconMatrixPE": 256,
    "RepetitionTime": 0.033333,
    "SAR": 0.002703,
    "ScanOptions": "FC_VB_GEMS",
    "ScanningSequence": "GR",
    "SequenceVariant": "SS_SP",
    "SeriesDescription": "Head_Ax_3D_ZOOM_SPGR",
    "SeriesNumber": 2,
    "ShiftedAcquisitionDate": "1804-09-04",
    "SliceThickness": 1.2,
    "SoftwareVersions": "11",
    "SpacingBetweenSlices": 1.2,
    "StationName": "12342345",
    "dataset": "ds002236",
    "modality": "T1w",
    "subject_id": "48"
  },
  "cjv": 0.4433359861670223,
  "cnr": 2.9861230624346016,
  "efc": 0.6893554001190111,
  "fber": 494.2431024930748,
  "fwhm_avg": 3.6147587027183588,
  "fwhm_x": 4.209397333333333,
  "fwhm_y": 3.659264,
  "fwhm_z": 2.9756147748217425,
  "icvs_csf": 0.15846212085723582,
  "icvs_gm": 0.48314635477266943,
  "icvs_wm": 0.35839152437009475,
  "inu_med": 1.1835463047027588,
  "inu_range": 0.1658473014831543,
  "provenance": {
    "md5sum": "dabedbc4de7ace2b614b4945dcb63dea",
    "settings": {
      "testing": false
    },
    "software": "mriqc",
    "version": "21.0.0rc2",
    "warnings": {
      "large_rot_frame": true,
      "small_air_mask": false
    },
    "webapi_port": null,
    "webapi_url": "https://mriqc.nimh.nih.gov/api/v1"
  },
  "qi_1": 0.0034629698958356272,
  "qi_2": 0.0038370197820317064,
  "rpve_csf": 20.93976188804004,
  "rpve_gm": 8.015150691304099,
  "rpve_wm": 11.840348734059702,
  "size_x": 256,
  "size_y": 256,
  "size_z": 124,
  "snr_csf": 1.4885226725983969,
  "snr_gm": 17.111139880270375,
  "snr_total": 14.916465818807962,
  "snr_wm": 26.149734903555114,
  "snrd_csf": 22.75696273977837,
  "snrd_gm": 42.55576581381424,
  "snrd_total": 39.315292155075575,
  "snrd_wm": 52.633147911634104,
  "spacing_x": 0.9375,
  "spacing_y": 0.9375,
  "spacing_z": 1.2000007629394531,
  "summary_bg_k": 59.82499935728753,
  "summary_bg_mad": 12.447220070568386,
  "summary_bg_mean": 30.663114365842326,
  "summary_bg_median": 25.186567068099976,
  "summary_bg_n": 1263017.0,
  "summary_bg_p05": 8.395522356033325,
  "summary_bg_p95": 66.11473855376244,
  "summary_bg_stdv": 20.3969298939285,
  "summary_csf_k": 65.4275030976031,
  "summary_csf_mad": 152.6513239209984,
  "summary_csf_mean": 467.8426702726292,
  "summary_csf_median": 432.36940133571625,
  "summary_csf_n": 22468.0,
  "summary_csf_p05": 241.25466325879097,
  "summary_csf_p95": 674.5569004118443,
  "summary_csf_stdv": 290.4623404764982,
  "summary_gm_k": -0.1918641937944665,
  "summary_gm_mad": 48.751611943059515,
  "summary_gm_mean": 809.4020992022914,
  "summary_gm_median": 808.5354446768761,
  "summary_gm_n": 50769.0,
  "summary_gm_p05": 733.2089524269104,
  "summary_gm_p95": 887.9430936276913,
  "summary_gm_stdv": 47.251526631761564,
  "summary_wm_k": 0.5618025706706935,
  "summary_wm_mad": 36.13151381595545,
  "summary_wm_mean": 1002.2968639289783,
  "summary_wm_median": 999.9999961853027,
  "summary_wm_n": 192808.0,
  "summary_wm_p05": 943.7966381907463,
  "summary_wm_p95": 1069.2630556225777,
  "summary_wm_stdv": 38.2412061390575,
  "tpm_overlap_csf": 0.17959918081760406,
  "tpm_overlap_gm": 0.48563483357429504,
  "tpm_overlap_wm": 0.5086326003074646,
  "wm2max": 0.49403556894794787
}