{
  "bids_meta": {
    "AcquisitionMatrixPE": 128,
    "AcquisitionNumber": 1,
    "AcquisitionTime": "09:09:13.000000",
    "ConversionSoftware": "dcm2niix",
    "ConversionSoftwareVersion": "v1.0.20180622 GCC4.4.7",
    "DeviceSerialNumber": "000000847570EMR3",
    "EchoTime": 0.008,
    "FlipAngle": 30,
    "ImageOrientationPatientDICOM": [
      1,
      0,
      0,
      0,
      0.999966,
      0.008301
    ],
    "ImageType": [
      "ORIGINAL",
      "PRIMARY",
      "OTHER"
    ],
    "InPlanePhaseEncodingDirectionDICOM": "ROW",
    "InstitutionName": "Evanston_Hospital",
    "MRAcquisitionType": "3D",
    "MagneticFieldStrength": 1.5,
    "Manufacturer": "GE",
    "ManufacturersModelName": "SIGNA_EXCITE",
    "Modality": "MR",
    "PatientPosition": "HFS",
    "PercentPhaseFOV": 100,
    "PixelBandwidth": 114.922,
    "ProtocolName": "Head_Obl_3D_ZOOM_SPGR",
    "ReconMatrixPE": 256,
    "RepetitionTime": 0.033333,
    "SAR": 0.002971,
    "ScanOptions": "FC_VB_GEMS",
    "ScanningSequence": "GR",
    "SequenceVariant": "SS_SP",
    "SeriesDescription": "Head_Obl_3D_ZOOM_SPGR",
    "SeriesNumber": 2,
    "ShiftedAcquisitionDate": "1804-05-12",
    "SliceThickness": 1.2,
    "SoftwareVersions": "11",
    "SpacingBetweenSlices": 1.2,
    "StationName": "lxmr3",
    "dataset": "ds002236",
    "modality": "T1w",
    "subject_id": "73"
  },
  "cjv": 0.5556159770321965,
  "cnr": 2.425472565302682,
  "efc": 0.6556393273782409,
  "fber": 835.8108965712157,
  "fwhm_avg": 3.442789156489576,
  "fwhm_x": 3.9861056868717815,
  "fwhm_y": 3.501386666666667,
  "fwhm_z": 2.8408751159302783,
  "icvs_csf": 0.14337851769720752,
  "icvs_gm": 0.5028143266607126,
  "icvs_wm": 0.3538071556420799,
  "inu_med": 1.029160499572754,
  "inu_range": 0.21842521429061867,
  "provenance": {
    "md5sum": "d9e28f2b0aa924990468066a02de7e52",
    "settings": {
      "testing": false
    },
    "software": "mriqc",
    "version": "21.0.0rc2",
    "warnings": {
      "large_rot_frame": true,
      "small_air_mask": false
    },
    "webapi_port": null,
    "webapi_url": "https://mriqc.nimh.nih.gov/api/v1"
  },
  "qi_1": 0.07384410327115469,
  "qi_2": 0.04576608255389091,
  "rpve_csf": 27.99437044745057,
  "rpve_gm": 9.197795919871735,
  "rpve_wm": 13.641548200140141,
  "size_x": 256,
  "size_y": 256,
  "size_z": 124,
  "snr_csf": 1.1088150212920507,
  "snr_gm": 14.384851347103197,
  "snr_total": 11.392937032902376,
  "snr_wm": 18.68514473031188,
  "snrd_csf": 235.26282021371335,
  "snrd_gm": 461.3897513504147,
  "snrd_total": 423.57884116840995,
  "snrd_wm": 574.0839519411018,
  "spacing_x": 0.9375039935112,
  "spacing_y": 0.9375,
  "spacing_z": 1.2000386714935303,
  "summary_bg_k": 34.54350437113034,
  "summary_bg_mad": 0.1412944052672227,
  "summary_bg_mean": 32.45213528052964,
  "summary_bg_median": 26.58915424346924,
  "summary_bg_n": 1180296.0,
  "summary_bg_p05": 0.0,
  "summary_bg_p95": 79.10035133361816,
  "summary_bg_stdv": 23.762620985119682,
  "summary_csf_k": 24.96547389312335,
  "summary_csf_mad": 138.39786995924464,
  "summary_csf_mean": 491.26305420179807,
  "summary_csf_median": 409.84465169906616,
  "summary_csf_n": 14834.0,
  "summary_csf_p05": 247.49832820892334,
  "summary_csf_p95": 997.2219413280417,
  "summary_csf_stdv": 369.6115485712815,
  "summary_gm_k": -0.22306968497606228,
  "summary_gm_mad": 57.64811734902686,
  "summary_gm_mean": 806.3790748881551,
  "summary_gm_median": 803.7739315032959,
  "summary_gm_n": 49248.0,
  "summary_gm_p05": 718.7648792266846,
  "summary_gm_p95": 901.8393068313599,
  "summary_gm_stdv": 55.875848251355414,
  "summary_wm_k": 0.5993725316043141,
  "summary_wm_mad": 51.43116351726906,
  "summary_wm_mean": 1004.3783714709795,
  "summary_wm_median": 1000.0952854156494,
  "summary_wm_n": 151987.0,
  "summary_wm_p05": 925.2835073471069,
  "summary_wm_p95": 1098.827772140503,
  "summary_wm_stdv": 53.52337430490078,
  "tpm_overlap_csf": 0.17426645755767822,
  "tpm_overlap_gm": 0.4930223524570465,
  "tpm_overlap_wm": 0.49389225244522095,
  "wm2max": 0.5638670966220372
}