{
  "bids_meta": {
    "AcquisitionMatrixPE": 128,
    "AcquisitionNumber": 1,
    "AcquisitionTime": "11:48:47.000000",
    "ConversionSoftware": "dcm2niix",
    "ConversionSoftwareVersion": "v1.0.20180622 GCC4.4.7",
    "DeviceSerialNumber": "00000847570ERMR1",
    "EchoTime": 0.008,
    "FlipAngle": 30,
    "ImageOrientationPatientDICOM": [
      1,
      0,
      0,
      0,
      1,
      0
    ],
    "ImageType": [
      "ORIGINAL",
      "PRIMARY",
      "OTHER"
    ],
    "InPlanePhaseEncodingDirectionDICOM": "ROW",
    "InstitutionName": "Evanston_Hospital",
    "MRAcquisitionType": "3D",
    "MagneticFieldStrength": 1.5,
    "Manufacturer": "GE",
    "ManufacturersModelName": "SIGNA_EXCITE",
    "Modality": "MR",
    "PatientPosition": "HFS",
    "PercentPhaseFOV": 100,
    "PixelBandwidth": 114.922,
    "ProtocolName": "Head_Ax_3D_ZOOM_SPGR",
    "ReconMatrixPE": 256,
    "RepetitionTime": 0.033333,
    "SAR": 0.002835,
    "ScanOptions": "FC_VB_GEMS",
    "ScanningSequence": "GR",
    "SequenceVariant": "SS_SP",
    "SeriesDescription": "Head_Ax_3D_ZOOM_SPGR",
    "SeriesNumber": 3,
    "ShiftedAcquisitionDate": "1804-07-15",
    "SliceThickness": 1.2,
    "SoftwareVersions": "11",
    "SpacingBetweenSlices": 1.2,
    "StationName": "12342345",
    "dataset": "ds002236",
    "modality": "T1w",
    "subject_id": "46"
  },
  "cjv": 0.41858958535095064,
  "cnr": 3.2030851594165384,
  "efc": 0.6596691684385577,
  "fber": 874.056375308642,
  "fwhm_avg": 3.6013847053170047,
  "fwhm_x": 4.216789333333334,
  "fwhm_y": 3.6695786666666668,
  "fwhm_z": 2.917786115951013,
  "icvs_csf": 0.17374346685445172,
  "icvs_gm": 0.4729005870926976,
  "icvs_wm": 0.35335594605285064,
  "inu_med": 0.9583301544189453,
  "inu_range": 0.13768441081047056,
  "provenance": {
    "md5sum": "ee5fe2be2d9ca61a8858279bcddffefb",
    "settings": {
      "testing": false
    },
    "software": "mriqc",
    "version": "21.0.0rc2",
    "warnings": {
      "large_rot_frame": true,
      "small_air_mask": false
    },
    "webapi_port": null,
    "webapi_url": "https://mriqc.nimh.nih.gov/api/v1"
  },
  "qi_1": 0.0009042804263036296,
  "qi_2": 0.007172097631507288,
  "rpve_csf": 18.401078675554903,
  "rpve_gm": 7.713147481909629,
  "rpve_wm": 11.601968776314022,
  "size_x": 256,
  "size_y": 256,
  "size_z": 124,
  "snr_csf": 1.3475402342181573,
  "snr_gm": 15.629031199792326,
  "snr_total": 14.648197230789075,
  "snr_wm": 26.968020258356738,
  "snrd_csf": 22.40640240760573,
  "snrd_gm": 42.461988470053775,
  "snrd_total": 39.51217547888681,
  "snrd_wm": 53.668135559000945,
  "spacing_x": 0.9375,
  "spacing_y": 0.9375,
  "spacing_z": 1.1999988555908203,
  "summary_bg_k": 23.755821675175458,
  "summary_bg_mad": 12.207175881595218,
  "summary_bg_mean": 28.75552573266059,
  "summary_bg_median": 24.481281965970993,
  "summary_bg_n": 1431112.0,
  "summary_bg_p05": 8.1238334774971,
  "summary_bg_p95": 57.19617894291878,
  "summary_bg_stdv": 17.660279327318783,
  "summary_csf_k": 77.37040531126353,
  "summary_csf_mad": 145.9978235438788,
  "summary_csf_mean": 462.34811050372895,
  "summary_csf_median": 417.49917182326317,
  "summary_csf_n": 22027.0,
  "summary_csf_p05": 252.93665313720703,
  "summary_csf_p95": 660.1932078868151,
  "summary_csf_stdv": 309.81612580290266,
  "summary_gm_k": -0.07990328114502665,
  "summary_gm_mad": 51.107376357611976,
  "summary_gm_mean": 793.045587256972,
  "summary_gm_median": 791.1955117881298,
  "summary_gm_n": 40789.0,
  "summary_gm_p05": 713.2506230175495,
  "summary_gm_p95": 880.1185539066792,
  "summary_gm_stdv": 50.62283150992369,
  "summary_wm_k": 0.28334802867872577,
  "summary_wm_mad": 36.296002954609776,
  "summary_wm_mean": 1001.1044735336886,
  "summary_wm_median": 999.9999884665012,
  "summary_wm_n": 200956.0,
  "summary_wm_p05": 942.0353387892246,
  "summary_wm_p95": 1063.4537148177624,
  "summary_wm_stdv": 37.08086432657993,
  "tpm_overlap_csf": 0.180230975151062,
  "tpm_overlap_gm": 0.49406272172927856,
  "tpm_overlap_wm": 0.5146664977073669,
  "wm2max": 0.6285970602442895
}