{
  "bids_meta": {
    "AcquisitionMatrixPE": 128,
    "AcquisitionNumber": 1,
    "AcquisitionTime": "10:47:30.000000",
    "ConversionSoftware": "dcm2niix",
    "ConversionSoftwareVersion": "v1.0.20180622 GCC4.4.7",
    "DeviceSerialNumber": "00000847570ERMR1",
    "EchoTime": 0.008,
    "FlipAngle": 30,
    "ImageOrientationPatientDICOM": [
      1,
      0,
      0,
      0,
      0.999973,
      0.00735498
    ],
    "ImageType": [
      "ORIGINAL",
      "PRIMARY",
      "OTHER"
    ],
    "InPlanePhaseEncodingDirectionDICOM": "ROW",
    "InstitutionName": "Evanston_Hospital",
    "MRAcquisitionType": "3D",
    "MagneticFieldStrength": 1.5,
    "Manufacturer": "GE",
    "ManufacturersModelName": "SIGNA_EXCITE",
    "Modality": "MR",
    "PatientPosition": "HFS",
    "PercentPhaseFOV": 100,
    "PixelBandwidth": 114.922,
    "ProtocolName": "Head_Obl_3D_ZOOM_SPGR",
    "ReconMatrixPE": 256,
    "RepetitionTime": 0.033333,
    "SAR": 0.002757,
    "ScanOptions": "FC_VB_GEMS",
    "ScanningSequence": "GR",
    "SequenceVariant": "SS_SP",
    "SeriesDescription": "Head_Obl_3D_ZOOM_SPGR",
    "SeriesNumber": 2,
    "ShiftedAcquisitionDate": "1804-06-11",
    "SliceThickness": 1.2,
    "SoftwareVersions": "11",
    "SpacingBetweenSlices": 1.2,
    "StationName": "12342345",
    "dataset": "ds002236",
    "modality": "T1w",
    "subject_id": "43"
  },
  "cjv": 0.39693906272813206,
  "cnr": 3.362601059780768,
  "efc": 0.6638828463325507,
  "fber": 663.2883964296706,
  "fwhm_avg": 3.432287079673724,
  "fwhm_x": 4.025399463066937,
  "fwhm_y": 3.538965333333333,
  "fwhm_z": 2.7324964426209037,
  "icvs_csf": 0.14965430807427746,
  "icvs_gm": 0.4741030674142226,
  "icvs_wm": 0.3762426245114999,
  "inu_med": 1.105233907699585,
  "inu_range": 0.131707465648651,
  "provenance": {
    "md5sum": "38477568ce1f3d4979c0ce59106d7c0e",
    "settings": {
      "testing": false
    },
    "software": "mriqc",
    "version": "21.0.0rc2",
    "warnings": {
      "large_rot_frame": true,
      "small_air_mask": false
    },
    "webapi_port": null,
    "webapi_url": "https://mriqc.nimh.nih.gov/api/v1"
  },
  "qi_1": 0.0002456064759652361,
  "qi_2": 0.0059950179459113805,
  "rpve_csf": 24.098083722097865,
  "rpve_gm": 8.668801115383028,
  "rpve_wm": 12.032597584721094,
  "size_x": 256,
  "size_y": 256,
  "size_z": 124,
  "snr_csf": 1.5942648803175654,
  "snr_gm": 15.652297282084946,
  "snr_total": 15.094229964885264,
  "snr_wm": 28.036127732253277,
  "snrd_csf": 24.67974993531986,
  "snrd_gm": 46.326034357176745,
  "snrd_total": 43.34830180590338,
  "snrd_wm": 59.03912112521352,
  "spacing_x": 0.9374970197677612,
  "spacing_y": 0.9375,
  "spacing_z": 1.200034499168396,
  "summary_bg_k": 27.809322211454035,
  "summary_bg_mad": 11.096648344105777,
  "summary_bg_mean": 28.2104373290836,
  "summary_bg_median": 21.94801214337349,
  "summary_bg_n": 1692952.0,
  "summary_bg_p05": 7.282289743423462,
  "summary_bg_p95": 57.85374629497528,
  "summary_bg_stdv": 17.763289318481615,
  "summary_csf_k": 47.79089729094508,
  "summary_csf_mad": 119.06403763810793,
  "summary_csf_mean": 464.2912976371783,
  "summary_csf_median": 418.02365985512733,
  "summary_csf_n": 21810.0,
  "summary_csf_p05": 263.5784315466881,
  "summary_csf_p95": 691.4786968663333,
  "summary_csf_stdv": 262.1986356240875,
  "summary_gm_k": -0.042808679299058294,
  "summary_gm_mad": 50.83464579259268,
  "summary_gm_mean": 786.6775155387597,
  "summary_gm_median": 784.666719853878,
  "summary_gm_n": 49261.0,
  "summary_gm_p05": 707.6969629824162,
  "summary_gm_p95": 871.7507680356503,
  "summary_gm_stdv": 50.1305809167581,
  "summary_wm_k": 0.3303719442012789,
  "summary_wm_mad": 34.63953739849236,
  "summary_wm_mean": 1001.2730227795597,
  "summary_wm_median": 999.9999818503857,
  "summary_wm_n": 191385.0,
  "summary_wm_p05": 944.8770942091942,
  "summary_wm_p95": 1061.3937301039696,
  "summary_wm_stdv": 35.66816997204869,
  "tpm_overlap_csf": 0.17643873393535614,
  "tpm_overlap_gm": 0.47908851504325867,
  "tpm_overlap_wm": 0.516947329044342,
  "wm2max": 0.5636657532206528
}