{
  "bids_meta": {
    "AcquisitionMatrixPE": 128,
    "AcquisitionNumber": 1,
    "AcquisitionTime": "11:07:34.000000",
    "ConversionSoftware": "dcm2niix",
    "ConversionSoftwareVersion": "v1.0.20180622 GCC4.4.7",
    "DeviceSerialNumber": "000000847570EMR3",
    "EchoTime": 0.008,
    "FlipAngle": 30,
    "ImageOrientationPatientDICOM": [
      1,
      0,
      0,
      0,
      0.999998,
      0.00207525
    ],
    "ImageType": [
      "ORIGINAL",
      "PRIMARY",
      "OTHER"
    ],
    "InPlanePhaseEncodingDirectionDICOM": "ROW",
    "InstitutionName": "Evanston_Hospital",
    "MRAcquisitionType": "3D",
    "MagneticFieldStrength": 1.5,
    "Manufacturer": "GE",
    "ManufacturersModelName": "SIGNA_EXCITE",
    "Modality": "MR",
    "PatientPosition": "HFS",
    "PercentPhaseFOV": 100,
    "PixelBandwidth": 114.922,
    "ProtocolName": "Head_Obl_3D_ZOOM_SPGR",
    "ReconMatrixPE": 256,
    "RepetitionTime": 0.033333,
    "SAR": 0.003049,
    "ScanOptions": "FC_VB_GEMS",
    "ScanningSequence": "GR",
    "SequenceVariant": "SS_SP",
    "SeriesDescription": "Head_Obl_3D_ZOOM_SPGR",
    "SeriesNumber": 2,
    "ShiftedAcquisitionDate:": "1804-01-10",
    "SliceThickness": 1.2,
    "SoftwareVersions": "11",
    "SpacingBetweenSlices": 1.2,
    "StationName": "lxmr3",
    "dataset": "ds002236",
    "modality": "T1w",
    "subject_id": "16"
  },
  "cjv": 0.6220560143515151,
  "cnr": 2.1287647292980756,
  "efc": 0.6695484768207435,
  "fber": 818.3413777777779,
  "fwhm_avg": 3.520414690895443,
  "fwhm_x": 4.040588598947375,
  "fwhm_y": 3.675498666666667,
  "fwhm_z": 2.845156807072286,
  "icvs_csf": 0.15482490718084765,
  "icvs_gm": 0.4720487826130468,
  "icvs_wm": 0.37312631020610554,
  "inu_med": 1.1575565338134766,
  "inu_range": 0.2862998843193052,
  "provenance": {
    "md5sum": "47fa5e83fdb6c6b832efab964db3644d",
    "settings": {
      "testing": false
    },
    "software": "mriqc",
    "version": "21.0.0rc2",
    "warnings": {
      "large_rot_frame": true,
      "small_air_mask": false
    },
    "webapi_port": null,
    "webapi_url": "https://mriqc.nimh.nih.gov/api/v1"
  },
  "qi_1": 0.0817503091266715,
  "qi_2": 0.04706014137070563,
  "rpve_csf": 23.96493496841323,
  "rpve_gm": 8.547293275254061,
  "rpve_wm": 11.577071669260555,
  "size_x": 256,
  "size_y": 256,
  "size_z": 124,
  "snr_csf": 1.829006234306669,
  "snr_gm": 14.275460375007059,
  "snr_total": 10.772490157894493,
  "snr_wm": 16.21300386436975,
  "snrd_csf": 266.33797107848835,
  "snrd_gm": 469.12097229602904,
  "snrd_total": 437.8462408096271,
  "snrd_wm": 578.0797790543639,
  "spacing_x": 0.9375020265579224,
  "spacing_y": 0.9375,
  "spacing_z": 1.2000006437301636,
  "summary_bg_k": 20.111157052392546,
  "summary_bg_mad": 0.13339951975111133,
  "summary_bg_mean": 35.99100151177387,
  "summary_bg_median": 26.9030060172081,
  "summary_bg_n": 1052796.0,
  "summary_bg_p05": 0.0,
  "summary_bg_p95": 81.15890109539032,
  "summary_bg_stdv": 28.35501417655947,
  "summary_csf_k": 45.18404751791313,
  "summary_csf_mad": 149.4074621212447,
  "summary_csf_mean": 488.8996992684273,
  "summary_csf_median": 460.77021342515945,
  "summary_csf_n": 18105.0,
  "summary_csf_p05": 255.10168113708497,
  "summary_csf_p95": 719.7588840603827,
  "summary_csf_stdv": 251.9168495236701,
  "summary_gm_k": -0.10976281027248236,
  "summary_gm_mad": 57.62859253248009,
  "summary_gm_mean": 814.0750249849807,
  "summary_gm_median": 811.5890109539032,
  "summary_gm_n": 33093.0,
  "summary_gm_p05": 723.9517940282822,
  "summary_gm_p95": 911.5530232787132,
  "summary_gm_stdv": 56.851178686761486,
  "summary_wm_k": 0.48319104707959903,
  "summary_wm_mad": 59.629585328746764,
  "summary_wm_mean": 1006.7418469489486,
  "summary_wm_median": 1000.0900062918663,
  "summary_wm_n": 159591.0,
  "summary_wm_p05": 917.2215496301651,
  "summary_wm_p95": 1117.959363758564,
  "summary_wm_stdv": 61.68424317680198,
  "tpm_overlap_csf": 0.15482431650161743,
  "tpm_overlap_gm": 0.475037544965744,
  "tpm_overlap_wm": 0.48174870014190674,
  "wm2max": 0.588071326306116
}