{
  "bids_meta": {
    "AcquisitionMatrixPE": 128,
    "AcquisitionNumber": 1,
    "AcquisitionTime": "10:34:22.000000",
    "ConversionSoftware": "dcm2niix",
    "ConversionSoftwareVersion": "v1.0.20180622 GCC4.4.7",
    "DeviceSerialNumber": "000000847570EMR3",
    "EchoTime": 0.008,
    "FlipAngle": 30,
    "ImageOrientationPatientDICOM": [
      1,
      0,
      0,
      0,
      0.999996,
      0.00292977
    ],
    "ImageType": [
      "ORIGINAL",
      "PRIMARY",
      "OTHER"
    ],
    "InPlanePhaseEncodingDirectionDICOM": "ROW",
    "InstitutionName": "Evanston_Hospital",
    "MRAcquisitionType": "3D",
    "MagneticFieldStrength": 1.5,
    "Manufacturer": "GE",
    "ManufacturersModelName": "SIGNA_EXCITE",
    "Modality": "MR",
    "PatientPosition": "HFS",
    "PercentPhaseFOV": 100,
    "PixelBandwidth": 114.922,
    "ProtocolName": "Head_Obl_3D_ZOOM_SPGR",
    "ReconMatrixPE": 256,
    "RepetitionTime": 0.033333,
    "SAR": 0.002757,
    "ScanOptions": "FC_VB_GEMS",
    "ScanningSequence": "GR",
    "SequenceVariant": "SS_SP",
    "SeriesDescription": "Head_Obl_3D_ZOOM_SPGR",
    "SeriesNumber": 2,
    "ShiftedAcquisitionDate": "1804-05-25",
    "SliceThickness": 1.2,
    "SoftwareVersions": "11",
    "SpacingBetweenSlices": 1.2,
    "StationName": "lxmr3",
    "dataset": "ds002236",
    "modality": "T1w",
    "subject_id": "24"
  },
  "cjv": 0.7103549528893064,
  "cnr": 1.9777741604850094,
  "efc": 0.6539279847170516,
  "fber": 681.21,
  "fwhm_avg": 3.3147044391105216,
  "fwhm_x": 3.8784581454228886,
  "fwhm_y": 3.401898666666667,
  "fwhm_z": 2.66375650524201,
  "icvs_csf": 0.17278859514271416,
  "icvs_gm": 0.4551503874091478,
  "icvs_wm": 0.372061017448138,
  "inu_med": 1.2513877153396606,
  "inu_range": 0.24036407470703125,
  "provenance": {
    "md5sum": "715eccc7881f2d49a2f11a216c18519e",
    "settings": {
      "testing": false
    },
    "software": "mriqc",
    "version": "21.0.0rc2",
    "warnings": {
      "large_rot_frame": true,
      "small_air_mask": false
    },
    "webapi_port": null,
    "webapi_url": "https://mriqc.nimh.nih.gov/api/v1"
  },
  "qi_1": 0.0112227347353608,
  "qi_2": 0.11232927816317242,
  "rpve_csf": 22.22650409914099,
  "rpve_gm": 9.29807247017543,
  "rpve_wm": 12.91465490659609,
  "size_x": 256,
  "size_y": 256,
  "size_z": 124,
  "snr_csf": 2.026063654351842,
  "snr_gm": 13.914784828239785,
  "snr_total": 12.352080565548066,
  "snr_wm": 21.115393214052574,
  "snrd_csf": 263.5862730253946,
  "snrd_gm": 452.341866174608,
  "snrd_total": 417.5114891809581,
  "snrd_wm": 536.6063283428717,
  "spacing_x": 0.9375039935112,
  "spacing_y": 0.9375,
  "spacing_z": 1.2000045776367188,
  "summary_bg_k": 23.774999389365927,
  "summary_bg_mad": 0.22088829499446627,
  "summary_bg_mean": 30.76745858508844,
  "summary_bg_median": 29.797378182411194,
  "summary_bg_n": 1310782.0,
  "summary_bg_p05": 0.0,
  "summary_bg_p95": 59.743743255734444,
  "summary_bg_stdv": 19.78386126004197,
  "summary_csf_k": 29.66029900391414,
  "summary_csf_mad": 190.40571028522993,
  "summary_csf_mean": 503.79376680905625,
  "summary_csf_median": 491.20977933704853,
  "summary_csf_n": 18276.0,
  "summary_csf_p05": 242.10369773209095,
  "summary_csf_p95": 743.0348717011511,
  "summary_csf_stdv": 242.43875035291654,
  "summary_gm_k": -0.4026158774614714,
  "summary_gm_mad": 65.16204702336755,
  "summary_gm_mean": 844.738629255961,
  "summary_gm_median": 842.9678287804127,
  "summary_gm_n": 23333.0,
  "summary_gm_p05": 748.1525714039802,
  "summary_gm_p95": 945.9177704006433,
  "summary_gm_stdv": 60.57943224689527,
  "summary_wm_k": 0.41967719692796424,
  "summary_wm_mad": 46.38654194883792,
  "summary_wm_mean": 1004.3909841718746,
  "summary_wm_median": 1000.0000118017197,
  "summary_wm_n": 161241.0,
  "summary_wm_p05": 934.1478060185909,
  "summary_wm_p95": 1088.945185676217,
  "summary_wm_stdv": 47.35866865993733,
  "tpm_overlap_csf": 0.184489905834198,
  "tpm_overlap_gm": 0.480506956577301,
  "tpm_overlap_wm": 0.50508052110672,
  "wm2max": 0.5517678149196913
}