{
  "bids_meta": {
    "AcquisitionMatrixPE": 128,
    "AcquisitionNumber": 1,
    "AcquisitionTime": "09:14:58.000000",
    "ConversionSoftware": "dcm2niix",
    "ConversionSoftwareVersion": "v1.0.20180622 GCC4.4.7",
    "DeviceSerialNumber": "00000847570ERMR1",
    "EchoTime": 0.008,
    "FlipAngle": 30,
    "ImageOrientationPatientDICOM": [
      1,
      0,
      0,
      0,
      0.99975,
      0.0223699
    ],
    "ImageType": [
      "ORIGINAL",
      "PRIMARY",
      "OTHER"
    ],
    "InPlanePhaseEncodingDirectionDICOM": "ROW",
    "InstitutionName": "Evanston_Hospital",
    "MRAcquisitionType": "3D",
    "MagneticFieldStrength": 1.5,
    "Manufacturer": "GE",
    "ManufacturersModelName": "SIGNA_EXCITE",
    "Modality": "MR",
    "PatientPosition": "HFS",
    "PercentPhaseFOV": 100,
    "PixelBandwidth": 114.922,
    "ProtocolName": "Head_Obl_3D_ZOOM_SPGR",
    "ReconMatrixPE": 256,
    "RepetitionTime": 0.033333,
    "SAR": 0.003049,
    "ScanOptions": "FC_VB_GEMS",
    "ScanningSequence": "GR",
    "SequenceVariant": "SS_SP",
    "SeriesDescription": "Head_Obl_3D_ZOOM_SPGR",
    "SeriesNumber": 3,
    "ShiftedAcquisitionDate": "1804-07-08",
    "SliceThickness": 1.2,
    "SoftwareVersions": "11",
    "SpacingBetweenSlices": 1.2,
    "StationName": "12342345",
    "dataset": "ds002236",
    "modality": "T1w",
    "subject_id": "82"
  },
  "cjv": 0.5766984782104461,
  "cnr": 2.3098448994492204,
  "efc": 0.6695003741068873,
  "fber": 592.7894045760486,
  "fwhm_avg": 3.46490530548968,
  "fwhm_x": 4.122778859292044,
  "fwhm_y": 3.4975359999999998,
  "fwhm_z": 2.774401057176996,
  "icvs_csf": 0.14639134421220756,
  "icvs_gm": 0.48175097065201933,
  "icvs_wm": 0.3718576851357731,
  "inu_med": 1.1167296171188354,
  "inu_range": 0.2602393269538881,
  "provenance": {
    "md5sum": "79444cc506ea09ca773dff0d5e138998",
    "settings": {
      "testing": false
    },
    "software": "mriqc",
    "version": "21.0.0rc2",
    "warnings": {
      "large_rot_frame": true,
      "small_air_mask": false
    },
    "webapi_port": null,
    "webapi_url": "https://mriqc.nimh.nih.gov/api/v1"
  },
  "qi_1": 0.0,
  "qi_2": 0.004900601374860758,
  "rpve_csf": 23.694464206967513,
  "rpve_gm": 7.9522329494552135,
  "rpve_wm": 10.86081766916019,
  "size_x": 256,
  "size_y": 256,
  "size_z": 124,
  "snr_csf": 1.2387570777277932,
  "snr_gm": 15.10485238655945,
  "snr_total": 10.832274516806649,
  "snr_wm": 16.153214086132706,
  "snrd_csf": 12.280897809387394,
  "snrd_gm": 22.097007950956147,
  "snrd_total": 20.629804116096313,
  "snrd_wm": 27.5115065879454,
  "spacing_x": 0.9375060200691223,
  "spacing_y": 0.9375,
  "spacing_z": 1.2000031471252441,
  "summary_bg_k": 7.612097802666842,
  "summary_bg_mad": 23.813176255775698,
  "summary_bg_mean": 35.20894446896371,
  "summary_bg_median": 32.33208067715168,
  "summary_bg_n": 1173586.0,
  "summary_bg_p05": 8.030871652066708,
  "summary_bg_p95": 81.35168686509132,
  "summary_bg_stdv": 24.49154389217101,
  "summary_csf_k": 29.835534527415952,
  "summary_csf_mad": 152.31154942817574,
  "summary_csf_mean": 510.7785304634188,
  "summary_csf_median": 446.39130741357803,
  "summary_csf_n": 15375.0,
  "summary_csf_p05": 247.39256569743156,
  "summary_csf_p95": 925.0729766905283,
  "summary_csf_stdv": 360.34247425315425,
  "summary_gm_k": -0.0471386416600903,
  "summary_gm_mad": 53.038438024227695,
  "summary_gm_mean": 805.0118653065987,
  "summary_gm_median": 803.1914622411132,
  "summary_gm_n": 39315.0,
  "summary_gm_p05": 720.90110206604,
  "summary_gm_p95": 896.1201199293137,
  "summary_gm_stdv": 53.173723701446754,
  "summary_wm_k": 0.39672289080324274,
  "summary_wm_mad": 60.46072672732661,
  "summary_wm_mean": 1006.073388313641,
  "summary_wm_median": 999.9999662339687,
  "summary_wm_n": 167761.0,
  "summary_wm_p05": 915.4150713011622,
  "summary_wm_p95": 1117.0212388783693,
  "summary_wm_stdv": 61.90699760845843,
  "tpm_overlap_csf": 0.17101532220840454,
  "tpm_overlap_gm": 0.4885143041610718,
  "tpm_overlap_wm": 0.49716442823410034,
  "wm2max": 0.5594285963175559
}