{
  "bids_meta": {
    "AcquisitionMatrixPE": 128,
    "AcquisitionNumber": 1,
    "AcquisitionTime": "12:55:11.000000",
    "ConversionSoftware": "dcm2niix",
    "ConversionSoftwareVersion": "v1.0.20180622 GCC4.4.7",
    "DeviceSerialNumber": "00000847570ERMR1",
    "EchoTime": 0.008,
    "FlipAngle": 30,
    "ImageOrientationPatientDICOM": [
      1,
      0,
      0,
      0,
      0.999992,
      -0.0039979
    ],
    "ImageType": [
      "ORIGINAL",
      "PRIMARY",
      "OTHER"
    ],
    "InPlanePhaseEncodingDirectionDICOM": "ROW",
    "InstitutionName": "Evanston_Hospital",
    "MRAcquisitionType": "3D",
    "MagneticFieldStrength": 1.5,
    "Manufacturer": "GE",
    "ManufacturersModelName": "SIGNA_EXCITE",
    "Modality": "MR",
    "PatientPosition": "HFS",
    "PercentPhaseFOV": 100,
    "PixelBandwidth": 114.922,
    "ProtocolName": "Head_Obl_3D_ZOOM_SPGR",
    "ReconMatrixPE": 256,
    "RepetitionTime": 0.033333,
    "SAR": 0.002997,
    "ScanOptions": "FC_VB_GEMS",
    "ScanningSequence": "GR",
    "SequenceVariant": "SS_SP",
    "SeriesDescription": "Head_Obl_3D_ZOOM_SPGR",
    "SeriesNumber": 8,
    "ShiftedAcquisitionDate": "1804-08-22",
    "SliceThickness": 1.2,
    "SoftwareVersions": "11",
    "SpacingBetweenSlices": 1.2,
    "StationName": "12342345",
    "dataset": "ds002236",
    "modality": "T1w",
    "subject_id": "37"
  },
  "cjv": 0.6744419336719395,
  "cnr": 2.010486223879277,
  "efc": 0.6698497027745886,
  "fber": 545.3447244799612,
  "fwhm_avg": 3.368925222471857,
  "fwhm_x": 3.881982927483096,
  "fwhm_y": 3.4896426666666667,
  "fwhm_z": 2.735150073265808,
  "icvs_csf": 0.14471745845445594,
  "icvs_gm": 0.4926153969504775,
  "icvs_wm": 0.36266714459506655,
  "inu_med": 1.302657127380371,
  "inu_range": 0.3069489598274231,
  "provenance": {
    "md5sum": "d7534c795c83ec50d4f47284fc43bef4",
    "settings": {
      "testing": false
    },
    "software": "mriqc",
    "version": "21.0.0rc2",
    "warnings": {
      "large_rot_frame": true,
      "small_air_mask": false
    },
    "webapi_port": null,
    "webapi_url": "https://mriqc.nimh.nih.gov/api/v1"
  },
  "qi_1": 0.0014315755292692409,
  "qi_2": 0.004462251252874481,
  "rpve_csf": 28.949029605204142,
  "rpve_gm": 9.891636221375133,
  "rpve_wm": 14.561205233885646,
  "size_x": 256,
  "size_y": 256,
  "size_z": 124,
  "snr_csf": 1.3419415078397308,
  "snr_gm": 13.34307615881577,
  "snr_total": 11.694014149455773,
  "snr_wm": 20.397024781711814,
  "snrd_csf": 27.66756321823352,
  "snrd_gm": 42.64406317768261,
  "snrd_total": 40.46157407614699,
  "snrd_wm": 51.073095832524835,
  "spacing_x": 0.9375079870223999,
  "spacing_y": 0.9375,
  "spacing_z": 1.2000036239624023,
  "summary_bg_k": 15.938369956531819,
  "summary_bg_mad": 12.82742682212316,
  "summary_bg_mean": 31.774153836889276,
  "summary_bg_median": 25.583776086568832,
  "summary_bg_n": 1131162.0,
  "summary_bg_p05": 8.465904086828232,
  "summary_bg_p95": 67.72723269462585,
  "summary_bg_stdv": 20.476020000739734,
  "summary_csf_k": 15.68595565842195,
  "summary_csf_mad": 157.79114284418168,
  "summary_csf_mean": 618.2396968908128,
  "summary_csf_median": 541.7248296439648,
  "summary_csf_n": 9492.0,
  "summary_csf_p05": 291.1480234608054,
  "summary_csf_p95": 1419.4855807915321,
  "summary_csf_stdv": 403.66609860740954,
  "summary_gm_k": -0.3430540778475817,
  "summary_gm_mad": 66.06814459996768,
  "summary_gm_mean": 836.6020919330592,
  "summary_gm_median": 834.9614195525646,
  "summary_gm_n": 43769.0,
  "summary_gm_p05": 736.9988151192665,
  "summary_gm_p95": 942.3202472031116,
  "summary_gm_stdv": 62.575666307093904,
  "summary_wm_k": 1.0622008918940962,
  "summary_wm_mad": 45.240817179101036,
  "summary_wm_mean": 1006.2280541540824,
  "summary_wm_median": 1000.0000332891941,
  "summary_wm_n": 148693.0,
  "summary_wm_p05": 937.5756196379662,
  "summary_wm_p95": 1096.6601909399033,
  "summary_wm_stdv": 49.026594876080146,
  "tpm_overlap_csf": 0.15736429393291473,
  "tpm_overlap_gm": 0.4889830946922302,
  "tpm_overlap_wm": 0.500040590763092,
  "wm2max": 0.5069142820399043
}