{
  "bids_meta": {
    "AcquisitionMatrixPE": 128,
    "AcquisitionNumber": 1,
    "AcquisitionTime": "14:23:29.000000",
    "ConversionSoftware": "dcm2niix",
    "ConversionSoftwareVersion": "v1.0.20180622 GCC4.4.7",
    "DeviceSerialNumber": "00000847570ERMR1",
    "EchoTime": 0.008,
    "FlipAngle": 30,
    "ImageOrientationPatientDICOM": [
      0.999956,
      0,
      0.00939957,
      6.10343e-05,
      0.999986,
      -0.00531014
    ],
    "ImageType": [
      "ORIGINAL",
      "PRIMARY",
      "OTHER"
    ],
    "InPlanePhaseEncodingDirectionDICOM": "ROW",
    "InstitutionName": "Evanston_Hospital",
    "MRAcquisitionType": "3D",
    "MagneticFieldStrength": 1.5,
    "Manufacturer": "GE",
    "ManufacturersModelName": "SIGNA_EXCITE",
    "Modality": "MR",
    "PatientPosition": "HFS",
    "PercentPhaseFOV": 100,
    "PixelBandwidth": 114.922,
    "ProtocolName": "Head_Obl_3D_ZOOM_SPGR",
    "ReconMatrixPE": 256,
    "RepetitionTime": 0.033333,
    "SAR": 0.00285752,
    "ScanOptions": "FC",
    "ScanningSequence": "GR",
    "SequenceVariant": "SS_SP",
    "SeriesDescription": "Head_Obl_3D_ZOOM_SPGR",
    "SeriesNumber": 3,
    "ShiftedAcquisitionDate": "1805-05-13",
    "SliceThickness": 1.2,
    "SoftwareVersions": "12_LX_MR_Software_release:12.0_M4_0520.a",
    "SpacingBetweenSlices": 1.2,
    "StationName": "12342345",
    "dataset": "ds002236",
    "modality": "T1w",
    "subject_id": "53"
  },
  "cjv": 0.40344981086699755,
  "cnr": 3.2799787873436768,
  "efc": 0.6579468858603013,
  "fber": 775.0298220996435,
  "fwhm_avg": 3.5948148031743625,
  "fwhm_x": 4.194405865254808,
  "fwhm_y": 3.724129716646943,
  "fwhm_z": 2.8659088276213374,
  "icvs_csf": 0.15658238301901783,
  "icvs_gm": 0.472570204867856,
  "icvs_wm": 0.37084741211312616,
  "inu_med": 0.9154788851737976,
  "inu_range": 0.11829352676868443,
  "provenance": {
    "md5sum": "ad4e73ccffdffdb0093e644185c9b927",
    "settings": {
      "testing": false
    },
    "software": "mriqc",
    "version": "21.0.0rc2",
    "warnings": {
      "large_rot_frame": true,
      "small_air_mask": false
    },
    "webapi_port": null,
    "webapi_url": "https://mriqc.nimh.nih.gov/api/v1"
  },
  "qi_1": 0.004095749353253897,
  "qi_2": 0.014327925504469145,
  "rpve_csf": 23.059981404663137,
  "rpve_gm": 8.59523350089097,
  "rpve_wm": 12.024557605534344,
  "size_x": 256,
  "size_y": 256,
  "size_z": 124,
  "snr_csf": 1.9366619570321335,
  "snr_gm": 16.16780584737104,
  "snr_total": 14.73278312038621,
  "snr_wm": 26.093881556755466,
  "snrd_csf": 16.184621997643287,
  "snrd_gm": 38.6194894641133,
  "snrd_total": 34.61060118640757,
  "snrd_wm": 49.02769209746613,
  "spacing_x": 0.937512993812561,
  "spacing_y": 0.937512993812561,
  "spacing_z": 1.200066089630127,
  "summary_bg_k": 30.344203709920293,
  "summary_bg_mad": 13.362578644183445,
  "summary_bg_mean": 29.058266588941695,
  "summary_bg_median": 26.930177569389343,
  "summary_bg_n": 1428211.0,
  "summary_bg_p05": 9.012922331690788,
  "summary_bg_p95": 62.65609861910343,
  "summary_bg_stdv": 18.623723339311802,
  "summary_csf_k": 82.97947649419216,
  "summary_csf_mad": 78.08253786059001,
  "summary_csf_mean": 374.678457711856,
  "summary_csf_median": 330.1118540763855,
  "summary_csf_n": 31710.0,
  "summary_csf_p05": 239.3310942053795,
  "summary_csf_p95": 598.5449143648148,
  "summary_csf_stdv": 170.45135196007837,
  "summary_gm_k": 0.0201743354397399,
  "summary_gm_mad": 48.45947195059298,
  "summary_gm_mean": 789.8423886505152,
  "summary_gm_median": 787.7076939046383,
  "summary_gm_n": 42518.0,
  "summary_gm_p05": 713.3239373117685,
  "summary_gm_p95": 874.0362873226404,
  "summary_gm_stdv": 48.720181208272194,
  "summary_wm_k": 0.32384846960573954,
  "summary_wm_mad": 37.189827310920194,
  "summary_wm_mean": 1001.5966496249697,
  "summary_wm_median": 1000.0000211149454,
  "summary_wm_n": 186834.0,
  "summary_wm_p05": 941.5789100974798,
  "summary_wm_p95": 1067.3254650384188,
  "summary_wm_stdv": 38.32305832935717,
  "tpm_overlap_csf": 0.17837421596050262,
  "tpm_overlap_gm": 0.47757869958877563,
  "tpm_overlap_wm": 0.4951746463775635,
  "wm2max": 0.5192963801900954
}