{
  "bids_meta": {
    "AcquisitionMatrixPE": 128,
    "AcquisitionNumber": 1,
    "AcquisitionTime": "12:54:35.000000",
    "ConversionSoftware": "dcm2niix",
    "ConversionSoftwareVersion": "v1.0.20180622 GCC4.4.7",
    "DeviceSerialNumber": "00000847570ERMR1",
    "EchoTime": 0.008,
    "FlipAngle": 30,
    "ImageOrientationPatientDICOM": [
      1,
      0,
      0,
      0,
      1,
      0
    ],
    "ImageType": [
      "ORIGINAL",
      "PRIMARY",
      "OTHER"
    ],
    "InPlanePhaseEncodingDirectionDICOM": "ROW",
    "InstitutionName": "Evanston_Hospital",
    "MRAcquisitionType": "3D",
    "MagneticFieldStrength": 1.5,
    "Manufacturer": "GE",
    "ManufacturersModelName": "SIGNA_EXCITE",
    "Modality": "MR",
    "PatientPosition": "HFS",
    "PercentPhaseFOV": 100,
    "PixelBandwidth": 114.922,
    "ProtocolName": "Head_Ax_3D_ZOOM_SPGR",
    "ReconMatrixPE": 256,
    "RepetitionTime": 0.033333,
    "SAR": 0.002898,
    "ScanOptions": "FC_VB_GEMS",
    "ScanningSequence": "GR",
    "SequenceVariant": "SS_SP",
    "SeriesDescription": "Head_Ax_3D_ZOOM_SPGR",
    "SeriesNumber": 3,
    "ShiftedAcquisitionDate": "1804-07-27",
    "SliceThickness": 1.2,
    "SoftwareVersions": "11",
    "SpacingBetweenSlices": 1.2,
    "StationName": "12342345",
    "dataset": "ds002236",
    "modality": "T1w",
    "subject_id": "80"
  },
  "cjv": 0.46717219930833814,
  "cnr": 2.8136897755184553,
  "efc": 0.6714407328380871,
  "fber": 571.6726742976067,
  "fwhm_avg": 3.4876908723782716,
  "fwhm_x": 4.005098666666666,
  "fwhm_y": 3.5938666666666665,
  "fwhm_z": 2.864107283801483,
  "icvs_csf": 0.1478335934673401,
  "icvs_gm": 0.49329743110283614,
  "icvs_wm": 0.35886897542982377,
  "inu_med": 0.8828579187393188,
  "inu_range": 0.13968467414379115,
  "provenance": {
    "md5sum": "2cf212d0bc0a798e3229f6a2ff290df0",
    "settings": {
      "testing": false
    },
    "software": "mriqc",
    "version": "21.0.0rc2",
    "warnings": {
      "large_rot_frame": true,
      "small_air_mask": false
    },
    "webapi_port": null,
    "webapi_url": "https://mriqc.nimh.nih.gov/api/v1"
  },
  "qi_1": 0.0010291395541625501,
  "qi_2": 0.002702027702567191,
  "rpve_csf": 26.171238477187995,
  "rpve_gm": 9.089968399564384,
  "rpve_wm": 13.323278540734837,
  "size_x": 256,
  "size_y": 256,
  "size_z": 124,
  "snr_csf": 1.3202441606062374,
  "snr_gm": 15.695245411545104,
  "snr_total": 13.122629684231073,
  "snr_wm": 22.352399480541884,
  "snrd_csf": 11.94671950924465,
  "snrd_gm": 22.538909476645774,
  "snrd_total": 20.926855661566183,
  "snrd_wm": 28.29493799880813,
  "spacing_x": 0.9375,
  "spacing_y": 0.9375,
  "spacing_z": 1.1999969482421875,
  "summary_bg_k": 22.230692269002464,
  "summary_bg_mad": 23.15383620286629,
  "summary_bg_mean": 33.619592717758835,
  "summary_bg_median": 31.438194513320923,
  "summary_bg_n": 1241633.0,
  "summary_bg_p05": 7.859548628330231,
  "summary_bg_p95": 78.18719804286957,
  "summary_bg_stdv": 25.496494921867846,
  "summary_csf_k": 50.988933620716985,
  "summary_csf_mad": 138.54468656028817,
  "summary_csf_mean": 485.22583909425475,
  "summary_csf_median": 422.2210766375065,
  "summary_csf_n": 16874.0,
  "summary_csf_p05": 265.08114010095596,
  "summary_csf_p95": 758.6046543270345,
  "summary_csf_stdv": 319.79582114777526,
  "summary_gm_k": -0.2376288607484014,
  "summary_gm_mad": 52.814959704577355,
  "summary_gm_mean": 798.621673785781,
  "summary_gm_median": 796.5703570842743,
  "summary_gm_n": 44496.0,
  "summary_gm_p05": 718.6893752217293,
  "summary_gm_p95": 884.8626890778542,
  "summary_gm_stdv": 50.751764952635234,
  "summary_wm_k": 0.5214524640720986,
  "summary_wm_mad": 42.221701311109115,
  "summary_wm_mean": 1003.5173447717017,
  "summary_wm_median": 999.9999728798866,
  "summary_wm_n": 156339.0,
  "summary_wm_p05": 936.0007911920547,
  "summary_wm_p95": 1083.2907739281654,
  "summary_wm_stdv": 44.73778198027708,
  "tpm_overlap_csf": 0.1689433455467224,
  "tpm_overlap_gm": 0.49669042229652405,
  "tpm_overlap_wm": 0.5115004181861877,
  "wm2max": 0.5561494521229583
}