{
  "bids_meta": {
    "AcquisitionMatrixPE": 128,
    "AcquisitionNumber": 1,
    "AcquisitionTime": "09:15:12.000000",
    "ConversionSoftware": "dcm2niix",
    "ConversionSoftwareVersion": "v1.0.20180622 GCC4.4.7",
    "DeviceSerialNumber": "00000847570ERMR1",
    "EchoTime": 0.008,
    "FlipAngle": 30,
    "ImageOrientationPatientDICOM": [
      1,
      0,
      0,
      0,
      0.999926,
      0.0121462
    ],
    "ImageType": [
      "ORIGINAL",
      "PRIMARY",
      "OTHER"
    ],
    "InPlanePhaseEncodingDirectionDICOM": "ROW",
    "InstitutionName": "Evanston_Hospital",
    "MRAcquisitionType": "3D",
    "MagneticFieldStrength": 1.5,
    "Manufacturer": "GE",
    "ManufacturersModelName": "SIGNA_EXCITE",
    "Modality": "MR",
    "PatientPosition": "HFS",
    "PercentPhaseFOV": 100,
    "PixelBandwidth": 114.922,
    "ProtocolName": "Head_Obl_3D_ZOOM_SPGR",
    "ReconMatrixPE": 256,
    "RepetitionTime": 0.033333,
    "SAR": 0.002942,
    "ScanOptions": "FC_VB_GEMS",
    "ScanningSequence": "GR",
    "SequenceVariant": "SS_SP",
    "SeriesDescription": "Head_Obl_3D_ZOOM_SPGR",
    "SeriesNumber": 2,
    "ShiftedAcquisitionDate": "1804-03-22",
    "SliceThickness": 1.2,
    "SoftwareVersions": "11",
    "SpacingBetweenSlices": 1.2,
    "StationName": "12342345",
    "dataset": "ds002236",
    "modality": "T1w",
    "subject_id": "40"
  },
  "cjv": 0.7456082170534951,
  "cnr": 1.7024402164183363,
  "efc": 0.7010733683470829,
  "fber": 252.73605191995674,
  "fwhm_avg": 3.598364530371287,
  "fwhm_x": 4.091574379472715,
  "fwhm_y": 3.716768,
  "fwhm_z": 2.9867512116411454,
  "icvs_csf": 0.18123022654153115,
  "icvs_gm": 0.4459118111536548,
  "icvs_wm": 0.37285796230481405,
  "inu_med": 1.4556143283843994,
  "inu_range": 0.40151150226593013,
  "provenance": {
    "md5sum": "c0821a48aa63ff76ff854de2c85966bc",
    "settings": {
      "testing": false
    },
    "software": "mriqc",
    "version": "21.0.0rc2",
    "warnings": {
      "large_rot_frame": true,
      "small_air_mask": false
    },
    "webapi_port": null,
    "webapi_url": "https://mriqc.nimh.nih.gov/api/v1"
  },
  "qi_1": 0.0028152635439908083,
  "qi_2": 0.004396724515774859,
  "rpve_csf": 22.3756053764366,
  "rpve_gm": 9.525929902636573,
  "rpve_wm": 12.494462027778555,
  "size_x": 256,
  "size_y": 256,
  "size_z": 124,
  "snr_csf": 1.8269302813917685,
  "snr_gm": 12.249018044829265,
  "snr_total": 9.832747389627398,
  "snr_wm": 15.422293842661158,
  "snrd_csf": 11.230974259700934,
  "snrd_gm": 18.551413702116875,
  "snrd_total": 17.43010424111876,
  "snrd_wm": 22.50792476153847,
  "spacing_x": 0.9375119805335999,
  "spacing_y": 0.9375,
  "spacing_z": 1.1999794244766235,
  "summary_bg_k": 11.58365418799006,
  "summary_bg_mad": 29.106921177917776,
  "summary_bg_mean": 54.068151109247694,
  "summary_bg_median": 39.15115837007761,
  "summary_bg_n": 1332320.0,
  "summary_bg_p05": 9.759419187903404,
  "summary_bg_p95": 136.97231348603964,
  "summary_bg_stdv": 43.9250373071229,
  "summary_csf_k": 50.51776263998576,
  "summary_csf_mad": 163.0324082161984,
  "summary_csf_mean": 528.0762390099169,
  "summary_csf_median": 498.97867638617754,
  "summary_csf_n": 28304.0,
  "summary_csf_p05": 275.87381448596716,
  "summary_csf_p95": 769.2748693246393,
  "summary_csf_stdv": 273.11926829326535,
  "summary_gm_k": -0.16972014517508427,
  "summary_gm_mad": 69.14996880996651,
  "summary_gm_mean": 828.5081918151673,
  "summary_gm_median": 824.2169949039817,
  "summary_gm_n": 23299.0,
  "summary_gm_p05": 724.5801338925958,
  "summary_gm_p95": 945.0749185681343,
  "summary_gm_stdv": 67.28696977003791,
  "summary_wm_k": 0.5594955411211866,
  "summary_wm_mad": 61.915300540310646,
  "summary_wm_mean": 1007.0188332620552,
  "summary_wm_median": 1000.000021904707,
  "summary_wm_n": 156148.0,
  "summary_wm_p05": 913.6405102536082,
  "summary_wm_p95": 1125.3972103074193,
  "summary_wm_stdv": 64.84099123069447,
  "tpm_overlap_csf": 0.18400317430496216,
  "tpm_overlap_gm": 0.4909452795982361,
  "tpm_overlap_wm": 0.5107775330543518,
  "wm2max": 0.569140347477879
}