{
  "bids_meta": {
    "AcquisitionMatrixPE": 128,
    "AcquisitionNumber": 1,
    "AcquisitionTime": "13:03:31.000000",
    "ConversionSoftware": "dcm2niix",
    "ConversionSoftwareVersion": "v1.0.20180622 GCC4.4.7",
    "DeviceSerialNumber": "00000847570ERMR1",
    "EchoTime": 0.008,
    "FlipAngle": 30,
    "ImageOrientationPatientDICOM": [
      1,
      0,
      0,
      0,
      0.999904,
      -0.0138249
    ],
    "ImageType": [
      "ORIGINAL",
      "PRIMARY",
      "OTHER"
    ],
    "InPlanePhaseEncodingDirectionDICOM": "ROW",
    "InstitutionName": "Evanston_Hospital",
    "MRAcquisitionType": "3D",
    "MagneticFieldStrength": 1.5,
    "Manufacturer": "GE",
    "ManufacturersModelName": "SIGNA_EXCITE",
    "Modality": "MR",
    "PatientPosition": "HFS",
    "PercentPhaseFOV": 100,
    "PixelBandwidth": 114.922,
    "ProcedureStepDescription": "NU_fMRI_Lexical",
    "ProtocolName": "Head_Obl_3D_ZOOM_SPGR",
    "ReconMatrixPE": 256,
    "RepetitionTime": 0.033333,
    "SAR": 0.0027573,
    "ScanOptions": "FC",
    "ScanningSequence": "GR",
    "SequenceVariant": "SS_SP",
    "SeriesDescription": "Head_Obl_3D_ZOOM_SPGR",
    "SeriesNumber": 2,
    "ShiftedAcquisitionDate": "1805-08-06",
    "SliceThickness": 1.2,
    "SoftwareVersions": "12_LX_MR_Software_release:12.0_M4_0520.a",
    "SpacingBetweenSlices": 1.2,
    "StationName": "EHRMR1",
    "dataset": "ds002236",
    "modality": "T1w",
    "subject_id": "62"
  },
  "cjv": 0.6716240438601349,
  "cnr": 1.9453227938343278,
  "efc": 0.6707835592766499,
  "fber": 573.4764542936289,
  "fwhm_avg": 3.6896741957201766,
  "fwhm_x": 4.3336135399101785,
  "fwhm_y": 3.7064533333333336,
  "fwhm_z": 3.0289557139170182,
  "icvs_csf": 0.17113097495801885,
  "icvs_gm": 0.46428789549435406,
  "icvs_wm": 0.36458112954762706,
  "inu_med": 1.216322422027588,
  "inu_range": 0.2780596733093261,
  "provenance": {
    "md5sum": "0e8c9486ae4ecc9064dd7bdc6e241087",
    "settings": {
      "testing": false
    },
    "software": "mriqc",
    "version": "21.0.0rc2",
    "warnings": {
      "large_rot_frame": true,
      "small_air_mask": false
    },
    "webapi_port": null,
    "webapi_url": "https://mriqc.nimh.nih.gov/api/v1"
  },
  "qi_1": 0.0021989439740635274,
  "qi_2": 0.008824772443195345,
  "rpve_csf": 22.58004751525475,
  "rpve_gm": 9.237547573119233,
  "rpve_wm": 12.939417253206589,
  "size_x": 256,
  "size_y": 256,
  "size_z": 124,
  "snr_csf": 1.653253941031924,
  "snr_gm": 13.791369347852594,
  "snr_total": 12.120925261939481,
  "snr_wm": 20.91815249693392,
  "snrd_csf": 17.55563428185977,
  "snrd_gm": 34.135444109667546,
  "snrd_total": 30.779896812479354,
  "snrd_wm": 40.64861204591075,
  "spacing_x": 0.9375039935112,
  "spacing_y": 0.9375,
  "spacing_z": 1.2000043392181396,
  "summary_bg_k": 9.183453270687936,
  "summary_bg_mad": 16.118891938676818,
  "summary_bg_mean": 39.03326512412118,
  "summary_bg_median": 32.27633133530617,
  "summary_bg_n": 1742281.0,
  "summary_bg_p05": 10.758777111768723,
  "summary_bg_p95": 93.99773687124252,
  "summary_bg_stdv": 28.13571591350796,
  "summary_csf_k": 68.59166064222136,
  "summary_csf_mad": 128.95113550941454,
  "summary_csf_mean": 475.7900571883538,
  "summary_csf_median": 431.93658846616745,
  "summary_csf_n": 25734.0,
  "summary_csf_p05": 259.75651707798244,
  "summary_csf_p95": 714.8358013629913,
  "summary_csf_stdv": 261.2594383305448,
  "summary_gm_k": -0.3070309419044088,
  "summary_gm_mad": 63.8039472572624,
  "summary_gm_mean": 840.8583832371445,
  "summary_gm_median": 839.8641164302826,
  "summary_gm_n": 34280.0,
  "summary_gm_p05": 742.5821212828159,
  "summary_gm_p95": 942.4688749909401,
  "summary_gm_stdv": 60.896916404582555,
  "summary_wm_k": 1.0658301447014047,
  "summary_wm_mad": 43.823237458277596,
  "summary_wm_mean": 1005.7228108578312,
  "summary_wm_median": 1000.113270252943,
  "summary_wm_n": 171559.0,
  "summary_wm_p05": 938.0521138608456,
  "summary_wm_p95": 1093.3182551264763,
  "summary_wm_stdv": 47.81064463584485,
  "tpm_overlap_csf": 0.18081200122833252,
  "tpm_overlap_gm": 0.490639328956604,
  "tpm_overlap_wm": 0.5180591344833374,
  "wm2max": 0.49963015713538306
}