{
  "bids_meta": {
    "AcquisitionMatrixPE": 128,
    "AcquisitionNumber": 1,
    "AcquisitionTime": "11:08:33.000000",
    "ConversionSoftware": "dcm2niix",
    "ConversionSoftwareVersion": "v1.0.20180622 GCC4.4.7",
    "DeviceSerialNumber": "000000847570EMR3",
    "EchoTime": 0.008,
    "FlipAngle": 30,
    "ImageOrientationPatientDICOM": [
      1,
      0,
      0,
      0,
      0.983325,
      0.181858
    ],
    "ImageType": [
      "ORIGINAL",
      "PRIMARY",
      "OTHER"
    ],
    "InPlanePhaseEncodingDirectionDICOM": "ROW",
    "InstitutionName": "Evanston_Hospital",
    "MRAcquisitionType": "3D",
    "MagneticFieldStrength": 1.5,
    "Manufacturer": "GE",
    "ManufacturersModelName": "SIGNA_EXCITE",
    "Modality": "MR",
    "PatientPosition": "HFS",
    "PercentPhaseFOV": 100,
    "PixelBandwidth": 114.922,
    "ProtocolName": "Head_Obl_3D_ZOOM_SPGR",
    "ReconMatrixPE": 256,
    "RepetitionTime": 0.033333,
    "SAR": 0.002976,
    "ScanOptions": "FC_VB_GEMS",
    "ScanningSequence": "GR",
    "SequenceVariant": "SS_SP",
    "SeriesDescription": "Head_Obl_3D_ZOOM_SPGR",
    "SeriesNumber": 2,
    "ShiftedAcquisitionDate": "1803-02-23",
    "SliceThickness": 1.2,
    "SoftwareVersions": "11",
    "SpacingBetweenSlices": 1.2,
    "StationName": "lxmr3",
    "dataset": "ds002236",
    "modality": "T1w",
    "subject_id": "06"
  },
  "cjv": 0.5481191493602382,
  "cnr": 2.523826901636788,
  "efc": 0.6489531894020523,
  "fber": 1054.7732438016528,
  "fwhm_avg": 3.2589228070299097,
  "fwhm_x": 3.754750503354192,
  "fwhm_y": 3.3743679999999996,
  "fwhm_z": 2.647649917735537,
  "icvs_csf": 0.14262705263984132,
  "icvs_gm": 0.5069873160266436,
  "icvs_wm": 0.3503856313335151,
  "inu_med": 0.9180577993392944,
  "inu_range": 0.14495759010314935,
  "provenance": {
    "md5sum": "780f21fbe4db715cf7c283a5a550ad0d",
    "settings": {
      "testing": false
    },
    "software": "mriqc",
    "version": "21.0.0rc2",
    "warnings": {
      "large_rot_frame": true,
      "small_air_mask": false
    },
    "webapi_port": null,
    "webapi_url": "https://mriqc.nimh.nih.gov/api/v1"
  },
  "qi_1": 0.010389436860034728,
  "qi_2": 0.1330571377691011,
  "rpve_csf": 27.48470329745197,
  "rpve_gm": 9.179203529657716,
  "rpve_wm": 14.122194596851877,
  "size_x": 256,
  "size_y": 256,
  "size_z": 124,
  "snr_csf": 1.4642199773792068,
  "snr_gm": 16.534254206374534,
  "snr_total": 13.61380856479528,
  "snr_wm": 22.842951510632098,
  "snrd_csf": 252.34394211731922,
  "snrd_gm": 466.7951051136482,
  "snrd_total": 427.9361923328367,
  "snrd_wm": 564.6695297675425,
  "spacing_x": 0.9375110268592834,
  "spacing_y": 0.9375,
  "spacing_z": 1.199867844581604,
  "summary_bg_k": 8.398628643503626,
  "summary_bg_mad": 0.16021204273743392,
  "summary_bg_mean": 26.47984410717942,
  "summary_bg_median": 23.665442369878292,
  "summary_bg_n": 1293497.0,
  "summary_bg_p05": 0.0,
  "summary_bg_p95": 47.97925302386284,
  "summary_bg_stdv": 17.334726440448037,
  "summary_csf_k": 33.42232377651301,
  "summary_csf_mad": 150.99985028003147,
  "summary_csf_mean": 502.53393621953626,
  "summary_csf_median": 446.88783982023597,
  "summary_csf_n": 11718.0,
  "summary_csf_p05": 252.7231510065496,
  "summary_csf_p95": 802.5880835499614,
  "summary_csf_stdv": 305.1923740163459,
  "summary_gm_k": -0.273766111561359,
  "summary_gm_mad": 52.06891388966602,
  "summary_gm_mean": 827.818835075655,
  "summary_gm_median": 826.6695622354746,
  "summary_gm_n": 57313.0,
  "summary_gm_p05": 746.7689773574472,
  "summary_gm_p95": 910.7413164079189,
  "summary_gm_stdv": 49.996954201903314,
  "summary_wm_k": 0.19536767476788564,
  "summary_wm_mad": 42.93682745363229,
  "summary_wm_mean": 1001.7627366446006,
  "summary_wm_median": 1000.0000168532133,
  "summary_wm_n": 151892.0,
  "summary_wm_p05": 932.029408402741,
  "summary_wm_p95": 1076.72359713912,
  "summary_wm_stdv": 43.777036630739,
  "tpm_overlap_csf": 0.16118019819259644,
  "tpm_overlap_gm": 0.492323100566864,
  "tpm_overlap_wm": 0.5120605230331421,
  "wm2max": 0.5997677601237185
}