{
  "bids_meta": {
    "AcquisitionMatrixPE": 128,
    "AcquisitionNumber": 1,
    "AcquisitionTime": "12:47:38.000000",
    "ConversionSoftware": "dcm2niix",
    "ConversionSoftwareVersion": "v1.0.20180622 GCC4.4.7",
    "DeviceSerialNumber": "000000847570EMR3",
    "EchoTime": 0.008,
    "FlipAngle": 30,
    "ImageOrientationPatientDICOM": [
      1,
      0,
      0,
      0,
      0.999999,
      -0.0013428
    ],
    "ImageType": [
      "ORIGINAL",
      "PRIMARY",
      "OTHER"
    ],
    "InPlanePhaseEncodingDirectionDICOM": "ROW",
    "InstitutionName": "Evanston_Hospital",
    "MRAcquisitionType": "3D",
    "MagneticFieldStrength": 1.5,
    "Manufacturer": "GE",
    "ManufacturersModelName": "SIGNA_EXCITE",
    "Modality": "MR",
    "PatientPosition": "HFS",
    "PercentPhaseFOV": 100,
    "PixelBandwidth": 114.922,
    "ProtocolName": "Head_Obl_3D_ZOOM_SPGR",
    "ReconMatrixPE": 256,
    "RepetitionTime": 0.033333,
    "SAR": 0.002961,
    "ScanOptions": "FC_VB_GEMS",
    "ScanningSequence": "GR",
    "SequenceVariant": "SS_SP",
    "SeriesDescription": "Head_Obl_3D_ZOOM_SPGR",
    "SeriesNumber": 2,
    "ShiftedAcquisitionDate": "1803-09-09",
    "SliceThickness": 1.2,
    "SoftwareVersions": "11",
    "SpacingBetweenSlices": 1.2,
    "StationName": "lxmr3",
    "dataset": "ds002236",
    "modality": "T1w",
    "subject_id": "05"
  },
  "cjv": 0.3757984789962116,
  "cnr": 3.498345311182599,
  "efc": 0.6490042571359044,
  "fber": 1148.3409335963183,
  "fwhm_avg": 3.334957663944973,
  "fwhm_x": 3.917830432154506,
  "fwhm_y": 3.4023786666666664,
  "fwhm_z": 2.684663893013747,
  "icvs_csf": 0.15174514536470912,
  "icvs_gm": 0.5069569381645019,
  "icvs_wm": 0.34129791647078894,
  "inu_med": 0.9956013560295105,
  "inu_range": 0.13419526815414418,
  "provenance": {
    "md5sum": "121902ebac65766217ba6991a00c61c6",
    "settings": {
      "testing": false
    },
    "software": "mriqc",
    "version": "21.0.0rc2",
    "warnings": {
      "large_rot_frame": true,
      "small_air_mask": false
    },
    "webapi_port": null,
    "webapi_url": "https://mriqc.nimh.nih.gov/api/v1"
  },
  "qi_1": 0.02215313956414065,
  "qi_2": 0.07602038935251587,
  "rpve_csf": 23.720313373547153,
  "rpve_gm": 8.221465501688188,
  "rpve_wm": 12.920035003921468,
  "size_x": 256,
  "size_y": 256,
  "size_z": 124,
  "snr_csf": 1.2538932025489888,
  "snr_gm": 16.906439721733854,
  "snr_total": 14.159273157600788,
  "snr_wm": 24.317486548519522,
  "snrd_csf": 243.01942968913963,
  "snrd_gm": 435.66596262030833,
  "snrd_total": 413.60560310197735,
  "snrd_wm": 562.1314169964842,
  "spacing_x": 0.9375010132789612,
  "spacing_y": 0.9375,
  "spacing_z": 1.2000012397766113,
  "summary_bg_k": 116.30786403042963,
  "summary_bg_mad": 0.16545052669751367,
  "summary_bg_mean": 26.77508425259701,
  "summary_bg_median": 21.649368777871132,
  "summary_bg_n": 1274924.0,
  "summary_bg_p05": 0.0,
  "summary_bg_p95": 44.07990034669638,
  "summary_bg_stdv": 18.52376425213568,
  "summary_csf_k": 24.3646759180884,
  "summary_csf_mad": 141.87382664311798,
  "summary_csf_mean": 501.2845726842454,
  "summary_csf_median": 432.31780745089054,
  "summary_csf_n": 15620.0,
  "summary_csf_p05": 265.4837542399764,
  "summary_csf_p95": 905.1389056127487,
  "summary_csf_stdv": 344.76936931501973,
  "summary_gm_k": -0.00019607394347698204,
  "summary_gm_mad": 45.49889484181626,
  "summary_gm_mean": 777.2799425795366,
  "summary_gm_median": 775.0250833109021,
  "summary_gm_n": 49253.0,
  "summary_gm_p05": 705.1221729889512,
  "summary_gm_p95": 856.935581676662,
  "summary_gm_stdv": 45.84153897753836,
  "summary_wm_k": 0.39002595665070094,
  "summary_wm_mad": 39.04632430061323,
  "summary_wm_mean": 999.93118779257,
  "summary_wm_median": 999.9999671056867,
  "summary_wm_n": 160292.0,
  "summary_wm_p05": 932.5967777147889,
  "summary_wm_p95": 1066.9567777588964,
  "summary_wm_stdv": 41.12254141884334,
  "tpm_overlap_csf": 0.15803679823875427,
  "tpm_overlap_gm": 0.47397956252098083,
  "tpm_overlap_wm": 0.47907352447509766,
  "wm2max": 0.4958438425556404
}