{
  "bids_meta": {
    "AcquisitionMatrixPE": 128,
    "AcquisitionNumber": 1,
    "AcquisitionTime": "11:51:35.000000",
    "ConversionSoftware": "dcm2niix",
    "ConversionSoftwareVersion": "v1.0.20180622 GCC4.4.7",
    "DeviceSerialNumber": "00000847570ERMR1",
    "EchoTime": 0.008,
    "FlipAngle": 30,
    "ImageOrientationPatientDICOM": [
      0.999956,
      0,
      0.00933854,
      0.000518804,
      0.998515,
      -0.0544761
    ],
    "ImageType": [
      "ORIGINAL",
      "PRIMARY",
      "OTHER"
    ],
    "InPlanePhaseEncodingDirectionDICOM": "ROW",
    "InstitutionName": "Evanston_Hospital",
    "MRAcquisitionType": "3D",
    "MagneticFieldStrength": 1.5,
    "Manufacturer": "GE",
    "ManufacturersModelName": "SIGNA_EXCITE",
    "Modality": "MR",
    "PatientPosition": "HFS",
    "PercentPhaseFOV": 100,
    "PixelBandwidth": 114.922,
    "ProtocolName": "Head_Obl_3D_ZOOM_SPGR",
    "ReconMatrixPE": 256,
    "RepetitionTime": 0.033333,
    "SAR": 0.002942,
    "ScanOptions": "FC_VB_GEMS",
    "ScanningSequence": "GR",
    "SequenceVariant": "SS_SP",
    "SeriesDescription": "Head_Obl_3D_ZOOM_SPGR",
    "SeriesNumber": 3,
    "ShiftedAcquisitionDate": "1805-01-03",
    "SliceThickness": 1.2,
    "SoftwareVersions": "11",
    "SpacingBetweenSlices": 1.2,
    "StationName": "12342345",
    "dataset": "ds002236",
    "modality": "T1w",
    "subject_id": "83"
  },
  "cjv": 0.3559769851116278,
  "cnr": 3.7038134485687118,
  "efc": 0.6659806960218018,
  "fber": 709.5989135355364,
  "fwhm_avg": 3.2802958505367243,
  "fwhm_x": 3.8496304518226565,
  "fwhm_y": 3.3937592970162265,
  "fwhm_z": 2.597497802771289,
  "icvs_csf": 0.12327527303835294,
  "icvs_gm": 0.4766315771052926,
  "icvs_wm": 0.4000931498563545,
  "inu_med": 0.8834814429283142,
  "inu_range": 0.10372045636177052,
  "provenance": {
    "md5sum": "689f856550261a4efe4756b368ed4093",
    "settings": {
      "testing": false
    },
    "software": "mriqc",
    "version": "21.0.0rc2",
    "warnings": {
      "large_rot_frame": true,
      "small_air_mask": false
    },
    "webapi_port": null,
    "webapi_url": "https://mriqc.nimh.nih.gov/api/v1"
  },
  "qi_1": 0.0031298504737769873,
  "qi_2": 0.006358352953472576,
  "rpve_csf": 24.294907996166756,
  "rpve_gm": 7.334927094523751,
  "rpve_wm": 9.656727956615331,
  "size_x": 256,
  "size_y": 256,
  "size_z": 124,
  "snr_csf": 1.3518014961499298,
  "snr_gm": 15.380621880038271,
  "snr_total": 15.389603690420357,
  "snr_wm": 29.436387695072867,
  "snrd_csf": 25.94191779387431,
  "snrd_gm": 43.73279799999828,
  "snrd_total": 42.21000198694067,
  "snrd_wm": 56.95529016694941,
  "spacing_x": 0.9374899864196777,
  "spacing_y": 0.9375119805335999,
  "spacing_z": 1.2000125646591187,
  "summary_bg_k": 6.134162885166496,
  "summary_bg_mad": 11.502643300132691,
  "summary_bg_mean": 28.367749612099857,
  "summary_bg_median": 27.930294021964073,
  "summary_bg_n": 1408636.0,
  "summary_bg_p05": 7.0422536209225655,
  "summary_bg_p95": 56.57674942910671,
  "summary_bg_stdv": 16.80730400192251,
  "summary_csf_k": 36.5867543136783,
  "summary_csf_mad": 154.66631145101496,
  "summary_csf_mean": 512.2830509329349,
  "summary_csf_median": 455.47864097356796,
  "summary_csf_n": 16458.0,
  "summary_csf_p05": 251.37264619767666,
  "summary_csf_p95": 882.1377542052411,
  "summary_csf_stdv": 336.9317199711049,
  "summary_gm_k": 0.10276323262646825,
  "summary_gm_mad": 49.54984806211005,
  "summary_gm_mean": 771.4692668458888,
  "summary_gm_median": 767.8443651422858,
  "summary_gm_n": 71852.0,
  "summary_gm_p05": 695.2733447775245,
  "summary_gm_p95": 859.5130224451423,
  "summary_gm_stdv": 49.92249519405844,
  "summary_wm_k": 0.2776516348773699,
  "summary_wm_mad": 33.09221995576635,
  "summary_wm_mean": 1000.8637991577482,
  "summary_wm_median": 1000.0000141710043,
  "summary_wm_n": 260154.0,
  "summary_wm_p05": 946.7653512060642,
  "summary_wm_p95": 1058.0090863704681,
  "summary_wm_stdv": 33.97149482434518,
  "tpm_overlap_csf": 0.16528432071208954,
  "tpm_overlap_gm": 0.4610619843006134,
  "tpm_overlap_wm": 0.4978695511817932,
  "wm2max": 0.5864296551973842
}