{
  "bids_meta": {
    "AcquisitionMatrixPE": 128,
    "AcquisitionNumber": 1,
    "AcquisitionTime": "12:52:27.000000",
    "ConversionSoftware": "dcm2niix",
    "ConversionSoftwareVersion": "v1.0.20180622 GCC4.4.7",
    "DeviceSerialNumber": "00000847570ERMR1",
    "EchoTime": 0.008,
    "FlipAngle": 30,
    "ImageOrientationPatientDICOM": [
      0.999826,
      0,
      0.018647,
      -0.000183107,
      0.999949,
      0.0100712
    ],
    "ImageType": [
      "ORIGINAL",
      "PRIMARY",
      "OTHER"
    ],
    "InPlanePhaseEncodingDirectionDICOM": "ROW",
    "InstitutionName": "Evanston_Hospital",
    "MRAcquisitionType": "3D",
    "MagneticFieldStrength": 1.5,
    "Manufacturer": "GE",
    "ManufacturersModelName": "SIGNA_EXCITE",
    "Modality": "MR",
    "PatientPosition": "HFS",
    "PercentPhaseFOV": 100,
    "PixelBandwidth": 114.922,
    "ProtocolName": "Head_Obl_3D_ZOOM_SPGR",
    "ReconMatrixPE": 256,
    "RepetitionTime": 0.033333,
    "SAR": 0.002942,
    "ScanOptions": "FC_VB_GEMS",
    "ScanningSequence": "GR",
    "SequenceVariant": "SS_SP",
    "SeriesDescription": "Head_Obl_3D_ZOOM_SPGR",
    "SeriesNumber": 3,
    "ShiftedAcquisitionDate": "1805-04-28",
    "SliceThickness": 1.2,
    "SoftwareVersions": "11",
    "SpacingBetweenSlices": 1.2,
    "StationName": "12342345",
    "dataset": "ds002236",
    "modality": "T1w",
    "subject_id": "49"
  },
  "cjv": 0.4012948918199218,
  "cnr": 3.24018054783092,
  "efc": 0.6530506090373157,
  "fber": 676.9927306101043,
  "fwhm_avg": 3.196103965075165,
  "fwhm_x": 3.815454086779695,
  "fwhm_y": 3.154088946934445,
  "fwhm_z": 2.6187688615113545,
  "icvs_csf": 0.130589339908863,
  "icvs_gm": 0.5281716241780562,
  "icvs_wm": 0.34123903591308075,
  "inu_med": 1.0140362977981567,
  "inu_range": 0.13177052736282346,
  "provenance": {
    "md5sum": "d9e8c7cc4b3d5040b22813a7a498c3b9",
    "settings": {
      "testing": false
    },
    "software": "mriqc",
    "version": "21.0.0rc2",
    "warnings": {
      "large_rot_frame": true,
      "small_air_mask": false
    },
    "webapi_port": null,
    "webapi_url": "https://mriqc.nimh.nih.gov/api/v1"
  },
  "qi_1": 0.0,
  "qi_2": 0.0057675152414165005,
  "rpve_csf": 26.095127309908786,
  "rpve_gm": 7.719767187448569,
  "rpve_wm": 12.383579303946318,
  "size_x": 256,
  "size_y": 256,
  "size_z": 124,
  "snr_csf": 1.0191419845702396,
  "snr_gm": 16.32542561134232,
  "snr_total": 13.345355407433871,
  "snr_wm": 22.69149862638905,
  "snrd_csf": 14.1368232448356,
  "snrd_gm": 23.937029521422627,
  "snrd_total": 22.990464101022926,
  "snrd_wm": 30.897539536810548,
  "spacing_x": 0.9374899864196777,
  "spacing_y": 0.9374909996986389,
  "spacing_z": 1.1999799013137817,
  "summary_bg_k": 8.340249003448994,
  "summary_bg_mad": 21.203512609343825,
  "summary_bg_mean": 32.59844077655032,
  "summary_bg_median": 28.82483333349228,
  "summary_bg_n": 1283093.0,
  "summary_bg_p05": 7.317073076963425,
  "summary_bg_p95": 85.14412307739258,
  "summary_bg_stdv": 25.29497315491911,
  "summary_csf_k": 16.0784731378133,
  "summary_csf_mad": 155.65679411665582,
  "summary_csf_mean": 557.1739473608932,
  "summary_csf_median": 457.53879679739475,
  "summary_csf_n": 11092.0,
  "summary_csf_p05": 256.3192871809006,
  "summary_csf_p95": 1463.4645045273005,
  "summary_csf_stdv": 448.9248588900723,
  "summary_gm_k": -0.0758100580839578,
  "summary_gm_mad": 47.666811292323324,
  "summary_gm_mean": 776.954487311514,
  "summary_gm_median": 774.7228282094002,
  "summary_gm_n": 79813.0,
  "summary_gm_p05": 701.9955564141273,
  "summary_gm_p95": 858.6474391072989,
  "summary_gm_stdv": 47.454687753655904,
  "summary_wm_k": 0.275122956553437,
  "summary_wm_mad": 42.735761848289876,
  "summary_wm_mean": 1000.4677449860255,
  "summary_wm_median": 999.9999871850014,
  "summary_wm_n": 164617.0,
  "summary_wm_p05": 928.2704980820417,
  "summary_wm_p95": 1073.3924474418163,
  "summary_wm_stdv": 44.06923342930337,
  "tpm_overlap_csf": 0.152334526181221,
  "tpm_overlap_gm": 0.4809071719646454,
  "tpm_overlap_wm": 0.47911423444747925,
  "wm2max": 0.49351644142911855
}