{
  "bids_meta": {
    "AcquisitionMatrixPE": 128,
    "AcquisitionNumber": 1,
    "AcquisitionTime": "12:25:37.000000",
    "ConversionSoftware": "dcm2niix",
    "ConversionSoftwareVersion": "v1.0.20180622 GCC4.4.7",
    "DeviceSerialNumber": "000000847570EMR3",
    "EchoTime": 0.008,
    "FlipAngle": 30,
    "ImageOrientationPatientDICOM": [
      1,
      0,
      0,
      0,
      0.993349,
      -0.115146
    ],
    "ImageType": [
      "ORIGINAL",
      "PRIMARY",
      "OTHER"
    ],
    "InPlanePhaseEncodingDirectionDICOM": "ROW",
    "InstitutionName": "Evanston_Hospital",
    "MRAcquisitionType": "3D",
    "MagneticFieldStrength": 1.5,
    "Manufacturer": "GE",
    "ManufacturersModelName": "SIGNA_EXCITE",
    "Modality": "MR",
    "PatientPosition": "HFS",
    "PercentPhaseFOV": 100,
    "PixelBandwidth": 114.922,
    "ProtocolName": "Head_Obl_3D_ZOOM_SPGR",
    "ReconMatrixPE": 256,
    "RepetitionTime": 0.033333,
    "SAR": 0.003031,
    "ScanOptions": "FC_VB_GEMS",
    "ScanningSequence": "GR",
    "SequenceVariant": "SS_SP",
    "SeriesDescription": "Head_Obl_3D_ZOOM_SPGR",
    "SeriesNumber": 2,
    "ShiftedAcquisitionDate": "1803-03-01",
    "SliceThickness": 1.2,
    "SoftwareVersions": "11",
    "SpacingBetweenSlices": 1.2,
    "StationName": "lxmr3",
    "dataset": "ds002236",
    "modality": "T1w",
    "subject_id": "68"
  },
  "cjv": 0.5271171874705264,
  "cnr": 2.5788643637029756,
  "efc": 0.6744734592815299,
  "fber": 875.7900390625001,
  "fwhm_avg": 3.187835140821998,
  "fwhm_x": 3.7021373347177304,
  "fwhm_y": 3.2728853333333334,
  "fwhm_z": 2.588482754414929,
  "icvs_csf": 0.12127258174453176,
  "icvs_gm": 0.5410597419919267,
  "icvs_wm": 0.33766767626354155,
  "inu_med": 0.8340108394622803,
  "inu_range": 0.16665376722812653,
  "provenance": {
    "md5sum": "6cede6532237d56c54e2eb0d1d4f6077",
    "settings": {
      "testing": false
    },
    "software": "mriqc",
    "version": "21.0.0rc2",
    "warnings": {
      "large_rot_frame": true,
      "small_air_mask": false
    },
    "webapi_port": null,
    "webapi_url": "https://mriqc.nimh.nih.gov/api/v1"
  },
  "qi_1": 0.05248644722323002,
  "qi_2": 0.04085517889295354,
  "rpve_csf": 32.61780745058307,
  "rpve_gm": 8.551628298498395,
  "rpve_wm": 13.574714788131944,
  "size_x": 256,
  "size_y": 256,
  "size_z": 124,
  "snr_csf": 1.3394626117553934,
  "snr_gm": 15.169987844448563,
  "snr_total": 11.878259905317686,
  "snr_wm": 19.125329259749105,
  "snrd_csf": 283.2555069369563,
  "snrd_gm": 461.3426764693893,
  "snrd_total": 440.40785804680377,
  "snrd_wm": 576.6253907340657,
  "spacing_x": 0.9374989867210388,
  "spacing_y": 0.9375,
  "spacing_z": 1.2000775337219238,
  "summary_bg_k": 94.37214612023544,
  "summary_bg_mad": 0.13615595612289236,
  "summary_bg_mean": 30.70422730319213,
  "summary_bg_median": 26.44870948791504,
  "summary_bg_n": 1010224.0,
  "summary_bg_p05": 0.0,
  "summary_bg_p95": 53.081090569496155,
  "summary_bg_stdv": 22.242252986316178,
  "summary_csf_k": 30.600571848270114,
  "summary_csf_mad": 165.42948668931422,
  "summary_csf_mean": 545.1859529910852,
  "summary_csf_median": 491.229677259922,
  "summary_csf_n": 12880.0,
  "summary_csf_p05": 263.01313033998014,
  "summary_csf_p95": 925.4568754255768,
  "summary_csf_stdv": 366.722148945225,
  "summary_gm_k": -0.25778099619408046,
  "summary_gm_mad": 54.73469436140273,
  "summary_gm_mean": 802.0346202751086,
  "summary_gm_median": 800.0734620094299,
  "summary_gm_n": 88708.0,
  "summary_gm_p05": 718.9824534058571,
  "summary_gm_p95": 892.2766020298004,
  "summary_gm_stdv": 52.740250065478136,
  "summary_wm_k": 0.22565195008927486,
  "summary_wm_mad": 50.650015677715956,
  "summary_wm_mean": 1001.8553533873037,
  "summary_wm_median": 999.9999917149544,
  "summary_wm_n": 143996.0,
  "summary_wm_p05": 918.3579683303833,
  "summary_wm_p95": 1090.8255947828293,
  "summary_wm_stdv": 52.28649953205551,
  "tpm_overlap_csf": 0.14948810636997223,
  "tpm_overlap_gm": 0.48131313920021057,
  "tpm_overlap_wm": 0.4700934886932373,
  "wm2max": 0.5213944709249864
}