{
  "bids_meta": {
    "AcquisitionMatrixPE": 128,
    "AcquisitionNumber": 1,
    "AcquisitionTime": "10:11:39.000000",
    "ConversionSoftware": "dcm2niix",
    "ConversionSoftwareVersion": "v1.0.20180622 GCC4.4.7",
    "DeviceSerialNumber": "000000847570EMR3",
    "EchoTime": 0.008,
    "FlipAngle": 30,
    "ImageOrientationPatientDICOM": [
      1,
      0,
      0,
      0,
      0.999936,
      -0.0113528
    ],
    "ImageType": [
      "ORIGINAL",
      "PRIMARY",
      "OTHER"
    ],
    "InPlanePhaseEncodingDirectionDICOM": "ROW",
    "InstitutionName": "Evanston_Hospital",
    "MRAcquisitionType": "3D",
    "MagneticFieldStrength": 1.5,
    "Manufacturer": "GE",
    "ManufacturersModelName": "SIGNA_EXCITE",
    "Modality": "MR",
    "PatientPosition": "HFS",
    "PercentPhaseFOV": 100,
    "PixelBandwidth": 114.922,
    "ProtocolName": "Head_Obl_3D_ZOOM_SPGR",
    "ReconMatrixPE": 256,
    "RepetitionTime": 0.033333,
    "SAR": 0.003031,
    "ScanOptions": "FC_VB_GEMS",
    "ScanningSequence": "GR",
    "SequenceVariant": "SS_SP",
    "SeriesDescription": "Head_Obl_3D_ZOOM_SPGR",
    "SeriesNumber": 2,
    "ShiftedAcquisitionDate": "1803-12-01",
    "SliceThickness": 1.2,
    "SoftwareVersions": "11",
    "SpacingBetweenSlices": 1.2,
    "StationName": "lxmr3",
    "dataset": "ds002236",
    "modality": "T1w",
    "subject_id": "69"
  },
  "cjv": 0.5128096968795601,
  "cnr": 2.7069041205459294,
  "efc": 0.6643975388811617,
  "fber": 1046.5645134086694,
  "fwhm_avg": 3.341910871623148,
  "fwhm_x": 3.847571768898745,
  "fwhm_y": 3.4425813333333335,
  "fwhm_z": 2.735579512637364,
  "icvs_csf": 0.13488926083904756,
  "icvs_gm": 0.5146551050159278,
  "icvs_wm": 0.35045563414502456,
  "inu_med": 0.8877431154251099,
  "inu_range": 0.1546397686004639,
  "provenance": {
    "md5sum": "810b2ec07a63c02057c57d55a2be566e",
    "settings": {
      "testing": false
    },
    "software": "mriqc",
    "version": "21.0.0rc2",
    "warnings": {
      "large_rot_frame": true,
      "small_air_mask": false
    },
    "webapi_port": null,
    "webapi_url": "https://mriqc.nimh.nih.gov/api/v1"
  },
  "qi_1": 0.011171854130438504,
  "qi_2": 0.1908120654528792,
  "rpve_csf": 26.82424772347209,
  "rpve_gm": 8.299135186613794,
  "rpve_wm": 12.745329750893628,
  "size_x": 256,
  "size_y": 256,
  "size_z": 124,
  "snr_csf": 1.1074599512740064,
  "snr_gm": 15.024352760623042,
  "snr_total": 13.053062232290253,
  "snr_wm": 23.027373984973718,
  "snrd_csf": 285.7074385597463,
  "snrd_gm": 458.8937152941126,
  "snrd_total": 437.55619504538885,
  "snrd_wm": 568.0674312823076,
  "spacing_x": 0.9375029802322388,
  "spacing_y": 0.9375,
  "spacing_z": 1.1999870538711548,
  "summary_bg_k": 1.7556521359557298,
  "summary_bg_mad": 0.1532722268110433,
  "summary_bg_mean": 26.6969580292105,
  "summary_bg_median": 23.880906119942665,
  "summary_bg_n": 1108760.0,
  "summary_bg_p05": 0.0,
  "summary_bg_p95": 47.86519278585911,
  "summary_bg_stdv": 16.247412456072947,
  "summary_csf_k": 20.657224380048344,
  "summary_csf_mad": 158.02366584218564,
  "summary_csf_mean": 594.076322257773,
  "summary_csf_median": 502.94635616242886,
  "summary_csf_n": 13952.0,
  "summary_csf_p05": 290.0858120024204,
  "summary_csf_p95": 1419.7198688305903,
  "summary_csf_stdv": 454.12778231292344,
  "summary_gm_k": -0.3112528339922229,
  "summary_gm_mad": 57.17054060051915,
  "summary_gm_mean": 809.4663723205243,
  "summary_gm_median": 807.8155862390995,
  "summary_gm_n": 80259.0,
  "summary_gm_p05": 724.0773440003395,
  "summary_gm_p95": 899.9276527017355,
  "summary_gm_stdv": 53.766745665482205,
  "summary_wm_k": 0.382611382742998,
  "summary_wm_mad": 41.383501238981694,
  "summary_wm_mean": 1002.8041660404141,
  "summary_wm_median": 1000.0000212043524,
  "summary_wm_n": 172388.0,
  "summary_wm_p05": 935.5939410626888,
  "summary_wm_p95": 1078.775997236371,
  "summary_wm_stdv": 43.426450685115796,
  "tpm_overlap_csf": 0.13895919919013977,
  "tpm_overlap_gm": 0.47325843572616577,
  "tpm_overlap_wm": 0.4757824242115021,
  "wm2max": 0.5502397066692325
}