{
  "bids_meta": {
    "AcquisitionMatrixPE": 128,
    "AcquisitionNumber": 1,
    "AcquisitionTime": "10:25:5.000000",
    "ConversionSoftware": "dcm2niix",
    "ConversionSoftwareVersion": "v1.0.20180622 GCC4.4.7",
    "DeviceSerialNumber": "000000847570EMR3",
    "EchoTime": 0.008,
    "FlipAngle": 30,
    "ImageOrientationPatientDICOM": [
      1,
      0,
      0,
      0,
      0.999995,
      0.00314339
    ],
    "ImageType": [
      "ORIGINAL",
      "PRIMARY",
      "OTHER"
    ],
    "InPlanePhaseEncodingDirectionDICOM": "ROW",
    "InstitutionName": "Evanston_Hospital",
    "MRAcquisitionType": "3D",
    "MagneticFieldStrength": 1.5,
    "Manufacturer": "GE",
    "ManufacturersModelName": "SIGNA_EXCITE",
    "Modality": "MR",
    "PatientPosition": "HFS",
    "PercentPhaseFOV": 100,
    "PixelBandwidth": 114.922,
    "ProtocolName": "Head_Obl_3D_ZOOM_SPGR",
    "ReconMatrixPE": 256,
    "RepetitionTime": 0.033333,
    "SAR": 0.003287,
    "ScanOptions": "FC_VB_GEMS",
    "ScanningSequence": "GR",
    "SequenceVariant": "SS_SP",
    "SeriesDescription": "Head_Obl_3D_ZOOM_SPGR",
    "SeriesNumber": 2,
    "ShiftedAcquisitionDate": "1803-10-30",
    "SliceThickness": 1.2,
    "SoftwareVersions": "11",
    "SpacingBetweenSlices": 1.2,
    "StationName": "lxmr3",
    "dataset": "ds002236",
    "modality": "T1w",
    "subject_id": "21"
  },
  "cjv": 0.3918094485631571,
  "cnr": 3.435295987282955,
  "efc": 0.6535630304193107,
  "fber": 1154.1043634228029,
  "fwhm_avg": 3.236582715647588,
  "fwhm_x": 3.7286200870204094,
  "fwhm_y": 3.3519360000000002,
  "fwhm_z": 2.6291920599223553,
  "icvs_csf": 0.12569566300983587,
  "icvs_gm": 0.5244806083013366,
  "icvs_wm": 0.3498237286888275,
  "inu_med": 0.9015007615089417,
  "inu_range": 0.11918784677982319,
  "provenance": {
    "md5sum": "07f4aba268addb62580fd738141ba179",
    "settings": {
      "testing": false
    },
    "software": "mriqc",
    "version": "21.0.0rc2",
    "warnings": {
      "large_rot_frame": true,
      "small_air_mask": false
    },
    "webapi_port": null,
    "webapi_url": "https://mriqc.nimh.nih.gov/api/v1"
  },
  "qi_1": 0.03174044030161424,
  "qi_2": 0.08267116588920549,
  "rpve_csf": 32.03065737438965,
  "rpve_gm": 9.178157448782303,
  "rpve_wm": 14.135038253516969,
  "size_x": 256,
  "size_y": 256,
  "size_z": 124,
  "snr_csf": 0.9742526859087574,
  "snr_gm": 17.01371154002585,
  "snr_total": 13.806456897038464,
  "snr_wm": 23.431406465180782,
  "snrd_csf": 229.52074417413397,
  "snrd_gm": 450.20190751576655,
  "snrd_total": 419.55460110230746,
  "snrd_wm": 578.9411516170218,
  "spacing_x": 0.9375050067901611,
  "spacing_y": 0.9375,
  "spacing_z": 1.2000036239624023,
  "summary_bg_k": 4.310155621606575,
  "summary_bg_mad": 0.131611386373343,
  "summary_bg_mean": 25.665513687269414,
  "summary_bg_median": 22.192632779479027,
  "summary_bg_n": 955221.0,
  "summary_bg_p05": 0.0,
  "summary_bg_p95": 44.74034768342972,
  "summary_bg_stdv": 16.724730635084754,
  "summary_csf_k": 20.245476107360965,
  "summary_csf_mad": 161.3555596937185,
  "summary_csf_mean": 498.1263282039658,
  "summary_csf_median": 396.44919197261333,
  "summary_csf_n": 10397.0,
  "summary_csf_p05": 231.33600409328938,
  "summary_csf_p95": 1184.3586720690128,
  "summary_csf_stdv": 406.9068853399018,
  "summary_gm_k": -0.13249581207152517,
  "summary_gm_mad": 46.06398523067005,
  "summary_gm_mean": 779.5626398813802,
  "summary_gm_median": 777.6298525929451,
  "summary_gm_n": 57565.0,
  "summary_gm_p05": 707.2348214164376,
  "summary_gm_p95": 857.7896421924233,
  "summary_gm_stdv": 45.70567076859461,
  "summary_wm_k": 0.3897805636836025,
  "summary_wm_mad": 41.06275254848301,
  "summary_wm_mean": 1000.530190364653,
  "summary_wm_median": 1000.000033043325,
  "summary_wm_n": 142595.0,
  "summary_wm_p05": 931.114100895822,
  "summary_wm_p95": 1070.838916875422,
  "summary_wm_stdv": 42.677614256265656,
  "tpm_overlap_csf": 0.17103713750839233,
  "tpm_overlap_gm": 0.4931910037994385,
  "tpm_overlap_wm": 0.5105212330818176,
  "wm2max": 0.5716890305004021
}