{
  "bids_meta": {
    "AcquisitionMatrixPE": 128,
    "AcquisitionNumber": 1,
    "AcquisitionTime": "11:27:51.000000",
    "ConversionSoftware": "dcm2niix",
    "ConversionSoftwareVersion": "v1.0.20180622 GCC4.4.7",
    "DeviceSerialNumber": "00000847570ERMR1",
    "EchoTime": 0.008,
    "FlipAngle": 30,
    "ImageOrientationPatientDICOM": [
      1,
      0,
      0,
      0,
      0.997518,
      -0.0704055
    ],
    "ImageType": [
      "ORIGINAL",
      "PRIMARY",
      "OTHER"
    ],
    "InPlanePhaseEncodingDirectionDICOM": "ROW",
    "InstitutionName": "Evanston_Hospital",
    "MRAcquisitionType": "3D",
    "MagneticFieldStrength": 1.5,
    "Manufacturer": "GE",
    "ManufacturersModelName": "SIGNA_EXCITE",
    "Modality": "MR",
    "PatientPosition": "HFS",
    "PercentPhaseFOV": 100,
    "PixelBandwidth": 114.922,
    "ProtocolName": "Head_Obl_3D_ZOOM_SPGR",
    "ReconMatrixPE": 256,
    "RepetitionTime": 0.033333,
    "SAR": 0.002942,
    "ScanOptions": "FC_VB_GEMS",
    "ScanningSequence": "GR",
    "SequenceVariant": "SS_SP",
    "SeriesDescription": "Head_Obl_3D_ZOOM_SPGR",
    "SeriesNumber": 2,
    "ShiftedAcquisitionDate": "1804-02-01",
    "SliceThickness": 1.2,
    "SoftwareVersions": "11",
    "SpacingBetweenSlices": 1.2,
    "StationName": "12342345",
    "dataset": "ds002236",
    "modality": "T1w",
    "subject_id": "34"
  },
  "cjv": 0.6235020565785998,
  "cnr": 2.160753377961759,
  "efc": 0.6577901080008388,
  "fber": 523.069944628374,
  "fwhm_avg": 3.4622899548203603,
  "fwhm_x": 4.103757935937987,
  "fwhm_y": 3.489792,
  "fwhm_z": 2.793319928523093,
  "icvs_csf": 0.18251783252365864,
  "icvs_gm": 0.4490366613832771,
  "icvs_wm": 0.3684455060930643,
  "inu_med": 1.0440231561660767,
  "inu_range": 0.2107144713401794,
  "provenance": {
    "md5sum": "c8f219fec8a08d64f64aa76300897157",
    "settings": {
      "testing": false
    },
    "software": "mriqc",
    "version": "21.0.0rc2",
    "warnings": {
      "large_rot_frame": true,
      "small_air_mask": false
    },
    "webapi_port": null,
    "webapi_url": "https://mriqc.nimh.nih.gov/api/v1"
  },
  "qi_1": 0.007533119319229217,
  "qi_2": 0.0026323025921484184,
  "rpve_csf": 20.37998745072639,
  "rpve_gm": 9.00581794722892,
  "rpve_wm": 12.432129473892504,
  "size_x": 256,
  "size_y": 256,
  "size_z": 124,
  "snr_csf": 1.5953711359938927,
  "snr_gm": 14.978001188143567,
  "snr_total": 13.17083723183608,
  "snr_wm": 22.939139371370775,
  "snrd_csf": 22.659488598974065,
  "snrd_gm": 42.54421332305225,
  "snrd_total": 38.61492240262982,
  "snrd_wm": 50.64106528586317,
  "spacing_x": 0.9375090003013611,
  "spacing_y": 0.9375,
  "spacing_z": 1.2000164985656738,
  "summary_bg_k": 75.8700203585865,
  "summary_bg_mad": 12.936860536239095,
  "summary_bg_mean": 31.98702913198025,
  "summary_bg_median": 25.53573803603649,
  "summary_bg_n": 1597600.0,
  "summary_bg_p05": 8.469139248132706,
  "summary_bg_p95": 67.11151252686977,
  "summary_bg_stdv": 20.71372274667161,
  "summary_csf_k": 56.15051317699309,
  "summary_csf_mad": 134.12480408894945,
  "summary_csf_mean": 500.9536930481442,
  "summary_csf_median": 447.4528569430113,
  "summary_csf_n": 26442.0,
  "summary_csf_p05": 285.0057837434113,
  "summary_csf_p95": 760.2913119427856,
  "summary_csf_stdv": 280.46414137927684,
  "summary_gm_k": -0.20432834904645913,
  "summary_gm_mad": 57.454880616826564,
  "summary_gm_mean": 841.4289769379291,
  "summary_gm_median": 840.1129493564367,
  "summary_gm_n": 28694.0,
  "summary_gm_p05": 751.3153075426817,
  "summary_gm_p95": 936.141439604014,
  "summary_gm_stdv": 56.08881315347652,
  "summary_wm_k": 0.5986092811911439,
  "summary_wm_mad": 42.2350446918394,
  "summary_wm_mean": 1004.1215997333907,
  "summary_wm_median": 1000.0000327378511,
  "summary_wm_n": 185875.0,
  "summary_wm_p05": 940.2027768343687,
  "summary_wm_p95": 1081.7400585114956,
  "summary_wm_stdv": 43.593498716973144,
  "tpm_overlap_csf": 0.15983648598194122,
  "tpm_overlap_gm": 0.46770432591438293,
  "tpm_overlap_wm": 0.49708983302116394,
  "wm2max": 0.5339584523043222
}