{
  "bids_meta": {
    "AcquisitionMatrixPE": 128,
    "AcquisitionNumber": 1,
    "AcquisitionTime": "09:11:8.000000",
    "ConversionSoftware": "dcm2niix",
    "ConversionSoftwareVersion": "v1.0.20180622 GCC4.4.7",
    "DeviceSerialNumber": "000000847570EMR3",
    "EchoTime": 0.008,
    "FlipAngle": 30,
    "ImageOrientationPatientDICOM": [
      1,
      0,
      0,
      0,
      0.999995,
      0.00314339
    ],
    "ImageType": [
      "ORIGINAL",
      "PRIMARY",
      "OTHER"
    ],
    "InPlanePhaseEncodingDirectionDICOM": "ROW",
    "InstitutionName": "Evanston_Hospital",
    "MRAcquisitionType": "3D",
    "MagneticFieldStrength": 1.5,
    "Manufacturer": "GE",
    "ManufacturersModelName": "SIGNA_EXCITE",
    "Modality": "MR",
    "PatientPosition": "HFS",
    "PercentPhaseFOV": 100,
    "PixelBandwidth": 114.922,
    "ProtocolName": "Head_Obl_3D_ZOOM_SPGR",
    "ReconMatrixPE": 256,
    "RepetitionTime": 0.033333,
    "SAR": 0.00302,
    "ScanOptions": "FC_VB_GEMS",
    "ScanningSequence": "GR",
    "SequenceVariant": "SS_SP",
    "SeriesDescription": "Head_Obl_3D_ZOOM_SPGR",
    "SeriesNumber": 2,
    "ShiftedAdquisitionDate": "1803-07-12",
    "SliceThickness": 1.2,
    "SoftwareVersions": "11",
    "SpacingBetweenSlices": 1.2,
    "StationName": "lxmr3",
    "dataset": "ds002236",
    "modality": "T1w",
    "subject_id": "10"
  },
  "cjv": 0.7334000942952477,
  "cnr": 1.869029922158536,
  "efc": 0.6540786993412231,
  "fber": 862.0286187283843,
  "fwhm_avg": 3.796787389729252,
  "fwhm_x": 4.26075591177517,
  "fwhm_y": 3.9985173333333335,
  "fwhm_z": 3.131088924079253,
  "icvs_csf": 0.1953027599469797,
  "icvs_gm": 0.45478516139886027,
  "icvs_wm": 0.34991207865415996,
  "inu_med": 0.9704550504684448,
  "inu_range": 0.23712344169616695,
  "provenance": {
    "md5sum": "713407f63a5d64bf863e2b66f168b807",
    "settings": {
      "testing": false
    },
    "software": "mriqc",
    "version": "21.0.0rc2",
    "warnings": {
      "large_rot_frame": true,
      "small_air_mask": false
    },
    "webapi_port": null,
    "webapi_url": "https://mriqc.nimh.nih.gov/api/v1"
  },
  "qi_1": 0.11777955585078277,
  "qi_2": 0.0301687496587647,
  "rpve_csf": 23.662782816383178,
  "rpve_gm": 10.918740296940939,
  "rpve_wm": 15.588185006109168,
  "size_x": 256,
  "size_y": 256,
  "size_z": 124,
  "snr_csf": 1.8394749670468915,
  "snr_gm": 13.476147272470527,
  "snr_total": 11.117136635797642,
  "snr_wm": 18.035787667875507,
  "snrd_csf": 215.1274510918084,
  "snrd_gm": 421.33185653642386,
  "snrd_total": 379.8619164213084,
  "snrd_wm": 503.12644163569297,
  "spacing_x": 0.9375050067901611,
  "spacing_y": 0.9375,
  "spacing_z": 1.200007438659668,
  "summary_bg_k": 10.855041891853098,
  "summary_bg_mad": 0.30226345837989116,
  "summary_bg_mean": 34.10312948601424,
  "summary_bg_median": 24.974516555666924,
  "summary_bg_n": 1073019.0,
  "summary_bg_p05": 0.0,
  "summary_bg_p95": 75.33129687607288,
  "summary_bg_stdv": 25.10963143649601,
  "summary_csf_k": 71.81421116389248,
  "summary_csf_mad": 114.4067189967888,
  "summary_csf_mean": 461.63857409684385,
  "summary_csf_median": 427.62488551437855,
  "summary_csf_n": 25893.0,
  "summary_csf_p05": 270.8460836261511,
  "summary_csf_p95": 675.9837105602023,
  "summary_csf_stdv": 232.46667421775874,
  "summary_gm_k": -0.3768334479750317,
  "summary_gm_mad": 66.04456565600621,
  "summary_gm_mean": 838.0867609565279,
  "summary_gm_median": 837.5127674341202,
  "summary_gm_n": 24718.0,
  "summary_gm_p05": 737.0030803978443,
  "summary_gm_p95": 940.5708745270967,
  "summary_gm_stdv": 62.14653260875324,
  "summary_wm_k": 0.6810552717610654,
  "summary_wm_mad": 53.198368674860845,
  "summary_wm_mean": 1007.2932073653233,
  "summary_wm_median": 1000.1019670516253,
  "summary_wm_n": 136632.0,
  "summary_wm_p05": 928.9500790685415,
  "summary_wm_p95": 1108.7665982693434,
  "summary_wm_stdv": 55.45076963776148,
  "tpm_overlap_csf": 0.18871183693408966,
  "tpm_overlap_gm": 0.4886004626750946,
  "tpm_overlap_wm": 0.5059002637863159,
  "wm2max": 0.5653602490373997
}