{
  "bids_meta": {
    "AcquisitionMatrixPE": 128,
    "AcquisitionNumber": 1,
    "AcquisitionTime": "10:21:37.000000",
    "ConversionSoftware": "dcm2niix",
    "ConversionSoftwareVersion": "v1.0.20180622 GCC4.4.7",
    "DeviceSerialNumber": "00000847570ERMR1",
    "EchoTime": 0.008,
    "FlipAngle": 30,
    "ImageOrientationPatientDICOM": [
      1,
      0,
      0,
      0,
      0.99999,
      0.00457772
    ],
    "ImageType": [
      "ORIGINAL",
      "PRIMARY",
      "OTHER"
    ],
    "InPlanePhaseEncodingDirectionDICOM": "ROW",
    "InstitutionName": "Evanston_Hospital",
    "MRAcquisitionType": "3D",
    "MagneticFieldStrength": 1.5,
    "Manufacturer": "GE",
    "ManufacturersModelName": "SIGNA_EXCITE",
    "Modality": "MR",
    "PatientPosition": "HFS",
    "PercentPhaseFOV": 100,
    "PixelBandwidth": 114.922,
    "ProcedureStepDescription": "Lexical",
    "ProtocolName": "Head_Obl_3D_ZOOM_SPGR",
    "ReconMatrixPE": 256,
    "RepetitionTime": 0.033333,
    "SAR": 0.00317596,
    "ScanOptions": "FC",
    "ScanningSequence": "GR",
    "SequenceVariant": "SS_SP",
    "SeriesDescription": "Head_Obl_3D_ZOOM_SPGR",
    "SeriesNumber": 2,
    "ShiftedAcquisitionDate": "1805-06-16",
    "SliceThickness": 1.2,
    "SoftwareVersions": "12_LX_MR_Software_release:12.0_M4_0520.a",
    "SpacingBetweenSlices": 1.2,
    "StationName": "12342345",
    "dataset": "ds002236",
    "modality": "T1w",
    "subject_id": "75"
  },
  "cjv": 0.4827076990483355,
  "cnr": 2.7239679444994715,
  "efc": 0.6592552291855395,
  "fber": 814.5500130072841,
  "fwhm_avg": 3.3943194647164,
  "fwhm_x": 3.8792758981964814,
  "fwhm_y": 3.445802666666667,
  "fwhm_z": 2.8578798292860528,
  "icvs_csf": 0.14689512957596876,
  "icvs_gm": 0.49223071682895936,
  "icvs_wm": 0.36087415359507186,
  "inu_med": 1.4501161575317383,
  "inu_range": 0.25830212235450745,
  "provenance": {
    "md5sum": "a6bfe21a9aeed103a5d65a92f2f01ad6",
    "settings": {
      "testing": false
    },
    "software": "mriqc",
    "version": "21.0.0rc2",
    "warnings": {
      "large_rot_frame": true,
      "small_air_mask": false
    },
    "webapi_port": null,
    "webapi_url": "https://mriqc.nimh.nih.gov/api/v1"
  },
  "qi_1": 0.0009336362549324406,
  "qi_2": 0.006708120480856848,
  "rpve_csf": 29.104566111231335,
  "rpve_gm": 9.966602662953703,
  "rpve_wm": 14.495125783613624,
  "size_x": 256,
  "size_y": 256,
  "size_z": 124,
  "snr_csf": 1.1825156386411209,
  "snr_gm": 15.060968494649972,
  "snr_total": 11.741176336028524,
  "snr_wm": 18.980044874794476,
  "snrd_csf": 20.337255273354398,
  "snrd_gm": 38.53963113188808,
  "snrd_total": 35.982389871076236,
  "snrd_wm": 49.07028320798624,
  "spacing_x": 0.9375100135803223,
  "spacing_y": 0.9375,
  "spacing_z": 1.200011968612671,
  "summary_bg_k": 13.932062703656527,
  "summary_bg_mad": 13.350979719969022,
  "summary_bg_mean": 34.706434026445905,
  "summary_bg_median": 26.798306591808796,
  "summary_bg_n": 915414.0,
  "summary_bg_p05": 9.005098976194859,
  "summary_bg_p95": 88.74904774129391,
  "summary_bg_stdv": 26.676205707491533,
  "summary_csf_k": 24.598928599895093,
  "summary_csf_mad": 134.47492826378436,
  "summary_csf_mean": 497.50559205661153,
  "summary_csf_median": 414.4515432417393,
  "summary_csf_n": 9246.0,
  "summary_csf_p05": 247.58597426116467,
  "summary_csf_p95": 1062.1948223095387,
  "summary_csf_stdv": 350.46397410349374,
  "summary_gm_k": -0.04949237283138963,
  "summary_gm_mad": 52.76049817047999,
  "summary_gm_mean": 788.1450660718614,
  "summary_gm_median": 785.3965239599347,
  "summary_gm_n": 33581.0,
  "summary_gm_p05": 706.9545172154903,
  "summary_gm_p95": 878.4853784367442,
  "summary_gm_stdv": 52.147033578277295,
  "summary_wm_k": 0.4434221208352578,
  "summary_wm_mad": 50.830236042291695,
  "summary_wm_mean": 1003.6555322595962,
  "summary_wm_median": 999.9999670311809,
  "summary_wm_n": 135599.0,
  "summary_wm_p05": 923.7170141376556,
  "summary_wm_p95": 1096.2351813912392,
  "summary_wm_stdv": 52.68671840758783,
  "tpm_overlap_csf": 0.1828867793083191,
  "tpm_overlap_gm": 0.5040172934532166,
  "tpm_overlap_wm": 0.5144163370132446,
  "wm2max": 0.4977443814476927
}