{
  "bids_meta": {
    "AcquisitionMatrixPE": 128,
    "AcquisitionNumber": 1,
    "AcquisitionTime": "09:55:54.000000",
    "ConversionSoftware": "dcm2niix",
    "ConversionSoftwareVersion": "v1.0.20180622 GCC4.4.7",
    "DeviceSerialNumber": "00000847570ERMR1",
    "EchoTime": 0.008,
    "FlipAngle": 30,
    "ImageOrientationPatientDICOM": [
      1,
      0,
      0,
      0,
      1,
      0.000824006
    ],
    "ImageType": [
      "ORIGINAL",
      "PRIMARY",
      "OTHER"
    ],
    "InPlanePhaseEncodingDirectionDICOM": "ROW",
    "InstitutionName": "Evanston_Hospital",
    "MRAcquisitionType": "3D",
    "MagneticFieldStrength": 1.5,
    "Manufacturer": "GE",
    "ManufacturersModelName": "SIGNA_EXCITE",
    "Modality": "MR",
    "PatientPosition": "HFS",
    "PercentPhaseFOV": 100,
    "PixelBandwidth": 114.922,
    "ProtocolName": "Head_Obl_3D_ZOOM_SPGR",
    "ReconMatrixPE": 256,
    "RepetitionTime": 0.033333,
    "SAR": 0.00301962,
    "ScanOptions": "FC",
    "ScanningSequence": "GR",
    "SequenceVariant": "SS_SP",
    "SeriesDescription": "Head_Obl_3D_ZOOM_SPGR",
    "SeriesNumber": 2,
    "ShiftedAcquisitionDate": "1805-08-29",
    "SliceThickness": 1.2,
    "SoftwareVersions": "12_LX_MR_Software_release:12.0_M4_0520.a",
    "SpacingBetweenSlices": 1.2,
    "StationName": "12342345",
    "dataset": "ds002236",
    "modality": "T1w",
    "subject_id": "85"
  },
  "cjv": 0.41676187718675994,
  "cnr": 3.199947610270404,
  "efc": 0.6510406167415959,
  "fber": 799.1494082840237,
  "fwhm_avg": 3.339476607731614,
  "fwhm_x": 3.977781333333333,
  "fwhm_y": 3.352576,
  "fwhm_z": 2.688072489861508,
  "icvs_csf": 0.13434175797915043,
  "icvs_gm": 0.515577755065447,
  "icvs_wm": 0.3500804869554026,
  "inu_med": 1.0437812805175781,
  "inu_range": 0.1463710635900497,
  "provenance": {
    "md5sum": "d0c4e10a6797dc76ba268ca1df888352",
    "settings": {
      "testing": false
    },
    "software": "mriqc",
    "version": "21.0.0rc2",
    "warnings": {
      "large_rot_frame": true,
      "small_air_mask": false
    },
    "webapi_port": null,
    "webapi_url": "https://mriqc.nimh.nih.gov/api/v1"
  },
  "qi_1": 0.0,
  "qi_2": 0.02207622912619982,
  "rpve_csf": 25.646125528177976,
  "rpve_gm": 8.044861045528474,
  "rpve_wm": 12.640449888683445,
  "size_x": 256,
  "size_y": 256,
  "size_z": 124,
  "snr_csf": 1.1269469312074931,
  "snr_gm": 16.349792501440366,
  "snr_total": 13.292055799970385,
  "snr_wm": 22.399427967263293,
  "snrd_csf": 24.53211249483975,
  "snrd_gm": 38.43872202090005,
  "snrd_total": 37.36872235928937,
  "snrd_wm": 49.135332562128326,
  "spacing_x": 0.9375,
  "spacing_y": 0.9375,
  "spacing_z": 1.2000011205673218,
  "summary_bg_k": 7.858010411511859,
  "summary_bg_mad": 13.333304663813832,
  "summary_bg_mean": 28.066464652814012,
  "summary_bg_median": 26.876162141561508,
  "summary_bg_n": 1144839.0,
  "summary_bg_p05": 8.993177331984043,
  "summary_bg_p95": 62.64213176071644,
  "summary_bg_stdv": 18.595906082654928,
  "summary_csf_k": 12.280785630529746,
  "summary_csf_mad": 165.0571163554885,
  "summary_csf_mean": 598.711754542707,
  "summary_csf_median": 499.2763967067003,
  "summary_csf_n": 9066.0,
  "summary_csf_p05": 261.2414645086974,
  "summary_csf_p95": 1652.3929648976773,
  "summary_csf_stdv": 443.01008900473914,
  "summary_gm_k": -0.18240366925752793,
  "summary_gm_mad": 49.042040142763526,
  "summary_gm_mean": 783.9710283891818,
  "summary_gm_median": 782.3030580282211,
  "summary_gm_n": 71352.0,
  "summary_gm_p05": 707.2565437406301,
  "summary_gm_p95": 864.8955716863275,
  "summary_gm_stdv": 47.84755378039123,
  "summary_wm_k": 0.6785424495223067,
  "summary_wm_mad": 41.68573412134899,
  "summary_wm_mean": 1000.9530895124352,
  "summary_wm_median": 999.9999713748693,
  "summary_wm_n": 177629.0,
  "summary_wm_p05": 929.2949909716845,
  "summary_wm_p95": 1075.7700746431947,
  "summary_wm_stdv": 44.64387027993747,
  "tpm_overlap_csf": 0.15404927730560303,
  "tpm_overlap_gm": 0.48545771837234497,
  "tpm_overlap_wm": 0.5056687593460083,
  "wm2max": 0.425317150676659
}