{
  "bids_meta": {
    "AcquisitionMatrixPE": 128,
    "AcquisitionNumber": 1,
    "AcquisitionTime": "11:37:12.000000",
    "ConversionSoftware": "dcm2niix",
    "ConversionSoftwareVersion": "v1.0.20180622 GCC4.4.7",
    "DeviceSerialNumber": "000000847570EMR3",
    "EchoTime": 0.008,
    "FlipAngle": 30,
    "ImageOrientationPatientDICOM": [
      1,
      0,
      0,
      0,
      0.999997,
      0.00253301
    ],
    "ImageType": [
      "ORIGINAL",
      "PRIMARY",
      "OTHER"
    ],
    "InPlanePhaseEncodingDirectionDICOM": "ROW",
    "InstitutionName": "Evanston_Hospital",
    "MRAcquisitionType": "3D",
    "MagneticFieldStrength": 1.5,
    "Manufacturer": "GE",
    "ManufacturersModelName": "SIGNA_EXCITE",
    "Modality": "MR",
    "PatientPosition": "HFS",
    "PercentPhaseFOV": 100,
    "PixelBandwidth": 114.922,
    "ProtocolName": "Head_Obl_3D_ZOOM_SPGR",
    "ReconMatrixPE": 256,
    "RepetitionTime": 0.033333,
    "SAR": 0.002902,
    "ScanOptions": "FC_VB_GEMS",
    "ScanningSequence": "GR",
    "SequenceVariant": "SS_SP",
    "SeriesDescription": "Head_Obl_3D_ZOOM_SPGR",
    "SeriesNumber": 2,
    "ShiftedAcquisitionDate": "1803-11-19",
    "SliceThickness": 1.2,
    "SoftwareVersions": "11",
    "SpacingBetweenSlices": 1.2,
    "StationName": "lxmr3",
    "dataset": "ds002236",
    "modality": "T1w",
    "subject_id": "03"
  },
  "cjv": 0.5675459752110711,
  "cnr": 2.4246593180899207,
  "efc": 0.6761975200414905,
  "fber": 1100.4191596836088,
  "fwhm_avg": 3.5026012477865973,
  "fwhm_x": 4.108285606778441,
  "fwhm_y": 3.565312,
  "fwhm_z": 2.8342061365813507,
  "icvs_csf": 0.15524476412515156,
  "icvs_gm": 0.48445146238732095,
  "icvs_wm": 0.36030377348752746,
  "inu_med": 1.0999529361724854,
  "inu_range": 0.2167076110839843,
  "provenance": {
    "md5sum": "14d2c7c16c4c669d95d2f454ec309ab8",
    "settings": {
      "testing": false
    },
    "software": "mriqc",
    "version": "21.0.0rc2",
    "warnings": {
      "large_rot_frame": true,
      "small_air_mask": false
    },
    "webapi_port": null,
    "webapi_url": "https://mriqc.nimh.nih.gov/api/v1"
  },
  "qi_1": 0.05640759919140131,
  "qi_2": 0.08245485482442164,
  "rpve_csf": 22.942429641604807,
  "rpve_gm": 8.289317958139913,
  "rpve_wm": 11.93255732760862,
  "size_x": 256,
  "size_y": 256,
  "size_z": 124,
  "snr_csf": 1.3153543977092306,
  "snr_gm": 14.321068907416294,
  "snr_total": 11.916842455945755,
  "snr_wm": 20.11410406271174,
  "snrd_csf": 213.06249747593554,
  "snrd_gm": 460.1914191679404,
  "snrd_total": 413.6889819594997,
  "snrd_wm": 567.8130292346233,
  "spacing_x": 0.9375029802322388,
  "spacing_y": 0.9375,
  "spacing_z": 1.2000044584274292,
  "summary_bg_k": 45.800689034834896,
  "summary_bg_mad": 0.15390866739675652,
  "summary_bg_mean": 30.13309444209284,
  "summary_bg_median": 23.46101900935173,
  "summary_bg_n": 1066663.0,
  "summary_bg_p05": 0.0,
  "summary_bg_p95": 70.27924720942974,
  "summary_bg_stdv": 20.890258475031107,
  "summary_csf_k": 88.01816152646083,
  "summary_csf_mad": 120.20266923686685,
  "summary_csf_mean": 429.9908507587874,
  "summary_csf_median": 375.27249433100224,
  "summary_csf_n": 26026.0,
  "summary_csf_p05": 239.07401229441166,
  "summary_csf_p95": 662.384500194341,
  "summary_csf_stdv": 285.29595168125536,
  "summary_gm_k": -0.3686033603654275,
  "summary_gm_mad": 60.024380284735045,
  "summary_gm_mean": 812.1298492348244,
  "summary_gm_median": 810.5470638275146,
  "summary_gm_n": 47475.0,
  "summary_gm_p05": 722.1010983586311,
  "summary_gm_p95": 907.1940049678087,
  "summary_gm_stdv": 56.59762776474948,
  "summary_wm_k": 0.5442516182719515,
  "summary_wm_mad": 47.557778225597765,
  "summary_wm_mean": 1004.2554383930119,
  "summary_wm_median": 1000.1037926375866,
  "summary_wm_n": 181496.0,
  "summary_wm_p05": 930.2397847026587,
  "summary_wm_p95": 1092.5983410328627,
  "summary_wm_stdv": 49.72138129285255,
  "tpm_overlap_csf": 0.16508129239082336,
  "tpm_overlap_gm": 0.47626984119415283,
  "tpm_overlap_wm": 0.5007619261741638,
  "wm2max": 0.5137207403070546
}