{
  "bids_meta": {
    "AcquisitionMatrixPE": 128,
    "AcquisitionNumber": 1,
    "AcquisitionTime": "12:46:50.000000",
    "ConversionSoftware": "dcm2niix",
    "ConversionSoftwareVersion": "v1.0.20180622 GCC4.4.7",
    "DeviceSerialNumber": "00000847570ERMR1",
    "EchoTime": 0.008,
    "FlipAngle": 30,
    "ImageOrientationPatientDICOM": [
      1,
      0,
      0,
      0,
      0.999995,
      -0.00311284
    ],
    "ImageType": [
      "ORIGINAL",
      "PRIMARY",
      "OTHER"
    ],
    "InPlanePhaseEncodingDirectionDICOM": "ROW",
    "InstitutionName": "Evanston_Hospital",
    "MRAcquisitionType": "3D",
    "MagneticFieldStrength": 1.5,
    "Manufacturer": "GE",
    "ManufacturersModelName": "SIGNA_EXCITE",
    "Modality": "MR",
    "PatientPosition": "HFS",
    "PercentPhaseFOV": 100,
    "PixelBandwidth": 114.922,
    "ProtocolName": "Head_Obl_3D_ZOOM_SPGR",
    "ReconMatrixPE": 256,
    "RepetitionTime": 0.033333,
    "SAR": 0.002778,
    "ScanOptions": "FC_VB_GEMS",
    "ScanningSequence": "GR",
    "SequenceVariant": "SS_SP",
    "SeriesDescription": "Head_Obl_3D_ZOOM_SPGR",
    "SeriesNumber": 2,
    "ShiftedAcquisitionDate": "1804-02-04",
    "SliceThickness": 1.2,
    "SoftwareVersions": "11",
    "SpacingBetweenSlices": 1.2,
    "StationName": "12342345",
    "dataset": "ds002236",
    "modality": "T1w",
    "subject_id": "76"
  },
  "cjv": 0.8085778002536913,
  "cnr": 1.6807143709296046,
  "efc": 0.6966743034229282,
  "fber": 362.6855071302676,
  "fwhm_avg": 3.5014489301025797,
  "fwhm_x": 4.102943421251463,
  "fwhm_y": 3.543445333333333,
  "fwhm_z": 2.8579580357229424,
  "icvs_csf": 0.20560069697546052,
  "icvs_gm": 0.45615743036649903,
  "icvs_wm": 0.33824187265804045,
  "inu_med": 1.388152837753296,
  "inu_range": 0.3667941689491272,
  "provenance": {
    "md5sum": "537b6bfc478468c8bedb129ad2b9cccb",
    "settings": {
      "testing": false
    },
    "software": "mriqc",
    "version": "21.0.0rc2",
    "warnings": {
      "large_rot_frame": true,
      "small_air_mask": false
    },
    "webapi_port": null,
    "webapi_url": "https://mriqc.nimh.nih.gov/api/v1"
  },
  "qi_1": 0.008137256929999365,
  "qi_2": 0.003136687941471879,
  "rpve_csf": 19.287893890636717,
  "rpve_gm": 9.313229822009593,
  "rpve_wm": 14.10292011994539,
  "size_x": 256,
  "size_y": 256,
  "size_z": 124,
  "snr_csf": 1.7426555608284693,
  "snr_gm": 11.817591580897762,
  "snr_total": 11.18886854178888,
  "snr_wm": 20.00635848364041,
  "snrd_csf": 17.413454408575465,
  "snrd_gm": 35.53610338892875,
  "snrd_total": 31.63917013939061,
  "snrd_wm": 41.96795262066762,
  "spacing_x": 0.9375050067901611,
  "spacing_y": 0.9375,
  "spacing_z": 1.2000036239624023,
  "summary_bg_k": 114.80830073757598,
  "summary_bg_mad": 15.610396036954569,
  "summary_bg_mean": 38.96608988272077,
  "summary_bg_median": 31.067203179001808,
  "summary_bg_n": 1138538.0,
  "summary_bg_p05": 10.269075527787209,
  "summary_bg_p95": 80.46275635063648,
  "summary_bg_stdv": 26.127596579346108,
  "summary_csf_k": 51.997579017363236,
  "summary_csf_mad": 131.2429592736551,
  "summary_csf_mean": 457.0599350685131,
  "summary_csf_median": 414.92264664173126,
  "summary_csf_n": 28119.0,
  "summary_csf_p05": 259.5736319169402,
  "summary_csf_p95": 713.3887772664426,
  "summary_csf_stdv": 238.09367606889882,
  "summary_gm_k": -0.38935509067514307,
  "summary_gm_mad": 76.89565455240584,
  "summary_gm_mean": 851.0440452676017,
  "summary_gm_median": 846.7437720000744,
  "summary_gm_n": 26060.0,
  "summary_gm_p05": 741.4532507658005,
  "summary_gm_p95": 973.3523740768433,
  "summary_gm_stdv": 71.64975367482506,
  "summary_wm_k": 0.8682056140762735,
  "summary_wm_mad": 47.02390904959154,
  "summary_wm_mean": 1005.802749683542,
  "summary_wm_median": 999.999975129962,
  "summary_wm_n": 149326.0,
  "summary_wm_p05": 934.7458496242762,
  "summary_wm_p95": 1096.4512921124697,
  "summary_wm_stdv": 49.98394023397317,
  "tpm_overlap_csf": 0.17300784587860107,
  "tpm_overlap_gm": 0.47749951481819153,
  "tpm_overlap_wm": 0.4916461706161499,
  "wm2max": 0.5124987438184713
}