{
  "bids_meta": {
    "AcquisitionMatrixPE": 128,
    "AcquisitionNumber": 1,
    "AcquisitionTime": "11:38:24.000000",
    "ConversionSoftware": "dcm2niix",
    "ConversionSoftwareVersion": "v1.0.20180622 GCC4.4.7",
    "DeviceSerialNumber": "000000847570EMR3",
    "EchoTime": 0.008,
    "FlipAngle": 30,
    "ImageOrientationPatientDICOM": [
      1,
      0,
      0,
      0,
      0.999959,
      0.00900285
    ],
    "ImageType": [
      "ORIGINAL",
      "PRIMARY",
      "OTHER"
    ],
    "InPlanePhaseEncodingDirectionDICOM": "ROW",
    "InstitutionName": "Evanston_Hospital",
    "MRAcquisitionType": "3D",
    "MagneticFieldStrength": 1.5,
    "Manufacturer": "GE",
    "ManufacturersModelName": "SIGNA_EXCITE",
    "Modality": "MR",
    "PatientPosition": "HFS",
    "PercentPhaseFOV": 100,
    "PixelBandwidth": 114.922,
    "ProtocolName": "Head_Obl_3D_ZOOM_SPGR",
    "ReconMatrixPE": 256,
    "RepetitionTime": 0.033333,
    "SAR": 0.003049,
    "ScanOptions": "FC_VB_GEMS",
    "ScanningSequence": "GR",
    "SequenceVariant": "SS_SP",
    "SeriesDescription": "Head_Obl_3D_ZOOM_SPGR",
    "SeriesNumber": 2,
    "ShiftedAcquisitionDate": "1803-08-13",
    "SliceThickness": 1.2,
    "SoftwareVersions": "11",
    "SpacingBetweenSlices": 1.2,
    "StationName": "lxmr3",
    "dataset": "ds002236",
    "modality": "T1w",
    "subject_id": "18"
  },
  "cjv": 0.6380125453248522,
  "cnr": 1.9527960492651473,
  "efc": 0.6942553317491148,
  "fber": 194.21209600000003,
  "fwhm_avg": 3.266751289278434,
  "fwhm_x": 3.7287002032794514,
  "fwhm_y": 3.3780266666666665,
  "fwhm_z": 2.693526997889185,
  "icvs_csf": 0.12609730762648086,
  "icvs_gm": 0.49280299584026194,
  "icvs_wm": 0.3810996965332572,
  "inu_med": 0.8466190695762634,
  "inu_range": 0.21328967809677113,
  "provenance": {
    "md5sum": "9f1e86ed562480ac377403ce90ba54c1",
    "settings": {
      "testing": false
    },
    "software": "mriqc",
    "version": "21.0.0rc2",
    "warnings": {
      "large_rot_frame": true,
      "small_air_mask": false
    },
    "webapi_port": null,
    "webapi_url": "https://mriqc.nimh.nih.gov/api/v1"
  },
  "qi_1": 0.0,
  "qi_2": 0.026550818960975713,
  "rpve_csf": 30.253372479071892,
  "rpve_gm": 8.77369086429968,
  "rpve_wm": 11.940346732756337,
  "size_x": 256,
  "size_y": 256,
  "size_z": 124,
  "snr_csf": 0.8307328598344785,
  "snr_gm": 13.114705489979066,
  "snr_total": 9.863026130564732,
  "snr_wm": 15.64364004188065,
  "snrd_csf": 7.01002828939503,
  "snrd_gm": 12.137635971577325,
  "snrd_total": 11.38407855166337,
  "snrd_wm": 15.004571394017752,
  "spacing_x": 0.9375090003013611,
  "spacing_y": 0.9375,
  "spacing_z": 1.2000473737716675,
  "summary_bg_k": 7.570277418575273,
  "summary_bg_mad": 43.6624520821654,
  "summary_bg_mean": 53.0880076152732,
  "summary_bg_median": 30.156673431396484,
  "summary_bg_n": 1233201.0,
  "summary_bg_p05": 0.0,
  "summary_bg_p95": 120.39109471440315,
  "summary_bg_stdv": 41.02300161744025,
  "summary_csf_k": 15.452468556305899,
  "summary_csf_mad": 170.28356312044505,
  "summary_csf_mean": 617.1979961875413,
  "summary_csf_median": 467.1928391754627,
  "summary_csf_n": 10633.0,
  "summary_csf_p05": 253.74013504385948,
  "summary_csf_p95": 1812.1804742157458,
  "summary_csf_stdv": 562.3599260874151,
  "summary_gm_k": -0.07286704076221406,
  "summary_gm_mad": 62.69928118998952,
  "summary_gm_mean": 812.2187501206525,
  "summary_gm_median": 808.9292048960924,
  "summary_gm_n": 52791.0,
  "summary_gm_p05": 715.7497959733009,
  "summary_gm_p95": 918.6005446016788,
  "summary_gm_stdv": 61.680496283923965,
  "summary_wm_k": 0.707707132917887,
  "summary_wm_mad": 59.206285023416285,
  "summary_wm_mean": 1007.7971183190649,
  "summary_wm_median": 1000.0000029653311,
  "summary_wm_n": 168566.0,
  "summary_wm_p05": 916.9513515233994,
  "summary_wm_p95": 1125.9276744425297,
  "summary_wm_stdv": 63.92355194101543,
  "tpm_overlap_csf": 0.17287425696849823,
  "tpm_overlap_gm": 0.4994557499885559,
  "tpm_overlap_wm": 0.5200376510620117,
  "wm2max": 0.4932223183185986
}