{
  "bids_meta": {
    "AcquisitionMatrixPE": 128,
    "AcquisitionNumber": 1,
    "AcquisitionTime": "11:34:5.000000",
    "ConversionSoftware": "dcm2niix",
    "ConversionSoftwareVersion": "v1.0.20180622 GCC4.4.7",
    "DeviceSerialNumber": "000000847570EMR3",
    "EchoTime": 0.008,
    "FlipAngle": 30,
    "ImageOrientationPatientDICOM": [
      1,
      0,
      0,
      0,
      0.999975,
      -0.00704979
    ],
    "ImageType": [
      "ORIGINAL",
      "PRIMARY",
      "OTHER"
    ],
    "InPlanePhaseEncodingDirectionDICOM": "ROW",
    "InstitutionName": "Evanston_Hospital",
    "MRAcquisitionType": "3D",
    "MagneticFieldStrength": 1.5,
    "Manufacturer": "GE",
    "ManufacturersModelName": "SIGNA_EXCITE",
    "Modality": "MR",
    "PatientPosition": "HFS",
    "PercentPhaseFOV": 100,
    "PixelBandwidth": 114.922,
    "ProtocolName": "Head_Obl_3D_ZOOM_SPGR",
    "ReconMatrixPE": 256,
    "RepetitionTime": 0.033333,
    "SAR": 0.002757,
    "ScanOptions": "FC_VB_GEMS",
    "ScanningSequence": "GR",
    "SequenceVariant": "SS_SP",
    "SeriesDescription": "Head_Obl_3D_ZOOM_SPGR",
    "SeriesNumber": 2,
    "ShiftedAcquisitionDate": "1804-04-06",
    "SliceThickness": 1.2,
    "SoftwareVersions": "11",
    "SpacingBetweenSlices": 1.2,
    "StationName": "lxmr3",
    "dataset": "ds002236",
    "modality": "T1w",
    "subject_id": "74"
  },
  "cjv": 0.6423234924401877,
  "cnr": 2.1148003047565815,
  "efc": 0.6541264532826602,
  "fber": 660.9100667686112,
  "fwhm_avg": 3.534301317132817,
  "fwhm_x": 4.058773676189982,
  "fwhm_y": 3.6218133333333333,
  "fwhm_z": 2.922316941875136,
  "icvs_csf": 0.19279981314262706,
  "icvs_gm": 0.46751096394822755,
  "icvs_wm": 0.3396892229091454,
  "inu_med": 0.7648701071739197,
  "inu_range": 0.1510960519313812,
  "provenance": {
    "md5sum": "28fe07d76e21da5efcddded0e3a97101",
    "settings": {
      "testing": false
    },
    "software": "mriqc",
    "version": "21.0.0rc2",
    "warnings": {
      "large_rot_frame": true,
      "small_air_mask": false
    },
    "webapi_port": null,
    "webapi_url": "https://mriqc.nimh.nih.gov/api/v1"
  },
  "qi_1": 0.03945886898245353,
  "qi_2": 0.05323985480305105,
  "rpve_csf": 22.63222460346663,
  "rpve_gm": 10.276847712907058,
  "rpve_wm": 15.67053026528833,
  "size_x": 256,
  "size_y": 256,
  "size_z": 124,
  "snr_csf": 1.520908114457402,
  "snr_gm": 14.887817038421295,
  "snr_total": 12.306335916297973,
  "snr_wm": 20.51028259601522,
  "snrd_csf": 239.46256531328268,
  "snrd_gm": 467.76197285978407,
  "snrd_total": 422.4143176021983,
  "snrd_wm": 560.0184146335283,
  "spacing_x": 0.9374949932098389,
  "spacing_y": 0.9375,
  "spacing_z": 1.2000306844711304,
  "summary_bg_k": 80.88115527852533,
  "summary_bg_mad": 0.1698478831090007,
  "summary_bg_mean": 32.2315260342564,
  "summary_bg_median": 29.442088656127453,
  "summary_bg_n": 1330775.0,
  "summary_bg_p05": 0.0,
  "summary_bg_p95": 59.45698059350252,
  "summary_bg_stdv": 23.311796145677963,
  "summary_csf_k": 36.88570074311097,
  "summary_csf_mad": 136.55769801963658,
  "summary_csf_mean": 479.9166185447355,
  "summary_csf_median": 427.5976494513452,
  "summary_csf_n": 19158.0,
  "summary_csf_p05": 254.66833884269,
  "summary_csf_p95": 724.1436361860466,
  "summary_csf_stdv": 281.1389363195114,
  "summary_gm_k": -0.303147252061446,
  "summary_gm_mad": 58.25782390638724,
  "summary_gm_mean": 834.4024658260361,
  "summary_gm_median": 835.2617447152734,
  "summary_gm_n": 23232.0,
  "summary_gm_p05": 741.665688559413,
  "summary_gm_p95": 925.1918598711491,
  "summary_gm_stdv": 56.102500845544306,
  "summary_wm_k": 0.582737155034605,
  "summary_wm_mad": 47.557407270520194,
  "summary_wm_mean": 1004.6040440305745,
  "summary_wm_median": 999.9999684020877,
  "summary_wm_n": 127121.0,
  "summary_wm_p05": 932.5237418711185,
  "summary_wm_p95": 1090.502886839211,
  "summary_wm_stdv": 48.7558389531074,
  "tpm_overlap_csf": 0.1834620088338852,
  "tpm_overlap_gm": 0.48935264348983765,
  "tpm_overlap_wm": 0.5032152533531189,
  "wm2max": 0.5550056258775596
}