{
  "bids_meta": {
    "AcquisitionMatrixPE": 128,
    "AcquisitionNumber": 1,
    "AcquisitionTime": "15:17:38.000000",
    "ConversionSoftware": "dcm2niix",
    "ConversionSoftwareVersion": "v1.0.20180622 GCC4.4.7",
    "DeviceSerialNumber": "00000847570ERMR1",
    "EchoTime": 0.008,
    "FlipAngle": 30,
    "ImageOrientationPatientDICOM": [
      1,
      0,
      0,
      0,
      1,
      0
    ],
    "ImageType": [
      "ORIGINAL",
      "PRIMARY",
      "OTHER"
    ],
    "InPlanePhaseEncodingDirectionDICOM": "ROW",
    "InstitutionName": "Evanston_Hospital",
    "MRAcquisitionType": "3D",
    "MagneticFieldStrength": 1.5,
    "Manufacturer": "GE",
    "ManufacturersModelName": "SIGNA_EXCITE",
    "Modality": "MR",
    "PatientPosition": "HFS",
    "PercentPhaseFOV": 100,
    "PixelBandwidth": 114.922,
    "ProcedureStepDescription": "fmri",
    "ProtocolName": "Head_Ax_3D_ZOOM_SPGR",
    "ReconMatrixPE": 256,
    "RepetitionTime": 0.033333,
    "SAR": 0.00324695,
    "ScanOptions": "FC",
    "ScanningSequence": "GR",
    "SequenceVariant": "SS_SP",
    "SeriesDescription": "Head_Ax_3D_ZOOM_SPGR",
    "SeriesNumber": 3,
    "ShiftedAcquisitionDate": "1806-06-01",
    "SliceThickness": 1.2,
    "SoftwareVersions": "12_LX_MR_Software_release:12.0_M4_0520.a",
    "SpacingBetweenSlices": 1.2,
    "StationName": "EHRMR1",
    "dataset": "ds002236",
    "modality": "T1w",
    "subject_id": "67"
  },
  "cjv": 0.6406909681289523,
  "cnr": 2.183024219611016,
  "efc": 0.6471283260242945,
  "fber": 774.0760493827161,
  "fwhm_avg": 3.4322038487586526,
  "fwhm_x": 4.042848,
  "fwhm_y": 3.4429653333333334,
  "fwhm_z": 2.8107982129426237,
  "icvs_csf": 0.1657474741185571,
  "icvs_gm": 0.48717119676522186,
  "icvs_wm": 0.3470813291162211,
  "inu_med": 1.2170403003692627,
  "inu_range": 0.2862948179244995,
  "provenance": {
    "md5sum": "4ff398917106ace432e359328cf73ed2",
    "settings": {
      "testing": false
    },
    "software": "mriqc",
    "version": "21.0.0rc2",
    "warnings": {
      "large_rot_frame": true,
      "small_air_mask": false
    },
    "webapi_port": null,
    "webapi_url": "https://mriqc.nimh.nih.gov/api/v1"
  },
  "qi_1": 0.0006374984560584267,
  "qi_2": 0.015477747387328548,
  "rpve_csf": 23.05370308933975,
  "rpve_gm": 8.754922899116274,
  "rpve_wm": 12.992175711714276,
  "size_x": 256,
  "size_y": 256,
  "size_z": 124,
  "snr_csf": 0.9865502730587482,
  "snr_gm": 12.745952694664705,
  "snr_total": 10.958848034461544,
  "snr_wm": 19.144041135661183,
  "snrd_csf": 21.887926622207544,
  "snrd_gm": 39.28969101036909,
  "snrd_total": 36.46584967918253,
  "snrd_wm": 48.21993140497098,
  "spacing_x": 0.9375,
  "spacing_y": 0.9375,
  "spacing_z": 1.2000007629394531,
  "summary_bg_k": 9.782160796867375,
  "summary_bg_mad": 13.58642291496132,
  "summary_bg_mean": 29.739416064304812,
  "summary_bg_median": 27.404433727264404,
  "summary_bg_n": 1332000.0,
  "summary_bg_p05": 9.163902997970581,
  "summary_bg_p95": 63.97277045249939,
  "summary_bg_stdv": 19.546419892011127,
  "summary_csf_k": 17.695450318585127,
  "summary_csf_mad": 170.6713507127046,
  "summary_csf_mean": 557.8321476798596,
  "summary_csf_median": 453.91866183280945,
  "summary_csf_n": 21103.0,
  "summary_csf_p05": 231.89038348197937,
  "summary_csf_p95": 1502.932456827163,
  "summary_csf_stdv": 460.09607342240065,
  "summary_gm_k": -0.33853468716388546,
  "summary_gm_mad": 67.28514205504653,
  "summary_gm_mean": 818.7881891808021,
  "summary_gm_median": 814.8018894195557,
  "summary_gm_n": 41249.0,
  "summary_gm_p05": 720.108225107193,
  "summary_gm_p95": 929.0452134609222,
  "summary_gm_stdv": 63.92554815261358,
  "summary_wm_k": 0.2856937587742765,
  "summary_wm_mad": 51.36961806894899,
  "summary_wm_mean": 1004.3860531789381,
  "summary_wm_median": 1000.0000052452087,
  "summary_wm_n": 145729.0,
  "summary_wm_p05": 926.5142307281494,
  "summary_wm_p95": 1096.4391748905182,
  "summary_wm_stdv": 52.235396232535564,
  "tpm_overlap_csf": 0.1785886585712433,
  "tpm_overlap_gm": 0.48607173562049866,
  "tpm_overlap_wm": 0.47983062267303467,
  "wm2max": 0.5066324725857799
}