{
  "bids_meta": {
    "AcquisitionMatrixPE": 128,
    "AcquisitionNumber": 1,
    "AcquisitionTime": "13:50:10.000000",
    "ConversionSoftware": "dcm2niix",
    "ConversionSoftwareVersion": "v1.0.20180622 GCC4.4.7",
    "DeviceSerialNumber": "000000847570EMR3",
    "EchoTime": 0.008,
    "FlipAngle": 30,
    "ImageOrientationPatientDICOM": [
      1,
      0,
      0,
      0,
      0.999997,
      -0.00231939
    ],
    "ImageType": [
      "ORIGINAL",
      "PRIMARY",
      "OTHER"
    ],
    "InPlanePhaseEncodingDirectionDICOM": "ROW",
    "InstitutionName": "Evanston_Hospital",
    "MRAcquisitionType": "3D",
    "MagneticFieldStrength": 1.5,
    "Manufacturer": "GE",
    "ManufacturersModelName": "SIGNA_EXCITE",
    "Modality": "MR",
    "PatientPosition": "HFS",
    "PercentPhaseFOV": 100,
    "PixelBandwidth": 114.922,
    "ProtocolName": "Head_Obl_3D_ZOOM_SPGR",
    "ReconMatrixPE": 256,
    "RepetitionTime": 0.033333,
    "SAR": 0.002898,
    "ScanOptions": "FC_VB_GEMS",
    "ScanningSequence": "GR",
    "SequenceVariant": "SS_SP",
    "SeriesDescription": "Head_Obl_3D_ZOOM_SPGR",
    "SeriesNumber": 2,
    "ShiftedAcquisitionDate": "1803-05-22",
    "SliceThickness": 1.2,
    "SoftwareVersions": "11",
    "SpacingBetweenSlices": 1.2,
    "StationName": "lxmr3",
    "dataset": "ds002236",
    "modality": "T1w",
    "subject_id": "04"
  },
  "cjv": 0.40937241333449703,
  "cnr": 3.2425286393031754,
  "efc": 0.6521340213989609,
  "fber": 1088.6811827580573,
  "fwhm_avg": 3.4853869085769826,
  "fwhm_x": 4.0565524379004225,
  "fwhm_y": 3.591477333333333,
  "fwhm_z": 2.808130954497193,
  "icvs_csf": 0.16112327305747115,
  "icvs_gm": 0.4933070998651546,
  "icvs_wm": 0.34556962707737426,
  "inu_med": 0.9952934980392456,
  "inu_range": 0.13591194748878466,
  "provenance": {
    "md5sum": "82b2630f400d16c9786fbbe6a9d072d4",
    "settings": {
      "testing": false
    },
    "software": "mriqc",
    "version": "21.0.0rc2",
    "warnings": {
      "large_rot_frame": true,
      "small_air_mask": false
    },
    "webapi_port": null,
    "webapi_url": "https://mriqc.nimh.nih.gov/api/v1"
  },
  "qi_1": 0.04068562055383272,
  "qi_2": 0.04055065722090998,
  "rpve_csf": 23.934388737344204,
  "rpve_gm": 8.970514998696547,
  "rpve_wm": 13.667463980714967,
  "size_x": 256,
  "size_y": 256,
  "size_z": 124,
  "snr_csf": 1.1952219572613003,
  "snr_gm": 16.465144825001772,
  "snr_total": 14.301420842737395,
  "snr_wm": 25.243895745949118,
  "snrd_csf": 239.6274186845472,
  "snrd_gm": 445.1967376171898,
  "snrd_total": 416.49963504845545,
  "snrd_wm": 564.6747488436292,
  "spacing_x": 0.9375029802322388,
  "spacing_y": 0.9375,
  "spacing_z": 1.2000045776367188,
  "summary_bg_k": 65.05054467575232,
  "summary_bg_mad": 0.16026399323859,
  "summary_bg_mean": 29.290857172688685,
  "summary_bg_median": 22.267862677574158,
  "summary_bg_n": 1303457.0,
  "summary_bg_p05": 0.0,
  "summary_bg_p95": 66.9116844534874,
  "summary_bg_stdv": 19.90164002930763,
  "summary_csf_k": 27.57740226496826,
  "summary_csf_mad": 152.4110575698991,
  "summary_csf_mean": 499.20127687203563,
  "summary_csf_median": 424.3865479230881,
  "summary_csf_n": 19475.0,
  "summary_csf_p05": 258.3180167019367,
  "summary_csf_p95": 880.9209713816637,
  "summary_csf_stdv": 355.06012044863087,
  "summary_gm_k": -0.1399154493458279,
  "summary_gm_mad": 48.72025394453136,
  "summary_gm_mean": 790.5743481519686,
  "summary_gm_median": 788.4552930593491,
  "summary_gm_n": 46465.0,
  "summary_gm_p05": 714.9497269392014,
  "summary_gm_p95": 872.9866940975189,
  "summary_gm_stdv": 47.8858107228099,
  "summary_wm_k": 0.43944658062329767,
  "summary_wm_mad": 37.90243440092654,
  "summary_wm_mean": 1001.7041755900888,
  "summary_wm_median": 1000.054036706686,
  "summary_wm_n": 162488.0,
  "summary_wm_p05": 940.2226678133011,
  "summary_wm_p95": 1069.722179889679,
  "summary_wm_stdv": 39.61555575453672,
  "tpm_overlap_csf": 0.1691204458475113,
  "tpm_overlap_gm": 0.47732895612716675,
  "tpm_overlap_wm": 0.49614888429641724,
  "wm2max": 0.4914535867997465
}