{
  "bids_meta": {
    "AcquisitionMatrixPE": 128,
    "AcquisitionNumber": 1,
    "AcquisitionTime": "10:17:34.000000",
    "ConversionSoftware": "dcm2niix",
    "ConversionSoftwareVersion": "v1.0.20180622 GCC4.4.7",
    "DeviceSerialNumber": "000000847570EMR3",
    "EchoTime": 0.008,
    "FlipAngle": 30,
    "ImageOrientationPatientDICOM": [
      1,
      0,
      0,
      0,
      0.999994,
      -0.00360115
    ],
    "ImageType": [
      "ORIGINAL",
      "PRIMARY",
      "OTHER"
    ],
    "InPlanePhaseEncodingDirectionDICOM": "ROW",
    "InstitutionName": "Evanston_Hospital",
    "MRAcquisitionType": "3D",
    "MagneticFieldStrength": 1.5,
    "Manufacturer": "GE",
    "ManufacturersModelName": "SIGNA_EXCITE",
    "Modality": "MR",
    "PatientPosition": "HFS",
    "PercentPhaseFOV": 100,
    "PixelBandwidth": 114.922,
    "ProtocolName": "Head_Obl_3D_ZOOM_SPGR",
    "ReconMatrixPE": 256,
    "RepetitionTime": 0.033333,
    "SAR": 0.002942,
    "ScanOptions": "FC_VB_GEMS",
    "ScanningSequence": "GR",
    "SequenceVariant": "SS_SP",
    "SeriesDescription": "Head_Obl_3D_ZOOM_SPGR",
    "SeriesNumber": 2,
    "ShiftedAcquisitionDate": "1804-06-25",
    "SliceThickness": 1.2,
    "SoftwareVersions": "11",
    "SpacingBetweenSlices": 1.2,
    "StationName": "lxmr3",
    "dataset": "ds002236",
    "modality": "T1w",
    "subject_id": "22"
  },
  "cjv": 0.5393834693568461,
  "cnr": 2.5104170875951692,
  "efc": 0.6763934651506882,
  "fber": 716.0770155325444,
  "fwhm_avg": 3.3968713178562484,
  "fwhm_x": 3.795474294381222,
  "fwhm_y": 3.543957333333333,
  "fwhm_z": 2.851182325854189,
  "icvs_csf": 0.14724149154468294,
  "icvs_gm": 0.5005710800165802,
  "icvs_wm": 0.3521874284387368,
  "inu_med": 1.0455431938171387,
  "inu_range": 0.22164139747619616,
  "provenance": {
    "md5sum": "cdc99003069b56f30bc6ce37eef4962e",
    "settings": {
      "testing": false
    },
    "software": "mriqc",
    "version": "21.0.0rc2",
    "warnings": {
      "large_rot_frame": true,
      "small_air_mask": false
    },
    "webapi_port": null,
    "webapi_url": "https://mriqc.nimh.nih.gov/api/v1"
  },
  "qi_1": 0.08316145853601588,
  "qi_2": 0.02608205686846739,
  "rpve_csf": 27.41979679907574,
  "rpve_gm": 9.189391645356542,
  "rpve_wm": 13.613628433700656,
  "size_x": 256,
  "size_y": 256,
  "size_z": 124,
  "snr_csf": 1.5642699723795237,
  "snr_gm": 14.965386088935823,
  "snr_total": 12.161351637132917,
  "snr_wm": 19.954398850083404,
  "snrd_csf": 287.66939498871193,
  "snrd_gm": 462.6816693701127,
  "snrd_total": 442.0394706980487,
  "snrd_wm": 575.7673477353214,
  "spacing_x": 0.9375060200691223,
  "spacing_y": 0.9375,
  "spacing_z": 1.200007438659668,
  "summary_bg_k": 12.74932030596855,
  "summary_bg_mad": 0.13795498110052035,
  "summary_bg_mean": 33.52911393466666,
  "summary_bg_median": 29.031356871128082,
  "summary_bg_n": 940597.0,
  "summary_bg_p05": 0.0,
  "summary_bg_p95": 86.81492295116186,
  "summary_bg_stdv": 26.954571304441814,
  "summary_csf_k": 28.465842365055735,
  "summary_csf_mad": 147.1979648342552,
  "summary_csf_mean": 550.0316180920609,
  "summary_csf_median": 499.6743153780699,
  "summary_csf_n": 14899.0,
  "summary_csf_p05": 295.1428232677281,
  "summary_csf_p95": 897.5062586553388,
  "summary_csf_stdv": 319.41899748719777,
  "summary_gm_k": -0.33056587541711524,
  "summary_gm_mad": 57.11336217561542,
  "summary_gm_mean": 806.7469391435156,
  "summary_gm_median": 803.6661195382476,
  "summary_gm_n": 41937.0,
  "summary_gm_p05": 722.5271990522742,
  "summary_gm_p95": 897.6644423305986,
  "summary_gm_stdv": 53.70102267182671,
  "summary_wm_k": 0.3135593498136404,
  "summary_wm_mad": 48.8360633095842,
  "summary_wm_mean": 1002.4360929452837,
  "summary_wm_median": 1000.0930245220661,
  "summary_wm_n": 141238.0,
  "summary_wm_p05": 924.4440080597997,
  "summary_wm_p95": 1088.8619811087847,
  "summary_wm_stdv": 50.118747829806864,
  "tpm_overlap_csf": 0.1662539541721344,
  "tpm_overlap_gm": 0.5005778074264526,
  "tpm_overlap_wm": 0.5070156455039978,
  "wm2max": 0.5406229643486805
}