{
  "bids_meta": {
    "AcquisitionMatrixPE": 128,
    "AcquisitionNumber": 1,
    "AcquisitionTime": "14:11:53.000000",
    "ConversionSoftware": "dcm2niix",
    "ConversionSoftwareVersion": "v1.0.20180622 GCC4.4.7",
    "DeviceSerialNumber": "000000847570EMR3",
    "EchoTime": 0.008,
    "FlipAngle": 30,
    "ImageOrientationPatientDICOM": [
      1,
      0,
      0,
      0,
      0.999999,
      -0.00170905
    ],
    "ImageType": [
      "ORIGINAL",
      "PRIMARY",
      "OTHER"
    ],
    "InPlanePhaseEncodingDirectionDICOM": "ROW",
    "InstitutionName": "Evanston_Hospital",
    "MRAcquisitionType": "3D",
    "MagneticFieldStrength": 1.5,
    "Manufacturer": "GE",
    "ManufacturersModelName": "SIGNA_EXCITE",
    "Modality": "MR",
    "PatientPosition": "HFS",
    "PercentPhaseFOV": 100,
    "PixelBandwidth": 114.922,
    "ProtocolName": "Head_Obl_3D_ZOOM_SPGR",
    "ReconMatrixPE": 256,
    "RepetitionTime": 0.033333,
    "SAR": 0.002772,
    "ScanOptions": "FC_VB_GEMS",
    "ScanningSequence": "GR",
    "SequenceVariant": "SS_SP",
    "SeriesDescription": "Head_Obl_3D_ZOOM_SPGR",
    "SeriesNumber": 2,
    "ShiftedAcquisitionDate": "1804-08-13",
    "SliceThickness": 1.2,
    "SoftwareVersions": "11",
    "SpacingBetweenSlices": 1.2,
    "StationName": "lxmr3",
    "dataset": "ds002236",
    "modality": "T1w",
    "subject_id": "32"
  },
  "cjv": 0.7913693153203673,
  "cnr": 1.7070750941018928,
  "efc": 0.682860994312445,
  "fber": 388.607759705022,
  "fwhm_avg": 3.5046182704792437,
  "fwhm_x": 4.100315568252268,
  "fwhm_y": 3.572853333333333,
  "fwhm_z": 2.840685909852131,
  "icvs_csf": 0.15627371757730255,
  "icvs_gm": 0.4697657175152111,
  "icvs_wm": 0.37396056490748636,
  "inu_med": 0.7885164022445679,
  "inu_range": 0.22031738162040704,
  "provenance": {
    "md5sum": "1866be01f0e02afd88400490bfe63a94",
    "settings": {
      "testing": false
    },
    "software": "mriqc",
    "version": "21.0.0rc2",
    "warnings": {
      "large_rot_frame": true,
      "small_air_mask": false
    },
    "webapi_port": null,
    "webapi_url": "https://mriqc.nimh.nih.gov/api/v1"
  },
  "qi_1": 0.012836923501795085,
  "qi_2": 0.07822921793074465,
  "rpve_csf": 23.590896714068634,
  "rpve_gm": 8.896743367338962,
  "rpve_wm": 12.352038039300101,
  "size_x": 256,
  "size_y": 256,
  "size_z": 124,
  "snr_csf": 1.1327205884613347,
  "snr_gm": 11.039762124997216,
  "snr_total": 10.420549110773024,
  "snr_wm": 19.08916461886052,
  "snrd_csf": 205.77145395837854,
  "snrd_gm": 415.33469956769017,
  "snrd_total": 372.62808843816765,
  "snrd_wm": 496.77811178843433,
  "spacing_x": 0.9375010132789612,
  "spacing_y": 0.9375,
  "spacing_z": 1.2000024318695068,
  "summary_bg_k": 84.20361078981516,
  "summary_bg_mad": 0.3187706389906985,
  "summary_bg_mean": 39.79337061496311,
  "summary_bg_median": 40.098904095590115,
  "summary_bg_n": 1239283.0,
  "summary_bg_p05": 0.0,
  "summary_bg_p95": 80.52031948417425,
  "summary_bg_stdv": 27.274419579527475,
  "summary_csf_k": 34.507814580410425,
  "summary_csf_mad": 160.02286077333065,
  "summary_csf_mean": 491.70962493948633,
  "summary_csf_median": 414.21200396865606,
  "summary_csf_n": 16510.0,
  "summary_csf_p05": 229.73554437607527,
  "summary_csf_p95": 821.758774548769,
  "summary_csf_stdv": 365.6678122757745,
  "summary_gm_k": -0.40818146419346135,
  "summary_gm_mad": 81.28651294262812,
  "summary_gm_mean": 842.1376182708196,
  "summary_gm_median": 836.0567752048373,
  "summary_gm_n": 30640.0,
  "summary_gm_p05": 728.0154920518398,
  "summary_gm_p95": 974.1991123706102,
  "summary_gm_stdv": 75.73017628489791,
  "summary_wm_k": 1.1317742499686512,
  "summary_wm_mad": 48.45313712658617,
  "summary_wm_mean": 1005.9517662469078,
  "summary_wm_median": 1000.000015810132,
  "summary_wm_n": 170551.0,
  "summary_wm_p05": 931.4126141667366,
  "summary_wm_p95": 1101.591073103249,
  "summary_wm_stdv": 52.3855864883355,
  "tpm_overlap_csf": 0.18467220664024353,
  "tpm_overlap_gm": 0.4845235049724579,
  "tpm_overlap_wm": 0.5099222660064697,
  "wm2max": 0.4092652333935882
}