{
  "bids_meta": {
    "AcquisitionMatrixPE": 128,
    "AcquisitionNumber": 1,
    "AcquisitionTime": "13:48:6.000000",
    "ConversionSoftware": "dcm2niix",
    "ConversionSoftwareVersion": "v1.0.20180622 GCC4.4.7",
    "DeviceSerialNumber": "000000847570EMR3",
    "EchoTime": 0.008,
    "FlipAngle": 30,
    "ImageOrientationPatientDICOM": [
      1,
      0,
      0,
      0,
      0.999999,
      -0.00106818
    ],
    "ImageType": [
      "ORIGINAL",
      "PRIMARY",
      "OTHER"
    ],
    "InPlanePhaseEncodingDirectionDICOM": "ROW",
    "InstitutionName": "Evanston_Hospital",
    "MRAcquisitionType": "3D",
    "MagneticFieldStrength": 1.5,
    "Manufacturer": "GE",
    "ManufacturersModelName": "SIGNA_EXCITE",
    "Modality": "MR",
    "PatientPosition": "HFS",
    "PercentPhaseFOV": 100,
    "PixelBandwidth": 114.922,
    "ProtocolName": "Head_Obl_3D_ZOOM_SPGR",
    "ReconMatrixPE": 256,
    "RepetitionTime": 0.033333,
    "SAR": 0.002889,
    "ScanOptions": "FC_VB_GEMS",
    "ScanningSequence": "GR",
    "SequenceVariant": "SS_SP",
    "SeriesDescription": "Head_Obl_3D_ZOOM_SPGR",
    "SeriesNumber": 2,
    "ShiftedAcquisitionDate": "1803-04-09",
    "SliceThickness": 1.2,
    "SoftwareVersions": "11",
    "SpacingBetweenSlices": 1.2,
    "StationName": "lxmr3",
    "dataset": "ds002236",
    "modality": "T1w",
    "subject_id": "71"
  },
  "cjv": 0.4980677249439789,
  "cnr": 2.685985312441709,
  "efc": 0.6763942904173175,
  "fber": 925.797647928994,
  "fwhm_avg": 3.4285581418587174,
  "fwhm_x": 3.9056917786076712,
  "fwhm_y": 3.5929599999999997,
  "fwhm_z": 2.7870226469684813,
  "icvs_csf": 0.15265227553662786,
  "icvs_gm": 0.47240710441942535,
  "icvs_wm": 0.3749406200439468,
  "inu_med": 0.992461085319519,
  "inu_range": 0.15697093307971954,
  "provenance": {
    "md5sum": "8cfe30db5c2c25d5f4ad285bb80b6f77",
    "settings": {
      "testing": false
    },
    "software": "mriqc",
    "version": "21.0.0rc2",
    "warnings": {
      "large_rot_frame": true,
      "small_air_mask": false
    },
    "webapi_port": null,
    "webapi_url": "https://mriqc.nimh.nih.gov/api/v1"
  },
  "qi_1": 0.01917226456530164,
  "qi_2": 0.06955613294280018,
  "rpve_csf": 23.847803622926648,
  "rpve_gm": 9.145506968189647,
  "rpve_wm": 13.074292602255484,
  "size_x": 256,
  "size_y": 256,
  "size_z": 124,
  "snr_csf": 1.1327565182732788,
  "snr_gm": 15.347965112113807,
  "snr_total": 14.361123716508684,
  "snr_wm": 26.602649519138968,
  "snrd_csf": 254.35324528830972,
  "snrd_gm": 469.6381813142726,
  "snrd_total": 432.7433650485973,
  "snrd_wm": 574.2386685432097,
  "spacing_x": 0.9375010132789612,
  "spacing_y": 0.9375,
  "spacing_z": 1.1999974250793457,
  "summary_bg_k": 7.811293786487257,
  "summary_bg_mad": 0.14087820476061857,
  "summary_bg_mean": 28.35500430854251,
  "summary_bg_median": 24.70543533563614,
  "summary_bg_n": 1002052.0,
  "summary_bg_p05": 0.0,
  "summary_bg_p95": 49.98099610209465,
  "summary_bg_stdv": 18.61931838441797,
  "summary_csf_k": 17.99285994539752,
  "summary_csf_mad": 163.7004739318388,
  "summary_csf_mean": 529.5812618968824,
  "summary_csf_median": 442.93994929641485,
  "summary_csf_n": 10282.0,
  "summary_csf_p05": 240.97301542758942,
  "summary_csf_p95": 1260.267015878109,
  "summary_csf_stdv": 391.0093670143342,
  "summary_gm_k": -0.16738520118081945,
  "summary_gm_mad": 54.37898703759877,
  "summary_gm_mean": 818.0729264165861,
  "summary_gm_median": 817.8449305146933,
  "summary_gm_n": 45873.0,
  "summary_gm_p05": 730.4256977885962,
  "summary_gm_p95": 906.214372292161,
  "summary_gm_stdv": 53.28628324746296,
  "summary_wm_k": 0.3755706824116656,
  "summary_wm_mad": 36.34657682823959,
  "summary_wm_mean": 1000.7982869079153,
  "summary_wm_median": 1000.0000056624413,
  "summary_wm_n": 189426.0,
  "summary_wm_p05": 940.5169190466404,
  "summary_wm_p95": 1064.1391166299582,
  "summary_wm_stdv": 37.59014174081907,
  "tpm_overlap_csf": 0.17284761369228363,
  "tpm_overlap_gm": 0.4739236533641815,
  "tpm_overlap_wm": 0.5138824582099915,
  "wm2max": 0.5011594312011719
}