{
  "bids_meta": {
    "AcquisitionMatrixPE": 128,
    "AcquisitionNumber": 1,
    "AcquisitionTime": "10:14:58.000000",
    "ConversionSoftware": "dcm2niix",
    "ConversionSoftwareVersion": "v1.0.20180622 GCC4.4.7",
    "DeviceSerialNumber": "00000847570ERMR1",
    "EchoTime": 0.008,
    "FlipAngle": 30,
    "ImageOrientationPatientDICOM": [
      0.999414,
      0.0169072,
      0.0297554,
      -0.0157781,
      0.999179,
      -0.0373242
    ],
    "ImageType": [
      "ORIGINAL",
      "PRIMARY",
      "OTHER"
    ],
    "InPlanePhaseEncodingDirectionDICOM": "ROW",
    "InstitutionName": "Evanston_Hospital",
    "MRAcquisitionType": "3D",
    "MagneticFieldStrength": 1.5,
    "Manufacturer": "GE",
    "ManufacturersModelName": "SIGNA_EXCITE",
    "Modality": "MR",
    "PatientPosition": "HFS",
    "PercentPhaseFOV": 100,
    "PixelBandwidth": 114.922,
    "ProtocolName": "Head_Obl_3D_ZOOM_SPGR",
    "ReconMatrixPE": 256,
    "RepetitionTime": 0.033333,
    "SAR": 0.00285752,
    "ScanOptions": "FC",
    "ScanningSequence": "GR",
    "SequenceVariant": "SS_SP",
    "SeriesDescription": "Head_Obl_3D_ZOOM_SPGR",
    "SeriesNumber": 3,
    "ShiftedAcquisitionDate": "1805-02-01",
    "SliceThickness": 1.2,
    "SoftwareVersions": "12_LX_MR_Software_release:12.0_M4_0520.a",
    "SpacingBetweenSlices": 1.2,
    "StationName": "12342345",
    "dataset": "ds002236",
    "modality": "T1w",
    "subject_id": "84"
  },
  "cjv": 0.5091513501086464,
  "cnr": 2.661940710797162,
  "efc": 0.6634977437022368,
  "fber": 830.6507138639495,
  "fwhm_avg": 3.3675978017559913,
  "fwhm_x": 3.94812586784614,
  "fwhm_y": 3.439433913994769,
  "fwhm_z": 2.715233623427065,
  "icvs_csf": 0.14911800976357428,
  "icvs_gm": 0.495805854603981,
  "icvs_wm": 0.35507613563244467,
  "inu_med": 1.3133463859558105,
  "inu_range": 0.2048285365104674,
  "provenance": {
    "md5sum": "72eb13ed46e4473fe27d461ac410fe30",
    "settings": {
      "testing": false
    },
    "software": "mriqc",
    "version": "21.0.0rc2",
    "warnings": {
      "large_rot_frame": true,
      "small_air_mask": false
    },
    "webapi_port": null,
    "webapi_url": "https://mriqc.nimh.nih.gov/api/v1"
  },
  "qi_1": 0.002353095227754337,
  "qi_2": 0.016608257895907485,
  "rpve_csf": 28.559589104111083,
  "rpve_gm": 10.018033542677527,
  "rpve_wm": 14.984206402673923,
  "size_x": 256,
  "size_y": 256,
  "size_z": 124,
  "snr_csf": 1.7502165531394003,
  "snr_gm": 15.518114559820958,
  "snr_total": 14.199867398916155,
  "snr_wm": 25.33127108378811,
  "snrd_csf": 23.247658143176164,
  "snrd_gm": 40.92039992314177,
  "snrd_total": 38.08669819566655,
  "snrd_wm": 50.09203652068171,
  "spacing_x": 0.9374979734420776,
  "spacing_y": 0.9375060200691223,
  "spacing_z": 1.1999483108520508,
  "summary_bg_k": 9.86011328126041,
  "summary_bg_mad": 13.078653414462977,
  "summary_bg_mean": 30.57176673693018,
  "summary_bg_median": 26.259103775024414,
  "summary_bg_n": 1365163.0,
  "summary_bg_p05": 8.821417674422264,
  "summary_bg_p95": 69.13529665768147,
  "summary_bg_stdv": 20.03860926586814,
  "summary_csf_k": 39.98259148406339,
  "summary_csf_mad": 150.10035953575533,
  "summary_csf_mean": 498.23131884708846,
  "summary_csf_median": 464.09888683632016,
  "summary_csf_n": 13708.0,
  "summary_csf_p05": 267.924918204546,
  "summary_csf_p95": 725.715465657413,
  "summary_csf_stdv": 265.1568788242537,
  "summary_gm_k": -0.32394457547836364,
  "summary_gm_mad": 55.35616096354097,
  "summary_gm_mean": 818.0791791377378,
  "summary_gm_median": 816.9043065011501,
  "summary_gm_n": 41610.0,
  "summary_gm_p05": 733.818860962987,
  "summary_gm_p95": 906.349378734827,
  "summary_gm_stdv": 52.641349378586156,
  "summary_wm_k": 0.5109367177785793,
  "summary_wm_mad": 37.867263955828854,
  "summary_wm_mean": 1001.9338733348479,
  "summary_wm_median": 1000.0000105574727,
  "summary_wm_n": 140783.0,
  "summary_wm_p05": 940.6093031913042,
  "summary_wm_p95": 1069.8533295840025,
  "summary_wm_stdv": 39.47675802285131,
  "tpm_overlap_csf": 0.16753025352954865,
  "tpm_overlap_gm": 0.4884707033634186,
  "tpm_overlap_wm": 0.5003645420074463,
  "wm2max": 0.5741122430952241
}