{
  "bids_meta": {
    "AcquisitionMatrixPE": 128,
    "AcquisitionNumber": 1,
    "AcquisitionTime": "11:10:49.000000",
    "ConversionSoftware": "dcm2niix",
    "ConversionSoftwareVersion": "v1.0.20180622 GCC4.4.7",
    "DeviceSerialNumber": "000000847570EMR3",
    "EchoTime": 0.008,
    "FlipAngle": 30,
    "ImageOrientationPatientDICOM": [
      1,
      0,
      0,
      0,
      0.999989,
      0.00466927
    ],
    "ImageType": [
      "ORIGINAL",
      "PRIMARY",
      "OTHER"
    ],
    "InPlanePhaseEncodingDirectionDICOM": "ROW",
    "InstitutionName": "Evanston_Hospital",
    "MRAcquisitionType": "3D",
    "MagneticFieldStrength": 1.5,
    "Manufacturer": "GE",
    "ManufacturersModelName": "SIGNA_EXCITE",
    "Modality": "MR",
    "PatientPosition": "HFS",
    "PercentPhaseFOV": 100,
    "PixelBandwidth": 114.922,
    "ProtocolName": "Head_Obl_3D_ZOOM_SPGR",
    "ReconMatrixPE": 256,
    "RepetitionTime": 0.033333,
    "SAR": 0.00302,
    "ScanOptions": "FC_VB_GEMS",
    "ScanningSequence": "GR",
    "SequenceVariant": "SS_SP",
    "SeriesDescription": "Head_Obl_3D_ZOOM_SPGR",
    "SeriesNumber": 2,
    "ShiftedAcquisitionDate": "1803-11-01",
    "SliceThickness": 1.2,
    "SoftwareVersions": "11",
    "SpacingBetweenSlices": 1.2,
    "StationName": "lxmr3",
    "dataset": "ds002236",
    "modality": "T1w",
    "subject_id": "01"
  },
  "cjv": 0.6496273374243001,
  "cnr": 2.116121091515826,
  "efc": 0.6661483989653492,
  "fber": 880.6118855596504,
  "fwhm_avg": 3.312681520657934,
  "fwhm_x": 3.834060381150307,
  "fwhm_y": 3.401184,
  "fwhm_z": 2.7028001808234947,
  "icvs_csf": 0.1455075528471931,
  "icvs_gm": 0.5032617965286236,
  "icvs_wm": 0.3512306506241833,
  "inu_med": 1.2379508018493652,
  "inu_range": 0.27487072348594666,
  "provenance": {
    "md5sum": "4c043e75fe4ee53b989f7150be44c881",
    "settings": {
      "testing": false
    },
    "software": "mriqc",
    "version": "21.0.0rc2",
    "warnings": {
      "large_rot_frame": true,
      "small_air_mask": false
    },
    "webapi_port": null,
    "webapi_url": "https://mriqc.nimh.nih.gov/api/v1"
  },
  "qi_1": 0.07924275296811908,
  "qi_2": 0.044773162693858594,
  "rpve_csf": 27.131232721916177,
  "rpve_gm": 9.072911989542186,
  "rpve_wm": 13.652779145625397,
  "size_x": 256,
  "size_y": 256,
  "size_z": 124,
  "snr_csf": 1.3721790675753405,
  "snr_gm": 14.148262261061657,
  "snr_total": 11.136490311419797,
  "snr_wm": 17.889029605622387,
  "snrd_csf": 276.983834175714,
  "snrd_gm": 462.66188117059494,
  "snrd_total": 433.9997492111559,
  "snrd_wm": 562.3535322871589,
  "spacing_x": 0.9375100135803223,
  "spacing_y": 0.9375,
  "spacing_z": 1.2000073194503784,
  "summary_bg_k": 12.038175670282204,
  "summary_bg_mad": 0.1649902295715995,
  "summary_bg_mean": 32.527135424452275,
  "summary_bg_median": 26.26307561993599,
  "summary_bg_n": 1016947.0,
  "summary_bg_p05": 0.0,
  "summary_bg_p95": 78.45537420362234,
  "summary_bg_stdv": 22.625032911075024,
  "summary_csf_k": 22.894748347208793,
  "summary_csf_mad": 162.0204054393107,
  "summary_csf_mean": 552.3039234703224,
  "summary_csf_median": 492.54395209252834,
  "summary_csf_n": 14155.0,
  "summary_csf_p05": 251.0571974515915,
  "summary_csf_p95": 1055.530814640223,
  "summary_csf_stdv": 358.9375214879139,
  "summary_gm_k": -0.28159559222323916,
  "summary_gm_mad": 60.71640448234862,
  "summary_gm_mean": 824.9630824653809,
  "summary_gm_median": 822.7242290601134,
  "summary_gm_n": 44255.0,
  "summary_gm_p05": 733.585569858551,
  "summary_gm_p95": 923.6924007125194,
  "summary_gm_stdv": 58.1495393963109,
  "summary_wm_k": 0.3886158501987942,
  "summary_wm_mad": 54.44677575862784,
  "summary_wm_mean": 1005.3816383842183,
  "summary_wm_median": 999.9999894946814,
  "summary_wm_n": 145492.0,
  "summary_wm_p05": 923.1025943532586,
  "summary_wm_p95": 1105.2748604118824,
  "summary_wm_stdv": 55.899988703660554,
  "tpm_overlap_csf": 0.15467293560504913,
  "tpm_overlap_gm": 0.48531022667884827,
  "tpm_overlap_wm": 0.48699161410331726,
  "wm2max": 0.5544939136949826
}