{
  "bids_meta": {
    "AcquisitionMatrixPE": 128,
    "AcquisitionNumber": 1,
    "AcquisitionTime": "13:04:35.000000",
    "ConversionSoftware": "dcm2niix",
    "ConversionSoftwareVersion": "v1.0.20180622 GCC4.4.7",
    "DeviceSerialNumber": "00000847570ERMR1",
    "EchoTime": 0.008,
    "FlipAngle": 30,
    "ImageOrientationPatientDICOM": [
      1,
      0,
      0,
      0,
      1,
      0.000671418
    ],
    "ImageType": [
      "ORIGINAL",
      "PRIMARY",
      "OTHER"
    ],
    "InPlanePhaseEncodingDirectionDICOM": "ROW",
    "InstitutionName": "Evanston_Hospital",
    "MRAcquisitionType": "3D",
    "MagneticFieldStrength": 1.5,
    "Manufacturer": "GE",
    "ManufacturersModelName": "SIGNA_EXCITE",
    "Modality": "MR",
    "PatientPosition": "HFS",
    "PercentPhaseFOV": 100,
    "PixelBandwidth": 114.922,
    "ProcedureStepDescription": "fMRI",
    "ProtocolName": "Head_Obl_3D_ZOOM_SPGR",
    "ReconMatrixPE": 256,
    "RepetitionTime": 0.033333,
    "SAR": 0.00296636,
    "ScanOptions": "FC",
    "ScanningSequence": "GR",
    "SequenceVariant": "SS_SP",
    "SeriesDescription": "Head_Obl_3D_ZOOM_SPGR",
    "SeriesNumber": 3,
    "ShiftedAcquisitionDate": "1805-12-23",
    "SliceThickness": 1.2,
    "SoftwareVersions": "12_LX_MR_Software_release:12.0_M4_0520.a",
    "SpacingBetweenSlices": 1.2,
    "StationName": "12342345",
    "dataset": "ds002236",
    "modality": "T1w",
    "subject_id": "88"
  },
  "cjv": 0.5855284469507965,
  "cnr": 2.299386956217358,
  "efc": 0.6539471003128837,
  "fber": 574.2980332986473,
  "fwhm_avg": 3.5607765337223616,
  "fwhm_x": 4.143829333333334,
  "fwhm_y": 3.6126613333333335,
  "fwhm_z": 2.9258389345004177,
  "icvs_csf": 0.16106776356842298,
  "icvs_gm": 0.47829891493100424,
  "icvs_wm": 0.3606333215005728,
  "inu_med": 1.2519828081130981,
  "inu_range": 0.29249557852745056,
  "provenance": {
    "md5sum": "27deb909106ccf1d4d2c7c945548b701",
    "settings": {
      "testing": false
    },
    "software": "mriqc",
    "version": "21.0.0rc2",
    "warnings": {
      "large_rot_frame": true,
      "small_air_mask": false
    },
    "webapi_port": null,
    "webapi_url": "https://mriqc.nimh.nih.gov/api/v1"
  },
  "qi_1": 0.0008466440934882157,
  "qi_2": 0.021339349573464342,
  "rpve_csf": 25.37292599503466,
  "rpve_gm": 9.400750388935478,
  "rpve_wm": 13.28531023452218,
  "size_x": 256,
  "size_y": 256,
  "size_z": 124,
  "snr_csf": 1.303656100979046,
  "snr_gm": 13.85187053124423,
  "snr_total": 10.391207773656753,
  "snr_wm": 16.01809668874698,
  "snrd_csf": 17.9684830893433,
  "snrd_gm": 33.15395449187651,
  "snrd_total": 30.943124342710842,
  "snrd_wm": 41.7069354469127,
  "spacing_x": 0.9375,
  "spacing_y": 0.9375,
  "spacing_z": 1.2000011205673218,
  "summary_bg_k": 6.26944547139489,
  "summary_bg_mad": 15.709692631995457,
  "summary_bg_mean": 38.63983230440017,
  "summary_bg_median": 31.48242536187172,
  "summary_bg_n": 1490982.0,
  "summary_bg_p05": 10.494141787290573,
  "summary_bg_p95": 93.93785172700882,
  "summary_bg_stdv": 27.634649501434545,
  "summary_csf_k": 32.48268239739288,
  "summary_csf_mad": 136.8555915825758,
  "summary_csf_mean": 494.9653023058154,
  "summary_csf_median": 430.8711225092411,
  "summary_csf_n": 15433.0,
  "summary_csf_p05": 255.5272582769394,
  "summary_csf_p95": 773.2450454413887,
  "summary_csf_stdv": 330.499096004223,
  "summary_gm_k": -0.13314742328284224,
  "summary_gm_mad": 58.45818315944463,
  "summary_gm_mean": 797.5129641631243,
  "summary_gm_median": 795.0076540410519,
  "summary_gm_n": 31556.0,
  "summary_gm_p05": 706.775355130434,
  "summary_gm_p95": 895.7972633913159,
  "summary_gm_stdv": 57.39261389811722,
  "summary_wm_k": 0.38929114908126294,
  "summary_wm_mad": 61.630332633212944,
  "summary_wm_mean": 1004.9327700832225,
  "summary_wm_median": 1000.1019008159637,
  "summary_wm_n": 139963.0,
  "summary_wm_p05": 911.3601775467396,
  "summary_wm_p95": 1114.5186117589474,
  "summary_wm_stdv": 62.4355282344777,
  "tpm_overlap_csf": 0.18353693187236786,
  "tpm_overlap_gm": 0.494829922914505,
  "tpm_overlap_wm": 0.5054972171783447,
  "wm2max": 0.5213639999751296
}