{
  "bids_meta": {
    "AcquisitionMatrixPE": 128,
    "AcquisitionNumber": 1,
    "AcquisitionTime": "11:31:29.000000",
    "ConversionSoftware": "dcm2niix",
    "ConversionSoftwareVersion": "v1.0.20180622 GCC4.4.7",
    "DeviceSerialNumber": "000000847570EMR3",
    "EchoTime": 0.008,
    "FlipAngle": 30,
    "ImageOrientationPatientDICOM": [
      1,
      0,
      0,
      0,
      1,
      -0.000946076
    ],
    "ImageType": [
      "ORIGINAL",
      "PRIMARY",
      "OTHER"
    ],
    "InPlanePhaseEncodingDirectionDICOM": "ROW",
    "InstitutionName": "Evanston_Hospital",
    "MRAcquisitionType": "3D",
    "MagneticFieldStrength": 1.5,
    "Manufacturer": "GE",
    "ManufacturersModelName": "SIGNA_EXCITE",
    "Modality": "MR",
    "PatientPosition": "HFS",
    "PercentPhaseFOV": 100,
    "PixelBandwidth": 114.922,
    "ProtocolName": "Head_Obl_3D_ZOOM_SPGR",
    "ReconMatrixPE": 256,
    "RepetitionTime": 0.033333,
    "SAR": 0.002956,
    "ScanOptions": "FC_VB_GEMS",
    "ScanningSequence": "GR",
    "SequenceVariant": "SS_SP",
    "SeriesDescription": "Head_Obl_3D_ZOOM_SPGR",
    "SeriesNumber": 2,
    "ShiftedAcquisitionDate": "1803-09-11",
    "SliceThickness": 1.2,
    "SoftwareVersions": "11",
    "SpacingBetweenSlices": 1.2,
    "StationName": "lxmr3",
    "dataset": "ds002236",
    "modality": "T1w",
    "subject_id": "20"
  },
  "cjv": 0.4236006338587434,
  "cnr": 3.2235887982797466,
  "efc": 0.6656297709287646,
  "fber": 944.72638784335,
  "fwhm_avg": 3.3415840441686786,
  "fwhm_x": 3.929376,
  "fwhm_y": 3.381578666666667,
  "fwhm_z": 2.713797465839368,
  "icvs_csf": 0.1410169834608699,
  "icvs_gm": 0.5011225787749789,
  "icvs_wm": 0.35786043776415116,
  "inu_med": 0.8503695726394653,
  "inu_range": 0.1289148688316345,
  "provenance": {
    "md5sum": "7246c9ca958d203d616a29541b4b203c",
    "settings": {
      "testing": false
    },
    "software": "mriqc",
    "version": "21.0.0rc2",
    "warnings": {
      "large_rot_frame": true,
      "small_air_mask": false
    },
    "webapi_port": null,
    "webapi_url": "https://mriqc.nimh.nih.gov/api/v1"
  },
  "qi_1": 0.029245491890339315,
  "qi_2": 0.14727798815856674,
  "rpve_csf": 23.56647816323189,
  "rpve_gm": 7.7641684306548004,
  "rpve_wm": 11.601700006787896,
  "size_x": 256,
  "size_y": 256,
  "size_z": 124,
  "snr_csf": 1.3859367584425475,
  "snr_gm": 16.241638539719723,
  "snr_total": 13.557357904950939,
  "snr_wm": 23.04449841669054,
  "snrd_csf": 257.4516290281072,
  "snrd_gm": 444.65700601211927,
  "snrd_total": 423.2665995682414,
  "snrd_wm": 567.6911636644977,
  "spacing_x": 0.9375,
  "spacing_y": 0.9375,
  "spacing_z": 1.2000011205673218,
  "summary_bg_k": 2.947240652717765,
  "summary_bg_mad": 0.1540365939869944,
  "summary_bg_mean": 28.57427910025581,
  "summary_bg_median": 24.831168808043003,
  "summary_bg_n": 1049620.0,
  "summary_bg_p05": 0.0,
  "summary_bg_p95": 49.87012982368469,
  "summary_bg_stdv": 17.643944914818437,
  "summary_csf_k": 26.738683081869095,
  "summary_csf_mad": 136.784495460451,
  "summary_csf_mean": 515.7445873330953,
  "summary_csf_median": 453.50649308413267,
  "summary_csf_n": 13947.0,
  "summary_csf_p05": 270.1298698782921,
  "summary_csf_p95": 918.2233757682137,
  "summary_csf_stdv": 327.2084615844251,
  "summary_gm_k": -0.15173107541225717,
  "summary_gm_mad": 49.13767348185121,
  "summary_gm_mean": 785.832537307489,
  "summary_gm_median": 783.2727265432477,
  "summary_gm_n": 67268.0,
  "summary_gm_p05": 710.1298694685102,
  "summary_gm_p95": 868.9870121777058,
  "summary_gm_stdv": 48.22585495763624,
  "summary_wm_k": 0.25348568916662684,
  "summary_wm_mad": 42.66813653439745,
  "summary_wm_mean": 1001.3123632130356,
  "summary_wm_median": 999.9999990686774,
  "summary_wm_n": 196890.0,
  "summary_wm_p05": 931.5324666649103,
  "summary_wm_p95": 1074.077921077609,
  "summary_wm_stdv": 43.39419506966261,
  "tpm_overlap_csf": 0.15405137836933136,
  "tpm_overlap_gm": 0.48802250623703003,
  "tpm_overlap_wm": 0.5202895402908325,
  "wm2max": 0.49765939797844094
}