{
  "bids_meta": {
    "AcquisitionMatrixPE": 128,
    "AcquisitionNumber": 1,
    "AcquisitionTime": "13:11:14.000000",
    "ConversionSoftware": "dcm2niix",
    "ConversionSoftwareVersion": "v1.0.20180622 GCC4.4.7",
    "DeviceSerialNumber": "00000847570ERMR1",
    "EchoTime": 0.008,
    "FlipAngle": 30,
    "ImageOrientationPatientDICOM": [
      1,
      0,
      0,
      0,
      1,
      0
    ],
    "ImageType": [
      "ORIGINAL",
      "PRIMARY",
      "OTHER"
    ],
    "InPlanePhaseEncodingDirectionDICOM": "ROW",
    "InstitutionName": "Evanston_Hospital",
    "MRAcquisitionType": "3D",
    "MagneticFieldStrength": 1.5,
    "Manufacturer": "GE",
    "ManufacturersModelName": "SIGNA_EXCITE",
    "Modality": "MR",
    "PatientPosition": "HFS",
    "PercentPhaseFOV": 100,
    "PixelBandwidth": 114.922,
    "ProtocolName": "Head_Ax_3D_ZOOM_SPGR",
    "ReconMatrixPE": 256,
    "RepetitionTime": 0.033333,
    "SAR": 0.002804,
    "ScanOptions": "FC_VB_GEMS",
    "ScanningSequence": "GR",
    "SequenceVariant": "SS_SP",
    "SeriesDescription": "Head_Ax_3D_ZOOM_SPGR",
    "SeriesNumber": 2,
    "ShiftedAcquisitionDate": "1804-05-27",
    "SliceThickness": 1.2,
    "SoftwareVersions": "11",
    "SpacingBetweenSlices": 1.2,
    "StationName": "12342345",
    "dataset": "ds002236",
    "modality": "T1w",
    "subject_id": "47"
  },
  "cjv": 0.7554522317495505,
  "cnr": 1.872221000522832,
  "efc": 0.6474596104506349,
  "fber": 834.7346563969942,
  "fwhm_avg": 3.304004772573192,
  "fwhm_x": 3.8457280000000003,
  "fwhm_y": 3.4202879999999998,
  "fwhm_z": 2.645998317719575,
  "icvs_csf": 0.16941950256794647,
  "icvs_gm": 0.4796071461309875,
  "icvs_wm": 0.35097335130106605,
  "inu_med": 1.259041666984558,
  "inu_range": 0.2639894485473633,
  "provenance": {
    "md5sum": "28d50a94d2d9b3477fe58dd2b389d0c0",
    "settings": {
      "testing": false
    },
    "software": "mriqc",
    "version": "21.0.0rc2",
    "warnings": {
      "large_rot_frame": true,
      "small_air_mask": false
    },
    "webapi_port": null,
    "webapi_url": "https://mriqc.nimh.nih.gov/api/v1"
  },
  "qi_1": 0.001085182435332337,
  "qi_2": 0.007450088001905649,
  "rpve_csf": 25.234860340791005,
  "rpve_gm": 10.055861096421646,
  "rpve_wm": 15.054382385175598,
  "size_x": 256,
  "size_y": 256,
  "size_z": 124,
  "snr_csf": 1.8085607756811906,
  "snr_gm": 13.006265530053797,
  "snr_total": 11.83413603176507,
  "snr_wm": 20.68758178956022,
  "snrd_csf": 21.39401263242813,
  "snrd_gm": 42.12233173873994,
  "snrd_total": 37.81827876816024,
  "snrd_wm": 49.93849193331266,
  "spacing_x": 0.9375,
  "spacing_y": 0.9375,
  "spacing_z": 1.2000007629394531,
  "summary_bg_k": 215.70251858926343,
  "summary_bg_mad": 13.118865565670944,
  "summary_bg_mean": 31.735088523010777,
  "summary_bg_median": 26.430704966187477,
  "summary_bg_n": 1423802.0,
  "summary_bg_p05": 8.733624249696732,
  "summary_bg_p95": 61.82486639916897,
  "summary_bg_stdv": 21.131873497807963,
  "summary_csf_k": 21.5106603997116,
  "summary_csf_mad": 188.0938647337756,
  "summary_csf_mean": 469.0389357971878,
  "summary_csf_median": 428.4072526693344,
  "summary_csf_n": 14035.0,
  "summary_csf_p05": 228.41874896213412,
  "summary_csf_p95": 746.759348181635,
  "summary_csf_stdv": 236.86900437855033,
  "summary_gm_k": -0.4819972135608648,
  "summary_gm_mad": 71.21669878507083,
  "summary_gm_mean": 843.3197886983787,
  "summary_gm_median": 843.4842367470264,
  "summary_gm_n": 32056.0,
  "summary_gm_p05": 739.6000746190548,
  "summary_gm_p95": 949.4368888288736,
  "summary_gm_stdv": 64.85113488402405,
  "summary_wm_k": 0.43733617840476846,
  "summary_wm_mad": 47.0234661834439,
  "summary_wm_mean": 1004.4806388655596,
  "summary_wm_median": 999.9999765902758,
  "summary_wm_n": 130229.0,
  "summary_wm_p05": 932.659136980772,
  "summary_wm_p95": 1090.3240379095078,
  "summary_wm_stdv": 48.337990750423096,
  "tpm_overlap_csf": 0.19174927473068237,
  "tpm_overlap_gm": 0.49094638228416443,
  "tpm_overlap_wm": 0.4987747073173523,
  "wm2max": 0.5332661531554007
}