{
  "bids_meta": {
    "AcquisitionMatrixPE": 128,
    "AcquisitionNumber": 1,
    "AcquisitionTime": "09:10:5.000000",
    "ConversionSoftware": "dcm2niix",
    "ConversionSoftwareVersion": "v1.0.20180622 GCC4.4.7",
    "DeviceSerialNumber": "000000847570EMR3",
    "EchoTime": 0.008,
    "FlipAngle": 30,
    "ImageOrientationPatientDICOM": [
      1,
      0,
      0,
      0,
      0.99982,
      0.0189521
    ],
    "ImageType": [
      "ORIGINAL",
      "PRIMARY",
      "OTHER"
    ],
    "InPlanePhaseEncodingDirectionDICOM": "ROW",
    "InstitutionName": "Evanston_Hospital",
    "MRAcquisitionType": "3D",
    "MagneticFieldStrength": 1.5,
    "Manufacturer": "GE",
    "ManufacturersModelName": "SIGNA_EXCITE",
    "Modality": "MR",
    "PatientPosition": "HFS",
    "PercentPhaseFOV": 100,
    "PixelBandwidth": 114.922,
    "ProtocolName": "Head_Obl_3D_ZOOM_SPGR",
    "ReconMatrixPE": 256,
    "RepetitionTime": 0.033333,
    "SAR": 0.002942,
    "ScanOptions": "FC_VB_GEMS",
    "ScanningSequence": "GR",
    "SequenceVariant": "SS_SP",
    "SeriesDescription": "Head_Obl_3D_ZOOM_SPGR",
    "SeriesNumber": 2,
    "ShiftedAcquisitionDate": "1803-10-26",
    "SliceThickness": 1.2,
    "SoftwareVersions": "11",
    "SpacingBetweenSlices": 1.2,
    "StationName": "lxmr3",
    "dataset": "ds002236",
    "modality": "T1w",
    "subject_id": "14"
  },
  "cjv": 0.721657146803982,
  "cnr": 1.9257784146988144,
  "efc": 0.6518791438421587,
  "fber": 707.8951577903156,
  "fwhm_avg": 3.427231355245173,
  "fwhm_x": 4.010039414238657,
  "fwhm_y": 3.5093653333333332,
  "fwhm_z": 2.7622893181635306,
  "icvs_csf": 0.1647254030891861,
  "icvs_gm": 0.4917184479945224,
  "icvs_wm": 0.3435561489162915,
  "inu_med": 0.8781566023826599,
  "inu_range": 0.2147312551736833,
  "provenance": {
    "md5sum": "7cae0eb07d60af52dd58973b5794fc8a",
    "settings": {
      "testing": false
    },
    "software": "mriqc",
    "version": "21.0.0rc2",
    "warnings": {
      "large_rot_frame": true,
      "small_air_mask": false
    },
    "webapi_port": null,
    "webapi_url": "https://mriqc.nimh.nih.gov/api/v1"
  },
  "qi_1": 0.030381568302329135,
  "qi_2": 0.08218663527234876,
  "rpve_csf": 23.538057125838026,
  "rpve_gm": 8.941098571247634,
  "rpve_wm": 13.632232007391146,
  "size_x": 256,
  "size_y": 256,
  "size_z": 124,
  "snr_csf": 1.899049289371745,
  "snr_gm": 13.22812187135241,
  "snr_total": 11.025918546666759,
  "snr_wm": 17.950584479276117,
  "snrd_csf": 283.7643798456472,
  "snrd_gm": 464.68008905341753,
  "snrd_total": 435.58860793013235,
  "snrd_wm": 558.3213548913322,
  "spacing_x": 0.9374970197677612,
  "spacing_y": 0.9375,
  "spacing_z": 1.200019121170044,
  "summary_bg_k": 5.3174263126033114,
  "summary_bg_mad": 0.17340376953822798,
  "summary_bg_mean": 34.70134029352334,
  "summary_bg_median": 29.707602560520172,
  "summary_bg_n": 1273040.0,
  "summary_bg_p05": 0.0,
  "summary_bg_p95": 59.88304138183594,
  "summary_bg_stdv": 22.869955219724577,
  "summary_csf_k": 43.57099593943213,
  "summary_csf_mad": 159.2713623208624,
  "summary_csf_mean": 535.1827501121154,
  "summary_csf_median": 508.24561782181263,
  "summary_csf_n": 18174.0,
  "summary_csf_p05": 275.9824581965804,
  "summary_csf_p95": 776.6900642663237,
  "summary_csf_stdv": 267.624246356722,
  "summary_gm_k": -0.393705298393364,
  "summary_gm_mad": 67.10725881129423,
  "summary_gm_mean": 833.5878640320354,
  "summary_gm_median": 832.2807079553604,
  "summary_gm_n": 38227.0,
  "summary_gm_p05": 733.4502978622913,
  "summary_gm_p95": 937.8947438299656,
  "summary_gm_stdv": 62.91670351588989,
  "summary_wm_k": 0.5202700257242046,
  "summary_wm_mad": 53.9285723263889,
  "summary_wm_mean": 1005.3993337666578,
  "summary_wm_median": 1000.0000074505806,
  "summary_wm_n": 156022.0,
  "summary_wm_p05": 923.9766150712967,
  "summary_wm_p95": 1105.1462070643902,
  "summary_wm_stdv": 55.70831434060829,
  "tpm_overlap_csf": 0.1696309894323349,
  "tpm_overlap_gm": 0.494425505399704,
  "tpm_overlap_wm": 0.5017183423042297,
  "wm2max": 0.47747728478601104
}