{
  "bids_meta": {
    "AcquisitionMatrixPE": 128,
    "AcquisitionNumber": 1,
    "AcquisitionTime": "14:33:3.000000",
    "ConversionSoftware": "dcm2niix",
    "ConversionSoftwareVersion": "v1.0.20180622 GCC4.4.7",
    "DeviceSerialNumber": "000000847570EMR3",
    "EchoTime": 0.008,
    "FlipAngle": 30,
    "ImageOrientationPatientDICOM": [
      1,
      0,
      0,
      0,
      0.999993,
      0.00378428
    ],
    "ImageType": [
      "ORIGINAL",
      "PRIMARY",
      "OTHER"
    ],
    "InPlanePhaseEncodingDirectionDICOM": "ROW",
    "InstitutionName": "Evanston_Hospital",
    "MRAcquisitionType": "3D",
    "MagneticFieldStrength": 1.5,
    "Manufacturer": "GE",
    "ManufacturersModelName": "SIGNA_EXCITE",
    "Modality": "MR",
    "PatientPosition": "HFS",
    "PercentPhaseFOV": 100,
    "PixelBandwidth": 114.922,
    "ProtocolName": "Head_Obl_3D_ZOOM_SPGR",
    "ReconMatrixPE": 256,
    "RepetitionTime": 0.033333,
    "SAR": 0.002966,
    "ScanOptions": "FC_VB_GEMS",
    "ScanningSequence": "GR",
    "SequenceVariant": "SS_SP",
    "SeriesDescription": "Head_Obl_3D_ZOOM_SPGR",
    "SeriesNumber": 2,
    "ShiftedAcquisitionDate": "1803-11-11",
    "SliceThickness": 1.2,
    "SoftwareVersions": "11",
    "SpacingBetweenSlices": 1.2,
    "StationName": "lxmr3",
    "dataset": "ds002236",
    "modality": "T1w",
    "subject_id": "08"
  },
  "cjv": 0.539623601588436,
  "cnr": 2.489923499642883,
  "efc": 0.647512410214291,
  "fber": 1083.6015346313914,
  "fwhm_avg": 3.493710492042915,
  "fwhm_x": 4.0886202528120945,
  "fwhm_y": 3.5642026666666666,
  "fwhm_z": 2.828308556649984,
  "icvs_csf": 0.15565278289885057,
  "icvs_gm": 0.48315284913249856,
  "icvs_wm": 0.36119436796865084,
  "inu_med": 1.0270298719406128,
  "inu_range": 0.20555225014686584,
  "provenance": {
    "md5sum": "ceb06a04891bac4a78024e9263653450",
    "settings": {
      "testing": false
    },
    "software": "mriqc",
    "version": "21.0.0rc2",
    "warnings": {
      "large_rot_frame": true,
      "small_air_mask": false
    },
    "webapi_port": null,
    "webapi_url": "https://mriqc.nimh.nih.gov/api/v1"
  },
  "qi_1": 0.06144320483921591,
  "qi_2": 0.06547597177392432,
  "rpve_csf": 25.64845071081495,
  "rpve_gm": 9.328993573912296,
  "rpve_wm": 13.370801914330562,
  "size_x": 256,
  "size_y": 256,
  "size_z": 118,
  "snr_csf": 1.6792500236862185,
  "snr_gm": 14.271938044327644,
  "snr_total": 12.144535497397774,
  "snr_wm": 20.482418424179453,
  "snrd_csf": 223.09054657207787,
  "snrd_gm": 460.063050728424,
  "snrd_total": 417.62995769767326,
  "snrd_wm": 569.736275792518,
  "spacing_x": 0.9375069737434387,
  "spacing_y": 0.9375,
  "spacing_z": 1.199904441833496,
  "summary_bg_k": 14.026631860974387,
  "summary_bg_mad": 0.14989406345498216,
  "summary_bg_mean": 29.275405920854908,
  "summary_bg_median": 23.455666184425354,
  "summary_bg_n": 1159386.0,
  "summary_bg_p05": 0.0,
  "summary_bg_p95": 70.16479453444481,
  "summary_bg_stdv": 19.80425877367872,
  "summary_csf_k": 40.205107495081926,
  "summary_csf_mad": 145.84692374169762,
  "summary_csf_mean": 439.50866232295687,
  "summary_csf_median": 391.56808246672153,
  "summary_csf_n": 16507.0,
  "summary_csf_p05": 233.54564175009727,
  "summary_csf_p95": 694.7730087041855,
  "summary_csf_stdv": 233.17327145834267,
  "summary_gm_k": -0.22211449436461184,
  "summary_gm_mad": 58.30879068398805,
  "summary_gm_mean": 810.1095139925055,
  "summary_gm_median": 807.5017492026091,
  "summary_gm_n": 31859.0,
  "summary_gm_p05": 721.0595311522484,
  "summary_gm_p95": 907.4916365146637,
  "summary_gm_stdv": 56.578796344243806,
  "summary_wm_k": 0.821154967762785,
  "summary_wm_mad": 45.56779529031457,
  "summary_wm_mean": 1003.5029634954582,
  "summary_wm_median": 999.999975129962,
  "summary_wm_n": 145888.0,
  "summary_wm_p05": 930.4417926520109,
  "summary_wm_p95": 1089.4398677594954,
  "summary_wm_stdv": 48.822191165521474,
  "tpm_overlap_csf": 0.18151967227458954,
  "tpm_overlap_gm": 0.49469664692878723,
  "tpm_overlap_wm": 0.5089885592460632,
  "wm2max": 0.5869201889715587
}