{
  "bids_meta": {
    "AcquisitionMatrixPE": 128,
    "AcquisitionNumber": 1,
    "AcquisitionTime": "12:38:58.000000",
    "ConversionSoftware": "dcm2niix",
    "ConversionSoftwareVersion": "v1.0.20180622 GCC4.4.7",
    "DeviceSerialNumber": "000000847570EMR3",
    "EchoTime": 0.008,
    "FlipAngle": 30,
    "ImageOrientationPatientDICOM": [
      1,
      0,
      0,
      0,
      0.999927,
      -0.0121157
    ],
    "ImageType": [
      "ORIGINAL",
      "PRIMARY",
      "OTHER"
    ],
    "InPlanePhaseEncodingDirectionDICOM": "ROW",
    "InstitutionName": "Evanston_Hospital",
    "MRAcquisitionType": "3D",
    "MagneticFieldStrength": 1.5,
    "Manufacturer": "GE",
    "ManufacturersModelName": "SIGNA_EXCITE",
    "Modality": "MR",
    "PatientPosition": "HFS",
    "PercentPhaseFOV": 100,
    "PixelBandwidth": 114.922,
    "ProtocolName": "Head_Obl_3D_ZOOM_SPGR",
    "ReconMatrixPE": 256,
    "RepetitionTime": 0.033333,
    "SAR": 0.003061,
    "ScanOptions": "FC_VB_GEMS",
    "ScanningSequence": "GR",
    "SequenceVariant": "SS_SP",
    "SeriesDescription": "Head_Obl_3D_ZOOM_SPGR",
    "SeriesNumber": 2,
    "ShiftedAcquisitionDate": "1803-11-02",
    "SliceThickness": 1.2,
    "SoftwareVersions": "11",
    "SpacingBetweenSlices": 1.2,
    "StationName": "lxmr3",
    "dataset": "ds002236",
    "modality": "T1w",
    "subject_id": "27"
  },
  "cjv": 0.5156101578196377,
  "cnr": 2.5943897773195306,
  "efc": 0.6644029059837062,
  "fber": 538.4509297520661,
  "fwhm_avg": 3.4562372795854768,
  "fwhm_x": 4.024876565153147,
  "fwhm_y": 3.5628159999999998,
  "fwhm_z": 2.7810192736032837,
  "icvs_csf": 0.21412331811029492,
  "icvs_gm": 0.4599437481273621,
  "icvs_wm": 0.32593293376234295,
  "inu_med": 1.241369605064392,
  "inu_range": 0.2145652174949646,
  "provenance": {
    "md5sum": "d766c9ee57a755c827a98ea42155fc72",
    "settings": {
      "testing": false
    },
    "software": "mriqc",
    "version": "21.0.0rc2",
    "warnings": {
      "large_rot_frame": true,
      "small_air_mask": false
    },
    "webapi_port": null,
    "webapi_url": "https://mriqc.nimh.nih.gov/api/v1"
  },
  "qi_1": 0.024278577848379074,
  "qi_2": 0.033345615773703444,
  "rpve_csf": 19.91818999804717,
  "rpve_gm": 9.7938552645943,
  "rpve_wm": 15.103788167276642,
  "size_x": 256,
  "size_y": 256,
  "size_z": 124,
  "snr_csf": 1.873959709970164,
  "snr_gm": 15.58303086907737,
  "snr_total": 12.809624269739254,
  "snr_wm": 20.971882230170227,
  "snrd_csf": 212.98443230548037,
  "snrd_gm": 451.2546876243968,
  "snrd_total": 407.75010495256197,
  "snrd_wm": 559.0111949278088,
  "spacing_x": 0.9375119805335999,
  "spacing_y": 0.9375,
  "spacing_z": 1.1999952793121338,
  "summary_bg_k": 93.65422029995466,
  "summary_bg_mad": 0.17195571697676681,
  "summary_bg_mean": 31.722216619108767,
  "summary_bg_median": 30.61934530735016,
  "summary_bg_n": 980392.0,
  "summary_bg_p05": 0.0,
  "summary_bg_p95": 61.70262008905411,
  "summary_bg_stdv": 23.737277500682175,
  "summary_csf_k": 104.4014580503849,
  "summary_csf_mad": 107.47232311047925,
  "summary_csf_mean": 416.86586075225193,
  "summary_csf_median": 381.00208081305027,
  "summary_csf_n": 36549.0,
  "summary_csf_p05": 251.84411515295506,
  "summary_csf_p95": 624.5650548487902,
  "summary_csf_stdv": 203.31113125910784,
  "summary_gm_k": -0.16146888167653284,
  "summary_gm_mad": 53.134316545820944,
  "summary_gm_mean": 808.3481015058738,
  "summary_gm_median": 807.2372853755951,
  "summary_gm_n": 23058.0,
  "summary_gm_p05": 725.585697889328,
  "summary_gm_p95": 893.760132342577,
  "summary_gm_stdv": 51.801205264424134,
  "summary_wm_k": 0.2979716209134131,
  "summary_wm_mad": 46.25608786675027,
  "summary_wm_mean": 1003.5173790882188,
  "summary_wm_median": 999.999981969595,
  "summary_wm_n": 126970.0,
  "summary_wm_p05": 931.338419765234,
  "summary_wm_p95": 1087.7986349910498,
  "summary_wm_stdv": 47.682703586100565,
  "tpm_overlap_csf": 0.1873313933610916,
  "tpm_overlap_gm": 0.4802997410297394,
  "tpm_overlap_wm": 0.4913598299026489,
  "wm2max": 0.5208723494230653
}