{
  "bids_meta": {
    "AcquisitionMatrixPE": 128,
    "AcquisitionNumber": 1,
    "AcquisitionTime": "10:17:2.000000",
    "ConversionSoftware": "dcm2niix",
    "ConversionSoftwareVersion": "v1.0.20180622 GCC4.4.7",
    "DeviceSerialNumber": "000000847570EMR3",
    "EchoTime": 0.008,
    "FlipAngle": 30,
    "ImageOrientationPatientDICOM": [
      1,
      0,
      0,
      0,
      0.999964,
      -0.00851461
    ],
    "ImageType": [
      "ORIGINAL",
      "PRIMARY",
      "OTHER"
    ],
    "InPlanePhaseEncodingDirectionDICOM": "ROW",
    "InstitutionName": "Evanston_Hospital",
    "MRAcquisitionType": "3D",
    "MagneticFieldStrength": 1.5,
    "Manufacturer": "GE",
    "ManufacturersModelName": "SIGNA_EXCITE",
    "Modality": "MR",
    "PatientPosition": "HFS",
    "PercentPhaseFOV": 100,
    "PixelBandwidth": 114.922,
    "ProtocolName": "Head_Obl_3D_ZOOM_SPGR",
    "ReconMatrixPE": 256,
    "RepetitionTime": 0.033333,
    "SAR": 0.002942,
    "ScanOptions": "FC_VB_GEMS",
    "ScanningSequence": "GR",
    "SequenceVariant": "SS_SP",
    "SeriesDescription": "Head_Obl_3D_ZOOM_SPGR",
    "SeriesNumber": 2,
    "ShiftedAcquisitionDate": "1803-06-28",
    "SliceThickness": 1.2,
    "SoftwareVersions": "11",
    "SpacingBetweenSlices": 1.2,
    "StationName": "lxmr3",
    "dataset": "ds002236",
    "modality": "T1w",
    "subject_id": "07"
  },
  "cjv": 0.6904496612095448,
  "cnr": 1.9597516528106589,
  "efc": 0.6537064770928773,
  "fber": 948.697037894376,
  "fwhm_avg": 3.3875345210433365,
  "fwhm_x": 3.9467735886216837,
  "fwhm_y": 3.505450666666667,
  "fwhm_z": 2.710379307841658,
  "icvs_csf": 0.1599666925445749,
  "icvs_gm": 0.47711962805958413,
  "icvs_wm": 0.36291367939584096,
  "inu_med": 0.9993418455123901,
  "inu_range": 0.21102316379547115,
  "provenance": {
    "md5sum": "741cf268c55f95381ac3d8ec07dcc4ff",
    "settings": {
      "testing": false
    },
    "software": "mriqc",
    "version": "21.0.0rc2",
    "warnings": {
      "large_rot_frame": true,
      "small_air_mask": false
    },
    "webapi_port": null,
    "webapi_url": "https://mriqc.nimh.nih.gov/api/v1"
  },
  "qi_1": 0.02978660002573532,
  "qi_2": 0.06192199947328023,
  "rpve_csf": 21.803650111442415,
  "rpve_gm": 8.492542412265555,
  "rpve_wm": 12.49365165423614,
  "size_x": 256,
  "size_y": 256,
  "size_z": 124,
  "snr_csf": 2.2277049192051845,
  "snr_gm": 13.588069279413329,
  "snr_total": 12.765332275557578,
  "snr_wm": 22.480222628054218,
  "snrd_csf": 280.33270793331656,
  "snrd_gm": 471.2353336879061,
  "snrd_total": 436.38019496286387,
  "snrd_wm": 557.5725432673688,
  "spacing_x": 0.9375050067901611,
  "spacing_y": 0.9375,
  "spacing_z": 1.2000423669815063,
  "summary_bg_k": 99.4304284151216,
  "summary_bg_mad": 0.17497960508871183,
  "summary_bg_mean": 29.55294176645514,
  "summary_bg_median": 25.492741227149963,
  "summary_bg_n": 1196111.0,
  "summary_bg_p05": 0.0,
  "summary_bg_p95": 51.33954830467701,
  "summary_bg_stdv": 19.89141439869495,
  "summary_csf_k": 27.58396758360614,
  "summary_csf_mad": 172.70487022255858,
  "summary_csf_mean": 516.8689555786576,
  "summary_csf_median": 502.7735075354576,
  "summary_csf_n": 14538.0,
  "summary_csf_p05": 249.6164245158434,
  "summary_csf_p95": 753.1334703370928,
  "summary_csf_stdv": 225.68348761206315,
  "summary_gm_k": -0.2923230871647462,
  "summary_gm_mad": 64.04253546246854,
  "summary_gm_mean": 846.2100662007986,
  "summary_gm_median": 845.1551848500967,
  "summary_gm_n": 36409.0,
  "summary_gm_p05": 745.072571143508,
  "summary_gm_p95": 950.7848302125931,
  "summary_gm_stdv": 62.19747345901734,
  "summary_wm_k": 0.6592668222456068,
  "summary_wm_mad": 42.8700032467344,
  "summary_wm_mean": 1003.371582172063,
  "summary_wm_median": 999.9999834150076,
  "summary_wm_n": 179760.0,
  "summary_wm_p05": 935.7960425466299,
  "summary_wm_p95": 1080.490953400731,
  "summary_wm_stdv": 44.483420759223776,
  "tpm_overlap_csf": 0.1927962750196457,
  "tpm_overlap_gm": 0.5008792877197266,
  "tpm_overlap_wm": 0.5237563848495483,
  "wm2max": 0.5354186413902053
}