{
  "bids_meta": {
    "AcquisitionMatrixPE": 128,
    "AcquisitionNumber": 1,
    "AcquisitionTime": "09:06:6.000000",
    "ConversionSoftware": "dcm2niix",
    "ConversionSoftwareVersion": "v1.0.20180622 GCC4.4.7",
    "DeviceSerialNumber": "000000847570EMR3",
    "EchoTime": 0.008,
    "FlipAngle": 30,
    "ImageOrientationPatientDICOM": [
      1,
      0,
      0,
      0,
      0.999943,
      0.010712
    ],
    "ImageType": [
      "ORIGINAL",
      "PRIMARY",
      "OTHER"
    ],
    "InPlanePhaseEncodingDirectionDICOM": "ROW",
    "InstitutionName": "Evanston_Hospital",
    "MRAcquisitionType": "3D",
    "MagneticFieldStrength": 1.5,
    "Manufacturer": "GE",
    "ManufacturersModelName": "SIGNA_EXCITE",
    "Modality": "MR",
    "PatientPosition": "HFS",
    "PercentPhaseFOV": 100,
    "PixelBandwidth": 114.922,
    "ProtocolName": "Head_Obl_3D_ZOOM_SPGR",
    "ReconMatrixPE": 256,
    "RepetitionTime": 0.033333,
    "SAR": 0.003081,
    "ScanOptions": "FC_VB_GEMS",
    "ScanningSequence": "GR",
    "SequenceVariant": "SS_SP",
    "SeriesDescription": "Head_Obl_3D_ZOOM_SPGR",
    "SeriesNumber": 2,
    "ShiftedAcquisitionDate": "1803-02-23",
    "SliceThickness": 1.2,
    "SoftwareVersions": "11",
    "SpacingBetweenSlices": 1.2,
    "StationName": "lxmr3",
    "dataset": "ds002236",
    "modality": "T1w",
    "subject_id": "02"
  },
  "cjv": 0.5324175339760583,
  "cnr": 2.4992546191926257,
  "efc": 0.6784916091759776,
  "fber": 967.4156307629258,
  "fwhm_avg": 3.336839864710934,
  "fwhm_x": 3.7740706641142023,
  "fwhm_y": 3.5072106666666665,
  "fwhm_z": 2.7292382633519328,
  "icvs_csf": 0.13073790923734552,
  "icvs_gm": 0.5167684254686847,
  "icvs_wm": 0.3524936652939698,
  "inu_med": 0.7376227378845215,
  "inu_range": 0.14091322720050814,
  "provenance": {
    "md5sum": "4e23f70d238f5da887503138474234be",
    "settings": {
      "testing": false
    },
    "software": "mriqc",
    "version": "21.0.0rc2",
    "warnings": {
      "large_rot_frame": true,
      "small_air_mask": false
    },
    "webapi_port": null,
    "webapi_url": "https://mriqc.nimh.nih.gov/api/v1"
  },
  "qi_1": 0.05827983509242803,
  "qi_2": 0.04260521295534278,
  "rpve_csf": 27.83559056584898,
  "rpve_gm": 8.326249496780438,
  "rpve_wm": 12.76368888663087,
  "size_x": 256,
  "size_y": 256,
  "size_z": 124,
  "snr_csf": 1.0800776374272252,
  "snr_gm": 13.437210790409774,
  "snr_total": 12.194017722582922,
  "snr_wm": 22.06476473991177,
  "snrd_csf": 216.5258935509127,
  "snrd_gm": 457.08410473067846,
  "snrd_total": 413.87685722517745,
  "snrd_wm": 568.0205733939412,
  "spacing_x": 0.9374970197677612,
  "spacing_y": 0.9375,
  "spacing_z": 1.199975848197937,
  "summary_bg_k": 62.258466234824525,
  "summary_bg_mad": 0.1533673570929817,
  "summary_bg_mean": 30.62476180360982,
  "summary_bg_median": 24.930175200104713,
  "summary_bg_n": 842320.0,
  "summary_bg_p05": 0.0,
  "summary_bg_p95": 50.37757395207882,
  "summary_bg_stdv": 21.59552523965166,
  "summary_csf_k": 26.173003469921973,
  "summary_csf_mad": 160.57562287635182,
  "summary_csf_mean": 471.09113288587093,
  "summary_csf_median": 381.1937577277422,
  "summary_csf_n": 14850.0,
  "summary_csf_p05": 226.44047100842,
  "summary_csf_p95": 950.4603433862327,
  "summary_csf_stdv": 352.9199286201192,
  "summary_gm_k": -0.031643350861740416,
  "summary_gm_mad": 60.426738694634786,
  "summary_gm_mean": 809.8586553634902,
  "summary_gm_median": 804.6964019984007,
  "summary_gm_n": 68779.0,
  "summary_gm_p05": 719.7682947814465,
  "summary_gm_p95": 915.3822420984507,
  "summary_gm_stdv": 59.88523694824841,
  "summary_wm_k": 0.45553492644145166,
  "summary_wm_mad": 43.5563294144068,
  "summary_wm_mean": 1003.2805496637359,
  "summary_wm_median": 1000.0000151842833,
  "summary_wm_n": 173398.0,
  "summary_wm_p05": 934.8298476487398,
  "summary_wm_p95": 1082.9626729041338,
  "summary_wm_stdv": 45.320996775988206,
  "tpm_overlap_csf": 0.18264076113700867,
  "tpm_overlap_gm": 0.49508851766586304,
  "tpm_overlap_wm": 0.5061536431312561,
  "wm2max": 0.46240825827569504
}