{
  "bids_meta": {
    "AcquisitionMatrixPE": 128,
    "AcquisitionNumber": 1,
    "AcquisitionTime": "09:51:5.000000",
    "ConversionSoftware": "dcm2niix",
    "ConversionSoftwareVersion": "v1.0.20180622 GCC4.4.7",
    "DeviceSerialNumber": "000000847570EMR3",
    "EchoTime": 0.008,
    "FlipAngle": 30,
    "ImageOrientationPatientDICOM": [
      1,
      0,
      0,
      0,
      0.999998,
      -0.0018006
    ],
    "ImageType": [
      "ORIGINAL",
      "PRIMARY",
      "OTHER"
    ],
    "InPlanePhaseEncodingDirectionDICOM": "ROW",
    "InstitutionName": "Evanston_Hospital",
    "MRAcquisitionType": "3D",
    "MagneticFieldStrength": 1.5,
    "Manufacturer": "GE",
    "ManufacturersModelName": "SIGNA_EXCITE",
    "Modality": "MR",
    "PatientPosition": "HFS",
    "PercentPhaseFOV": 100,
    "PixelBandwidth": 114.922,
    "ProtocolName": "Head_Obl_3D_ZOOM_SPGR",
    "ReconMatrixPE": 256,
    "RepetitionTime": 0.033333,
    "SAR": 0.002843,
    "ScanOptions": "FC_VB_GEMS",
    "ScanningSequence": "GR",
    "SequenceVariant": "SS_SP",
    "SeriesDescription": "Head_Obl_3D_ZOOM_SPGR",
    "SeriesNumber": 2,
    "ShiftedAcquisitionDate": "1804-04-15",
    "SliceThickness": 1.2,
    "SoftwareVersions": "11",
    "SpacingBetweenSlices": 1.2,
    "StationName": "lxmr3",
    "dataset": "ds002236",
    "modality": "T1w",
    "subject_id": "17"
  },
  "cjv": 0.7927069541588604,
  "cnr": 1.7159347730003904,
  "efc": 0.6916207637968512,
  "fber": 734.8648955939166,
  "fwhm_avg": 3.3874111823536404,
  "fwhm_x": 3.860902493683981,
  "fwhm_y": 3.494037333333333,
  "fwhm_z": 2.8072937200436066,
  "icvs_csf": 0.14040029853359406,
  "icvs_gm": 0.4950306356634046,
  "icvs_wm": 0.3645690658030013,
  "inu_med": 0.77375328540802,
  "inu_range": 0.21881510019302364,
  "provenance": {
    "md5sum": "69fa0bc81d7f2e83097f9a6877b72cee",
    "settings": {
      "testing": false
    },
    "software": "mriqc",
    "version": "21.0.0rc2",
    "warnings": {
      "large_rot_frame": true,
      "small_air_mask": false
    },
    "webapi_port": null,
    "webapi_url": "https://mriqc.nimh.nih.gov/api/v1"
  },
  "qi_1": 0.027898982789078222,
  "qi_2": 0.0994596551126139,
  "rpve_csf": 26.030584119238043,
  "rpve_gm": 8.513606219253894,
  "rpve_wm": 12.381430948675675,
  "size_x": 256,
  "size_y": 256,
  "size_z": 124,
  "snr_csf": 1.0646059353616562,
  "snr_gm": 11.937824052331493,
  "snr_total": 10.302696811971034,
  "snr_wm": 17.90566044821995,
  "snrd_csf": 258.0735761877884,
  "snrd_gm": 421.6996798702546,
  "snrd_total": 393.7900375016314,
  "snrd_wm": 501.5968564468511,
  "spacing_x": 0.9375010132789612,
  "spacing_y": 0.9375,
  "spacing_z": 1.2000062465667725,
  "summary_bg_k": 10.092630082690174,
  "summary_bg_mad": 0.30610141073448965,
  "summary_bg_mean": 35.739874661175044,
  "summary_bg_median": 29.5241037607193,
  "summary_bg_n": 883675.0,
  "summary_bg_p05": 0.0,
  "summary_bg_p95": 86.30122637748718,
  "summary_bg_stdv": 23.203414568953857,
  "summary_csf_k": 25.27726654777982,
  "summary_csf_mad": 178.6101731635747,
  "summary_csf_mean": 612.3407242217514,
  "summary_csf_median": 514.5039620399475,
  "summary_csf_n": 13398.0,
  "summary_csf_p05": 289.15040081739426,
  "summary_csf_p95": 1371.074603176116,
  "summary_csf_stdv": 483.263096529763,
  "summary_gm_k": -0.38469817596281075,
  "summary_gm_mad": 75.30094704068445,
  "summary_gm_mean": 842.6400825471097,
  "summary_gm_median": 840.7143392562866,
  "summary_gm_n": 52067.0,
  "summary_gm_p05": 730.9796459078789,
  "summary_gm_p95": 960.6689146757126,
  "summary_gm_stdv": 70.42374407116996,
  "summary_wm_k": 0.9319747928017215,
  "summary_wm_mad": 50.965884887292525,
  "summary_wm_mean": 1007.3517050036522,
  "summary_wm_median": 999.9999759793282,
  "summary_wm_n": 174967.0,
  "summary_wm_p05": 929.802806198597,
  "summary_wm_p95": 1111.5928297042847,
  "summary_wm_stdv": 55.848100168401864,
  "tpm_overlap_csf": 0.1562289446592331,
  "tpm_overlap_gm": 0.48988011479377747,
  "tpm_overlap_wm": 0.49471771717071533,
  "wm2max": 0.48260725693441503
}