{
  "bids_meta": {
    "AcquisitionMatrixPE": 128,
    "AcquisitionNumber": 1,
    "AcquisitionTime": "14:09:34.000000",
    "ConversionSoftware": "dcm2niix",
    "ConversionSoftwareVersion": "v1.0.20180622 GCC4.4.7",
    "DeviceSerialNumber": "00000847570ERMR1",
    "EchoTime": 0.008,
    "FlipAngle": 30,
    "ImageOrientationPatientDICOM": [
      1,
      0,
      0,
      0,
      1,
      0
    ],
    "ImageType": [
      "ORIGINAL",
      "PRIMARY",
      "OTHER"
    ],
    "InPlanePhaseEncodingDirectionDICOM": "ROW",
    "InstitutionName": "Evanston_Hospital",
    "MRAcquisitionType": "3D",
    "MagneticFieldStrength": 1.5,
    "Manufacturer": "GE",
    "ManufacturersModelName": "SIGNA_EXCITE",
    "Modality": "MR",
    "PatientPosition": "HFS",
    "PercentPhaseFOV": 100,
    "PixelBandwidth": 114.922,
    "ProtocolName": "Head_Ax_3D_ZOOM_SPGR",
    "ReconMatrixPE": 256,
    "RepetitionTime": 0.033333,
    "SAR": 0.002982,
    "ScanOptions": "FC_VB_GEMS",
    "ScanningSequence": "GR",
    "SequenceVariant": "SS_SP",
    "SeriesDescription": "Head_Ax_3D_ZOOM_SPGR",
    "SeriesNumber": 2,
    "ShiftedAcquisitionDate": "1805-01-26",
    "SliceThickness": 1.2,
    "SoftwareVersions": "11",
    "SpacingBetweenSlices": 1.2,
    "StationName": "12342345",
    "dataset": "ds002236",
    "modality": "T1w",
    "subject_id": "45"
  },
  "cjv": 0.6349627432358474,
  "cnr": 2.155741618284703,
  "efc": 0.6390869748170142,
  "fber": 655.3209166132509,
  "fwhm_avg": 3.4083935263837364,
  "fwhm_x": 3.9437653333333333,
  "fwhm_y": 3.5223253333333333,
  "fwhm_z": 2.7590899124845425,
  "icvs_csf": 0.16366002235476104,
  "icvs_gm": 0.48916765725462247,
  "icvs_wm": 0.3471723203906165,
  "inu_med": 0.9036790132522583,
  "inu_range": 0.16360542178154003,
  "provenance": {
    "md5sum": "5ab42ee4cef9ecf560cb082668b3d5e6",
    "settings": {
      "testing": false
    },
    "software": "mriqc",
    "version": "21.0.0rc2",
    "warnings": {
      "large_rot_frame": true,
      "small_air_mask": false
    },
    "webapi_port": null,
    "webapi_url": "https://mriqc.nimh.nih.gov/api/v1"
  },
  "qi_1": 0.0026010701545778835,
  "qi_2": 0.0044376393398233155,
  "rpve_csf": 23.89620184835866,
  "rpve_gm": 9.23981502713445,
  "rpve_wm": 14.181986580351335,
  "size_x": 256,
  "size_y": 256,
  "size_z": 124,
  "snr_csf": 1.8132465733999865,
  "snr_gm": 14.265729079123522,
  "snr_total": 12.54949866683529,
  "snr_wm": 21.569520347982365,
  "snrd_csf": 24.43745631073582,
  "snrd_gm": 48.734313557766036,
  "snrd_total": 43.8713713384881,
  "snrd_wm": 58.44234414696245,
  "spacing_x": 0.9375,
  "spacing_y": 0.9375,
  "spacing_z": 1.2000007629394531,
  "summary_bg_k": 61.02478409767461,
  "summary_bg_mad": 11.209960285194045,
  "summary_bg_mean": 28.06889455447389,
  "summary_bg_median": 22.683009937405586,
  "summary_bg_n": 1298297.0,
  "summary_bg_p05": 7.446442656219006,
  "summary_bg_p95": 60.258905187249184,
  "summary_bg_stdv": 19.273565751115388,
  "summary_csf_k": 29.32407853997271,
  "summary_csf_mad": 191.24871638073478,
  "summary_csf_mean": 454.91941504190595,
  "summary_csf_median": 418.14639531075954,
  "summary_csf_n": 15541.0,
  "summary_csf_p05": 221.21662721782923,
  "summary_csf_p95": 718.0661933720112,
  "summary_csf_stdv": 230.59905267174244,
  "summary_gm_k": -0.3552365994453721,
  "summary_gm_mad": 60.97539003613125,
  "summary_gm_mean": 833.2114751794109,
  "summary_gm_median": 833.8870168402791,
  "summary_gm_n": 41387.0,
  "summary_gm_p05": 736.7395803406835,
  "summary_gm_p95": 928.8578008711338,
  "summary_gm_stdv": 58.45315986948522,
  "summary_wm_k": 0.4818943304350203,
  "summary_wm_mad": 44.50014537455818,
  "summary_wm_mean": 1002.5158348555948,
  "summary_wm_median": 999.9999684020877,
  "summary_wm_n": 145150.0,
  "summary_wm_p05": 931.1490139961243,
  "summary_wm_p95": 1083.285565495491,
  "summary_wm_stdv": 46.36155591551842,
  "tpm_overlap_csf": 0.1841730773448944,
  "tpm_overlap_gm": 0.4927864670753479,
  "tpm_overlap_wm": 0.49715742468833923,
  "wm2max": 0.5704110305168921
}