{
  "bids_meta": {
    "AcquisitionMatrixPE": 128,
    "AcquisitionNumber": 1,
    "AcquisitionTime": "10:38:26.000000",
    "ConversionSoftware": "dcm2niix",
    "ConversionSoftwareVersion": "v1.0.20180622 GCC4.4.7",
    "DeviceSerialNumber": "00000847570ERMR1",
    "EchoTime": 0.008,
    "FlipAngle": 30,
    "ImageOrientationPatientDICOM": [
      1,
      0,
      0,
      0,
      0.999974,
      0.00723289
    ],
    "ImageType": [
      "ORIGINAL",
      "PRIMARY",
      "OTHER"
    ],
    "InPlanePhaseEncodingDirectionDICOM": "ROW",
    "InstitutionName": "Evanston_Hospital",
    "MRAcquisitionType": "3D",
    "MagneticFieldStrength": 1.5,
    "Manufacturer": "GE",
    "ManufacturersModelName": "SIGNA_EXCITE",
    "Modality": "MR",
    "PatientPosition": "HFS",
    "PercentPhaseFOV": 100,
    "PixelBandwidth": 114.922,
    "ProtocolName": "Head_Obl_3D_ZOOM_SPGR",
    "ReconMatrixPE": 256,
    "RepetitionTime": 0.033333,
    "SAR": 0.00278791,
    "ScanOptions": "FC",
    "ScanningSequence": "GR",
    "SequenceVariant": "SS_SP",
    "SeriesDescription": "Head_Obl_3D_ZOOM_SPGR",
    "SeriesNumber": 2,
    "ShiftedAcquisitionDate": "1806-03-04",
    "SliceThickness": 1.2,
    "SoftwareVersions": "12_LX_MR_Software_release:12.0_M4_0520.a",
    "SpacingBetweenSlices": 1.2,
    "StationName": "12342345",
    "dataset": "ds002236",
    "modality": "T1w",
    "subject_id": "61"
  },
  "cjv": 0.6634212261795496,
  "cnr": 2.090510749303264,
  "efc": 0.6859729898775122,
  "fber": 592.4563150746943,
  "fwhm_avg": 3.2958180201388623,
  "fwhm_x": 3.914907343174743,
  "fwhm_y": 3.3327893333333334,
  "fwhm_z": 2.639757383908511,
  "icvs_csf": 0.1506477178611154,
  "icvs_gm": 0.5142374986586146,
  "icvs_wm": 0.33511478348027,
  "inu_med": 1.3089739084243774,
  "inu_range": 0.27705067992210375,
  "provenance": {
    "md5sum": "2215b96946f69190c929491115485534",
    "settings": {
      "testing": false
    },
    "software": "mriqc",
    "version": "21.0.0rc2",
    "warnings": {
      "large_rot_frame": true,
      "small_air_mask": false
    },
    "webapi_port": null,
    "webapi_url": "https://mriqc.nimh.nih.gov/api/v1"
  },
  "qi_1": 0.001981093701697011,
  "qi_2": 0.011967193998253125,
  "rpve_csf": 25.976189479648934,
  "rpve_gm": 8.771855876245619,
  "rpve_wm": 13.877807633830187,
  "size_x": 256,
  "size_y": 256,
  "size_z": 124,
  "snr_csf": 1.2753980666540983,
  "snr_gm": 13.131277196906895,
  "snr_total": 11.474523490505112,
  "snr_wm": 20.01689520795434,
  "snrd_csf": 20.580455045393453,
  "snrd_gm": 34.47155706895162,
  "snrd_total": 32.25744233017128,
  "snrd_wm": 41.720314876168764,
  "spacing_x": 0.9374960064888,
  "spacing_y": 0.9375,
  "spacing_z": 1.2000383138656616,
  "summary_bg_k": 18.409086131307163,
  "summary_bg_mad": 15.70482353454583,
  "summary_bg_mean": 32.52115100229213,
  "summary_bg_median": 31.778227508068085,
  "summary_bg_n": 1356257.0,
  "summary_bg_p05": 10.592742502689362,
  "summary_bg_p95": 72.90962126851082,
  "summary_bg_stdv": 21.278143932580328,
  "summary_csf_k": 40.56440292158892,
  "summary_csf_mad": 154.70921907435573,
  "summary_csf_mean": 560.183508130481,
  "summary_csf_median": 493.3513476252556,
  "summary_csf_n": 18991.0,
  "summary_csf_p05": 283.0741400718689,
  "summary_csf_p95": 955.6006002426147,
  "summary_csf_stdv": 386.81127976426177,
  "summary_gm_k": -0.3392765572541925,
  "summary_gm_mad": 66.99610890800933,
  "summary_gm_mean": 828.0045549535529,
  "summary_gm_median": 826.3466039597988,
  "summary_gm_n": 57823.0,
  "summary_gm_p05": 728.6454576849937,
  "summary_gm_p95": 933.851671487093,
  "summary_gm_stdv": 62.929100197495316,
  "summary_wm_k": 0.438548609492873,
  "summary_wm_mad": 48.283978739188775,
  "summary_wm_mean": 1004.1558370311121,
  "summary_wm_median": 1000.1126565039158,
  "summary_wm_n": 138824.0,
  "summary_wm_p05": 929.0060552358627,
  "summary_wm_p95": 1092.6301202774048,
  "summary_wm_stdv": 49.96324574909824,
  "tpm_overlap_csf": 0.15537023544311523,
  "tpm_overlap_gm": 0.4861384928226471,
  "tpm_overlap_wm": 0.47003355622291565,
  "wm2max": 0.5234824340086911
}