{
  "bids_meta": {
    "AcquisitionMatrixPE": 128,
    "AcquisitionNumber": 1,
    "AcquisitionTime": "11:36:50.000000",
    "ConversionSoftware": "dcm2niix",
    "ConversionSoftwareVersion": "v1.0.20180622 GCC4.4.7",
    "DeviceSerialNumber": "000000847570EMR3",
    "EchoTime": 0.008,
    "FlipAngle": 30,
    "ImageOrientationPatientDICOM": [
      1,
      0,
      0,
      0,
      0.999989,
      0.00476085
    ],
    "ImageType": [
      "ORIGINAL",
      "PRIMARY",
      "OTHER"
    ],
    "InPlanePhaseEncodingDirectionDICOM": "ROW",
    "InstitutionName": "Evanston_Hospital",
    "MRAcquisitionType": "3D",
    "MagneticFieldStrength": 1.5,
    "Manufacturer": "GE",
    "ManufacturersModelName": "SIGNA_EXCITE",
    "Modality": "MR",
    "PatientPosition": "HFS",
    "PercentPhaseFOV": 100,
    "PixelBandwidth": 114.922,
    "ProtocolName": "Head_Obl_3D_ZOOM_SPGR",
    "ReconMatrixPE": 256,
    "RepetitionTime": 0.033333,
    "SAR": 0.002942,
    "ScanOptions": "FC_VB_GEMS",
    "ScanningSequence": "GR",
    "SequenceVariant": "SS_SP",
    "SeriesDescription": "Head_Obl_3D_ZOOM_SPGR",
    "SeriesNumber": 2,
    "ShiftedAcquisitionDate": "1803-05-25",
    "SliceThickness": 1.2,
    "SoftwareVersions": "11",
    "SpacingBetweenSlices": 1.2,
    "StationName": "lxmr3",
    "dataset": "ds002236",
    "modality": "T1w",
    "subject_id": "09"
  },
  "cjv": 0.7809982582931139,
  "cnr": 1.7474605528852856,
  "efc": 0.6731487646942559,
  "fber": 766.7583893260743,
  "fwhm_avg": 3.462829355355639,
  "fwhm_x": 3.9147912876238373,
  "fwhm_y": 3.6662933333333334,
  "fwhm_z": 2.807403445109745,
  "icvs_csf": 0.17541231144156763,
  "icvs_gm": 0.4499655788071958,
  "icvs_wm": 0.3746221097512366,
  "inu_med": 1.190247654914856,
  "inu_range": 0.27081345319747907,
  "provenance": {
    "md5sum": "c597950f5c41e447461d6704a96f0938",
    "settings": {
      "testing": false
    },
    "software": "mriqc",
    "version": "21.0.0rc2",
    "warnings": {
      "large_rot_frame": true,
      "small_air_mask": false
    },
    "webapi_port": null,
    "webapi_url": "https://mriqc.nimh.nih.gov/api/v1"
  },
  "qi_1": 0.04053310353855989,
  "qi_2": 0.09006196764345074,
  "rpve_csf": 24.057399626377954,
  "rpve_gm": 10.25927722391899,
  "rpve_wm": 13.932388687796122,
  "size_x": 256,
  "size_y": 256,
  "size_z": 124,
  "snr_csf": 2.1341890480366206,
  "snr_gm": 13.441948039322353,
  "snr_total": 11.51770935506918,
  "snr_wm": 18.976990977848565,
  "snrd_csf": 277.79745359808174,
  "snrd_gm": 493.51415976966246,
  "snrd_total": 450.53582838746985,
  "snrd_wm": 580.2958717946655,
  "spacing_x": 0.9375110268592834,
  "spacing_y": 0.9375,
  "spacing_z": 1.1999166011810303,
  "summary_bg_k": 7.134239557291226,
  "summary_bg_mad": 0.1290678332799545,
  "summary_bg_mean": 34.1895701447552,
  "summary_bg_median": 28.031687662005424,
  "summary_bg_n": 1207641.0,
  "summary_bg_p05": 0.0,
  "summary_bg_p95": 84.00800805538893,
  "summary_bg_stdv": 23.333364654045923,
  "summary_csf_k": 28.69609366307602,
  "summary_csf_mad": 162.56093601610272,
  "summary_csf_mean": 507.2403278956126,
  "summary_csf_median": 478.75859098508954,
  "summary_csf_n": 18366.0,
  "summary_csf_p05": 271.3502187654376,
  "summary_csf_p95": 765.038730353117,
  "summary_csf_stdv": 224.32200063041617,
  "summary_gm_k": -0.3396876284594441,
  "summary_gm_mad": 66.46993413917657,
  "summary_gm_mean": 852.5029025355564,
  "summary_gm_median": 850.5266722291708,
  "summary_gm_n": 27772.0,
  "summary_gm_p05": 750.8966568727046,
  "summary_gm_p95": 959.1712256520987,
  "summary_gm_stdv": 63.27292420251522,
  "summary_wm_k": 0.6915352363501213,
  "summary_wm_mad": 50.33645497918226,
  "summary_wm_mean": 1005.7676474667858,
  "summary_wm_median": 1000.0870430469513,
  "summary_wm_n": 166734.0,
  "summary_wm_p05": 929.833714030683,
  "summary_wm_p95": 1100.7225428521633,
  "summary_wm_stdv": 52.69982186113268,
  "tpm_overlap_csf": 0.17724360525608063,
  "tpm_overlap_gm": 0.4886569380760193,
  "tpm_overlap_wm": 0.5204875469207764,
  "wm2max": 0.5538582691249239
}