{
  "bids_meta": {
    "AcquisitionMatrixPE": 128,
    "AcquisitionNumber": 1,
    "AcquisitionTime": "12:50:49.000000",
    "ConversionSoftware": "dcm2niix",
    "ConversionSoftwareVersion": "v1.0.20180622 GCC4.4.7",
    "DeviceSerialNumber": "00000847570ERMR1",
    "EchoTime": 0.008,
    "FlipAngle": 30,
    "ImageOrientationPatientDICOM": [
      1,
      0,
      0,
      0,
      0.999903,
      -0.0139164
    ],
    "ImageType": [
      "ORIGINAL",
      "PRIMARY",
      "OTHER"
    ],
    "InPlanePhaseEncodingDirectionDICOM": "ROW",
    "InstitutionName": "Evanston_Hospital",
    "MRAcquisitionType": "3D",
    "MagneticFieldStrength": 1.5,
    "Manufacturer": "GE",
    "ManufacturersModelName": "SIGNA_EXCITE",
    "Modality": "MR",
    "PatientPosition": "HFS",
    "PercentPhaseFOV": 100,
    "PixelBandwidth": 114.922,
    "ProtocolName": "Head_Obl_3D_ZOOM_SPGR",
    "ReconMatrixPE": 256,
    "RepetitionTime": 0.033333,
    "SAR": 0.002942,
    "ScanOptions": "FC_VB_GEMS",
    "ScanningSequence": "GR",
    "SequenceVariant": "SS_SP",
    "SeriesDescription": "Head_Obl_3D_ZOOM_SPGR",
    "SeriesNumber": 2,
    "ShiftedAcquisitionDate": "1804-03-16",
    "SliceThickness": 1.2,
    "SoftwareVersions": "11",
    "SpacingBetweenSlices": 1.2,
    "StationName": "12342345",
    "dataset": "ds002236",
    "modality": "T1w",
    "subject_id": "77"
  },
  "cjv": 0.5905630006860754,
  "cnr": 2.337540616285504,
  "efc": 0.6643522205373195,
  "fber": 660.3898739247766,
  "fwhm_avg": 3.510443929213474,
  "fwhm_x": 4.077631556431405,
  "fwhm_y": 3.6151146666666665,
  "fwhm_z": 2.83858556454235,
  "icvs_csf": 0.14774301708855567,
  "icvs_gm": 0.4893026159865912,
  "icvs_wm": 0.3629543669248531,
  "inu_med": 1.0917563438415527,
  "inu_range": 0.21693484783172612,
  "provenance": {
    "md5sum": "d7101249a080362fc24cff1c6f151100",
    "settings": {
      "testing": false
    },
    "software": "mriqc",
    "version": "21.0.0rc2",
    "warnings": {
      "large_rot_frame": true,
      "small_air_mask": false
    },
    "webapi_port": null,
    "webapi_url": "https://mriqc.nimh.nih.gov/api/v1"
  },
  "qi_1": 1.2134368718568193e-05,
  "qi_2": 0.006699388304809997,
  "rpve_csf": 21.73923982291329,
  "rpve_gm": 7.6425997774715935,
  "rpve_wm": 11.146443810949405,
  "size_x": 256,
  "size_y": 256,
  "size_z": 124,
  "snr_csf": 2.062607450559442,
  "snr_gm": 14.000686375175425,
  "snr_total": 12.903971990094576,
  "snr_wm": 22.64862214454886,
  "snrd_csf": 15.577119201840235,
  "snrd_gm": 24.976897616381805,
  "snrd_total": 23.642231285695377,
  "snrd_wm": 30.372677038864094,
  "spacing_x": 0.9375050067901611,
  "spacing_y": 0.9375,
  "spacing_z": 1.20002019405365,
  "summary_bg_k": 17.69684267507456,
  "summary_bg_mad": 21.572060488699957,
  "summary_bg_mean": 30.623594538130284,
  "summary_bg_median": 30.387013897299767,
  "summary_bg_n": 1465184.0,
  "summary_bg_p05": 7.621498599648476,
  "summary_bg_p95": 61.26893030107021,
  "summary_bg_stdv": 19.40827003383289,
  "summary_csf_k": 44.8881028566768,
  "summary_csf_mad": 144.10723401294803,
  "summary_csf_mean": 533.4000812702885,
  "summary_csf_median": 512.916957706213,
  "summary_csf_n": 21236.0,
  "summary_csf_p05": 280.485995542258,
  "summary_csf_p95": 750.2227095589042,
  "summary_csf_stdv": 248.66819948424114,
  "summary_gm_k": -0.3721122657969409,
  "summary_gm_mad": 62.51495080398763,
  "summary_gm_mean": 825.2621506163023,
  "summary_gm_median": 822.4289852529764,
  "summary_gm_n": 62481.0,
  "summary_gm_p05": 733.346534088254,
  "summary_gm_p95": 924.5768625885248,
  "summary_gm_stdv": 58.741577502388715,
  "summary_wm_k": 0.49962810271197,
  "summary_wm_mad": 42.410377423362505,
  "summary_wm_mean": 1003.792071680858,
  "summary_wm_median": 1000.0989850759506,
  "summary_wm_n": 206979.0,
  "summary_wm_p05": 938.2361717671156,
  "summary_wm_p95": 1082.2528011500835,
  "summary_wm_stdv": 44.157060096064676,
  "tpm_overlap_csf": 0.17016933858394623,
  "tpm_overlap_gm": 0.4932447075843811,
  "tpm_overlap_wm": 0.5163938999176025,
  "wm2max": 0.5832112561850313
}