{
  "bids_meta": {
    "AcquisitionMatrixPE": 128,
    "AcquisitionNumber": 1,
    "AcquisitionTime": "11:31:30.000000",
    "ConversionSoftware": "dcm2niix",
    "ConversionSoftwareVersion": "v1.0.20180622 GCC4.4.7",
    "DeviceSerialNumber": "00000847570ERMR1",
    "EchoTime": 0.008,
    "FlipAngle": 30,
    "ImageOrientationPatientDICOM": [
      1,
      0,
      0,
      0,
      0.999995,
      0.00323494
    ],
    "ImageType": [
      "ORIGINAL",
      "PRIMARY",
      "OTHER"
    ],
    "InPlanePhaseEncodingDirectionDICOM": "ROW",
    "InstitutionName": "Evanston_Hospital",
    "MRAcquisitionType": "3D",
    "MagneticFieldStrength": 1.5,
    "Manufacturer": "GE",
    "ManufacturersModelName": "SIGNA_EXCITE",
    "Modality": "MR",
    "PatientPosition": "HFS",
    "PercentPhaseFOV": 100,
    "PixelBandwidth": 114.922,
    "ProcedureStepDescription": "NU_fMRI_Lexical",
    "ProtocolName": "Head_Obl_3D_ZOOM_SPGR",
    "ReconMatrixPE": 256,
    "RepetitionTime": 0.033333,
    "SAR": 0.00304905,
    "ScanOptions": "FC",
    "ScanningSequence": "GR",
    "SequenceVariant": "SS_SP",
    "SeriesDescription": "Head_Obl_3D_ZOOM_SPGR",
    "SeriesNumber": 2,
    "ShiftedAcquisitionDate": "1806-06-04",
    "SliceThickness": 1.2,
    "SoftwareVersions": "12_LX_MR_Software_release:12.0_M4_0520.a",
    "SpacingBetweenSlices": 1.2,
    "StationName": "EHRMR1",
    "dataset": "ds002236",
    "modality": "T1w",
    "subject_id": "65"
  },
  "cjv": 0.4298801407425791,
  "cnr": 3.123712876925386,
  "efc": 0.6436094544622275,
  "fber": 695.2617254591096,
  "fwhm_avg": 3.2289932333833513,
  "fwhm_x": 3.868726005440746,
  "fwhm_y": 3.281226666666667,
  "fwhm_z": 2.537027028042642,
  "icvs_csf": 0.15417437363856107,
  "icvs_gm": 0.5177597851656702,
  "icvs_wm": 0.3280658411957687,
  "inu_med": 0.8258702754974365,
  "inu_range": 0.1356895327568054,
  "provenance": {
    "md5sum": "581defb9e5d541d48260dd008931ecdc",
    "settings": {
      "testing": false
    },
    "software": "mriqc",
    "version": "21.0.0rc2",
    "warnings": {
      "large_rot_frame": true,
      "small_air_mask": false
    },
    "webapi_port": null,
    "webapi_url": "https://mriqc.nimh.nih.gov/api/v1"
  },
  "qi_1": 0.0012783493809474756,
  "qi_2": 0.01787840276642744,
  "rpve_csf": 25.3993465061395,
  "rpve_gm": 8.989936546823175,
  "rpve_wm": 14.973117909551029,
  "size_x": 256,
  "size_y": 256,
  "size_z": 124,
  "snr_csf": 0.779437480645563,
  "snr_gm": 15.101096125743437,
  "snr_total": 12.977795427398691,
  "snr_wm": 23.052852675807078,
  "snrd_csf": 19.976148745798085,
  "snrd_gm": 36.27502017352909,
  "snrd_total": 34.21120753507432,
  "snrd_wm": 46.38245368589579,
  "spacing_x": 0.9375050067901611,
  "spacing_y": 0.9375,
  "spacing_z": 1.199904441833496,
  "summary_bg_k": 20.938111555913398,
  "summary_bg_mad": 14.124659478910047,
  "summary_bg_mean": 27.478949128621668,
  "summary_bg_median": 28.47130909562111,
  "summary_bg_n": 1390568.0,
  "summary_bg_p05": 9.417433008551598,
  "summary_bg_p95": 57.052123226225376,
  "summary_bg_stdv": 17.402616189829985,
  "summary_csf_k": 28.097549419106958,
  "summary_csf_mad": 141.08424238129692,
  "summary_csf_mean": 563.3312935307576,
  "summary_csf_median": 430.68330258876085,
  "summary_csf_n": 11582.0,
  "summary_csf_p05": 261.27901346981525,
  "summary_csf_p95": 1451.396159422016,
  "summary_csf_stdv": 552.5327176265475,
  "summary_gm_k": 0.03527572513009014,
  "summary_gm_mad": 51.62806568153328,
  "summary_gm_mean": 784.4531555562737,
  "summary_gm_median": 782.0849598497152,
  "summary_gm_n": 41800.0,
  "summary_gm_p05": 703.3508396968246,
  "summary_gm_p95": 872.8646338507533,
  "summary_gm_stdv": 51.78932695999968,
  "summary_wm_k": 0.328119470394586,
  "summary_wm_mad": 42.049273621123014,
  "summary_wm_mean": 1000.8761403680127,
  "summary_wm_median": 999.9999794661999,
  "summary_wm_n": 133452.0,
  "summary_wm_p05": 930.9023023918271,
  "summary_wm_p95": 1073.477857939899,
  "summary_wm_stdv": 43.37841597553091,
  "tpm_overlap_csf": 0.17132699489593506,
  "tpm_overlap_gm": 0.4959826171398163,
  "tpm_overlap_wm": 0.4966351389884949,
  "wm2max": 0.5010551952460858
}