{
  "bids_meta": {
    "AcquisitionMatrixPE": 128,
    "AcquisitionNumber": 1,
    "AcquisitionTime": "11:27:2.000000",
    "ConversionSoftware": "dcm2niix",
    "ConversionSoftwareVersion": "v1.0.20180622 GCC4.4.7",
    "DeviceSerialNumber": "000000847570EMR3",
    "EchoTime": 0.008,
    "FlipAngle": 30,
    "ImageOrientationPatientDICOM": [
      1,
      0,
      0,
      0,
      0.999998,
      -0.00213629
    ],
    "ImageType": [
      "ORIGINAL",
      "PRIMARY",
      "OTHER"
    ],
    "InPlanePhaseEncodingDirectionDICOM": "ROW",
    "InstitutionName": "Evanston_Hospital",
    "MRAcquisitionType": "3D",
    "MagneticFieldStrength": 1.5,
    "Manufacturer": "GE",
    "ManufacturersModelName": "SIGNA_EXCITE",
    "Modality": "MR",
    "PatientPosition": "HFS",
    "PercentPhaseFOV": 100,
    "PixelBandwidth": 114.922,
    "ProtocolName": "Head_Obl_3D_ZOOM_SPGR",
    "ReconMatrixPE": 256,
    "RepetitionTime": 0.033333,
    "SAR": 0.002971,
    "ScanOptions": "FC_VB_GEMS",
    "ScanningSequence": "GR",
    "SequenceVariant": "SS_SP",
    "SeriesDescription": "Head_Obl_3D_ZOOM_SPGR",
    "SeriesNumber": 2,
    "ShiftedAcquisitionDate": "1804-06-04",
    "SliceThickness": 1.2,
    "SoftwareVersions": "11",
    "SpacingBetweenSlices": 1.2,
    "StationName": "lxmr3",
    "dataset": "ds002236",
    "modality": "T1w",
    "subject_id": "26"
  },
  "cjv": 0.6246720908721458,
  "cnr": 2.146576925873379,
  "efc": 0.6781418876688687,
  "fber": 709.1023236649228,
  "fwhm_avg": 3.3461312040083953,
  "fwhm_x": 3.896919576177877,
  "fwhm_y": 3.4298346666666664,
  "fwhm_z": 2.7116393691806406,
  "icvs_csf": 0.14775227858424847,
  "icvs_gm": 0.5076231292781751,
  "icvs_wm": 0.3446245921375764,
  "inu_med": 1.1342201232910156,
  "inu_range": 0.24325162172317505,
  "provenance": {
    "md5sum": "af8107868a3f8edad3141fd837358bb7",
    "settings": {
      "testing": false
    },
    "software": "mriqc",
    "version": "21.0.0rc2",
    "warnings": {
      "large_rot_frame": true,
      "small_air_mask": false
    },
    "webapi_port": null,
    "webapi_url": "https://mriqc.nimh.nih.gov/api/v1"
  },
  "qi_1": 0.043961920226074265,
  "qi_2": 0.04666851276538322,
  "rpve_csf": 27.23328765320003,
  "rpve_gm": 9.185032247825227,
  "rpve_wm": 14.118484356487778,
  "size_x": 256,
  "size_y": 256,
  "size_z": 124,
  "snr_csf": 1.2942942661799246,
  "snr_gm": 14.51686729376857,
  "snr_total": 11.305055454576769,
  "snr_wm": 18.104004803781816,
  "snrd_csf": 255.05622599986017,
  "snrd_gm": 464.358666812667,
  "snrd_total": 428.3532144853882,
  "snrd_wm": 565.6447506436374,
  "spacing_x": 0.9375020265579224,
  "spacing_y": 0.9375,
  "spacing_z": 1.2000083923339844,
  "summary_bg_k": 28.67466605738825,
  "summary_bg_mad": 0.15821174408734895,
  "summary_bg_mean": 33.41669461867301,
  "summary_bg_median": 30.19955252856016,
  "summary_bg_n": 983747.0,
  "summary_bg_p05": 0.0,
  "summary_bg_p95": 60.71924165636301,
  "summary_bg_stdv": 26.638711101066143,
  "summary_csf_k": 38.231555690934805,
  "summary_csf_mad": 158.1326382153053,
  "summary_csf_mean": 510.74298190572,
  "summary_csf_median": 450.91240003332496,
  "summary_csf_n": 13970.0,
  "summary_csf_p05": 251.88881189413368,
  "summary_csf_p95": 857.9874284103494,
  "summary_csf_stdv": 348.3722928622099,
  "summary_gm_k": -0.22500325875035676,
  "summary_gm_mad": 58.854768800493815,
  "summary_gm_mean": 822.3247819081905,
  "summary_gm_median": 820.9369526579976,
  "summary_gm_n": 46002.0,
  "summary_gm_p05": 732.3658268675208,
  "summary_gm_p95": 917.9383422285318,
  "summary_gm_stdv": 56.54994381067984,
  "summary_wm_k": 0.5927102167634786,
  "summary_wm_mad": 53.000934269261904,
  "summary_wm_mean": 1005.0826936109107,
  "summary_wm_median": 1000.0000238344073,
  "summary_wm_n": 148781.0,
  "summary_wm_p05": 923.1672400161624,
  "summary_wm_p95": 1102.76387219131,
  "summary_wm_stdv": 55.23621287239267,
  "tpm_overlap_csf": 0.1700020581483841,
  "tpm_overlap_gm": 0.49498024582862854,
  "tpm_overlap_wm": 0.49928006529808044,
  "wm2max": 0.4969041324198811
}