{
  "bids_meta": {
    "AcquisitionMatrixPE": 128,
    "AcquisitionNumber": 1,
    "AcquisitionTime": "11:45:4.000000",
    "ConversionSoftware": "dcm2niix",
    "ConversionSoftwareVersion": "v1.0.20180622 GCC4.4.7",
    "DeviceSerialNumber": "00000847570ERMR1",
    "EchoTime": 0.008,
    "FlipAngle": 30,
    "ImageOrientationPatientDICOM": [
      1,
      0,
      0,
      0,
      0.999795,
      0.0202644
    ],
    "ImageType": [
      "ORIGINAL",
      "PRIMARY",
      "OTHER"
    ],
    "InPlanePhaseEncodingDirectionDICOM": "ROW",
    "InstitutionName": "Evanston_Hospital",
    "MRAcquisitionType": "3D",
    "MagneticFieldStrength": 1.5,
    "Manufacturer": "GE",
    "ManufacturersModelName": "SIGNA_EXCITE",
    "Modality": "MR",
    "PatientPosition": "HFS",
    "PercentPhaseFOV": 100,
    "PixelBandwidth": 114.922,
    "ProtocolName": "Head_Obl_3D_ZOOM_SPGR",
    "ReconMatrixPE": 256,
    "RepetitionTime": 0.033333,
    "SAR": 0.002942,
    "ScanOptions": "FC_VB_GEMS",
    "ScanningSequence": "GR",
    "SequenceVariant": "SS_SP",
    "SeriesDescription": "Head_Obl_3D_ZOOM_SPGR",
    "SeriesNumber": 2,
    "ShiftedAcquisitionDate": "1804-01-01",
    "SliceThickness": 1.2,
    "SoftwareVersions": "11",
    "SpacingBetweenSlices": 1.2,
    "StationName": "12342345",
    "dataset": "ds002236",
    "modality": "T1w",
    "subject_id": "33"
  },
  "cjv": 0.5557880657011882,
  "cnr": 2.415205754837049,
  "efc": 0.6368154812068842,
  "fber": 668.7153834968288,
  "fwhm_avg": 3.70453119722305,
  "fwhm_x": 4.266777684105534,
  "fwhm_y": 3.8191146666666667,
  "fwhm_z": 3.0277012408969486,
  "icvs_csf": 0.184887351915238,
  "icvs_gm": 0.450094220388995,
  "icvs_wm": 0.365018427695767,
  "inu_med": 1.3451964855194092,
  "inu_range": 0.23180966377258283,
  "provenance": {
    "md5sum": "ff0c95f9df70268fe9bb26220f33b32c",
    "settings": {
      "testing": false
    },
    "software": "mriqc",
    "version": "21.0.0rc2",
    "warnings": {
      "large_rot_frame": true,
      "small_air_mask": false
    },
    "webapi_port": null,
    "webapi_url": "https://mriqc.nimh.nih.gov/api/v1"
  },
  "qi_1": 0.002065210822826093,
  "qi_2": 0.002965391935911336,
  "rpve_csf": 23.798369099979336,
  "rpve_gm": 10.604875798250156,
  "rpve_wm": 14.72993710277604,
  "size_x": 256,
  "size_y": 256,
  "size_z": 124,
  "snr_csf": 1.866556366409431,
  "snr_gm": 14.712946237819914,
  "snr_total": 12.221437072935265,
  "snr_wm": 20.084808614576453,
  "snrd_csf": 12.457809896579011,
  "snrd_gm": 25.467973257715755,
  "snrd_total": 23.095839054520543,
  "snrd_wm": 31.361734009266858,
  "spacing_x": 0.9374920129776001,
  "spacing_y": 0.9375,
  "spacing_z": 1.1999598741531372,
  "summary_bg_k": 42.22141434815563,
  "summary_bg_mad": 20.89166284196536,
  "summary_bg_mean": 30.56664678219462,
  "summary_bg_median": 28.372846692800522,
  "summary_bg_n": 1431910.0,
  "summary_bg_p05": 7.140817120671272,
  "summary_bg_p95": 70.83690583705902,
  "summary_bg_stdv": 23.008321194759304,
  "summary_csf_k": 53.0824590328282,
  "summary_csf_mad": 114.12776626843915,
  "summary_csf_mean": 431.8227118038947,
  "summary_csf_median": 397.26745914667845,
  "summary_csf_n": 22616.0,
  "summary_csf_p05": 248.9764902740717,
  "summary_csf_p95": 642.7925544790924,
  "summary_csf_stdv": 212.82972393095332,
  "summary_gm_k": -0.09523423459643743,
  "summary_gm_mad": 56.040473974731405,
  "summary_gm_mean": 814.2160489814984,
  "summary_gm_median": 812.1489338576794,
  "summary_gm_n": 22045.0,
  "summary_gm_p05": 727.7920809388161,
  "summary_gm_p95": 907.7406723797321,
  "summary_gm_stdv": 55.19836070009267,
  "summary_wm_k": 0.4512062212982655,
  "summary_wm_mad": 48.41784023509539,
  "summary_wm_mean": 1004.2989116904301,
  "summary_wm_median": 1000.0952404737473,
  "summary_wm_n": 153350.0,
  "summary_wm_p05": 930.4960762709379,
  "summary_wm_p95": 1093.1162848323584,
  "summary_wm_stdv": 49.793453292700285,
  "tpm_overlap_csf": 0.19334957003593445,
  "tpm_overlap_gm": 0.489315390586853,
  "tpm_overlap_wm": 0.5236010551452637,
  "wm2max": 0.5525491378939121
}