{
  "bids_meta": {
    "AcquisitionMatrixPE": 128,
    "AcquisitionNumber": 1,
    "AcquisitionTime": "12:07:29.000000",
    "ConversionSoftware": "dcm2niix",
    "ConversionSoftwareVersion": "v1.0.20180622 GCC4.4.7",
    "DeviceSerialNumber": "00000847570ERMR1",
    "EchoTime": 0.008,
    "FlipAngle": 30,
    "ImageOrientationPatientDICOM": [
      1,
      0,
      0,
      0,
      0.999985,
      0.00540169
    ],
    "ImageType": [
      "ORIGINAL",
      "PRIMARY",
      "OTHER"
    ],
    "InPlanePhaseEncodingDirectionDICOM": "ROW",
    "InstitutionName": "Evanston_Hospital",
    "MRAcquisitionType": "3D",
    "MagneticFieldStrength": 1.5,
    "Manufacturer": "GE",
    "ManufacturersModelName": "SIGNA_EXCITE",
    "Modality": "MR",
    "PatientPosition": "HFS",
    "PercentPhaseFOV": 100,
    "PixelBandwidth": 114.922,
    "ProtocolName": "Head_Obl_3D_ZOOM_SPGR",
    "ReconMatrixPE": 256,
    "RepetitionTime": 0.033333,
    "SAR": 0.00318424,
    "ScanOptions": "FC",
    "ScanningSequence": "GR",
    "SequenceVariant": "SS_SP",
    "SeriesDescription": "Head_Obl_3D_ZOOM_SPGR",
    "SeriesNumber": 2,
    "ShiftedAcquisitionDate": "1806-07-27",
    "SliceThickness": 1.2,
    "SoftwareVersions": "12_LX_MR_Software_release:12.0_M4_0520.a",
    "SpacingBetweenSlices": 1.2,
    "StationName": "EHRMR1",
    "dataset": "ds002236",
    "modality": "T1w",
    "subject_id": "91"
  },
  "cjv": 0.3676371354830964,
  "cnr": 3.658433226423978,
  "efc": 0.6480635762050209,
  "fber": 931.5428217466246,
  "fwhm_avg": 3.328694081340865,
  "fwhm_x": 3.8261615003793974,
  "fwhm_y": 3.4540480000000002,
  "fwhm_z": 2.7058727436431984,
  "icvs_csf": 0.13530486112341833,
  "icvs_gm": 0.5065508392241577,
  "icvs_wm": 0.358144299652424,
  "inu_med": 1.0790852308273315,
  "inu_range": 0.1418226659297943,
  "provenance": {
    "md5sum": "9a1d4ac3c1e427c331da048bdbe94374",
    "settings": {
      "testing": false
    },
    "software": "mriqc",
    "version": "21.0.0rc2",
    "warnings": {
      "large_rot_frame": true,
      "small_air_mask": false
    },
    "webapi_port": null,
    "webapi_url": "https://mriqc.nimh.nih.gov/api/v1"
  },
  "qi_1": 0.0001221664389338994,
  "qi_2": 0.00981599440996906,
  "rpve_csf": 27.366142279911926,
  "rpve_gm": 8.574267899316412,
  "rpve_wm": 12.910315190387713,
  "size_x": 256,
  "size_y": 256,
  "size_z": 124,
  "snr_csf": 1.4898088177777795,
  "snr_gm": 16.731508622884835,
  "snr_total": 14.481063471915114,
  "snr_wm": 25.22187297508273,
  "snrd_csf": 23.955569757868638,
  "snrd_gm": 40.92386818908202,
  "snrd_total": 39.34413728044692,
  "snrd_wm": 53.15297389439011,
  "spacing_x": 0.9375140070915222,
  "spacing_y": 0.9375,
  "spacing_z": 1.2000157833099365,
  "summary_bg_k": 12.722975538689502,
  "summary_bg_mad": 12.326769845628089,
  "summary_bg_mean": 26.623360617092686,
  "summary_bg_median": 24.527125746011734,
  "summary_bg_n": 1132148.0,
  "summary_bg_p05": 8.106422916054726,
  "summary_bg_p95": 56.95281741023064,
  "summary_bg_stdv": 16.29682503174022,
  "summary_csf_k": 29.826625562703356,
  "summary_csf_mad": 162.40519271615008,
  "summary_csf_mean": 495.445777395471,
  "summary_csf_median": 450.7378998324275,
  "summary_csf_n": 11072.0,
  "summary_csf_p05": 246.36770312376322,
  "summary_csf_p95": 740.2047514598811,
  "summary_csf_stdv": 302.53381450011886,
  "summary_gm_k": -0.05718302692789434,
  "summary_gm_mad": 46.53355616724604,
  "summary_gm_mean": 771.8161447243673,
  "summary_gm_median": 770.0062485262752,
  "summary_gm_n": 52102.0,
  "summary_gm_p05": 698.9191552624106,
  "summary_gm_p95": 850.342978194356,
  "summary_gm_stdv": 46.02088648635169,
  "summary_wm_k": 0.6289019081269651,
  "summary_wm_mad": 38.058901898376725,
  "summary_wm_mean": 1000.7034153399618,
  "summary_wm_median": 1000.1039451435208,
  "summary_wm_n": 162688.0,
  "summary_wm_p05": 937.2272032946348,
  "summary_wm_p95": 1066.0985419601202,
  "summary_wm_stdv": 39.652125456342254,
  "tpm_overlap_csf": 0.14748187363147736,
  "tpm_overlap_gm": 0.46531909704208374,
  "tpm_overlap_wm": 0.4724455773830414,
  "wm2max": 0.5267659852921276
}