{
  "bids_meta": {
    "AcquisitionMatrixPE": 128,
    "AcquisitionNumber": 1,
    "AcquisitionTime": "13:07:3.000000",
    "ConversionSoftware": "dcm2niix",
    "ConversionSoftwareVersion": "v1.0.20180622 GCC4.4.7",
    "DeviceSerialNumber": "00000847570ERMR1",
    "EchoTime": 0.008,
    "FlipAngle": 30,
    "ImageOrientationPatientDICOM": [
      1,
      0,
      0,
      0,
      0.999987,
      0.00509653
    ],
    "ImageType": [
      "ORIGINAL",
      "PRIMARY",
      "OTHER"
    ],
    "InPlanePhaseEncodingDirectionDICOM": "ROW",
    "InstitutionName": "Evanston_Hospital",
    "MRAcquisitionType": "3D",
    "MagneticFieldStrength": 1.5,
    "Manufacturer": "GE",
    "ManufacturersModelName": "SIGNA_EXCITE",
    "Modality": "MR",
    "PatientPosition": "HFS",
    "PercentPhaseFOV": 100,
    "PixelBandwidth": 114.922,
    "ProtocolName": "Head_Obl_3D_ZOOM_SPGR",
    "ReconMatrixPE": 256,
    "RepetitionTime": 0.033333,
    "SAR": 0.003193,
    "ScanOptions": "FC_VB_GEMS",
    "ScanningSequence": "GR",
    "SequenceVariant": "SS_SP",
    "SeriesDescription": "Head_Obl_3D_ZOOM_SPGR",
    "SeriesNumber": 2,
    "ShiftedAcquisitionDate": "1804-10-09",
    "SliceThickness": 1.2,
    "SoftwareVersions": "11",
    "SpacingBetweenSlices": 1.2,
    "StationName": "12342345",
    "dataset": "ds002236",
    "modality": "T1w",
    "subject_id": "39"
  },
  "cjv": 0.6267543907303346,
  "cnr": 2.0306180126636773,
  "efc": 0.6665559962053179,
  "fber": 490.9722991689751,
  "fwhm_avg": 3.467327403277901,
  "fwhm_x": 4.031820476415268,
  "fwhm_y": 3.5131946666666667,
  "fwhm_z": 2.8569670667517677,
  "icvs_csf": 0.14216068868115506,
  "icvs_gm": 0.47686022261649025,
  "icvs_wm": 0.3809790887023547,
  "inu_med": 1.5676809549331665,
  "inu_range": 0.42525277137756334,
  "provenance": {
    "md5sum": "6403234894e7c3946228afc72e50a9be",
    "settings": {
      "testing": false
    },
    "software": "mriqc",
    "version": "21.0.0rc2",
    "warnings": {
      "large_rot_frame": true,
      "small_air_mask": false
    },
    "webapi_port": null,
    "webapi_url": "https://mriqc.nimh.nih.gov/api/v1"
  },
  "qi_1": 3.561492180713735e-05,
  "qi_2": 0.006771629556586597,
  "rpve_csf": 27.579281545169977,
  "rpve_gm": 8.977972068569418,
  "rpve_wm": 11.859400925747918,
  "size_x": 256,
  "size_y": 256,
  "size_z": 124,
  "snr_csf": 1.1485300039406139,
  "snr_gm": 13.185215462753481,
  "snr_total": 10.014933515273734,
  "snr_wm": 15.711055079127108,
  "snrd_csf": 10.32807359491669,
  "snrd_gm": 20.24983972607397,
  "snrd_total": 18.57842438360437,
  "snrd_wm": 25.157359829822457,
  "spacing_x": 0.9375119805335999,
  "spacing_y": 0.9375,
  "spacing_z": 1.2000173330307007,
  "summary_bg_k": 4.626905275893163,
  "summary_bg_mad": 26.043478608330343,
  "summary_bg_mean": 48.027625255574144,
  "summary_bg_median": 35.13211876153946,
  "summary_bg_n": 1485051.0,
  "summary_bg_p05": 8.783029690384865,
  "summary_bg_p95": 128.17268751561642,
  "summary_bg_stdv": 38.09080240705157,
  "summary_csf_k": 22.318960462923204,
  "summary_csf_mad": 153.5020285770657,
  "summary_csf_mean": 490.7534227362258,
  "summary_csf_median": 410.5694217979908,
  "summary_csf_n": 16385.0,
  "summary_csf_p05": 228.29922598600388,
  "summary_csf_p95": 955.7276087328748,
  "summary_csf_stdv": 357.46292337030087,
  "summary_gm_k": 0.015863502113429462,
  "summary_gm_mad": 60.47384015832639,
  "summary_gm_mean": 810.2273858625916,
  "summary_gm_median": 804.9870008602738,
  "summary_gm_n": 36760.0,
  "summary_gm_p05": 718.7197855114937,
  "summary_gm_p95": 920.4354601930823,
  "summary_gm_stdv": 61.051414277988,
  "summary_wm_k": 0.40943048446627284,
  "summary_wm_mad": 61.798084833326236,
  "summary_wm_mean": 1005.5474610734198,
  "summary_wm_median": 1000.0744654238224,
  "summary_wm_n": 143328.0,
  "summary_wm_p05": 910.904384329915,
  "summary_wm_p95": 1119.5385557040572,
  "summary_wm_stdv": 63.65396668901689,
  "tpm_overlap_csf": 0.17014116048812866,
  "tpm_overlap_gm": 0.46929413080215454,
  "tpm_overlap_wm": 0.468112051486969,
  "wm2max": 0.5958234135674825
}