{
  "bids_meta": {
    "AcquisitionMatrixPE": 128,
    "AcquisitionNumber": 1,
    "AcquisitionTime": "14:21:26.000000",
    "ConversionSoftware": "dcm2niix",
    "ConversionSoftwareVersion": "v1.0.20180622 GCC4.4.7",
    "DeviceSerialNumber": "00000847570ERMR1",
    "EchoTime": 0.008,
    "FlipAngle": 30,
    "ImageOrientationPatientDICOM": [
      1,
      0,
      0,
      0,
      1,
      0
    ],
    "ImageType": [
      "ORIGINAL",
      "PRIMARY",
      "OTHER"
    ],
    "InPlanePhaseEncodingDirectionDICOM": "ROW",
    "InstitutionName": "Evanston_Hospital",
    "MRAcquisitionType": "3D",
    "MagneticFieldStrength": 1.5,
    "Manufacturer": "GE",
    "ManufacturersModelName": "SIGNA_EXCITE",
    "Modality": "MR",
    "PatientPosition": "HFS",
    "PercentPhaseFOV": 100,
    "PixelBandwidth": 114.922,
    "ProtocolName": "Head_Ax_3D_ZOOM_SPGR",
    "ReconMatrixPE": 256,
    "RepetitionTime": 0.033333,
    "SAR": 0.002673,
    "ScanOptions": "FC_VB_GEMS",
    "ScanningSequence": "GR",
    "SequenceVariant": "SS_SP",
    "SeriesDescription": "Head_Ax_3D_ZOOM_SPGR",
    "SeriesNumber": 2,
    "ShiftedAcquisitionDate": "1805-01-04",
    "SliceThickness": 1.2,
    "SoftwareVersions": "11",
    "SpacingBetweenSlices": 1.2,
    "StationName": "12342345",
    "dataset": "ds002236",
    "modality": "T1w",
    "subject_id": "79"
  },
  "cjv": 0.3739632209537466,
  "cnr": 3.443184249404137,
  "efc": 0.6941877238863604,
  "fber": 607.2834952529678,
  "fwhm_avg": 3.433267520149536,
  "fwhm_x": 3.9753279999999998,
  "fwhm_y": 3.535968,
  "fwhm_z": 2.7885065604486083,
  "icvs_csf": 0.13890930905368187,
  "icvs_gm": 0.5070806516899806,
  "icvs_wm": 0.3540100392563375,
  "inu_med": 1.0681850910186768,
  "inu_range": 0.15917851030826569,
  "provenance": {
    "md5sum": "deda60617567c8c5a9888b8c48d4a9ba",
    "settings": {
      "testing": false
    },
    "software": "mriqc",
    "version": "21.0.0rc2",
    "warnings": {
      "large_rot_frame": true,
      "small_air_mask": false
    },
    "webapi_port": null,
    "webapi_url": "https://mriqc.nimh.nih.gov/api/v1"
  },
  "qi_1": 0.0005117612475998329,
  "qi_2": 0.00484444542952543,
  "rpve_csf": 26.63305160817652,
  "rpve_gm": 8.340786641875173,
  "rpve_wm": 12.325752924672232,
  "size_x": 256,
  "size_y": 256,
  "size_z": 124,
  "snr_csf": 1.1432293013283243,
  "snr_gm": 16.7184515391118,
  "snr_total": 13.758160451076252,
  "snr_wm": 23.412800512788632,
  "snrd_csf": 11.572641981673112,
  "snrd_gm": 22.355251129190925,
  "snrd_total": 21.008401368138045,
  "snrd_wm": 29.0973109935501,
  "spacing_x": 0.9375,
  "spacing_y": 0.9375,
  "spacing_z": 1.2000007629394531,
  "summary_bg_k": 16.421818423607238,
  "summary_bg_mad": 22.51535789381705,
  "summary_bg_mean": 34.508071390599035,
  "summary_bg_median": 30.717901200056076,
  "summary_bg_n": 1276890.0,
  "summary_bg_p05": 7.708237379789352,
  "summary_bg_p95": 77.19742211699486,
  "summary_bg_stdv": 24.34053707997798,
  "summary_csf_k": 67.03049698149792,
  "summary_csf_mad": 115.13535286610991,
  "summary_csf_mean": 464.00248807456535,
  "summary_csf_median": 397.7220391333103,
  "summary_csf_n": 23024.0,
  "summary_csf_p05": 260.58444276452065,
  "summary_csf_p95": 681.281631222367,
  "summary_csf_stdv": 347.88594156813434,
  "summary_gm_k": 0.05957246127460758,
  "summary_gm_mad": 45.71299936017401,
  "summary_gm_mean": 770.9660673637181,
  "summary_gm_median": 768.2926749587059,
  "summary_gm_n": 66593.0,
  "summary_gm_p05": 700.0690217316151,
  "summary_gm_p95": 851.1274647116661,
  "summary_gm_stdv": 45.9544297251667,
  "summary_wm_k": 0.4313371751283359,
  "summary_wm_mad": 40.937014352394634,
  "summary_wm_mean": 1002.5862690461562,
  "summary_wm_median": 999.9999896287918,
  "summary_wm_n": 167256.0,
  "summary_wm_p05": 936.608365803957,
  "summary_wm_p95": 1076.7372184693813,
  "summary_wm_stdv": 42.711550019347506,
  "tpm_overlap_csf": 0.17942266166210175,
  "tpm_overlap_gm": 0.4897798001766205,
  "tpm_overlap_wm": 0.5040270090103149,
  "wm2max": 0.577819169390253
}